{
  "aor": 0.0006133333333333334,
  "aqi": 0.012344206517412935,
  "bids_meta": {
    "AcquisitionMatrixPE": 116,
    "AcquisitionNumber": 1,
    "BandwidthPerPixelPhaseEncode": 23.946,
    "BaseResolution": 128,
    "BodyPartExamined": "BRAIN",
    "ConversionSoftware": "dcm2niix",
    "ConversionSoftwareVersion": "v1.0.20180518 GCC4.8.5",
    "DerivedVendorReportedEchoSpacing": 0.000720011,
    "DwellTime": 2.5e-06,
    "EchoTime": 0.03,
    "EchoTrainLength": 58,
    "EffectiveEchoSpacing": 0.000360005,
    "FlipAngle": 71,
    "ImageOrientationPatientDICOM": [
      1,
      0,
      0,
      0,
      0.944376,
      0.328867
    ],
    "ImageType": [
      "ORIGINAL",
      "PRIMARY",
      "M",
      "ND",
      "NORM",
      "MOSAIC"
    ],
    "InPlanePhaseEncodingDirectionDICOM": "COL",
    "InstitutionName": "Princeton_University_-_Neuroscience_Institute",
    "MRAcquisitionType": "2D",
    "MagneticFieldStrength": 3,
    "Manufacturer": "Siemens",
    "ManufacturersModelName": "Skyra",
    "Modality": "MR",
    "ParallelReductionFactorInPlane": 2,
    "PartialFourier": 1,
    "PatientPosition": "HFS",
    "PercentPhaseFOV": 90.625,
    "PhaseEncodingDirection": "j-",
    "PhaseEncodingSteps": 116,
    "PhaseResolution": 1,
    "PixelBandwidth": 1565,
    "PulseSequenceDetails": "%SiemensSeq%_ep2d_bold",
    "ReceiveCoilActiveElements": "HE1-4",
    "ReceiveCoilName": "HeadNeck_20",
    "ReconMatrixPE": 116,
    "RepetitionTime": 2,
    "SAR": 0.0822539,
    "ScanOptions": "FS",
    "ScanningSequence": "EP",
    "SequenceVariant": "SK",
    "SeriesNumber": 4,
    "ShimSetting": [
      3201,
      10502,
      10022,
      656,
      -347,
      90,
      634,
      -15
    ],
    "SliceThickness": 3,
    "SliceTiming": [
      1,
      0,
      1.065,
      0.065,
      1.1325,
      0.1325,
      1.2,
      0.2,
      1.265,
      0.265,
      1.3325,
      0.3325,
      1.4,
      0.4,
      1.465,
      0.465,
      1.5325,
      0.5325,
      1.6,
      0.6,
      1.665,
      0.665,
      1.7325,
      0.7325,
      1.8,
      0.8,
      1.865,
      0.865,
      1.9325,
      0.9325
    ],
    "SoftwareVersions": "syngo_MR_D11",
    "SpacingBetweenSlices": 3,
    "StationName": "AWP45031",
    "TaskName": "study phase",
    "TotalReadoutTime": 0.0414006,
    "TxRefAmp": 370.115,
    "dataset": "ds001775",
    "modality": "bold",
    "run_id": 2,
    "subject_id": "19",
    "task_id": "restudy"
  },
  "dummy_trs": 0,
  "dvars_nstd": 28.888854312949984,
  "dvars_std": 1.0781156132000005,
  "dvars_vstd": 1.0052338926,
  "efc": 0.4781683041067302,
  "fber": 1833.7474365234375,
  "fd_mean": 0.06738584325760386,
  "fd_num": 3,
  "fd_perc": 1.492537313432836,
  "fwhm_avg": 1.8668067514016622,
  "fwhm_x": 1.877485,
  "fwhm_y": 2.0971851250019746,
  "fwhm_z": 1.6257501292030119,
  "gcor": 0.0202098,
  "gsr_x": -0.02722293511033058,
  "gsr_y": 0.023250563070178032,
  "provenance": {
    "md5sum": "ecf066dab3bc916e54e7e15de7dd4c68",
    "settings": {
      "fd_thres": 0.2,
      "testing": false
    },
    "software": "mriqc",
    "version": "22.0.6",
    "webapi_port": null,
    "webapi_url": "https://mriqc.nimh.nih.gov/api/v1"
  },
  "size_t": 201,
  "size_x": 128,
  "size_y": 116,
  "size_z": 30,
  "snr": 6.488262433529796,
  "spacing_tr": 2.0,
  "spacing_x": 2.0,
  "spacing_y": 1.9999998807907104,
  "spacing_z": 2.999999761581421,
  "summary_bg_k": 26.45789501658289,
  "summary_bg_mad": 8.497300832233051,
  "summary_bg_mean": 41.27324295043945,
  "summary_bg_median": 18.621891021728516,
  "summary_bg_n": 314773.0,
  "summary_bg_p05": 9.358208656311035,
  "summary_bg_p95": 165.50447692871077,
  "summary_bg_stdv": 75.0632095336914,
  "summary_fg_k": 3.06294283370994,
  "summary_fg_mad": 108.01237668269626,
  "summary_fg_mean": 811.8114624023438,
  "summary_fg_median": 803.7960205078125,
  "summary_fg_n": 67198.0,
  "summary_fg_p05": 646.2081817626953,
  "summary_fg_p95": 1013.7136596679686,
  "summary_fg_stdv": 123.88371276855469,
  "tsnr": 49.53144669998437
}