{
  "aor": 0.0007945422535211267,
  "aqi": 0.028543894366197187,
  "bids_meta": {
    "AcquisitionMatrixPE": 116,
    "AcquisitionNumber": 1,
    "BandwidthPerPixelPhaseEncode": 23.946,
    "BaseResolution": 128,
    "BodyPartExamined": "BRAIN",
    "ConsistencyInfo": "N4_VD11D_LATEST_20110129",
    "ConversionSoftware": "dcm2niix",
    "ConversionSoftwareVersion": "v1.0.20180518 GCC4.8.5",
    "DerivedVendorReportedEchoSpacing": 0.000720011,
    "DwellTime": 2.5e-06,
    "EchoTime": 0.03,
    "EchoTrainLength": 58,
    "EffectiveEchoSpacing": 0.000360005,
    "FlipAngle": 71,
    "ImageOrientationPatientDICOM": [
      1,
      0,
      0,
      0,
      0.944376,
      0.328867
    ],
    "ImageType": [
      "ORIGINAL",
      "PRIMARY",
      "M",
      "ND",
      "NORM",
      "MOSAIC"
    ],
    "InPlanePhaseEncodingDirectionDICOM": "COL",
    "InstitutionName": "Princeton_University_-_Neuroscience_Institute",
    "MRAcquisitionType": "2D",
    "MagneticFieldStrength": 3,
    "Manufacturer": "Siemens",
    "ManufacturersModelName": "Skyra",
    "Modality": "MR",
    "ParallelReductionFactorInPlane": 2,
    "PartialFourier": 1,
    "PatientPosition": "HFS",
    "PercentPhaseFOV": 90.625,
    "PhaseEncodingDirection": "j-",
    "PhaseEncodingSteps": 116,
    "PhaseResolution": 1,
    "PixelBandwidth": 1565,
    "PulseSequenceDetails": "%SiemensSeq%_ep2d_bold",
    "ReceiveCoilActiveElements": "HE1-4",
    "ReceiveCoilName": "HeadNeck_20",
    "ReconMatrixPE": 116,
    "RepetitionTime": 2,
    "SAR": 0.0822545,
    "ScanOptions": "FS",
    "ScanningSequence": "EP",
    "SequenceVariant": "SK",
    "SeriesNumber": 8,
    "ShimSetting": [
      3201,
      10502,
      10022,
      656,
      -347,
      90,
      634,
      -15
    ],
    "SliceThickness": 3,
    "SliceTiming": [
      1,
      0,
      1.0675,
      0.0675,
      1.1325,
      0.1325,
      1.2,
      0.2,
      1.2675,
      0.2675,
      1.3325,
      0.3325,
      1.4,
      0.4,
      1.465,
      0.4675,
      1.5325,
      0.5325,
      1.6,
      0.6,
      1.665,
      0.6675,
      1.7325,
      0.7325,
      1.8,
      0.8,
      1.865,
      0.8675,
      1.9325,
      0.9325
    ],
    "SoftwareVersions": "syngo_MR_D11",
    "SpacingBetweenSlices": 3,
    "StationName": "AWP45031",
    "TaskName": "retrieval-practice/restudy phase",
    "TotalReadoutTime": 0.0414006,
    "TxRefAmp": 370.115,
    "dataset": "ds001775",
    "modality": "bold",
    "run_id": 4,
    "subject_id": "19",
    "task_id": "RP"
  },
  "dummy_trs": 0,
  "dvars_nstd": 31.894583947879855,
  "dvars_std": 1.0418283733215548,
  "dvars_vstd": 0.9599623574911654,
  "efc": 0.4796513858958325,
  "fber": 1766.773193359375,
  "fd_mean": 0.1527498373455487,
  "fd_num": 56,
  "fd_perc": 19.718309859154928,
  "fwhm_avg": 1.8880628624421307,
  "fwhm_x": 1.92435,
  "fwhm_y": 2.1754651296678262,
  "fwhm_z": 1.5643734576585657,
  "gcor": 0.037406,
  "gsr_x": -0.028399989008903503,
  "gsr_y": 0.02530169114470482,
  "provenance": {
    "md5sum": "68f794213f7e5057e8528b578b444aaf",
    "settings": {
      "fd_thres": 0.2,
      "testing": false
    },
    "software": "mriqc",
    "version": "22.0.6",
    "webapi_port": null,
    "webapi_url": "https://mriqc.nimh.nih.gov/api/v1"
  },
  "size_t": 284,
  "size_x": 128,
  "size_y": 116,
  "size_z": 30,
  "snr": 6.421086996113424,
  "spacing_tr": 2.0,
  "spacing_x": 2.0,
  "spacing_y": 1.9999998807907104,
  "spacing_z": 2.999999761581421,
  "summary_bg_k": 26.632280743631394,
  "summary_bg_mad": 9.161854382491098,
  "summary_bg_mean": 42.350860595703125,
  "summary_bg_median": 19.063379287719727,
  "summary_bg_n": 314688.0,
  "summary_bg_p05": 9.35915470123291,
  "summary_bg_p95": 168.96566925048768,
  "summary_bg_stdv": 76.38629150390625,
  "summary_fg_k": 2.927481749630669,
  "summary_fg_mad": 109.26884224690221,
  "summary_fg_mean": 815.3289794921875,
  "summary_fg_median": 806.382080078125,
  "summary_fg_n": 67278.0,
  "summary_fg_p05": 644.8873291015625,
  "summary_fg_p95": 1022.6570220947265,
  "summary_fg_stdv": 125.58248901367188,
  "tsnr": 36.83856510790065
}