{
  "aor": 0.0023669014084507045,
  "aqi": 0.02106812570422535,
  "bids_meta": {
    "AcquisitionMatrixPE": 116,
    "AcquisitionNumber": 1,
    "BandwidthPerPixelPhaseEncode": 23.946,
    "BaseResolution": 128,
    "BodyPartExamined": "BRAIN",
    "ConsistencyInfo": "N4_VD11D_LATEST_20110129",
    "ConversionSoftware": "dcm2niix",
    "ConversionSoftwareVersion": "v1.0.20180518 GCC4.8.5",
    "DerivedVendorReportedEchoSpacing": 0.000720011,
    "DwellTime": 2.5e-06,
    "EchoTime": 0.03,
    "EchoTrainLength": 58,
    "EffectiveEchoSpacing": 0.000360005,
    "FlipAngle": 71,
    "ImageOrientationPatientDICOM": [
      1,
      0,
      0,
      0,
      0.944376,
      0.328867
    ],
    "ImageType": [
      "ORIGINAL",
      "PRIMARY",
      "M",
      "ND",
      "NORM",
      "MOSAIC"
    ],
    "InPlanePhaseEncodingDirectionDICOM": "COL",
    "InstitutionName": "Princeton_University_-_Neuroscience_Institute",
    "MRAcquisitionType": "2D",
    "MagneticFieldStrength": 3,
    "Manufacturer": "Siemens",
    "ManufacturersModelName": "Skyra",
    "Modality": "MR",
    "ParallelReductionFactorInPlane": 2,
    "PartialFourier": 1,
    "PatientPosition": "HFS",
    "PercentPhaseFOV": 90.625,
    "PhaseEncodingDirection": "j-",
    "PhaseEncodingSteps": 116,
    "PhaseResolution": 1,
    "PixelBandwidth": 1565,
    "PulseSequenceDetails": "%SiemensSeq%_ep2d_bold",
    "ReceiveCoilActiveElements": "HE1-4",
    "ReceiveCoilName": "HeadNeck_20",
    "ReconMatrixPE": 116,
    "RepetitionTime": 2,
    "SAR": 0.0822545,
    "ScanOptions": "FS",
    "ScanningSequence": "EP",
    "SequenceVariant": "SK",
    "SeriesNumber": 8,
    "ShimSetting": [
      3201,
      10502,
      10022,
      656,
      -347,
      90,
      634,
      -15
    ],
    "SliceThickness": 3,
    "SliceTiming": [
      1,
      0,
      1.0675,
      0.0675,
      1.1325,
      0.1325,
      1.2,
      0.2,
      1.2675,
      0.2675,
      1.3325,
      0.3325,
      1.4,
      0.4,
      1.465,
      0.4675,
      1.5325,
      0.5325,
      1.6,
      0.6,
      1.665,
      0.6675,
      1.7325,
      0.7325,
      1.8,
      0.8,
      1.865,
      0.8675,
      1.9325,
      0.9325
    ],
    "SoftwareVersions": "syngo_MR_D11",
    "SpacingBetweenSlices": 3,
    "StationName": "AWP45031",
    "TaskName": "retrieval-practice/restudy phase",
    "TotalReadoutTime": 0.0414006,
    "TxRefAmp": 370.115,
    "dataset": "ds001775",
    "modality": "bold",
    "run_id": 1,
    "subject_id": "19",
    "task_id": "RP"
  },
  "dummy_trs": 0,
  "dvars_nstd": 31.51699895109541,
  "dvars_std": 1.0894479804240287,
  "dvars_vstd": 1.0084579297879859,
  "efc": 0.479501879641976,
  "fber": 1754.1478271484375,
  "fd_mean": 0.1442496332637937,
  "fd_num": 56,
  "fd_perc": 19.718309859154928,
  "fwhm_avg": 1.8851711958772224,
  "fwhm_x": 1.92359,
  "fwhm_y": 2.1284401268649176,
  "fwhm_z": 1.6034834607667496,
  "gcor": 0.0183604,
  "gsr_x": -0.028756383806467056,
  "gsr_y": 0.025634272024035454,
  "provenance": {
    "md5sum": "f5b7c2bb21a57b6ac08462240d35df1b",
    "settings": {
      "fd_thres": 0.2,
      "testing": false
    },
    "software": "mriqc",
    "version": "22.0.6",
    "webapi_port": null,
    "webapi_url": "https://mriqc.nimh.nih.gov/api/v1"
  },
  "size_t": 284,
  "size_x": 128,
  "size_y": 116,
  "size_z": 30,
  "snr": 6.3141074085528075,
  "spacing_tr": 2.0,
  "spacing_x": 2.0,
  "spacing_y": 1.9999998807907104,
  "spacing_z": 2.999999761581421,
  "summary_bg_k": 27.785905367757184,
  "summary_bg_mad": 9.355012774705385,
  "summary_bg_mean": 42.62417221069336,
  "summary_bg_median": 19.23591423034668,
  "summary_bg_n": 314756.0,
  "summary_bg_p05": 9.380281448364258,
  "summary_bg_p95": 169.1698875427246,
  "summary_bg_stdv": 76.67263793945312,
  "summary_fg_k": 3.0822473623398334,
  "summary_fg_mad": 111.01237485463271,
  "summary_fg_mean": 817.714599609375,
  "summary_fg_median": 808.5034790039062,
  "summary_fg_n": 67419.0,
  "summary_fg_p05": 646.542236328125,
  "summary_fg_p95": 1026.5732299804686,
  "summary_fg_stdv": 128.04620361328125,
  "tsnr": 41.46084811806213
}