{
  "aor": 0.0004309859154929578,
  "aqi": 0.018973923591549296,
  "bids_meta": {
    "AcquisitionMatrixPE": 116,
    "AcquisitionNumber": 1,
    "BandwidthPerPixelPhaseEncode": 23.946,
    "BaseResolution": 128,
    "BodyPartExamined": "BRAIN",
    "ConsistencyInfo": "N4_VD11D_LATEST_20110129",
    "ConversionSoftware": "dcm2niix",
    "ConversionSoftwareVersion": "v1.0.20180518 GCC4.8.5",
    "DerivedVendorReportedEchoSpacing": 0.000720011,
    "DwellTime": 2.5e-06,
    "EchoTime": 0.03,
    "EchoTrainLength": 58,
    "EffectiveEchoSpacing": 0.000360005,
    "FlipAngle": 71,
    "ImageOrientationPatientDICOM": [
      1,
      0,
      0,
      0,
      0.944376,
      0.328867
    ],
    "ImageType": [
      "ORIGINAL",
      "PRIMARY",
      "M",
      "ND",
      "NORM",
      "MOSAIC"
    ],
    "InPlanePhaseEncodingDirectionDICOM": "COL",
    "InstitutionName": "Princeton_University_-_Neuroscience_Institute",
    "MRAcquisitionType": "2D",
    "MagneticFieldStrength": 3,
    "Manufacturer": "Siemens",
    "ManufacturersModelName": "Skyra",
    "Modality": "MR",
    "ParallelReductionFactorInPlane": 2,
    "PartialFourier": 1,
    "PatientPosition": "HFS",
    "PercentPhaseFOV": 90.625,
    "PhaseEncodingDirection": "j-",
    "PhaseEncodingSteps": 116,
    "PhaseResolution": 1,
    "PixelBandwidth": 1565,
    "PulseSequenceDetails": "%SiemensSeq%_ep2d_bold",
    "ReceiveCoilActiveElements": "HE1-4",
    "ReceiveCoilName": "HeadNeck_20",
    "ReconMatrixPE": 116,
    "RepetitionTime": 2,
    "SAR": 0.0822545,
    "ScanOptions": "FS",
    "ScanningSequence": "EP",
    "SequenceVariant": "SK",
    "SeriesNumber": 8,
    "ShimSetting": [
      3201,
      10502,
      10022,
      656,
      -347,
      90,
      634,
      -15
    ],
    "SliceThickness": 3,
    "SliceTiming": [
      1,
      0,
      1.0675,
      0.0675,
      1.1325,
      0.1325,
      1.2,
      0.2,
      1.2675,
      0.2675,
      1.3325,
      0.3325,
      1.4,
      0.4,
      1.465,
      0.4675,
      1.5325,
      0.5325,
      1.6,
      0.6,
      1.665,
      0.6675,
      1.7325,
      0.7325,
      1.8,
      0.8,
      1.865,
      0.8675,
      1.9325,
      0.9325
    ],
    "SoftwareVersions": "syngo_MR_D11",
    "SpacingBetweenSlices": 3,
    "StationName": "AWP45031",
    "TaskName": "retrieval-practice/restudy phase",
    "TotalReadoutTime": 0.0414006,
    "TxRefAmp": 370.115,
    "dataset": "ds001775",
    "modality": "bold",
    "run_id": 3,
    "subject_id": "19",
    "task_id": "RP"
  },
  "dummy_trs": 0,
  "dvars_nstd": 31.243184510989394,
  "dvars_std": 1.0622496922261482,
  "dvars_vstd": 0.9740485489399286,
  "efc": 0.4805548356510781,
  "fber": 1768.0965576171875,
  "fd_mean": 0.14925006620369147,
  "fd_num": 55,
  "fd_perc": 19.366197183098592,
  "fwhm_avg": 1.857911750708692,
  "fwhm_x": 1.877715,
  "fwhm_y": 2.0941601248216704,
  "fwhm_z": 1.601860127304405,
  "gcor": 0.0761412,
  "gsr_x": -0.029114779084920883,
  "gsr_y": 0.025562705472111702,
  "provenance": {
    "md5sum": "053c461dcbc1ebfbc099b81ed024fecc",
    "settings": {
      "fd_thres": 0.2,
      "testing": false
    },
    "software": "mriqc",
    "version": "22.0.6",
    "webapi_port": null,
    "webapi_url": "https://mriqc.nimh.nih.gov/api/v1"
  },
  "size_t": 284,
  "size_x": 128,
  "size_y": 116,
  "size_z": 30,
  "snr": 6.41884798423082,
  "spacing_tr": 2.0,
  "spacing_x": 2.0,
  "spacing_y": 1.9999998807907104,
  "spacing_z": 2.999999761581421,
  "summary_bg_k": 27.35839983230648,
  "summary_bg_mad": 8.98435939223967,
  "summary_bg_mean": 42.382781982421875,
  "summary_bg_median": 19.02112579345703,
  "summary_bg_n": 314630.0,
  "summary_bg_p05": 9.40845012664795,
  "summary_bg_p95": 169.01127090454085,
  "summary_bg_stdv": 76.5130386352539,
  "summary_fg_k": 3.1642948921508403,
  "summary_fg_mad": 109.64469602586723,
  "summary_fg_mean": 814.2061157226562,
  "summary_fg_median": 806.4401245117188,
  "summary_fg_n": 67321.0,
  "summary_fg_p05": 646.9365844726562,
  "summary_fg_p95": 1018.5739135742188,
  "summary_fg_stdv": 125.63533782958984,
  "tsnr": 41.78988793771714
}