{
  "aor": 0.0007039788732394366,
  "aqi": 0.013247161901408452,
  "bids_meta": {
    "AcquisitionMatrixPE": 116,
    "AcquisitionNumber": 1,
    "BandwidthPerPixelPhaseEncode": 23.946,
    "BaseResolution": 128,
    "BodyPartExamined": "BRAIN",
    "ConsistencyInfo": "N4_VD11D_LATEST_20110129",
    "ConversionSoftware": "dcm2niix",
    "ConversionSoftwareVersion": "v1.0.20180518 GCC4.8.5",
    "DerivedVendorReportedEchoSpacing": 0.000720011,
    "DwellTime": 2.5e-06,
    "EchoTime": 0.03,
    "EchoTrainLength": 58,
    "EffectiveEchoSpacing": 0.000360005,
    "FlipAngle": 71,
    "ImageOrientationPatientDICOM": [
      1,
      0,
      0,
      0,
      0.944376,
      0.328867
    ],
    "ImageType": [
      "ORIGINAL",
      "PRIMARY",
      "M",
      "ND",
      "NORM",
      "MOSAIC"
    ],
    "InPlanePhaseEncodingDirectionDICOM": "COL",
    "InstitutionName": "Princeton_University_-_Neuroscience_Institute",
    "MRAcquisitionType": "2D",
    "MagneticFieldStrength": 3,
    "Manufacturer": "Siemens",
    "ManufacturersModelName": "Skyra",
    "Modality": "MR",
    "ParallelReductionFactorInPlane": 2,
    "PartialFourier": 1,
    "PatientPosition": "HFS",
    "PercentPhaseFOV": 90.625,
    "PhaseEncodingDirection": "j-",
    "PhaseEncodingSteps": 116,
    "PhaseResolution": 1,
    "PixelBandwidth": 1565,
    "PulseSequenceDetails": "%SiemensSeq%_ep2d_bold",
    "ReceiveCoilActiveElements": "HE1-4",
    "ReceiveCoilName": "HeadNeck_20",
    "ReconMatrixPE": 116,
    "RepetitionTime": 2,
    "SAR": 0.0822545,
    "ScanOptions": "FS",
    "ScanningSequence": "EP",
    "SequenceVariant": "SK",
    "SeriesNumber": 8,
    "ShimSetting": [
      3201,
      10502,
      10022,
      656,
      -347,
      90,
      634,
      -15
    ],
    "SliceThickness": 3,
    "SliceTiming": [
      1,
      0,
      1.0675,
      0.0675,
      1.1325,
      0.1325,
      1.2,
      0.2,
      1.2675,
      0.2675,
      1.3325,
      0.3325,
      1.4,
      0.4,
      1.465,
      0.4675,
      1.5325,
      0.5325,
      1.6,
      0.6,
      1.665,
      0.6675,
      1.7325,
      0.7325,
      1.8,
      0.8,
      1.865,
      0.8675,
      1.9325,
      0.9325
    ],
    "SoftwareVersions": "syngo_MR_D11",
    "SpacingBetweenSlices": 3,
    "StationName": "AWP45031",
    "TaskName": "retrieval-practice/restudy phase",
    "TotalReadoutTime": 0.0414006,
    "TxRefAmp": 370.115,
    "dataset": "ds001775",
    "modality": "bold",
    "run_id": 3,
    "subject_id": "15",
    "task_id": "RP"
  },
  "dummy_trs": 0,
  "dvars_nstd": 38.03530664063606,
  "dvars_std": 1.169735121766784,
  "dvars_vstd": 0.9981285703886926,
  "efc": 0.5025242678016727,
  "fber": 1643.1009521484375,
  "fd_mean": 0.14612133304068667,
  "fd_num": 53,
  "fd_perc": 18.661971830985916,
  "fwhm_avg": 1.9821594444444444,
  "fwhm_x": 1.916185,
  "fwhm_y": 2.24162,
  "fwhm_z": 1.7886733333333333,
  "gcor": 0.0558366,
  "gsr_x": -0.02782728523015976,
  "gsr_y": 0.04061020910739899,
  "provenance": {
    "md5sum": "7cbb15a53a4f2cf32cfe5b5fde6da84c",
    "settings": {
      "fd_thres": 0.2,
      "testing": false
    },
    "software": "mriqc",
    "version": "22.0.6",
    "webapi_port": null,
    "webapi_url": "https://mriqc.nimh.nih.gov/api/v1"
  },
  "size_t": 284,
  "size_x": 128,
  "size_y": 116,
  "size_z": 30,
  "snr": 5.547554029868375,
  "spacing_tr": 2.0,
  "spacing_x": 2.0,
  "spacing_y": 2.0,
  "spacing_z": 3.0,
  "summary_bg_k": 33.955554774823575,
  "summary_bg_mad": 10.185059965164243,
  "summary_bg_mean": 38.88210678100586,
  "summary_bg_median": 19.073944091796875,
  "summary_bg_n": 299606.0,
  "summary_bg_p05": 8.760562896728516,
  "summary_bg_p95": 133.93573379516602,
  "summary_bg_stdv": 68.60284423828125,
  "summary_fg_k": 3.1585457294334187,
  "summary_fg_mad": 126.08905671652349,
  "summary_fg_mean": 789.3421020507812,
  "summary_fg_median": 782.0105590820312,
  "summary_fg_n": 80226.0,
  "summary_fg_p05": 606.5343170166016,
  "summary_fg_p95": 1013.1918640136719,
  "summary_fg_stdv": 140.96405029296875,
  "tsnr": 42.463282347656786
}