{
  "aor": 0.0004997183098591548,
  "aqi": 0.016686620774647887,
  "bids_meta": {
    "AcquisitionMatrixPE": 116,
    "AcquisitionNumber": 1,
    "BandwidthPerPixelPhaseEncode": 23.946,
    "BaseResolution": 128,
    "BodyPartExamined": "BRAIN",
    "ConsistencyInfo": "N4_VD11D_LATEST_20110129",
    "ConversionSoftware": "dcm2niix",
    "ConversionSoftwareVersion": "v1.0.20180518 GCC4.8.5",
    "DerivedVendorReportedEchoSpacing": 0.000720011,
    "DwellTime": 2.5e-06,
    "EchoTime": 0.03,
    "EchoTrainLength": 58,
    "EffectiveEchoSpacing": 0.000360005,
    "FlipAngle": 71,
    "ImageOrientationPatientDICOM": [
      1,
      0,
      0,
      0,
      0.944376,
      0.328867
    ],
    "ImageType": [
      "ORIGINAL",
      "PRIMARY",
      "M",
      "ND",
      "NORM",
      "MOSAIC"
    ],
    "InPlanePhaseEncodingDirectionDICOM": "COL",
    "InstitutionName": "Princeton_University_-_Neuroscience_Institute",
    "MRAcquisitionType": "2D",
    "MagneticFieldStrength": 3,
    "Manufacturer": "Siemens",
    "ManufacturersModelName": "Skyra",
    "Modality": "MR",
    "ParallelReductionFactorInPlane": 2,
    "PartialFourier": 1,
    "PatientPosition": "HFS",
    "PercentPhaseFOV": 90.625,
    "PhaseEncodingDirection": "j-",
    "PhaseEncodingSteps": 116,
    "PhaseResolution": 1,
    "PixelBandwidth": 1565,
    "PulseSequenceDetails": "%SiemensSeq%_ep2d_bold",
    "ReceiveCoilActiveElements": "HE1-4",
    "ReceiveCoilName": "HeadNeck_20",
    "ReconMatrixPE": 116,
    "RepetitionTime": 2,
    "SAR": 0.0822545,
    "ScanOptions": "FS",
    "ScanningSequence": "EP",
    "SequenceVariant": "SK",
    "SeriesNumber": 8,
    "ShimSetting": [
      3201,
      10502,
      10022,
      656,
      -347,
      90,
      634,
      -15
    ],
    "SliceThickness": 3,
    "SliceTiming": [
      1,
      0,
      1.0675,
      0.0675,
      1.1325,
      0.1325,
      1.2,
      0.2,
      1.2675,
      0.2675,
      1.3325,
      0.3325,
      1.4,
      0.4,
      1.465,
      0.4675,
      1.5325,
      0.5325,
      1.6,
      0.6,
      1.665,
      0.6675,
      1.7325,
      0.7325,
      1.8,
      0.8,
      1.865,
      0.8675,
      1.9325,
      0.9325
    ],
    "SoftwareVersions": "syngo_MR_D11",
    "SpacingBetweenSlices": 3,
    "StationName": "AWP45031",
    "TaskName": "retrieval-practice/restudy phase",
    "TotalReadoutTime": 0.0414006,
    "TxRefAmp": 370.115,
    "dataset": "ds001775",
    "modality": "bold",
    "run_id": 1,
    "subject_id": "15",
    "task_id": "RP"
  },
  "dummy_trs": 0,
  "dvars_nstd": 38.30037884685511,
  "dvars_std": 1.1461377160070685,
  "dvars_vstd": 0.9836116130742051,
  "efc": 0.5015196285239711,
  "fber": 1676.434814453125,
  "fd_mean": 0.1582975708919995,
  "fd_num": 67,
  "fd_perc": 23.591549295774648,
  "fwhm_avg": 2.0090533333333336,
  "fwhm_x": 1.948225,
  "fwhm_y": 2.278945,
  "fwhm_z": 1.79999,
  "gcor": 0.0184134,
  "gsr_x": -0.026038741692900658,
  "gsr_y": 0.03767552599310875,
  "provenance": {
    "md5sum": "7bcbccaf79de9fcae6d7cbe90aae967f",
    "settings": {
      "fd_thres": 0.2,
      "testing": false
    },
    "software": "mriqc",
    "version": "22.0.6",
    "webapi_port": null,
    "webapi_url": "https://mriqc.nimh.nih.gov/api/v1"
  },
  "size_t": 284,
  "size_x": 128,
  "size_y": 116,
  "size_z": 30,
  "snr": 5.480631364685544,
  "spacing_tr": 2.0,
  "spacing_x": 2.0,
  "spacing_y": 2.0,
  "spacing_z": 3.0,
  "summary_bg_k": 34.41234151498247,
  "summary_bg_mad": 9.981462604120585,
  "summary_bg_mean": 37.82822036743164,
  "summary_bg_median": 18.971830368041992,
  "summary_bg_n": 299043.0,
  "summary_bg_p05": 8.721830368041992,
  "summary_bg_p95": 127.70738906860339,
  "summary_bg_stdv": 65.80318450927734,
  "summary_fg_k": 3.2197683488141218,
  "summary_fg_mad": 127.60817199625754,
  "summary_fg_mean": 794.062744140625,
  "summary_fg_median": 785.5545654296875,
  "summary_fg_n": 80588.0,
  "summary_fg_p05": 608.7079193115235,
  "summary_fg_p95": 1022.2471710205076,
  "summary_fg_stdv": 143.33197021484375,
  "tsnr": 40.15118283452466
}