{
  "aor": 0.002181144278606965,
  "aqi": 0.01737561104477612,
  "bids_meta": {
    "AcquisitionMatrixPE": 116,
    "AcquisitionNumber": 1,
    "BandwidthPerPixelPhaseEncode": 23.946,
    "BaseResolution": 128,
    "BodyPartExamined": "BRAIN",
    "ConversionSoftware": "dcm2niix",
    "ConversionSoftwareVersion": "v1.0.20180518 GCC4.8.5",
    "DerivedVendorReportedEchoSpacing": 0.000720011,
    "DwellTime": 2.5e-06,
    "EchoTime": 0.03,
    "EchoTrainLength": 58,
    "EffectiveEchoSpacing": 0.000360005,
    "FlipAngle": 71,
    "ImageOrientationPatientDICOM": [
      1,
      0,
      0,
      0,
      0.944376,
      0.328867
    ],
    "ImageType": [
      "ORIGINAL",
      "PRIMARY",
      "M",
      "ND",
      "NORM",
      "MOSAIC"
    ],
    "InPlanePhaseEncodingDirectionDICOM": "COL",
    "InstitutionName": "Princeton_University_-_Neuroscience_Institute",
    "MRAcquisitionType": "2D",
    "MagneticFieldStrength": 3,
    "Manufacturer": "Siemens",
    "ManufacturersModelName": "Skyra",
    "Modality": "MR",
    "ParallelReductionFactorInPlane": 2,
    "PartialFourier": 1,
    "PatientPosition": "HFS",
    "PercentPhaseFOV": 90.625,
    "PhaseEncodingDirection": "j-",
    "PhaseEncodingSteps": 116,
    "PhaseResolution": 1,
    "PixelBandwidth": 1565,
    "PulseSequenceDetails": "%SiemensSeq%_ep2d_bold",
    "ReceiveCoilActiveElements": "HE1-4",
    "ReceiveCoilName": "HeadNeck_20",
    "ReconMatrixPE": 116,
    "RepetitionTime": 2,
    "SAR": 0.0822539,
    "ScanOptions": "FS",
    "ScanningSequence": "EP",
    "SequenceVariant": "SK",
    "SeriesNumber": 4,
    "ShimSetting": [
      3201,
      10502,
      10022,
      656,
      -347,
      90,
      634,
      -15
    ],
    "SliceThickness": 3,
    "SliceTiming": [
      1,
      0,
      1.065,
      0.065,
      1.1325,
      0.1325,
      1.2,
      0.2,
      1.265,
      0.265,
      1.3325,
      0.3325,
      1.4,
      0.4,
      1.465,
      0.465,
      1.5325,
      0.5325,
      1.6,
      0.6,
      1.665,
      0.665,
      1.7325,
      0.7325,
      1.8,
      0.8,
      1.865,
      0.865,
      1.9325,
      0.9325
    ],
    "SoftwareVersions": "syngo_MR_D11",
    "SpacingBetweenSlices": 3,
    "StationName": "AWP45031",
    "TaskName": "study phase",
    "TotalReadoutTime": 0.0414006,
    "TxRefAmp": 370.115,
    "dataset": "ds001775",
    "modality": "bold",
    "run_id": 1,
    "subject_id": "15",
    "task_id": "restudy"
  },
  "dummy_trs": 0,
  "dvars_nstd": 35.044289512799985,
  "dvars_std": 1.1273271987999995,
  "dvars_vstd": 1.0042529013000006,
  "efc": 0.4995249181099334,
  "fber": 1668.94384765625,
  "fd_mean": 0.0815794387876764,
  "fd_num": 6,
  "fd_perc": 2.985074626865672,
  "fwhm_avg": 1.9977427777777776,
  "fwhm_x": 1.953045,
  "fwhm_y": 2.27046,
  "fwhm_z": 1.7697233333333333,
  "gcor": 0.00369283,
  "gsr_x": -0.02644944377243519,
  "gsr_y": 0.037246305495500565,
  "provenance": {
    "md5sum": "0aa91e4d478b73523fa1ba05323bc109",
    "settings": {
      "fd_thres": 0.2,
      "testing": false
    },
    "software": "mriqc",
    "version": "22.0.6",
    "webapi_port": null,
    "webapi_url": "https://mriqc.nimh.nih.gov/api/v1"
  },
  "size_t": 201,
  "size_x": 128,
  "size_y": 116,
  "size_z": 30,
  "snr": 5.5256171742096,
  "spacing_tr": 2.0,
  "spacing_x": 2.0,
  "spacing_y": 2.0,
  "spacing_z": 3.0,
  "summary_bg_k": 32.45715557110193,
  "summary_bg_mad": 10.319205592644481,
  "summary_bg_mean": 38.380611419677734,
  "summary_bg_median": 19.044775009155273,
  "summary_bg_n": 300339.0,
  "summary_bg_p05": 8.64676570892334,
  "summary_bg_p95": 131.50348205566382,
  "summary_bg_stdv": 66.16059112548828,
  "summary_fg_k": 2.925646566405109,
  "summary_fg_mad": 126.54494965944531,
  "summary_fg_mean": 790.6407470703125,
  "summary_fg_median": 781.1890258789062,
  "summary_fg_n": 79748.0,
  "summary_fg_p05": 605.5524749755859,
  "summary_fg_p95": 1018.5783416748045,
  "summary_fg_stdv": 141.375,
  "tsnr": 39.102326795691624
}