{
  "aor": 0.000577605633802817,
  "aqi": 0.016898672183098592,
  "bids_meta": {
    "AcquisitionMatrixPE": 116,
    "AcquisitionNumber": 1,
    "BandwidthPerPixelPhaseEncode": 23.946,
    "BaseResolution": 128,
    "BodyPartExamined": "BRAIN",
    "ConsistencyInfo": "N4_VD11D_LATEST_20110129",
    "ConversionSoftware": "dcm2niix",
    "ConversionSoftwareVersion": "v1.0.20180518 GCC4.8.5",
    "DerivedVendorReportedEchoSpacing": 0.000720011,
    "DwellTime": 2.5e-06,
    "EchoTime": 0.03,
    "EchoTrainLength": 58,
    "EffectiveEchoSpacing": 0.000360005,
    "FlipAngle": 71,
    "ImageOrientationPatientDICOM": [
      1,
      0,
      0,
      0,
      0.944376,
      0.328867
    ],
    "ImageType": [
      "ORIGINAL",
      "PRIMARY",
      "M",
      "ND",
      "NORM",
      "MOSAIC"
    ],
    "InPlanePhaseEncodingDirectionDICOM": "COL",
    "InstitutionName": "Princeton_University_-_Neuroscience_Institute",
    "MRAcquisitionType": "2D",
    "MagneticFieldStrength": 3,
    "Manufacturer": "Siemens",
    "ManufacturersModelName": "Skyra",
    "Modality": "MR",
    "ParallelReductionFactorInPlane": 2,
    "PartialFourier": 1,
    "PatientPosition": "HFS",
    "PercentPhaseFOV": 90.625,
    "PhaseEncodingDirection": "j-",
    "PhaseEncodingSteps": 116,
    "PhaseResolution": 1,
    "PixelBandwidth": 1565,
    "PulseSequenceDetails": "%SiemensSeq%_ep2d_bold",
    "ReceiveCoilActiveElements": "HE1-4",
    "ReceiveCoilName": "HeadNeck_20",
    "ReconMatrixPE": 116,
    "RepetitionTime": 2,
    "SAR": 0.0822545,
    "ScanOptions": "FS",
    "ScanningSequence": "EP",
    "SequenceVariant": "SK",
    "SeriesNumber": 8,
    "ShimSetting": [
      3201,
      10502,
      10022,
      656,
      -347,
      90,
      634,
      -15
    ],
    "SliceThickness": 3,
    "SliceTiming": [
      1,
      0,
      1.0675,
      0.0675,
      1.1325,
      0.1325,
      1.2,
      0.2,
      1.2675,
      0.2675,
      1.3325,
      0.3325,
      1.4,
      0.4,
      1.465,
      0.4675,
      1.5325,
      0.5325,
      1.6,
      0.6,
      1.665,
      0.6675,
      1.7325,
      0.7325,
      1.8,
      0.8,
      1.865,
      0.8675,
      1.9325,
      0.9325
    ],
    "SoftwareVersions": "syngo_MR_D11",
    "SpacingBetweenSlices": 3,
    "StationName": "AWP45031",
    "TaskName": "retrieval-practice/restudy phase",
    "TotalReadoutTime": 0.0414006,
    "TxRefAmp": 370.115,
    "dataset": "ds001775",
    "modality": "bold",
    "run_id": 4,
    "subject_id": "04",
    "task_id": "RP"
  },
  "dummy_trs": 0,
  "dvars_nstd": 38.49980524173143,
  "dvars_std": 1.1368360631802124,
  "dvars_vstd": 1.0018201121908121,
  "efc": 0.5192393819696677,
  "fber": 1540.0302734375,
  "fd_mean": 0.15998673018972917,
  "fd_num": 68,
  "fd_perc": 23.943661971830984,
  "fwhm_avg": 1.9141744886815142,
  "fwhm_x": 1.904325,
  "fwhm_y": 2.168305,
  "fwhm_z": 1.6698934660445426,
  "gcor": 0.0672765,
  "gsr_x": -0.020218275487422943,
  "gsr_y": 0.03833369165658951,
  "provenance": {
    "md5sum": "62c008288c75f6dba63458522601edc6",
    "settings": {
      "fd_thres": 0.2,
      "testing": false
    },
    "software": "mriqc",
    "version": "22.0.6",
    "webapi_port": null,
    "webapi_url": "https://mriqc.nimh.nih.gov/api/v1"
  },
  "size_t": 284,
  "size_x": 128,
  "size_y": 116,
  "size_z": 30,
  "snr": 6.081730789286755,
  "spacing_tr": 2.0,
  "spacing_x": 2.0,
  "spacing_y": 2.0,
  "spacing_z": 2.999999761581421,
  "summary_bg_k": 35.02785789440683,
  "summary_bg_mad": 11.5528123177519,
  "summary_bg_mean": 42.76424026489258,
  "summary_bg_median": 20.588027954101562,
  "summary_bg_n": 293124.0,
  "summary_bg_p05": 8.65845012664795,
  "summary_bg_p95": 155.48485870361313,
  "summary_bg_stdv": 71.5826187133789,
  "summary_fg_k": 3.0100969928475045,
  "summary_fg_mad": 121.00175116707484,
  "summary_fg_mean": 826.8302612304688,
  "summary_fg_median": 817.1461181640625,
  "summary_fg_n": 85734.0,
  "summary_fg_p05": 645.8012451171875,
  "summary_fg_p95": 1041.2526123046873,
  "summary_fg_stdv": 134.36000061035156,
  "tsnr": 41.71149805188179
}