{
  "aor": 0.0013556338028169017,
  "aqi": 0.021531080281690138,
  "bids_meta": {
    "AcquisitionMatrixPE": 116,
    "AcquisitionNumber": 1,
    "BandwidthPerPixelPhaseEncode": 23.946,
    "BaseResolution": 128,
    "BodyPartExamined": "BRAIN",
    "ConsistencyInfo": "N4_VD11D_LATEST_20110129",
    "ConversionSoftware": "dcm2niix",
    "ConversionSoftwareVersion": "v1.0.20180518 GCC4.8.5",
    "DerivedVendorReportedEchoSpacing": 0.000720011,
    "DwellTime": 2.5e-06,
    "EchoTime": 0.03,
    "EchoTrainLength": 58,
    "EffectiveEchoSpacing": 0.000360005,
    "FlipAngle": 71,
    "ImageOrientationPatientDICOM": [
      1,
      0,
      0,
      0,
      0.944376,
      0.328867
    ],
    "ImageType": [
      "ORIGINAL",
      "PRIMARY",
      "M",
      "ND",
      "NORM",
      "MOSAIC"
    ],
    "InPlanePhaseEncodingDirectionDICOM": "COL",
    "InstitutionName": "Princeton_University_-_Neuroscience_Institute",
    "MRAcquisitionType": "2D",
    "MagneticFieldStrength": 3,
    "Manufacturer": "Siemens",
    "ManufacturersModelName": "Skyra",
    "Modality": "MR",
    "ParallelReductionFactorInPlane": 2,
    "PartialFourier": 1,
    "PatientPosition": "HFS",
    "PercentPhaseFOV": 90.625,
    "PhaseEncodingDirection": "j-",
    "PhaseEncodingSteps": 116,
    "PhaseResolution": 1,
    "PixelBandwidth": 1565,
    "PulseSequenceDetails": "%SiemensSeq%_ep2d_bold",
    "ReceiveCoilActiveElements": "HE1-4",
    "ReceiveCoilName": "HeadNeck_20",
    "ReconMatrixPE": 116,
    "RepetitionTime": 2,
    "SAR": 0.0822545,
    "ScanOptions": "FS",
    "ScanningSequence": "EP",
    "SequenceVariant": "SK",
    "SeriesNumber": 8,
    "ShimSetting": [
      3201,
      10502,
      10022,
      656,
      -347,
      90,
      634,
      -15
    ],
    "SliceThickness": 3,
    "SliceTiming": [
      1,
      0,
      1.0675,
      0.0675,
      1.1325,
      0.1325,
      1.2,
      0.2,
      1.2675,
      0.2675,
      1.3325,
      0.3325,
      1.4,
      0.4,
      1.465,
      0.4675,
      1.5325,
      0.5325,
      1.6,
      0.6,
      1.665,
      0.6675,
      1.7325,
      0.7325,
      1.8,
      0.8,
      1.865,
      0.8675,
      1.9325,
      0.9325
    ],
    "SoftwareVersions": "syngo_MR_D11",
    "SpacingBetweenSlices": 3,
    "StationName": "AWP45031",
    "TaskName": "retrieval-practice/restudy phase",
    "TotalReadoutTime": 0.0414006,
    "TxRefAmp": 370.115,
    "dataset": "ds001775",
    "modality": "bold",
    "run_id": 1,
    "subject_id": "16",
    "task_id": "RP"
  },
  "dummy_trs": 0,
  "dvars_nstd": 32.985987329893995,
  "dvars_std": 1.0950028409893988,
  "dvars_vstd": 0.992256995583039,
  "efc": 0.49695625667469484,
  "fber": 1769.2349853515625,
  "fd_mean": 0.1507120217934266,
  "fd_num": 49,
  "fd_perc": 17.253521126760564,
  "fwhm_avg": 2.0431822222222222,
  "fwhm_x": 2.04256,
  "fwhm_y": 2.25035,
  "fwhm_z": 1.8366366666666665,
  "gcor": 0.0356505,
  "gsr_x": -0.01327414158731699,
  "gsr_y": 0.022319605574011803,
  "provenance": {
    "md5sum": "6259334b61ccfd45ae698ac4645d2071",
    "settings": {
      "fd_thres": 0.2,
      "testing": false
    },
    "software": "mriqc",
    "version": "22.0.6",
    "webapi_port": null,
    "webapi_url": "https://mriqc.nimh.nih.gov/api/v1"
  },
  "size_t": 284,
  "size_x": 128,
  "size_y": 116,
  "size_z": 30,
  "snr": 6.236765925822155,
  "spacing_tr": 2.0,
  "spacing_x": 2.0,
  "spacing_y": 2.0,
  "spacing_z": 3.0,
  "summary_bg_k": 31.122899261912472,
  "summary_bg_mad": 8.263941876324239,
  "summary_bg_mean": 35.74119567871094,
  "summary_bg_median": 18.70070457458496,
  "summary_bg_n": 299885.0,
  "summary_bg_p05": 9.440140724182129,
  "summary_bg_p95": 117.871124267578,
  "summary_bg_stdv": 60.84328842163086,
  "summary_fg_k": 3.686064072044264,
  "summary_fg_mad": 110.49042358532483,
  "summary_fg_mean": 804.49072265625,
  "summary_fg_median": 790.5739135742188,
  "summary_fg_n": 80261.0,
  "summary_fg_p05": 639.4718017578125,
  "summary_fg_p95": 1016.0492553710938,
  "summary_fg_stdv": 126.75944519042969,
  "tsnr": 41.478389033465646
}