{
  "aor": 0.0007697,
  "aqi": 0.0106940078,
  "bids_meta": {
    "AcquisitionMatrixPE": 116,
    "AcquisitionNumber": 1,
    "BandwidthPerPixelPhaseEncode": 23.946,
    "BaseResolution": 128,
    "BodyPartExamined": "BRAIN",
    "ConversionSoftware": "dcm2niix",
    "ConversionSoftwareVersion": "v1.0.20180518 GCC4.8.5",
    "DerivedVendorReportedEchoSpacing": 0.000720011,
    "DwellTime": 2.5e-06,
    "EchoTime": 0.03,
    "EchoTrainLength": 58,
    "EffectiveEchoSpacing": 0.000360005,
    "FlipAngle": 71,
    "ImageOrientationPatientDICOM": [
      1,
      0,
      0,
      0,
      0.944376,
      0.328867
    ],
    "ImageType": [
      "ORIGINAL",
      "PRIMARY",
      "M",
      "ND",
      "NORM",
      "MOSAIC"
    ],
    "InPlanePhaseEncodingDirectionDICOM": "COL",
    "InstitutionName": "Princeton_University_-_Neuroscience_Institute",
    "MRAcquisitionType": "2D",
    "MagneticFieldStrength": 3,
    "Manufacturer": "Siemens",
    "ManufacturersModelName": "Skyra",
    "Modality": "MR",
    "ParallelReductionFactorInPlane": 2,
    "PartialFourier": 1,
    "PatientPosition": "HFS",
    "PercentPhaseFOV": 90.625,
    "PhaseEncodingDirection": "j-",
    "PhaseEncodingSteps": 116,
    "PhaseResolution": 1,
    "PixelBandwidth": 1565,
    "PulseSequenceDetails": "%SiemensSeq%_ep2d_bold",
    "ReceiveCoilActiveElements": "HE1-4",
    "ReceiveCoilName": "HeadNeck_20",
    "ReconMatrixPE": 116,
    "RepetitionTime": 2,
    "SAR": 0.0822539,
    "ScanOptions": "FS",
    "ScanningSequence": "EP",
    "SequenceVariant": "SK",
    "SeriesNumber": 4,
    "ShimSetting": [
      3201,
      10502,
      10022,
      656,
      -347,
      90,
      634,
      -15
    ],
    "SliceThickness": 3,
    "SliceTiming": [
      1,
      0,
      1.065,
      0.065,
      1.1325,
      0.1325,
      1.2,
      0.2,
      1.265,
      0.265,
      1.3325,
      0.3325,
      1.4,
      0.4,
      1.465,
      0.465,
      1.5325,
      0.5325,
      1.6,
      0.6,
      1.665,
      0.665,
      1.7325,
      0.7325,
      1.8,
      0.8,
      1.865,
      0.865,
      1.9325,
      0.9325
    ],
    "SoftwareVersions": "syngo_MR_D11",
    "SpacingBetweenSlices": 3,
    "StationName": "AWP45031",
    "TaskName": "study phase",
    "TotalReadoutTime": 0.0414006,
    "TxRefAmp": 370.115,
    "dataset": "ds001775",
    "modality": "bold",
    "run_id": 2,
    "subject_id": "16",
    "task_id": "restudy"
  },
  "dummy_trs": 1,
  "dvars_nstd": 31.485075533718586,
  "dvars_std": 1.1032569609547747,
  "dvars_vstd": 1.0059683634673366,
  "efc": 0.4944328745977537,
  "fber": 1834.74169921875,
  "fd_mean": 0.08994906547673386,
  "fd_num": 9,
  "fd_perc": 4.5,
  "fwhm_avg": 2.001615555555556,
  "fwhm_x": 2.00558,
  "fwhm_y": 2.18773,
  "fwhm_z": 1.8115366666666668,
  "gcor": 0.0442275,
  "gsr_x": -0.010684266686439514,
  "gsr_y": 0.01768532581627369,
  "provenance": {
    "md5sum": "8fc22bd398a38e47d5e8ec712f52ac0e",
    "settings": {
      "fd_thres": 0.2,
      "testing": false
    },
    "software": "mriqc",
    "version": "22.0.6",
    "webapi_port": null,
    "webapi_url": "https://mriqc.nimh.nih.gov/api/v1"
  },
  "size_t": 200,
  "size_x": 128,
  "size_y": 116,
  "size_z": 30,
  "snr": 6.307342779321529,
  "spacing_tr": 2.0,
  "spacing_x": 2.0,
  "spacing_y": 2.0,
  "spacing_z": 3.0,
  "summary_bg_k": 32.854248430905805,
  "summary_bg_mad": 7.731769381814202,
  "summary_bg_mean": 33.713523864746094,
  "summary_bg_median": 18.07499885559082,
  "summary_bg_n": 299907.0,
  "summary_bg_p05": 9.454999923706055,
  "summary_bg_p95": 108.65999603271484,
  "summary_bg_stdv": 57.20507049560547,
  "summary_fg_k": 3.841926051543335,
  "summary_fg_mad": 106.49534269269765,
  "summary_fg_mean": 793.5166015625,
  "summary_fg_median": 780.5199584960938,
  "summary_fg_n": 80229.0,
  "summary_fg_p05": 631.3199829101562,
  "summary_fg_p95": 998.9099731445312,
  "summary_fg_stdv": 123.74705505371094,
  "tsnr": 50.35512820247095
}