{
  "aor": 0.0015946478873239437,
  "aqi": 0.013401933485915493,
  "bids_meta": {
    "AcquisitionMatrixPE": 116,
    "AcquisitionNumber": 1,
    "BandwidthPerPixelPhaseEncode": 23.946,
    "BaseResolution": 128,
    "BodyPartExamined": "BRAIN",
    "ConsistencyInfo": "N4_VD11D_LATEST_20110129",
    "ConversionSoftware": "dcm2niix",
    "ConversionSoftwareVersion": "v1.0.20180518 GCC4.8.5",
    "DerivedVendorReportedEchoSpacing": 0.000720011,
    "DwellTime": 2.5e-06,
    "EchoTime": 0.03,
    "EchoTrainLength": 58,
    "EffectiveEchoSpacing": 0.000360005,
    "FlipAngle": 71,
    "ImageOrientationPatientDICOM": [
      1,
      0,
      0,
      0,
      0.944376,
      0.328867
    ],
    "ImageType": [
      "ORIGINAL",
      "PRIMARY",
      "M",
      "ND",
      "NORM",
      "MOSAIC"
    ],
    "InPlanePhaseEncodingDirectionDICOM": "COL",
    "InstitutionName": "Princeton_University_-_Neuroscience_Institute",
    "MRAcquisitionType": "2D",
    "MagneticFieldStrength": 3,
    "Manufacturer": "Siemens",
    "ManufacturersModelName": "Skyra",
    "Modality": "MR",
    "ParallelReductionFactorInPlane": 2,
    "PartialFourier": 1,
    "PatientPosition": "HFS",
    "PercentPhaseFOV": 90.625,
    "PhaseEncodingDirection": "j-",
    "PhaseEncodingSteps": 116,
    "PhaseResolution": 1,
    "PixelBandwidth": 1565,
    "PulseSequenceDetails": "%SiemensSeq%_ep2d_bold",
    "ReceiveCoilActiveElements": "HE1-4",
    "ReceiveCoilName": "HeadNeck_20",
    "ReconMatrixPE": 116,
    "RepetitionTime": 2,
    "SAR": 0.0822545,
    "ScanOptions": "FS",
    "ScanningSequence": "EP",
    "SequenceVariant": "SK",
    "SeriesNumber": 8,
    "ShimSetting": [
      3201,
      10502,
      10022,
      656,
      -347,
      90,
      634,
      -15
    ],
    "SliceThickness": 3,
    "SliceTiming": [
      1,
      0,
      1.0675,
      0.0675,
      1.1325,
      0.1325,
      1.2,
      0.2,
      1.2675,
      0.2675,
      1.3325,
      0.3325,
      1.4,
      0.4,
      1.465,
      0.4675,
      1.5325,
      0.5325,
      1.6,
      0.6,
      1.665,
      0.6675,
      1.7325,
      0.7325,
      1.8,
      0.8,
      1.865,
      0.8675,
      1.9325,
      0.9325
    ],
    "SoftwareVersions": "syngo_MR_D11",
    "SpacingBetweenSlices": 3,
    "StationName": "AWP45031",
    "TaskName": "retrieval-practice/restudy phase",
    "TotalReadoutTime": 0.0414006,
    "TxRefAmp": 370.115,
    "dataset": "ds001775",
    "modality": "bold",
    "run_id": 3,
    "subject_id": "16",
    "task_id": "RP"
  },
  "dummy_trs": 0,
  "dvars_nstd": 34.321741771236745,
  "dvars_std": 1.137954462826854,
  "dvars_vstd": 1.0148275806713778,
  "efc": 0.4966480758000223,
  "fber": 1793.3621826171875,
  "fd_mean": 0.15881349150398563,
  "fd_num": 54,
  "fd_perc": 19.014084507042252,
  "fwhm_avg": 2.00729,
  "fwhm_x": 2.009795,
  "fwhm_y": 2.207045,
  "fwhm_z": 1.8050300000000001,
  "gcor": 0.0885062,
  "gsr_x": -0.012568059377372265,
  "gsr_y": 0.021271919831633568,
  "provenance": {
    "md5sum": "5507b5d8c055fb82803561ffe659336e",
    "settings": {
      "fd_thres": 0.2,
      "testing": false
    },
    "software": "mriqc",
    "version": "22.0.6",
    "webapi_port": null,
    "webapi_url": "https://mriqc.nimh.nih.gov/api/v1"
  },
  "size_t": 284,
  "size_x": 128,
  "size_y": 116,
  "size_z": 30,
  "snr": 6.314855004067922,
  "spacing_tr": 2.0,
  "spacing_x": 2.0,
  "spacing_y": 2.0,
  "spacing_z": 3.0,
  "summary_bg_k": 32.144032133227775,
  "summary_bg_mad": 8.029021953113839,
  "summary_bg_mean": 34.919925689697266,
  "summary_bg_median": 18.426055908203125,
  "summary_bg_n": 299740.0,
  "summary_bg_p05": 9.447182655334473,
  "summary_bg_p95": 114.11003379821757,
  "summary_bg_stdv": 59.833641052246094,
  "summary_fg_k": 3.626671639379788,
  "summary_fg_mad": 108.026357520267,
  "summary_fg_mean": 798.5999145507812,
  "summary_fg_median": 785.5263671875,
  "summary_fg_n": 80364.0,
  "summary_fg_p05": 635.5596618652344,
  "summary_fg_p95": 1006.0869598388671,
  "summary_fg_stdv": 124.39263916015625,
  "tsnr": 45.42645501438528
}