{
  "aor": 0.0035647887323943662,
  "aqi": 0.017437177887323945,
  "bids_meta": {
    "AcquisitionMatrixPE": 116,
    "AcquisitionNumber": 1,
    "BandwidthPerPixelPhaseEncode": 23.946,
    "BaseResolution": 128,
    "BodyPartExamined": "BRAIN",
    "ConsistencyInfo": "N4_VD11D_LATEST_20110129",
    "ConversionSoftware": "dcm2niix",
    "ConversionSoftwareVersion": "v1.0.20180518 GCC4.8.5",
    "DerivedVendorReportedEchoSpacing": 0.000720011,
    "DwellTime": 2.5e-06,
    "EchoTime": 0.03,
    "EchoTrainLength": 58,
    "EffectiveEchoSpacing": 0.000360005,
    "FlipAngle": 71,
    "ImageOrientationPatientDICOM": [
      1,
      0,
      0,
      0,
      0.944376,
      0.328867
    ],
    "ImageType": [
      "ORIGINAL",
      "PRIMARY",
      "M",
      "ND",
      "NORM",
      "MOSAIC"
    ],
    "InPlanePhaseEncodingDirectionDICOM": "COL",
    "InstitutionName": "Princeton_University_-_Neuroscience_Institute",
    "MRAcquisitionType": "2D",
    "MagneticFieldStrength": 3,
    "Manufacturer": "Siemens",
    "ManufacturersModelName": "Skyra",
    "Modality": "MR",
    "ParallelReductionFactorInPlane": 2,
    "PartialFourier": 1,
    "PatientPosition": "HFS",
    "PercentPhaseFOV": 90.625,
    "PhaseEncodingDirection": "j-",
    "PhaseEncodingSteps": 116,
    "PhaseResolution": 1,
    "PixelBandwidth": 1565,
    "PulseSequenceDetails": "%SiemensSeq%_ep2d_bold",
    "ReceiveCoilActiveElements": "HE1-4",
    "ReceiveCoilName": "HeadNeck_20",
    "ReconMatrixPE": 116,
    "RepetitionTime": 2,
    "SAR": 0.0822545,
    "ScanOptions": "FS",
    "ScanningSequence": "EP",
    "SequenceVariant": "SK",
    "SeriesNumber": 8,
    "ShimSetting": [
      3201,
      10502,
      10022,
      656,
      -347,
      90,
      634,
      -15
    ],
    "SliceThickness": 3,
    "SliceTiming": [
      1,
      0,
      1.0675,
      0.0675,
      1.1325,
      0.1325,
      1.2,
      0.2,
      1.2675,
      0.2675,
      1.3325,
      0.3325,
      1.4,
      0.4,
      1.465,
      0.4675,
      1.5325,
      0.5325,
      1.6,
      0.6,
      1.665,
      0.6675,
      1.7325,
      0.7325,
      1.8,
      0.8,
      1.865,
      0.8675,
      1.9325,
      0.9325
    ],
    "SoftwareVersions": "syngo_MR_D11",
    "SpacingBetweenSlices": 3,
    "StationName": "AWP45031",
    "TaskName": "retrieval-practice/restudy phase",
    "TotalReadoutTime": 0.0414006,
    "TxRefAmp": 370.115,
    "dataset": "ds001775",
    "modality": "bold",
    "run_id": 4,
    "subject_id": "16",
    "task_id": "RP"
  },
  "dummy_trs": 0,
  "dvars_nstd": 34.256522700706704,
  "dvars_std": 1.1605019827915186,
  "dvars_vstd": 1.0456302146996463,
  "efc": 0.49644445930680914,
  "fber": 1797.4078369140625,
  "fd_mean": 0.16851333518261605,
  "fd_num": 60,
  "fd_perc": 21.12676056338028,
  "fwhm_avg": 2.018591111111111,
  "fwhm_x": 2.01547,
  "fwhm_y": 2.22173,
  "fwhm_z": 1.8185733333333334,
  "gcor": 0.0698088,
  "gsr_x": -0.01186379510909319,
  "gsr_y": 0.02037055417895317,
  "provenance": {
    "md5sum": "82ab618032cd1b156bd2d18e174092d8",
    "settings": {
      "fd_thres": 0.2,
      "testing": false
    },
    "software": "mriqc",
    "version": "22.0.6",
    "webapi_port": null,
    "webapi_url": "https://mriqc.nimh.nih.gov/api/v1"
  },
  "size_t": 284,
  "size_x": 128,
  "size_y": 116,
  "size_z": 30,
  "snr": 6.345140741338749,
  "spacing_tr": 2.0,
  "spacing_x": 2.0,
  "spacing_y": 2.0,
  "spacing_z": 3.0,
  "summary_bg_k": 32.31464748760721,
  "summary_bg_mad": 8.018580156445154,
  "summary_bg_mean": 34.56201934814453,
  "summary_bg_median": 18.348590850830078,
  "summary_bg_n": 299585.0,
  "summary_bg_p05": 9.397887229919434,
  "summary_bg_p95": 112.34999847412097,
  "summary_bg_stdv": 58.769920349121094,
  "summary_fg_k": 3.7297362811163506,
  "summary_fg_mad": 106.58031360841888,
  "summary_fg_mean": 796.5554809570312,
  "summary_fg_median": 783.6021118164062,
  "summary_fg_n": 80417.0,
  "summary_fg_p05": 633.7126831054687,
  "summary_fg_p95": 1001.8274169921874,
  "summary_fg_stdv": 123.49564361572266,
  "tsnr": 42.8703253576532
}