{
  "aor": 0.0009243661971830987,
  "aqi": 0.011472691866197184,
  "bids_meta": {
    "AcquisitionMatrixPE": 116,
    "AcquisitionNumber": 1,
    "BandwidthPerPixelPhaseEncode": 23.946,
    "BaseResolution": 128,
    "BodyPartExamined": "BRAIN",
    "ConsistencyInfo": "N4_VD11D_LATEST_20110129",
    "ConversionSoftware": "dcm2niix",
    "ConversionSoftwareVersion": "v1.0.20180518 GCC4.8.5",
    "DerivedVendorReportedEchoSpacing": 0.000720011,
    "DwellTime": 2.5e-06,
    "EchoTime": 0.03,
    "EchoTrainLength": 58,
    "EffectiveEchoSpacing": 0.000360005,
    "FlipAngle": 71,
    "ImageOrientationPatientDICOM": [
      1,
      0,
      0,
      0,
      0.944376,
      0.328867
    ],
    "ImageType": [
      "ORIGINAL",
      "PRIMARY",
      "M",
      "ND",
      "NORM",
      "MOSAIC"
    ],
    "InPlanePhaseEncodingDirectionDICOM": "COL",
    "InstitutionName": "Princeton_University_-_Neuroscience_Institute",
    "MRAcquisitionType": "2D",
    "MagneticFieldStrength": 3,
    "Manufacturer": "Siemens",
    "ManufacturersModelName": "Skyra",
    "Modality": "MR",
    "ParallelReductionFactorInPlane": 2,
    "PartialFourier": 1,
    "PatientPosition": "HFS",
    "PercentPhaseFOV": 90.625,
    "PhaseEncodingDirection": "j-",
    "PhaseEncodingSteps": 116,
    "PhaseResolution": 1,
    "PixelBandwidth": 1565,
    "PulseSequenceDetails": "%SiemensSeq%_ep2d_bold",
    "ReceiveCoilActiveElements": "HE1-4",
    "ReceiveCoilName": "HeadNeck_20",
    "ReconMatrixPE": 116,
    "RepetitionTime": 2,
    "SAR": 0.0822545,
    "ScanOptions": "FS",
    "ScanningSequence": "EP",
    "SequenceVariant": "SK",
    "SeriesNumber": 8,
    "ShimSetting": [
      3201,
      10502,
      10022,
      656,
      -347,
      90,
      634,
      -15
    ],
    "SliceThickness": 3,
    "SliceTiming": [
      1,
      0,
      1.0675,
      0.0675,
      1.1325,
      0.1325,
      1.2,
      0.2,
      1.2675,
      0.2675,
      1.3325,
      0.3325,
      1.4,
      0.4,
      1.465,
      0.4675,
      1.5325,
      0.5325,
      1.6,
      0.6,
      1.665,
      0.6675,
      1.7325,
      0.7325,
      1.8,
      0.8,
      1.865,
      0.8675,
      1.9325,
      0.9325
    ],
    "SoftwareVersions": "syngo_MR_D11",
    "SpacingBetweenSlices": 3,
    "StationName": "AWP45031",
    "TaskName": "retrieval-practice/restudy phase",
    "TotalReadoutTime": 0.0414006,
    "TxRefAmp": 370.115,
    "dataset": "ds001775",
    "modality": "bold",
    "run_id": 2,
    "subject_id": "16",
    "task_id": "RP"
  },
  "dummy_trs": 0,
  "dvars_nstd": 33.2031164406007,
  "dvars_std": 1.1273507439929336,
  "dvars_vstd": 1.0067734751590105,
  "efc": 0.4960794120579271,
  "fber": 1810.91650390625,
  "fd_mean": 0.14223171510322738,
  "fd_num": 42,
  "fd_perc": 14.788732394366198,
  "fwhm_avg": 2.0066444444444445,
  "fwhm_x": 1.99728,
  "fwhm_y": 2.20678,
  "fwhm_z": 1.8158733333333332,
  "gcor": 0.102485,
  "gsr_x": -0.012504597194492817,
  "gsr_y": 0.02035154588520527,
  "provenance": {
    "md5sum": "9c1b9ce2c81c03ea2b38bc13f2d48b45",
    "settings": {
      "fd_thres": 0.2,
      "testing": false
    },
    "software": "mriqc",
    "version": "22.0.6",
    "webapi_port": null,
    "webapi_url": "https://mriqc.nimh.nih.gov/api/v1"
  },
  "size_t": 284,
  "size_x": 128,
  "size_y": 116,
  "size_z": 30,
  "snr": 6.304655880657943,
  "spacing_tr": 2.0,
  "spacing_x": 2.0,
  "spacing_y": 2.0,
  "spacing_z": 3.0,
  "summary_bg_k": 31.877883627525158,
  "summary_bg_mad": 8.023801761739325,
  "summary_bg_mean": 35.015403747558594,
  "summary_bg_median": 18.369718551635742,
  "summary_bg_n": 299936.0,
  "summary_bg_p05": 9.464788436889648,
  "summary_bg_p95": 114.2411937713623,
  "summary_bg_stdv": 60.2501220703125,
  "summary_fg_k": 3.628412370329066,
  "summary_fg_mad": 108.17516973635173,
  "summary_fg_mean": 801.2364501953125,
  "summary_fg_median": 787.8662109375,
  "summary_fg_n": 80200.0,
  "summary_fg_p05": 636.844857788086,
  "summary_fg_p95": 1009.5142150878906,
  "summary_fg_stdv": 124.96499633789062,
  "tsnr": 47.453908051829785
}