{
  "aor": 0.0007911940298507463,
  "aqi": 0.011876658457711442,
  "bids_meta": {
    "AcquisitionMatrixPE": 116,
    "AcquisitionNumber": 1,
    "BandwidthPerPixelPhaseEncode": 23.946,
    "BaseResolution": 128,
    "BodyPartExamined": "BRAIN",
    "ConversionSoftware": "dcm2niix",
    "ConversionSoftwareVersion": "v1.0.20180518 GCC4.8.5",
    "DerivedVendorReportedEchoSpacing": 0.000720011,
    "DwellTime": 2.5e-06,
    "EchoTime": 0.03,
    "EchoTrainLength": 58,
    "EffectiveEchoSpacing": 0.000360005,
    "FlipAngle": 71,
    "ImageOrientationPatientDICOM": [
      1,
      0,
      0,
      0,
      0.944376,
      0.328867
    ],
    "ImageType": [
      "ORIGINAL",
      "PRIMARY",
      "M",
      "ND",
      "NORM",
      "MOSAIC"
    ],
    "InPlanePhaseEncodingDirectionDICOM": "COL",
    "InstitutionName": "Princeton_University_-_Neuroscience_Institute",
    "MRAcquisitionType": "2D",
    "MagneticFieldStrength": 3,
    "Manufacturer": "Siemens",
    "ManufacturersModelName": "Skyra",
    "Modality": "MR",
    "ParallelReductionFactorInPlane": 2,
    "PartialFourier": 1,
    "PatientPosition": "HFS",
    "PercentPhaseFOV": 90.625,
    "PhaseEncodingDirection": "j-",
    "PhaseEncodingSteps": 116,
    "PhaseResolution": 1,
    "PixelBandwidth": 1565,
    "PulseSequenceDetails": "%SiemensSeq%_ep2d_bold",
    "ReceiveCoilActiveElements": "HE1-4",
    "ReceiveCoilName": "HeadNeck_20",
    "ReconMatrixPE": 116,
    "RepetitionTime": 2,
    "SAR": 0.0822539,
    "ScanOptions": "FS",
    "ScanningSequence": "EP",
    "SequenceVariant": "SK",
    "SeriesNumber": 4,
    "ShimSetting": [
      3201,
      10502,
      10022,
      656,
      -347,
      90,
      634,
      -15
    ],
    "SliceThickness": 3,
    "SliceTiming": [
      1,
      0,
      1.065,
      0.065,
      1.1325,
      0.1325,
      1.2,
      0.2,
      1.265,
      0.265,
      1.3325,
      0.3325,
      1.4,
      0.4,
      1.465,
      0.465,
      1.5325,
      0.5325,
      1.6,
      0.6,
      1.665,
      0.665,
      1.7325,
      0.7325,
      1.8,
      0.8,
      1.865,
      0.865,
      1.9325,
      0.9325
    ],
    "SoftwareVersions": "syngo_MR_D11",
    "SpacingBetweenSlices": 3,
    "StationName": "AWP45031",
    "TaskName": "study phase",
    "TotalReadoutTime": 0.0414006,
    "TxRefAmp": 370.115,
    "dataset": "ds001775",
    "modality": "bold",
    "run_id": 1,
    "subject_id": "16",
    "task_id": "restudy"
  },
  "dummy_trs": 0,
  "dvars_nstd": 31.82376109135003,
  "dvars_std": 1.1157899109999996,
  "dvars_vstd": 1.0043810948999998,
  "efc": 0.4953791850623442,
  "fber": 1819.5142822265625,
  "fd_mean": 0.08435881393645783,
  "fd_num": 4,
  "fd_perc": 1.9900497512437811,
  "fwhm_avg": 2.049961111111111,
  "fwhm_x": 2.05214,
  "fwhm_y": 2.24751,
  "fwhm_z": 1.8502333333333334,
  "gcor": 0.0408526,
  "gsr_x": -0.012109862640500069,
  "gsr_y": 0.01954781264066696,
  "provenance": {
    "md5sum": "71716bd57e4e4bbdb19603775dc111e2",
    "settings": {
      "fd_thres": 0.2,
      "testing": false
    },
    "software": "mriqc",
    "version": "22.0.6",
    "webapi_port": null,
    "webapi_url": "https://mriqc.nimh.nih.gov/api/v1"
  },
  "size_t": 201,
  "size_x": 128,
  "size_y": 116,
  "size_z": 30,
  "snr": 6.149227010792421,
  "spacing_tr": 2.0,
  "spacing_x": 2.0,
  "spacing_y": 2.0,
  "spacing_z": 3.0,
  "summary_bg_k": 31.528007131475526,
  "summary_bg_mad": 7.921965612346579,
  "summary_bg_mean": 34.516300201416016,
  "summary_bg_median": 18.283580780029297,
  "summary_bg_n": 300018.0,
  "summary_bg_p05": 9.48756217956543,
  "summary_bg_p95": 111.32910003662091,
  "summary_bg_stdv": 58.240299224853516,
  "summary_fg_k": 3.942983205545228,
  "summary_fg_mad": 109.95598457760424,
  "summary_fg_mean": 798.951171875,
  "summary_fg_median": 785.407958984375,
  "summary_fg_n": 80278.0,
  "summary_fg_p05": 631.1760925292969,
  "summary_fg_p95": 1010.1315673828124,
  "summary_fg_stdv": 127.72386932373047,
  "tsnr": 47.89793486986309
}