{
  "aor": 0.003014471830985916,
  "aqi": 0.025649920774647887,
  "bids_meta": {
    "AcquisitionMatrixPE": 116,
    "AcquisitionNumber": 1,
    "BandwidthPerPixelPhaseEncode": 23.946,
    "BaseResolution": 128,
    "BodyPartExamined": "BRAIN",
    "ConsistencyInfo": "N4_VD11D_LATEST_20110129",
    "ConversionSoftware": "dcm2niix",
    "ConversionSoftwareVersion": "v1.0.20180518 GCC4.8.5",
    "DerivedVendorReportedEchoSpacing": 0.000720011,
    "DwellTime": 2.5e-06,
    "EchoTime": 0.03,
    "EchoTrainLength": 58,
    "EffectiveEchoSpacing": 0.000360005,
    "FlipAngle": 71,
    "ImageOrientationPatientDICOM": [
      1,
      0,
      0,
      0,
      0.944376,
      0.328867
    ],
    "ImageType": [
      "ORIGINAL",
      "PRIMARY",
      "M",
      "ND",
      "NORM",
      "MOSAIC"
    ],
    "InPlanePhaseEncodingDirectionDICOM": "COL",
    "InstitutionName": "Princeton_University_-_Neuroscience_Institute",
    "MRAcquisitionType": "2D",
    "MagneticFieldStrength": 3,
    "Manufacturer": "Siemens",
    "ManufacturersModelName": "Skyra",
    "Modality": "MR",
    "ParallelReductionFactorInPlane": 2,
    "PartialFourier": 1,
    "PatientPosition": "HFS",
    "PercentPhaseFOV": 90.625,
    "PhaseEncodingDirection": "j-",
    "PhaseEncodingSteps": 116,
    "PhaseResolution": 1,
    "PixelBandwidth": 1565,
    "PulseSequenceDetails": "%SiemensSeq%_ep2d_bold",
    "ReceiveCoilActiveElements": "HE1-4",
    "ReceiveCoilName": "HeadNeck_20",
    "ReconMatrixPE": 116,
    "RepetitionTime": 2,
    "SAR": 0.0822545,
    "ScanOptions": "FS",
    "ScanningSequence": "EP",
    "SequenceVariant": "SK",
    "SeriesNumber": 8,
    "ShimSetting": [
      3201,
      10502,
      10022,
      656,
      -347,
      90,
      634,
      -15
    ],
    "SliceThickness": 3,
    "SliceTiming": [
      1,
      0,
      1.0675,
      0.0675,
      1.1325,
      0.1325,
      1.2,
      0.2,
      1.2675,
      0.2675,
      1.3325,
      0.3325,
      1.4,
      0.4,
      1.465,
      0.4675,
      1.5325,
      0.5325,
      1.6,
      0.6,
      1.665,
      0.6675,
      1.7325,
      0.7325,
      1.8,
      0.8,
      1.865,
      0.8675,
      1.9325,
      0.9325
    ],
    "SoftwareVersions": "syngo_MR_D11",
    "SpacingBetweenSlices": 3,
    "StationName": "AWP45031",
    "TaskName": "retrieval-practice/restudy phase",
    "TotalReadoutTime": 0.0414006,
    "TxRefAmp": 370.115,
    "dataset": "ds001775",
    "modality": "bold",
    "run_id": 4,
    "subject_id": "02",
    "task_id": "RP"
  },
  "dummy_trs": 0,
  "dvars_nstd": 44.629918324240286,
  "dvars_std": 1.1568340467491163,
  "dvars_vstd": 1.017863932084806,
  "efc": 0.4908637924585681,
  "fber": 1843.7158203125,
  "fd_mean": 0.4379811436916372,
  "fd_num": 231,
  "fd_perc": 81.33802816901408,
  "fwhm_avg": 1.9138127777777776,
  "fwhm_x": 1.928405,
  "fwhm_y": 2.2295,
  "fwhm_z": 1.5835333333333335,
  "gcor": 0.0208228,
  "gsr_x": -0.028338370844721794,
  "gsr_y": 0.039543818682432175,
  "provenance": {
    "md5sum": "068192669e415f5efe76a523638e1c4a",
    "settings": {
      "fd_thres": 0.2,
      "testing": false
    },
    "software": "mriqc",
    "version": "22.0.6",
    "webapi_port": null,
    "webapi_url": "https://mriqc.nimh.nih.gov/api/v1"
  },
  "size_t": 284,
  "size_x": 128,
  "size_y": 116,
  "size_z": 30,
  "snr": 6.196914611094493,
  "spacing_tr": 2.0,
  "spacing_x": 2.0,
  "spacing_y": 2.0,
  "spacing_z": 3.0,
  "summary_bg_k": 47.252713203234194,
  "summary_bg_mad": 9.448980461205613,
  "summary_bg_mean": 34.02620315551758,
  "summary_bg_median": 17.823944091796875,
  "summary_bg_n": 301814.0,
  "summary_bg_p05": 8.1936616897583,
  "summary_bg_p95": 107.99647521972656,
  "summary_bg_stdv": 60.6207389831543,
  "summary_fg_k": 2.2181664824440066,
  "summary_fg_mad": 117.07861050660782,
  "summary_fg_mean": 775.3499145507812,
  "summary_fg_median": 765.1337890625,
  "summary_fg_n": 78155.0,
  "summary_fg_p05": 606.2971496582031,
  "summary_fg_p95": 977.5503173828125,
  "summary_fg_stdv": 123.46932983398438,
  "tsnr": 35.29755946143996
}