{
  "aor": 0.0015340796019900499,
  "aqi": 0.024504212935323382,
  "bids_meta": {
    "AcquisitionMatrixPE": 116,
    "AcquisitionNumber": 1,
    "BandwidthPerPixelPhaseEncode": 23.946,
    "BaseResolution": 128,
    "BodyPartExamined": "BRAIN",
    "ConversionSoftware": "dcm2niix",
    "ConversionSoftwareVersion": "v1.0.20180518 GCC4.8.5",
    "DerivedVendorReportedEchoSpacing": 0.000720011,
    "DwellTime": 2.5e-06,
    "EchoTime": 0.03,
    "EchoTrainLength": 58,
    "EffectiveEchoSpacing": 0.000360005,
    "FlipAngle": 71,
    "ImageOrientationPatientDICOM": [
      1,
      0,
      0,
      0,
      0.944376,
      0.328867
    ],
    "ImageType": [
      "ORIGINAL",
      "PRIMARY",
      "M",
      "ND",
      "NORM",
      "MOSAIC"
    ],
    "InPlanePhaseEncodingDirectionDICOM": "COL",
    "InstitutionName": "Princeton_University_-_Neuroscience_Institute",
    "MRAcquisitionType": "2D",
    "MagneticFieldStrength": 3,
    "Manufacturer": "Siemens",
    "ManufacturersModelName": "Skyra",
    "Modality": "MR",
    "ParallelReductionFactorInPlane": 2,
    "PartialFourier": 1,
    "PatientPosition": "HFS",
    "PercentPhaseFOV": 90.625,
    "PhaseEncodingDirection": "j-",
    "PhaseEncodingSteps": 116,
    "PhaseResolution": 1,
    "PixelBandwidth": 1565,
    "PulseSequenceDetails": "%SiemensSeq%_ep2d_bold",
    "ReceiveCoilActiveElements": "HE1-4",
    "ReceiveCoilName": "HeadNeck_20",
    "ReconMatrixPE": 116,
    "RepetitionTime": 2,
    "SAR": 0.0822539,
    "ScanOptions": "FS",
    "ScanningSequence": "EP",
    "SequenceVariant": "SK",
    "SeriesNumber": 4,
    "ShimSetting": [
      3201,
      10502,
      10022,
      656,
      -347,
      90,
      634,
      -15
    ],
    "SliceThickness": 3,
    "SliceTiming": [
      1,
      0,
      1.065,
      0.065,
      1.1325,
      0.1325,
      1.2,
      0.2,
      1.265,
      0.265,
      1.3325,
      0.3325,
      1.4,
      0.4,
      1.465,
      0.465,
      1.5325,
      0.5325,
      1.6,
      0.6,
      1.665,
      0.665,
      1.7325,
      0.7325,
      1.8,
      0.8,
      1.865,
      0.865,
      1.9325,
      0.9325
    ],
    "SoftwareVersions": "syngo_MR_D11",
    "SpacingBetweenSlices": 3,
    "StationName": "AWP45031",
    "TaskName": "study phase",
    "TotalReadoutTime": 0.0414006,
    "TxRefAmp": 370.115,
    "dataset": "ds001775",
    "modality": "bold",
    "run_id": 2,
    "subject_id": "02",
    "task_id": "restudy"
  },
  "dummy_trs": 0,
  "dvars_nstd": 36.85544717775001,
  "dvars_std": 1.0922402834499996,
  "dvars_vstd": 0.9633354694000001,
  "efc": 0.4915973743106359,
  "fber": 1831.7554931640625,
  "fd_mean": 0.16572646972745467,
  "fd_num": 41,
  "fd_perc": 20.398009950248756,
  "fwhm_avg": 1.9317377777777776,
  "fwhm_x": 1.909235,
  "fwhm_y": 2.205565,
  "fwhm_z": 1.6804133333333333,
  "gcor": 0.0144639,
  "gsr_x": -0.027546284720301628,
  "gsr_y": 0.04017389565706253,
  "provenance": {
    "md5sum": "74c7b7b6daa167cd7d4be76c7e99c6e6",
    "settings": {
      "fd_thres": 0.2,
      "testing": false
    },
    "software": "mriqc",
    "version": "22.0.6",
    "webapi_port": null,
    "webapi_url": "https://mriqc.nimh.nih.gov/api/v1"
  },
  "size_t": 201,
  "size_x": 128,
  "size_y": 116,
  "size_z": 30,
  "snr": 6.2418795922154535,
  "spacing_tr": 2.0,
  "spacing_x": 2.0,
  "spacing_y": 2.0,
  "spacing_z": 3.0,
  "summary_bg_k": 43.83145615935504,
  "summary_bg_mad": 9.116898806989289,
  "summary_bg_mean": 34.0966682434082,
  "summary_bg_median": 17.696517944335938,
  "summary_bg_n": 302344.0,
  "summary_bg_p05": 8.378108978271484,
  "summary_bg_p95": 108.73382453918342,
  "summary_bg_stdv": 60.313682556152344,
  "summary_fg_k": 2.3427428423783274,
  "summary_fg_mad": 116.7494047649743,
  "summary_fg_mean": 771.5076904296875,
  "summary_fg_median": 761.4725952148438,
  "summary_fg_n": 78361.0,
  "summary_fg_p05": 605.4526977539062,
  "summary_fg_p95": 969.646728515625,
  "summary_fg_stdv": 121.99333953857422,
  "tsnr": 37.290960179583635
}