{
  "aor": 0.007937852112676056,
  "aqi": 0.04327040915492957,
  "bids_meta": {
    "AcquisitionMatrixPE": 116,
    "AcquisitionNumber": 1,
    "BandwidthPerPixelPhaseEncode": 23.946,
    "BaseResolution": 128,
    "BodyPartExamined": "BRAIN",
    "ConsistencyInfo": "N4_VD11D_LATEST_20110129",
    "ConversionSoftware": "dcm2niix",
    "ConversionSoftwareVersion": "v1.0.20180518 GCC4.8.5",
    "DerivedVendorReportedEchoSpacing": 0.000720011,
    "DwellTime": 2.5e-06,
    "EchoTime": 0.03,
    "EchoTrainLength": 58,
    "EffectiveEchoSpacing": 0.000360005,
    "FlipAngle": 71,
    "ImageOrientationPatientDICOM": [
      1,
      0,
      0,
      0,
      0.944376,
      0.328867
    ],
    "ImageType": [
      "ORIGINAL",
      "PRIMARY",
      "M",
      "ND",
      "NORM",
      "MOSAIC"
    ],
    "InPlanePhaseEncodingDirectionDICOM": "COL",
    "InstitutionName": "Princeton_University_-_Neuroscience_Institute",
    "MRAcquisitionType": "2D",
    "MagneticFieldStrength": 3,
    "Manufacturer": "Siemens",
    "ManufacturersModelName": "Skyra",
    "Modality": "MR",
    "ParallelReductionFactorInPlane": 2,
    "PartialFourier": 1,
    "PatientPosition": "HFS",
    "PercentPhaseFOV": 90.625,
    "PhaseEncodingDirection": "j-",
    "PhaseEncodingSteps": 116,
    "PhaseResolution": 1,
    "PixelBandwidth": 1565,
    "PulseSequenceDetails": "%SiemensSeq%_ep2d_bold",
    "ReceiveCoilActiveElements": "HE1-4",
    "ReceiveCoilName": "HeadNeck_20",
    "ReconMatrixPE": 116,
    "RepetitionTime": 2,
    "SAR": 0.0822545,
    "ScanOptions": "FS",
    "ScanningSequence": "EP",
    "SequenceVariant": "SK",
    "SeriesNumber": 8,
    "ShimSetting": [
      3201,
      10502,
      10022,
      656,
      -347,
      90,
      634,
      -15
    ],
    "SliceThickness": 3,
    "SliceTiming": [
      1,
      0,
      1.0675,
      0.0675,
      1.1325,
      0.1325,
      1.2,
      0.2,
      1.2675,
      0.2675,
      1.3325,
      0.3325,
      1.4,
      0.4,
      1.465,
      0.4675,
      1.5325,
      0.5325,
      1.6,
      0.6,
      1.665,
      0.6675,
      1.7325,
      0.7325,
      1.8,
      0.8,
      1.865,
      0.8675,
      1.9325,
      0.9325
    ],
    "SoftwareVersions": "syngo_MR_D11",
    "SpacingBetweenSlices": 3,
    "StationName": "AWP45031",
    "TaskName": "retrieval-practice/restudy phase",
    "TotalReadoutTime": 0.0414006,
    "TxRefAmp": 370.115,
    "dataset": "ds001775",
    "modality": "bold",
    "run_id": 3,
    "subject_id": "02",
    "task_id": "RP"
  },
  "dummy_trs": 0,
  "dvars_nstd": 52.13211818469966,
  "dvars_std": 1.139403801731449,
  "dvars_vstd": 1.023317804805653,
  "efc": 0.4917313562130761,
  "fber": 1792.04736328125,
  "fd_mean": 0.5911558928714519,
  "fd_num": 222,
  "fd_perc": 78.16901408450704,
  "fwhm_avg": 1.9330222222222222,
  "fwhm_x": 1.939795,
  "fwhm_y": 2.232775,
  "fwhm_z": 1.6264966666666665,
  "gcor": 0.0297061,
  "gsr_x": -0.02946440689265728,
  "gsr_y": 0.04281523823738098,
  "provenance": {
    "md5sum": "b9bcb3cad5f27edff78d99baa1fbe058",
    "settings": {
      "fd_thres": 0.2,
      "testing": false
    },
    "software": "mriqc",
    "version": "22.0.6",
    "webapi_port": null,
    "webapi_url": "https://mriqc.nimh.nih.gov/api/v1"
  },
  "size_t": 284,
  "size_x": 128,
  "size_y": 116,
  "size_z": 30,
  "snr": 6.306998176259107,
  "spacing_tr": 2.0,
  "spacing_x": 2.0,
  "spacing_y": 2.0,
  "spacing_z": 3.0,
  "summary_bg_k": 47.44373843580039,
  "summary_bg_mad": 9.48030019553304,
  "summary_bg_mean": 34.48168182373047,
  "summary_bg_median": 18.147886276245117,
  "summary_bg_n": 302265.0,
  "summary_bg_p05": 8.3063383102417,
  "summary_bg_p95": 108.70703735351559,
  "summary_bg_stdv": 60.90021514892578,
  "summary_fg_k": 2.1001924445942635,
  "summary_fg_mad": 117.25081460950186,
  "summary_fg_mean": 779.36865234375,
  "summary_fg_median": 768.9049072265625,
  "summary_fg_n": 78039.0,
  "summary_fg_p05": 614.093994140625,
  "summary_fg_p95": 978.2446838378904,
  "summary_fg_stdv": 121.91219329833984,
  "tsnr": 27.521252234000713
}