{
  "aor": 0.0014090845070422534,
  "aqi": 0.020097921830985913,
  "bids_meta": {
    "AcquisitionMatrixPE": 116,
    "AcquisitionNumber": 1,
    "BandwidthPerPixelPhaseEncode": 23.946,
    "BaseResolution": 128,
    "BodyPartExamined": "BRAIN",
    "ConsistencyInfo": "N4_VD11D_LATEST_20110129",
    "ConversionSoftware": "dcm2niix",
    "ConversionSoftwareVersion": "v1.0.20180518 GCC4.8.5",
    "DerivedVendorReportedEchoSpacing": 0.000720011,
    "DwellTime": 2.5e-06,
    "EchoTime": 0.03,
    "EchoTrainLength": 58,
    "EffectiveEchoSpacing": 0.000360005,
    "FlipAngle": 71,
    "ImageOrientationPatientDICOM": [
      1,
      0,
      0,
      0,
      0.944376,
      0.328867
    ],
    "ImageType": [
      "ORIGINAL",
      "PRIMARY",
      "M",
      "ND",
      "NORM",
      "MOSAIC"
    ],
    "InPlanePhaseEncodingDirectionDICOM": "COL",
    "InstitutionName": "Princeton_University_-_Neuroscience_Institute",
    "MRAcquisitionType": "2D",
    "MagneticFieldStrength": 3,
    "Manufacturer": "Siemens",
    "ManufacturersModelName": "Skyra",
    "Modality": "MR",
    "ParallelReductionFactorInPlane": 2,
    "PartialFourier": 1,
    "PatientPosition": "HFS",
    "PercentPhaseFOV": 90.625,
    "PhaseEncodingDirection": "j-",
    "PhaseEncodingSteps": 116,
    "PhaseResolution": 1,
    "PixelBandwidth": 1565,
    "PulseSequenceDetails": "%SiemensSeq%_ep2d_bold",
    "ReceiveCoilActiveElements": "HE1-4",
    "ReceiveCoilName": "HeadNeck_20",
    "ReconMatrixPE": 116,
    "RepetitionTime": 2,
    "SAR": 0.0822545,
    "ScanOptions": "FS",
    "ScanningSequence": "EP",
    "SequenceVariant": "SK",
    "SeriesNumber": 8,
    "ShimSetting": [
      3201,
      10502,
      10022,
      656,
      -347,
      90,
      634,
      -15
    ],
    "SliceThickness": 3,
    "SliceTiming": [
      1,
      0,
      1.0675,
      0.0675,
      1.1325,
      0.1325,
      1.2,
      0.2,
      1.2675,
      0.2675,
      1.3325,
      0.3325,
      1.4,
      0.4,
      1.465,
      0.4675,
      1.5325,
      0.5325,
      1.6,
      0.6,
      1.665,
      0.6675,
      1.7325,
      0.7325,
      1.8,
      0.8,
      1.865,
      0.8675,
      1.9325,
      0.9325
    ],
    "SoftwareVersions": "syngo_MR_D11",
    "SpacingBetweenSlices": 3,
    "StationName": "AWP45031",
    "TaskName": "retrieval-practice/restudy phase",
    "TotalReadoutTime": 0.0414006,
    "TxRefAmp": 370.115,
    "dataset": "ds001775",
    "modality": "bold",
    "run_id": 1,
    "subject_id": "02",
    "task_id": "RP"
  },
  "dummy_trs": 0,
  "dvars_nstd": 40.337865121590106,
  "dvars_std": 1.141352349646643,
  "dvars_vstd": 0.9919884839575972,
  "efc": 0.4900563011943229,
  "fber": 1843.9000244140625,
  "fd_mean": 0.24975144887344972,
  "fd_num": 132,
  "fd_perc": 46.478873239436616,
  "fwhm_avg": 1.911097222222222,
  "fwhm_x": 1.910035,
  "fwhm_y": 2.17215,
  "fwhm_z": 1.6511066666666665,
  "gcor": 0.0307482,
  "gsr_x": -0.02741526998579502,
  "gsr_y": 0.04116389900445938,
  "provenance": {
    "md5sum": "61f7b9796b59041ecf4be84a5369de83",
    "settings": {
      "fd_thres": 0.2,
      "testing": false
    },
    "software": "mriqc",
    "version": "22.0.6",
    "webapi_port": null,
    "webapi_url": "https://mriqc.nimh.nih.gov/api/v1"
  },
  "size_t": 284,
  "size_x": 128,
  "size_y": 116,
  "size_z": 30,
  "snr": 6.202973902935343,
  "spacing_tr": 2.0,
  "spacing_x": 2.0,
  "spacing_y": 2.0,
  "spacing_z": 3.0,
  "summary_bg_k": 51.25021654569714,
  "summary_bg_mad": 9.172296179159783,
  "summary_bg_mean": 33.441410064697266,
  "summary_bg_median": 17.91901397705078,
  "summary_bg_n": 301919.0,
  "summary_bg_p05": 8.380281448364258,
  "summary_bg_p95": 103.7676010131836,
  "summary_bg_stdv": 59.87763214111328,
  "summary_fg_k": 2.2086374412211836,
  "summary_fg_mad": 119.96024663619775,
  "summary_fg_mean": 785.2605590820312,
  "summary_fg_median": 775.559814453125,
  "summary_fg_n": 78672.0,
  "summary_fg_p05": 615.8778259277344,
  "summary_fg_p95": 988.1565002441406,
  "summary_fg_stdv": 125.02952575683594,
  "tsnr": 38.6623366381973
}