{
  "aor": 0.004912786069651741,
  "aqi": 0.014847445920398009,
  "bids_meta": {
    "AcquisitionMatrixPE": 116,
    "AcquisitionNumber": 1,
    "BandwidthPerPixelPhaseEncode": 23.946,
    "BaseResolution": 128,
    "BodyPartExamined": "BRAIN",
    "ConversionSoftware": "dcm2niix",
    "ConversionSoftwareVersion": "v1.0.20180518 GCC4.8.5",
    "DerivedVendorReportedEchoSpacing": 0.000720011,
    "DwellTime": 2.5e-06,
    "EchoTime": 0.03,
    "EchoTrainLength": 58,
    "EffectiveEchoSpacing": 0.000360005,
    "FlipAngle": 71,
    "ImageOrientationPatientDICOM": [
      1,
      0,
      0,
      0,
      0.944376,
      0.328867
    ],
    "ImageType": [
      "ORIGINAL",
      "PRIMARY",
      "M",
      "ND",
      "NORM",
      "MOSAIC"
    ],
    "InPlanePhaseEncodingDirectionDICOM": "COL",
    "InstitutionName": "Princeton_University_-_Neuroscience_Institute",
    "MRAcquisitionType": "2D",
    "MagneticFieldStrength": 3,
    "Manufacturer": "Siemens",
    "ManufacturersModelName": "Skyra",
    "Modality": "MR",
    "ParallelReductionFactorInPlane": 2,
    "PartialFourier": 1,
    "PatientPosition": "HFS",
    "PercentPhaseFOV": 90.625,
    "PhaseEncodingDirection": "j-",
    "PhaseEncodingSteps": 116,
    "PhaseResolution": 1,
    "PixelBandwidth": 1565,
    "PulseSequenceDetails": "%SiemensSeq%_ep2d_bold",
    "ReceiveCoilActiveElements": "HE1-4",
    "ReceiveCoilName": "HeadNeck_20",
    "ReconMatrixPE": 116,
    "RepetitionTime": 2,
    "SAR": 0.0822539,
    "ScanOptions": "FS",
    "ScanningSequence": "EP",
    "SequenceVariant": "SK",
    "SeriesNumber": 4,
    "ShimSetting": [
      3201,
      10502,
      10022,
      656,
      -347,
      90,
      634,
      -15
    ],
    "SliceThickness": 3,
    "SliceTiming": [
      1,
      0,
      1.065,
      0.065,
      1.1325,
      0.1325,
      1.2,
      0.2,
      1.265,
      0.265,
      1.3325,
      0.3325,
      1.4,
      0.4,
      1.465,
      0.465,
      1.5325,
      0.5325,
      1.6,
      0.6,
      1.665,
      0.665,
      1.7325,
      0.7325,
      1.8,
      0.8,
      1.865,
      0.865,
      1.9325,
      0.9325
    ],
    "SoftwareVersions": "syngo_MR_D11",
    "SpacingBetweenSlices": 3,
    "StationName": "AWP45031",
    "TaskName": "study phase",
    "TotalReadoutTime": 0.0414006,
    "TxRefAmp": 370.115,
    "dataset": "ds001775",
    "modality": "bold",
    "run_id": 1,
    "subject_id": "02",
    "task_id": "restudy"
  },
  "dummy_trs": 0,
  "dvars_nstd": 36.55139900215,
  "dvars_std": 1.2076204608499992,
  "dvars_vstd": 1.0555986699999997,
  "efc": 0.4883231423530589,
  "fber": 1881.582763671875,
  "fd_mean": 0.1396350738143685,
  "fd_num": 29,
  "fd_perc": 14.427860696517413,
  "fwhm_avg": 1.904725,
  "fwhm_x": 1.875775,
  "fwhm_y": 2.13864,
  "fwhm_z": 1.6997600000000002,
  "gcor": 0.0249054,
  "gsr_x": -0.02657397650182247,
  "gsr_y": 0.03872394189238548,
  "provenance": {
    "md5sum": "e6db9a73f4eb133c030687f1a2b3e3b3",
    "settings": {
      "fd_thres": 0.2,
      "testing": false
    },
    "software": "mriqc",
    "version": "22.0.6",
    "webapi_port": null,
    "webapi_url": "https://mriqc.nimh.nih.gov/api/v1"
  },
  "size_t": 201,
  "size_x": 128,
  "size_y": 116,
  "size_z": 30,
  "snr": 6.161887330095603,
  "spacing_tr": 2.0,
  "spacing_x": 2.0,
  "spacing_y": 2.0,
  "spacing_z": 3.0,
  "summary_bg_k": 49.95151772886523,
  "summary_bg_mad": 8.843979792990678,
  "summary_bg_mean": 32.84617614746094,
  "summary_bg_median": 17.621891021728516,
  "summary_bg_n": 302517.0,
  "summary_bg_p05": 8.407959938049316,
  "summary_bg_p95": 99.72835388183606,
  "summary_bg_stdv": 58.84840774536133,
  "summary_fg_k": 2.3198461339015672,
  "summary_fg_mad": 119.96169448992677,
  "summary_fg_mean": 783.422607421875,
  "summary_fg_median": 773.0546875,
  "summary_fg_n": 78138.0,
  "summary_fg_p05": 614.8343231201172,
  "summary_fg_p95": 987.6534484863279,
  "summary_fg_stdv": 125.45664978027344,
  "tsnr": 42.982727291062474
}