{
  "aor": 0.0063226408450704225,
  "aqi": 0.024574790845070426,
  "bids_meta": {
    "AcquisitionMatrixPE": 116,
    "AcquisitionNumber": 1,
    "BandwidthPerPixelPhaseEncode": 23.946,
    "BaseResolution": 128,
    "BodyPartExamined": "BRAIN",
    "ConsistencyInfo": "N4_VD11D_LATEST_20110129",
    "ConversionSoftware": "dcm2niix",
    "ConversionSoftwareVersion": "v1.0.20180518 GCC4.8.5",
    "DerivedVendorReportedEchoSpacing": 0.000720011,
    "DwellTime": 2.5e-06,
    "EchoTime": 0.03,
    "EchoTrainLength": 58,
    "EffectiveEchoSpacing": 0.000360005,
    "FlipAngle": 71,
    "ImageOrientationPatientDICOM": [
      1,
      0,
      0,
      0,
      0.944376,
      0.328867
    ],
    "ImageType": [
      "ORIGINAL",
      "PRIMARY",
      "M",
      "ND",
      "NORM",
      "MOSAIC"
    ],
    "InPlanePhaseEncodingDirectionDICOM": "COL",
    "InstitutionName": "Princeton_University_-_Neuroscience_Institute",
    "MRAcquisitionType": "2D",
    "MagneticFieldStrength": 3,
    "Manufacturer": "Siemens",
    "ManufacturersModelName": "Skyra",
    "Modality": "MR",
    "ParallelReductionFactorInPlane": 2,
    "PartialFourier": 1,
    "PatientPosition": "HFS",
    "PercentPhaseFOV": 90.625,
    "PhaseEncodingDirection": "j-",
    "PhaseEncodingSteps": 116,
    "PhaseResolution": 1,
    "PixelBandwidth": 1565,
    "PulseSequenceDetails": "%SiemensSeq%_ep2d_bold",
    "ReceiveCoilActiveElements": "HE1-4",
    "ReceiveCoilName": "HeadNeck_20",
    "ReconMatrixPE": 116,
    "RepetitionTime": 2,
    "SAR": 0.0822545,
    "ScanOptions": "FS",
    "ScanningSequence": "EP",
    "SequenceVariant": "SK",
    "SeriesNumber": 8,
    "ShimSetting": [
      3201,
      10502,
      10022,
      656,
      -347,
      90,
      634,
      -15
    ],
    "SliceThickness": 3,
    "SliceTiming": [
      1,
      0,
      1.0675,
      0.0675,
      1.1325,
      0.1325,
      1.2,
      0.2,
      1.2675,
      0.2675,
      1.3325,
      0.3325,
      1.4,
      0.4,
      1.465,
      0.4675,
      1.5325,
      0.5325,
      1.6,
      0.6,
      1.665,
      0.6675,
      1.7325,
      0.7325,
      1.8,
      0.8,
      1.865,
      0.8675,
      1.9325,
      0.9325
    ],
    "SoftwareVersions": "syngo_MR_D11",
    "SpacingBetweenSlices": 3,
    "StationName": "AWP45031",
    "TaskName": "retrieval-practice/restudy phase",
    "TotalReadoutTime": 0.0414006,
    "TxRefAmp": 370.115,
    "dataset": "ds001775",
    "modality": "bold",
    "run_id": 2,
    "subject_id": "02",
    "task_id": "RP"
  },
  "dummy_trs": 0,
  "dvars_nstd": 44.18273499865725,
  "dvars_std": 1.1950257822614854,
  "dvars_vstd": 1.0608154512367498,
  "efc": 0.49108152711194597,
  "fber": 1803.7498779296875,
  "fd_mean": 0.36593496694237343,
  "fd_num": 208,
  "fd_perc": 73.2394366197183,
  "fwhm_avg": 1.9058461111111111,
  "fwhm_x": 1.938035,
  "fwhm_y": 2.20791,
  "fwhm_z": 1.5715933333333334,
  "gcor": 0.0376415,
  "gsr_x": -0.029518362134695053,
  "gsr_y": 0.04195018485188484,
  "provenance": {
    "md5sum": "16b54c19d34460676d858cd76f11fdd2",
    "settings": {
      "fd_thres": 0.2,
      "testing": false
    },
    "software": "mriqc",
    "version": "22.0.6",
    "webapi_port": null,
    "webapi_url": "https://mriqc.nimh.nih.gov/api/v1"
  },
  "size_t": 284,
  "size_x": 128,
  "size_y": 116,
  "size_z": 30,
  "snr": 6.194210065231085,
  "spacing_tr": 2.0,
  "spacing_x": 2.0,
  "spacing_y": 2.0,
  "spacing_z": 3.0,
  "summary_bg_k": 48.745134008968456,
  "summary_bg_mad": 9.616030826949041,
  "summary_bg_mean": 34.55156707763672,
  "summary_bg_median": 18.207746505737305,
  "summary_bg_n": 301947.0,
  "summary_bg_p05": 8.299295425415039,
  "summary_bg_p95": 109.62816696167,
  "summary_bg_stdv": 61.527748107910156,
  "summary_fg_k": 2.016935624493004,
  "summary_fg_mad": 119.76184542989444,
  "summary_fg_mean": 783.088623046875,
  "summary_fg_median": 772.9964599609375,
  "summary_fg_n": 77927.0,
  "summary_fg_p05": 611.5936584472656,
  "summary_fg_p95": 987.6598571777342,
  "summary_fg_stdv": 124.79258728027344,
  "tsnr": 34.97454998851754
}