{
  "aor": 0.0007782089552238806,
  "aqi": 0.01174899935323383,
  "bids_meta": {
    "AcquisitionMatrixPE": 116,
    "AcquisitionNumber": 1,
    "BandwidthPerPixelPhaseEncode": 23.946,
    "BaseResolution": 128,
    "BodyPartExamined": "BRAIN",
    "ConversionSoftware": "dcm2niix",
    "ConversionSoftwareVersion": "v1.0.20180518 GCC4.8.5",
    "DerivedVendorReportedEchoSpacing": 0.000720011,
    "DwellTime": 2.5e-06,
    "EchoTime": 0.03,
    "EchoTrainLength": 58,
    "EffectiveEchoSpacing": 0.000360005,
    "FlipAngle": 71,
    "ImageOrientationPatientDICOM": [
      1,
      0,
      0,
      0,
      0.944376,
      0.328867
    ],
    "ImageType": [
      "ORIGINAL",
      "PRIMARY",
      "M",
      "ND",
      "NORM",
      "MOSAIC"
    ],
    "InPlanePhaseEncodingDirectionDICOM": "COL",
    "InstitutionName": "Princeton_University_-_Neuroscience_Institute",
    "MRAcquisitionType": "2D",
    "MagneticFieldStrength": 3,
    "Manufacturer": "Siemens",
    "ManufacturersModelName": "Skyra",
    "Modality": "MR",
    "ParallelReductionFactorInPlane": 2,
    "PartialFourier": 1,
    "PatientPosition": "HFS",
    "PercentPhaseFOV": 90.625,
    "PhaseEncodingDirection": "j-",
    "PhaseEncodingSteps": 116,
    "PhaseResolution": 1,
    "PixelBandwidth": 1565,
    "PulseSequenceDetails": "%SiemensSeq%_ep2d_bold",
    "ReceiveCoilActiveElements": "HE1-4",
    "ReceiveCoilName": "HeadNeck_20",
    "ReconMatrixPE": 116,
    "RepetitionTime": 2,
    "SAR": 0.0822539,
    "ScanOptions": "FS",
    "ScanningSequence": "EP",
    "SequenceVariant": "SK",
    "SeriesNumber": 4,
    "ShimSetting": [
      3201,
      10502,
      10022,
      656,
      -347,
      90,
      634,
      -15
    ],
    "SliceThickness": 3,
    "SliceTiming": [
      1,
      0,
      1.065,
      0.065,
      1.1325,
      0.1325,
      1.2,
      0.2,
      1.265,
      0.265,
      1.3325,
      0.3325,
      1.4,
      0.4,
      1.465,
      0.465,
      1.5325,
      0.5325,
      1.6,
      0.6,
      1.665,
      0.665,
      1.7325,
      0.7325,
      1.8,
      0.8,
      1.865,
      0.865,
      1.9325,
      0.9325
    ],
    "SoftwareVersions": "syngo_MR_D11",
    "SpacingBetweenSlices": 3,
    "StationName": "AWP45031",
    "TaskName": "study phase",
    "TotalReadoutTime": 0.0414006,
    "TxRefAmp": 370.115,
    "dataset": "ds001775",
    "modality": "bold",
    "run_id": 1,
    "subject_id": "19",
    "task_id": "restudy"
  },
  "dummy_trs": 0,
  "dvars_nstd": 27.402616062249987,
  "dvars_std": 1.0493785086499998,
  "dvars_vstd": 1.0006479162999997,
  "efc": 0.4781540734512653,
  "fber": 1805.87890625,
  "fd_mean": 0.06140616232360948,
  "fd_num": 3,
  "fd_perc": 1.492537313432836,
  "fwhm_avg": 1.884252863267357,
  "fwhm_x": 1.897255,
  "fwhm_y": 2.113520125975616,
  "fwhm_z": 1.6419834638264548,
  "gcor": 0.013265,
  "gsr_x": -0.02786814048886299,
  "gsr_y": 0.023929180577397346,
  "provenance": {
    "md5sum": "ddece20667a8a7197b71bf08bff8a99f",
    "settings": {
      "fd_thres": 0.2,
      "testing": false
    },
    "software": "mriqc",
    "version": "22.0.6",
    "webapi_port": null,
    "webapi_url": "https://mriqc.nimh.nih.gov/api/v1"
  },
  "size_t": 201,
  "size_x": 128,
  "size_y": 116,
  "size_z": 30,
  "snr": 6.325521159221531,
  "spacing_tr": 2.0,
  "spacing_x": 2.0,
  "spacing_y": 1.9999998807907104,
  "spacing_z": 2.999999761581421,
  "summary_bg_k": 27.26386340758784,
  "summary_bg_mad": 8.72596133312087,
  "summary_bg_mean": 40.795867919921875,
  "summary_bg_median": 18.85572052001953,
  "summary_bg_n": 314737.0,
  "summary_bg_p05": 9.373133659362793,
  "summary_bg_p95": 159.59204101562528,
  "summary_bg_stdv": 72.40420532226562,
  "summary_fg_k": 3.032489997355203,
  "summary_fg_mad": 111.03291627941303,
  "summary_fg_mean": 815.71142578125,
  "summary_fg_median": 807.407958984375,
  "summary_fg_n": 67385.0,
  "summary_fg_p05": 644.1532104492187,
  "summary_fg_p95": 1022.0089477539062,
  "summary_fg_stdv": 127.6419677734375,
  "tsnr": 49.63409900688566
}