{
  "aor": 0.0005057394366197183,
  "aqi": 0.013697027887323944,
  "bids_meta": {
    "AcquisitionMatrixPE": 116,
    "AcquisitionNumber": 1,
    "BandwidthPerPixelPhaseEncode": 23.946,
    "BaseResolution": 128,
    "BodyPartExamined": "BRAIN",
    "ConsistencyInfo": "N4_VD11D_LATEST_20110129",
    "ConversionSoftware": "dcm2niix",
    "ConversionSoftwareVersion": "v1.0.20180518 GCC4.8.5",
    "DerivedVendorReportedEchoSpacing": 0.000720011,
    "DwellTime": 2.5e-06,
    "EchoTime": 0.03,
    "EchoTrainLength": 58,
    "EffectiveEchoSpacing": 0.000360005,
    "FlipAngle": 71,
    "ImageOrientationPatientDICOM": [
      1,
      0,
      0,
      0,
      0.944376,
      0.328867
    ],
    "ImageType": [
      "ORIGINAL",
      "PRIMARY",
      "M",
      "ND",
      "NORM",
      "MOSAIC"
    ],
    "InPlanePhaseEncodingDirectionDICOM": "COL",
    "InstitutionName": "Princeton_University_-_Neuroscience_Institute",
    "MRAcquisitionType": "2D",
    "MagneticFieldStrength": 3,
    "Manufacturer": "Siemens",
    "ManufacturersModelName": "Skyra",
    "Modality": "MR",
    "ParallelReductionFactorInPlane": 2,
    "PartialFourier": 1,
    "PatientPosition": "HFS",
    "PercentPhaseFOV": 90.625,
    "PhaseEncodingDirection": "j-",
    "PhaseEncodingSteps": 116,
    "PhaseResolution": 1,
    "PixelBandwidth": 1565,
    "PulseSequenceDetails": "%SiemensSeq%_ep2d_bold",
    "ReceiveCoilActiveElements": "HE1-4",
    "ReceiveCoilName": "HeadNeck_20",
    "ReconMatrixPE": 116,
    "RepetitionTime": 2,
    "SAR": 0.0822545,
    "ScanOptions": "FS",
    "ScanningSequence": "EP",
    "SequenceVariant": "SK",
    "SeriesNumber": 8,
    "ShimSetting": [
      3201,
      10502,
      10022,
      656,
      -347,
      90,
      634,
      -15
    ],
    "SliceThickness": 3,
    "SliceTiming": [
      1,
      0,
      1.0675,
      0.0675,
      1.1325,
      0.1325,
      1.2,
      0.2,
      1.2675,
      0.2675,
      1.3325,
      0.3325,
      1.4,
      0.4,
      1.465,
      0.4675,
      1.5325,
      0.5325,
      1.6,
      0.6,
      1.665,
      0.6675,
      1.7325,
      0.7325,
      1.8,
      0.8,
      1.865,
      0.8675,
      1.9325,
      0.9325
    ],
    "SoftwareVersions": "syngo_MR_D11",
    "SpacingBetweenSlices": 3,
    "StationName": "AWP45031",
    "TaskName": "retrieval-practice/restudy phase",
    "TotalReadoutTime": 0.0414006,
    "TxRefAmp": 370.115,
    "dataset": "ds001775",
    "modality": "bold",
    "run_id": 2,
    "subject_id": "19",
    "task_id": "RP"
  },
  "dummy_trs": 0,
  "dvars_nstd": 31.067396116572446,
  "dvars_std": 1.0870022886572435,
  "dvars_vstd": 0.9991554837809189,
  "efc": 0.48074529019417744,
  "fber": 1789.543212890625,
  "fd_mean": 0.13303975301989093,
  "fd_num": 33,
  "fd_perc": 11.619718309859154,
  "fwhm_avg": 1.8449734170651493,
  "fwhm_x": 1.85731,
  "fwhm_y": 2.0673601232242658,
  "fwhm_z": 1.6102501279711825,
  "gcor": 0.0537758,
  "gsr_x": -0.029267139732837677,
  "gsr_y": 0.02652435563504696,
  "provenance": {
    "md5sum": "f8d9f1f3a047bc4fef9840d1075affe6",
    "settings": {
      "fd_thres": 0.2,
      "testing": false
    },
    "software": "mriqc",
    "version": "22.0.6",
    "webapi_port": null,
    "webapi_url": "https://mriqc.nimh.nih.gov/api/v1"
  },
  "size_t": 284,
  "size_x": 128,
  "size_y": 116,
  "size_z": 30,
  "snr": 6.4267682303701825,
  "spacing_tr": 2.0,
  "spacing_x": 2.0,
  "spacing_y": 1.9999998807907104,
  "spacing_z": 2.999999761581421,
  "summary_bg_k": 27.110915500487923,
  "summary_bg_mad": 8.78598505040984,
  "summary_bg_mean": 42.184913635253906,
  "summary_bg_median": 18.869718551635742,
  "summary_bg_n": 314380.0,
  "summary_bg_p05": 9.426055908203125,
  "summary_bg_p95": 168.1550987243652,
  "summary_bg_stdv": 76.63738250732422,
  "summary_fg_k": 3.265170683142932,
  "summary_fg_mad": 109.25314208302825,
  "summary_fg_mean": 814.6121215820312,
  "summary_fg_median": 806.75,
  "summary_fg_n": 67451.0,
  "summary_fg_p05": 647.4682922363281,
  "summary_fg_p95": 1017.5387268066406,
  "summary_fg_stdv": 125.52872467041016,
  "tsnr": 47.05650539137423
}