{
  "aor": 0.004341413427561838,
  "aqi": 0.029853194346289746,
  "bids_meta": {
    "AcquisitionMatrixPE": 116,
    "AcquisitionNumber": 1,
    "BandwidthPerPixelPhaseEncode": 23.946,
    "BaseResolution": 128,
    "BodyPartExamined": "BRAIN",
    "ConsistencyInfo": "N4_VD11D_LATEST_20110129",
    "ConversionSoftware": "dcm2niix",
    "ConversionSoftwareVersion": "v1.0.20180518 GCC4.8.5",
    "DerivedVendorReportedEchoSpacing": 0.000720011,
    "DwellTime": 2.5e-06,
    "EchoTime": 0.03,
    "EchoTrainLength": 58,
    "EffectiveEchoSpacing": 0.000360005,
    "FlipAngle": 71,
    "ImageOrientationPatientDICOM": [
      1,
      0,
      0,
      0,
      0.944376,
      0.328867
    ],
    "ImageType": [
      "ORIGINAL",
      "PRIMARY",
      "M",
      "ND",
      "NORM",
      "MOSAIC"
    ],
    "InPlanePhaseEncodingDirectionDICOM": "COL",
    "InstitutionName": "Princeton_University_-_Neuroscience_Institute",
    "MRAcquisitionType": "2D",
    "MagneticFieldStrength": 3,
    "Manufacturer": "Siemens",
    "ManufacturersModelName": "Skyra",
    "Modality": "MR",
    "ParallelReductionFactorInPlane": 2,
    "PartialFourier": 1,
    "PatientPosition": "HFS",
    "PercentPhaseFOV": 90.625,
    "PhaseEncodingDirection": "j-",
    "PhaseEncodingSteps": 116,
    "PhaseResolution": 1,
    "PixelBandwidth": 1565,
    "PulseSequenceDetails": "%SiemensSeq%_ep2d_bold",
    "ReceiveCoilActiveElements": "HE1-4",
    "ReceiveCoilName": "HeadNeck_20",
    "ReconMatrixPE": 116,
    "RepetitionTime": 2,
    "SAR": 0.0822545,
    "ScanOptions": "FS",
    "ScanningSequence": "EP",
    "SequenceVariant": "SK",
    "SeriesNumber": 8,
    "ShimSetting": [
      3201,
      10502,
      10022,
      656,
      -347,
      90,
      634,
      -15
    ],
    "SliceThickness": 3,
    "SliceTiming": [
      1,
      0,
      1.0675,
      0.0675,
      1.1325,
      0.1325,
      1.2,
      0.2,
      1.2675,
      0.2675,
      1.3325,
      0.3325,
      1.4,
      0.4,
      1.465,
      0.4675,
      1.5325,
      0.5325,
      1.6,
      0.6,
      1.665,
      0.6675,
      1.7325,
      0.7325,
      1.8,
      0.8,
      1.865,
      0.8675,
      1.9325,
      0.9325
    ],
    "SoftwareVersions": "syngo_MR_D11",
    "SpacingBetweenSlices": 3,
    "StationName": "AWP45031",
    "TaskName": "retrieval-practice/restudy phase",
    "TotalReadoutTime": 0.0414006,
    "TxRefAmp": 370.115,
    "dataset": "ds001775",
    "modality": "bold",
    "run_id": 1,
    "subject_id": "09",
    "task_id": "RP"
  },
  "dummy_trs": 1,
  "dvars_nstd": 43.08778022893617,
  "dvars_std": 1.1778649474113483,
  "dvars_vstd": 1.0068787521631202,
  "efc": 0.48417122206396324,
  "fber": 2013.1763916015625,
  "fd_mean": 0.2596219959546369,
  "fd_num": 159,
  "fd_perc": 56.18374558303887,
  "fwhm_avg": 1.9507738888888888,
  "fwhm_x": 1.972635,
  "fwhm_y": 2.15233,
  "fwhm_z": 1.7273566666666669,
  "gcor": 0.0328135,
  "gsr_x": -0.024538524448871613,
  "gsr_y": 0.02871326170861721,
  "provenance": {
    "md5sum": "557519c370effbf20beb3cceb55aba62",
    "settings": {
      "fd_thres": 0.2,
      "testing": false
    },
    "software": "mriqc",
    "version": "22.0.6",
    "webapi_port": null,
    "webapi_url": "https://mriqc.nimh.nih.gov/api/v1"
  },
  "size_t": 283,
  "size_x": 128,
  "size_y": 116,
  "size_z": 30,
  "snr": 5.8895031941823435,
  "spacing_tr": 2.0,
  "spacing_x": 2.0,
  "spacing_y": 2.0,
  "spacing_z": 3.0,
  "summary_bg_k": 31.754397194471842,
  "summary_bg_mad": 9.78098434984079,
  "summary_bg_mean": 37.504947662353516,
  "summary_bg_median": 17.31448745727539,
  "summary_bg_n": 307570.0,
  "summary_bg_p05": 7.583038806915283,
  "summary_bg_p95": 141.9448791503903,
  "summary_bg_stdv": 70.15966033935547,
  "summary_fg_k": 2.1015258900492952,
  "summary_fg_mad": 125.39245809115384,
  "summary_fg_mean": 801.3775024414062,
  "summary_fg_median": 787.1484375,
  "summary_fg_n": 74009.0,
  "summary_fg_p05": 626.3880004882812,
  "summary_fg_p95": 1028.6777587890624,
  "summary_fg_stdv": 133.65187072753906,
  "tsnr": 34.057494923472404
}