{
  "aor": 0.00344387323943662,
  "aqi": 0.039159559507042245,
  "bids_meta": {
    "AcquisitionMatrixPE": 116,
    "AcquisitionNumber": 1,
    "BandwidthPerPixelPhaseEncode": 23.946,
    "BaseResolution": 128,
    "BodyPartExamined": "BRAIN",
    "ConsistencyInfo": "N4_VD11D_LATEST_20110129",
    "ConversionSoftware": "dcm2niix",
    "ConversionSoftwareVersion": "v1.0.20180518 GCC4.8.5",
    "DerivedVendorReportedEchoSpacing": 0.000720011,
    "DwellTime": 2.5e-06,
    "EchoTime": 0.03,
    "EchoTrainLength": 58,
    "EffectiveEchoSpacing": 0.000360005,
    "FlipAngle": 71,
    "ImageOrientationPatientDICOM": [
      1,
      0,
      0,
      0,
      0.944376,
      0.328867
    ],
    "ImageType": [
      "ORIGINAL",
      "PRIMARY",
      "M",
      "ND",
      "NORM",
      "MOSAIC"
    ],
    "InPlanePhaseEncodingDirectionDICOM": "COL",
    "InstitutionName": "Princeton_University_-_Neuroscience_Institute",
    "MRAcquisitionType": "2D",
    "MagneticFieldStrength": 3,
    "Manufacturer": "Siemens",
    "ManufacturersModelName": "Skyra",
    "Modality": "MR",
    "ParallelReductionFactorInPlane": 2,
    "PartialFourier": 1,
    "PatientPosition": "HFS",
    "PercentPhaseFOV": 90.625,
    "PhaseEncodingDirection": "j-",
    "PhaseEncodingSteps": 116,
    "PhaseResolution": 1,
    "PixelBandwidth": 1565,
    "PulseSequenceDetails": "%SiemensSeq%_ep2d_bold",
    "ReceiveCoilActiveElements": "HE1-4",
    "ReceiveCoilName": "HeadNeck_20",
    "ReconMatrixPE": 116,
    "RepetitionTime": 2,
    "SAR": 0.0822545,
    "ScanOptions": "FS",
    "ScanningSequence": "EP",
    "SequenceVariant": "SK",
    "SeriesNumber": 8,
    "ShimSetting": [
      3201,
      10502,
      10022,
      656,
      -347,
      90,
      634,
      -15
    ],
    "SliceThickness": 3,
    "SliceTiming": [
      1,
      0,
      1.0675,
      0.0675,
      1.1325,
      0.1325,
      1.2,
      0.2,
      1.2675,
      0.2675,
      1.3325,
      0.3325,
      1.4,
      0.4,
      1.465,
      0.4675,
      1.5325,
      0.5325,
      1.6,
      0.6,
      1.665,
      0.6675,
      1.7325,
      0.7325,
      1.8,
      0.8,
      1.865,
      0.8675,
      1.9325,
      0.9325
    ],
    "SoftwareVersions": "syngo_MR_D11",
    "SpacingBetweenSlices": 3,
    "StationName": "AWP45031",
    "TaskName": "retrieval-practice/restudy phase",
    "TotalReadoutTime": 0.0414006,
    "TxRefAmp": 370.115,
    "dataset": "ds001775",
    "modality": "bold",
    "run_id": 2,
    "subject_id": "09",
    "task_id": "RP"
  },
  "dummy_trs": 0,
  "dvars_nstd": 45.83793075374556,
  "dvars_std": 1.0937422167844522,
  "dvars_vstd": 0.9514701649823321,
  "efc": 0.4824702368785329,
  "fber": 2078.234130859375,
  "fd_mean": 0.3373617636530614,
  "fd_num": 201,
  "fd_perc": 70.77464788732394,
  "fwhm_avg": 1.9705083333333333,
  "fwhm_x": 2.034275,
  "fwhm_y": 2.23356,
  "fwhm_z": 1.64369,
  "gcor": 0.0537338,
  "gsr_x": -0.02357291430234909,
  "gsr_y": 0.026785152032971382,
  "provenance": {
    "md5sum": "e6ff56de1688b3ac216877d0766acb32",
    "settings": {
      "fd_thres": 0.2,
      "testing": false
    },
    "software": "mriqc",
    "version": "22.0.6",
    "webapi_port": null,
    "webapi_url": "https://mriqc.nimh.nih.gov/api/v1"
  },
  "size_t": 284,
  "size_x": 128,
  "size_y": 116,
  "size_z": 30,
  "snr": 5.916683203724962,
  "spacing_tr": 2.0,
  "spacing_x": 2.0,
  "spacing_y": 2.0,
  "spacing_z": 3.0,
  "summary_bg_k": 32.96516006751076,
  "summary_bg_mad": 9.657796599704128,
  "summary_bg_mean": 36.9985237121582,
  "summary_bg_median": 17.20070457458496,
  "summary_bg_n": 307155.0,
  "summary_bg_p05": 7.570422172546387,
  "summary_bg_p95": 138.92006378173824,
  "summary_bg_stdv": 69.5105972290039,
  "summary_fg_k": 2.197449297839496,
  "summary_fg_mad": 123.77638185700519,
  "summary_fg_mean": 804.9808959960938,
  "summary_fg_median": 790.3732299804688,
  "summary_fg_n": 73967.0,
  "summary_fg_p05": 629.3204345703125,
  "summary_fg_p95": 1033.383740234375,
  "summary_fg_stdv": 133.5829315185547,
  "tsnr": 30.027871116588358
}