{
  "aor": 0.0012423591549295776,
  "aqi": 0.014924485211267605,
  "bids_meta": {
    "AcquisitionMatrixPE": 116,
    "AcquisitionNumber": 1,
    "BandwidthPerPixelPhaseEncode": 23.946,
    "BaseResolution": 128,
    "BodyPartExamined": "BRAIN",
    "ConsistencyInfo": "N4_VD11D_LATEST_20110129",
    "ConversionSoftware": "dcm2niix",
    "ConversionSoftwareVersion": "v1.0.20180518 GCC4.8.5",
    "DerivedVendorReportedEchoSpacing": 0.000720011,
    "DwellTime": 2.5e-06,
    "EchoTime": 0.03,
    "EchoTrainLength": 58,
    "EffectiveEchoSpacing": 0.000360005,
    "FlipAngle": 71,
    "ImageOrientationPatientDICOM": [
      1,
      0,
      0,
      0,
      0.944376,
      0.328867
    ],
    "ImageType": [
      "ORIGINAL",
      "PRIMARY",
      "M",
      "ND",
      "NORM",
      "MOSAIC"
    ],
    "InPlanePhaseEncodingDirectionDICOM": "COL",
    "InstitutionName": "Princeton_University_-_Neuroscience_Institute",
    "MRAcquisitionType": "2D",
    "MagneticFieldStrength": 3,
    "Manufacturer": "Siemens",
    "ManufacturersModelName": "Skyra",
    "Modality": "MR",
    "ParallelReductionFactorInPlane": 2,
    "PartialFourier": 1,
    "PatientPosition": "HFS",
    "PercentPhaseFOV": 90.625,
    "PhaseEncodingDirection": "j-",
    "PhaseEncodingSteps": 116,
    "PhaseResolution": 1,
    "PixelBandwidth": 1565,
    "PulseSequenceDetails": "%SiemensSeq%_ep2d_bold",
    "ReceiveCoilActiveElements": "HE1-4",
    "ReceiveCoilName": "HeadNeck_20",
    "ReconMatrixPE": 116,
    "RepetitionTime": 2,
    "SAR": 0.0822545,
    "ScanOptions": "FS",
    "ScanningSequence": "EP",
    "SequenceVariant": "SK",
    "SeriesNumber": 8,
    "ShimSetting": [
      3201,
      10502,
      10022,
      656,
      -347,
      90,
      634,
      -15
    ],
    "SliceThickness": 3,
    "SliceTiming": [
      1,
      0,
      1.0675,
      0.0675,
      1.1325,
      0.1325,
      1.2,
      0.2,
      1.2675,
      0.2675,
      1.3325,
      0.3325,
      1.4,
      0.4,
      1.465,
      0.4675,
      1.5325,
      0.5325,
      1.6,
      0.6,
      1.665,
      0.6675,
      1.7325,
      0.7325,
      1.8,
      0.8,
      1.865,
      0.8675,
      1.9325,
      0.9325
    ],
    "SoftwareVersions": "syngo_MR_D11",
    "SpacingBetweenSlices": 3,
    "StationName": "AWP45031",
    "TaskName": "retrieval-practice/restudy phase",
    "TotalReadoutTime": 0.0414006,
    "TxRefAmp": 370.115,
    "dataset": "ds001775",
    "modality": "bold",
    "run_id": 2,
    "subject_id": "20",
    "task_id": "RP"
  },
  "dummy_trs": 0,
  "dvars_nstd": 39.46701502710245,
  "dvars_std": 1.1241645071378097,
  "dvars_vstd": 1.008482559293286,
  "efc": 0.5394853861224584,
  "fber": 1110.5908203125,
  "fd_mean": 0.11500020455524387,
  "fd_num": 19,
  "fd_perc": 6.690140845070423,
  "fwhm_avg": 2.073866111111111,
  "fwhm_x": 1.986795,
  "fwhm_y": 2.4514,
  "fwhm_z": 1.7834033333333332,
  "gcor": 0.0379472,
  "gsr_x": -0.015996377915143967,
  "gsr_y": 0.049139346927404404,
  "provenance": {
    "md5sum": "2fc61e4df513ab9fce0ed475e7db0aca",
    "settings": {
      "fd_thres": 0.2,
      "testing": false
    },
    "software": "mriqc",
    "version": "22.0.6",
    "webapi_port": null,
    "webapi_url": "https://mriqc.nimh.nih.gov/api/v1"
  },
  "size_t": 284,
  "size_x": 128,
  "size_y": 116,
  "size_z": 30,
  "snr": 5.152761227659297,
  "spacing_tr": 2.0,
  "spacing_x": 2.0,
  "spacing_y": 2.0,
  "spacing_z": 3.0,
  "summary_bg_k": 27.187580429540684,
  "summary_bg_mad": 12.75873166813133,
  "summary_bg_mean": 49.460697174072266,
  "summary_bg_median": 22.63380241394043,
  "summary_bg_n": 287448.0,
  "summary_bg_p05": 9.239436149597168,
  "summary_bg_p95": 194.87904586791979,
  "summary_bg_stdv": 82.72486877441406,
  "summary_fg_k": 3.861140771106405,
  "summary_fg_mad": 125.22251625971137,
  "summary_fg_mean": 774.5270385742188,
  "summary_fg_median": 768.2570190429688,
  "summary_fg_n": 88351.0,
  "summary_fg_p05": 567.4612426757812,
  "summary_fg_p95": 1001.9295654296875,
  "summary_fg_stdv": 149.0953369140625,
  "tsnr": 37.87877861468587
}