{
  "aor": 0.0010754225352112676,
  "aqi": 0.01476723309859155,
  "bids_meta": {
    "AcquisitionMatrixPE": 116,
    "AcquisitionNumber": 1,
    "BandwidthPerPixelPhaseEncode": 23.946,
    "BaseResolution": 128,
    "BodyPartExamined": "BRAIN",
    "ConsistencyInfo": "N4_VD11D_LATEST_20110129",
    "ConversionSoftware": "dcm2niix",
    "ConversionSoftwareVersion": "v1.0.20180518 GCC4.8.5",
    "DerivedVendorReportedEchoSpacing": 0.000720011,
    "DwellTime": 2.5e-06,
    "EchoTime": 0.03,
    "EchoTrainLength": 58,
    "EffectiveEchoSpacing": 0.000360005,
    "FlipAngle": 71,
    "ImageOrientationPatientDICOM": [
      1,
      0,
      0,
      0,
      0.944376,
      0.328867
    ],
    "ImageType": [
      "ORIGINAL",
      "PRIMARY",
      "M",
      "ND",
      "NORM",
      "MOSAIC"
    ],
    "InPlanePhaseEncodingDirectionDICOM": "COL",
    "InstitutionName": "Princeton_University_-_Neuroscience_Institute",
    "MRAcquisitionType": "2D",
    "MagneticFieldStrength": 3,
    "Manufacturer": "Siemens",
    "ManufacturersModelName": "Skyra",
    "Modality": "MR",
    "ParallelReductionFactorInPlane": 2,
    "PartialFourier": 1,
    "PatientPosition": "HFS",
    "PercentPhaseFOV": 90.625,
    "PhaseEncodingDirection": "j-",
    "PhaseEncodingSteps": 116,
    "PhaseResolution": 1,
    "PixelBandwidth": 1565,
    "PulseSequenceDetails": "%SiemensSeq%_ep2d_bold",
    "ReceiveCoilActiveElements": "HE1-4",
    "ReceiveCoilName": "HeadNeck_20",
    "ReconMatrixPE": 116,
    "RepetitionTime": 2,
    "SAR": 0.0822545,
    "ScanOptions": "FS",
    "ScanningSequence": "EP",
    "SequenceVariant": "SK",
    "SeriesNumber": 8,
    "ShimSetting": [
      3201,
      10502,
      10022,
      656,
      -347,
      90,
      634,
      -15
    ],
    "SliceThickness": 3,
    "SliceTiming": [
      1,
      0,
      1.0675,
      0.0675,
      1.1325,
      0.1325,
      1.2,
      0.2,
      1.2675,
      0.2675,
      1.3325,
      0.3325,
      1.4,
      0.4,
      1.465,
      0.4675,
      1.5325,
      0.5325,
      1.6,
      0.6,
      1.665,
      0.6675,
      1.7325,
      0.7325,
      1.8,
      0.8,
      1.865,
      0.8675,
      1.9325,
      0.9325
    ],
    "SoftwareVersions": "syngo_MR_D11",
    "SpacingBetweenSlices": 3,
    "StationName": "AWP45031",
    "TaskName": "retrieval-practice/restudy phase",
    "TotalReadoutTime": 0.0414006,
    "TxRefAmp": 370.115,
    "dataset": "ds001775",
    "modality": "bold",
    "run_id": 1,
    "subject_id": "20",
    "task_id": "RP"
  },
  "dummy_trs": 0,
  "dvars_nstd": 38.391754365865715,
  "dvars_std": 1.1151677417314487,
  "dvars_vstd": 1.0056838738869258,
  "efc": 0.5400903295988416,
  "fber": 1096.672607421875,
  "fd_mean": 0.11826016156608427,
  "fd_num": 23,
  "fd_perc": 8.098591549295774,
  "fwhm_avg": 1.9007655555555554,
  "fwhm_x": 1.877475,
  "fwhm_y": 2.196335,
  "fwhm_z": 1.6284866666666666,
  "gcor": 0.026474,
  "gsr_x": -0.017005369067192078,
  "gsr_y": 0.046487901359796524,
  "provenance": {
    "md5sum": "35310a8774f937d5b0b7a9dcc25b1e0c",
    "settings": {
      "fd_thres": 0.2,
      "testing": false
    },
    "software": "mriqc",
    "version": "22.0.6",
    "webapi_port": null,
    "webapi_url": "https://mriqc.nimh.nih.gov/api/v1"
  },
  "size_t": 284,
  "size_x": 128,
  "size_y": 116,
  "size_z": 30,
  "snr": 5.768191848259445,
  "spacing_tr": 2.0,
  "spacing_x": 2.0,
  "spacing_y": 2.0,
  "spacing_z": 3.0,
  "summary_bg_k": 21.97075506339143,
  "summary_bg_mad": 13.21291094042859,
  "summary_bg_mean": 53.934173583984375,
  "summary_bg_median": 22.989437103271484,
  "summary_bg_n": 291077.0,
  "summary_bg_p05": 9.387323379516602,
  "summary_bg_p95": 223.72604675292973,
  "summary_bg_stdv": 92.60123443603516,
  "summary_fg_k": 2.356548076324807,
  "summary_fg_mad": 122.79758749076582,
  "summary_fg_mean": 784.2376098632812,
  "summary_fg_median": 772.399658203125,
  "summary_fg_n": 86228.0,
  "summary_fg_p05": 604.2642547607422,
  "summary_fg_p95": 1004.8133544921875,
  "summary_fg_stdv": 133.90594482421875,
  "tsnr": 39.30019108887063
}