{
  "aor": 0.0005777464788732394,
  "aqi": 0.01060359323943662,
  "bids_meta": {
    "AcquisitionMatrixPE": 116,
    "AcquisitionNumber": 1,
    "BandwidthPerPixelPhaseEncode": 23.946,
    "BaseResolution": 128,
    "BodyPartExamined": "BRAIN",
    "ConsistencyInfo": "N4_VD11D_LATEST_20110129",
    "ConversionSoftware": "dcm2niix",
    "ConversionSoftwareVersion": "v1.0.20180518 GCC4.8.5",
    "DerivedVendorReportedEchoSpacing": 0.000720011,
    "DwellTime": 2.5e-06,
    "EchoTime": 0.03,
    "EchoTrainLength": 58,
    "EffectiveEchoSpacing": 0.000360005,
    "FlipAngle": 71,
    "ImageOrientationPatientDICOM": [
      1,
      0,
      0,
      0,
      0.944376,
      0.328867
    ],
    "ImageType": [
      "ORIGINAL",
      "PRIMARY",
      "M",
      "ND",
      "NORM",
      "MOSAIC"
    ],
    "InPlanePhaseEncodingDirectionDICOM": "COL",
    "InstitutionName": "Princeton_University_-_Neuroscience_Institute",
    "MRAcquisitionType": "2D",
    "MagneticFieldStrength": 3,
    "Manufacturer": "Siemens",
    "ManufacturersModelName": "Skyra",
    "Modality": "MR",
    "ParallelReductionFactorInPlane": 2,
    "PartialFourier": 1,
    "PatientPosition": "HFS",
    "PercentPhaseFOV": 90.625,
    "PhaseEncodingDirection": "j-",
    "PhaseEncodingSteps": 116,
    "PhaseResolution": 1,
    "PixelBandwidth": 1565,
    "PulseSequenceDetails": "%SiemensSeq%_ep2d_bold",
    "ReceiveCoilActiveElements": "HE1-4",
    "ReceiveCoilName": "HeadNeck_20",
    "ReconMatrixPE": 116,
    "RepetitionTime": 2,
    "SAR": 0.0822545,
    "ScanOptions": "FS",
    "ScanningSequence": "EP",
    "SequenceVariant": "SK",
    "SeriesNumber": 8,
    "ShimSetting": [
      3201,
      10502,
      10022,
      656,
      -347,
      90,
      634,
      -15
    ],
    "SliceThickness": 3,
    "SliceTiming": [
      1,
      0,
      1.0675,
      0.0675,
      1.1325,
      0.1325,
      1.2,
      0.2,
      1.2675,
      0.2675,
      1.3325,
      0.3325,
      1.4,
      0.4,
      1.465,
      0.4675,
      1.5325,
      0.5325,
      1.6,
      0.6,
      1.665,
      0.6675,
      1.7325,
      0.7325,
      1.8,
      0.8,
      1.865,
      0.8675,
      1.9325,
      0.9325
    ],
    "SoftwareVersions": "syngo_MR_D11",
    "SpacingBetweenSlices": 3,
    "StationName": "AWP45031",
    "TaskName": "retrieval-practice/restudy phase",
    "TotalReadoutTime": 0.0414006,
    "TxRefAmp": 370.115,
    "dataset": "ds001775",
    "modality": "bold",
    "run_id": 3,
    "subject_id": "17",
    "task_id": "RP"
  },
  "dummy_trs": 0,
  "dvars_nstd": 33.843410236077716,
  "dvars_std": 1.111980293180212,
  "dvars_vstd": 1.0011930153003532,
  "efc": 0.4594434895259567,
  "fber": 1762.3795166015625,
  "fd_mean": 0.15316267841007958,
  "fd_num": 53,
  "fd_perc": 18.661971830985916,
  "fwhm_avg": 1.8997155555555556,
  "fwhm_x": 1.90235,
  "fwhm_y": 2.11086,
  "fwhm_z": 1.6859366666666666,
  "gcor": 0.0952228,
  "gsr_x": -0.02580857276916504,
  "gsr_y": 0.020875096321105957,
  "provenance": {
    "md5sum": "756cd2de147c666b56e2bbd504d6f4ac",
    "settings": {
      "fd_thres": 0.2,
      "testing": false
    },
    "software": "mriqc",
    "version": "22.0.6",
    "webapi_port": null,
    "webapi_url": "https://mriqc.nimh.nih.gov/api/v1"
  },
  "size_t": 284,
  "size_x": 128,
  "size_y": 116,
  "size_z": 30,
  "snr": 5.964158888647751,
  "spacing_tr": 2.0,
  "spacing_x": 2.0,
  "spacing_y": 2.0,
  "spacing_z": 3.0,
  "summary_bg_k": 45.71261066165707,
  "summary_bg_mad": 7.178091169317609,
  "summary_bg_mean": 30.69061851501465,
  "summary_bg_median": 17.27112579345703,
  "summary_bg_n": 317546.0,
  "summary_bg_p05": 9.580986022949219,
  "summary_bg_p95": 96.7165470123291,
  "summary_bg_stdv": 50.8612174987793,
  "summary_fg_k": 2.8759285271826833,
  "summary_fg_mad": 111.98080801762386,
  "summary_fg_mean": 744.4736938476562,
  "summary_fg_median": 730.1883544921875,
  "summary_fg_n": 64998.0,
  "summary_fg_p05": 584.6857360839844,
  "summary_fg_p95": 945.0341613769527,
  "summary_fg_stdv": 122.42845153808594,
  "tsnr": 46.87331613933202
}