{
  "aor": 0.0025486619718309857,
  "aqi": 0.046316939084507035,
  "bids_meta": {
    "AcquisitionMatrixPE": 116,
    "AcquisitionNumber": 1,
    "BandwidthPerPixelPhaseEncode": 23.946,
    "BaseResolution": 128,
    "BodyPartExamined": "BRAIN",
    "ConsistencyInfo": "N4_VD11D_LATEST_20110129",
    "ConversionSoftware": "dcm2niix",
    "ConversionSoftwareVersion": "v1.0.20180518 GCC4.8.5",
    "DerivedVendorReportedEchoSpacing": 0.000720011,
    "DwellTime": 2.5e-06,
    "EchoTime": 0.03,
    "EchoTrainLength": 58,
    "EffectiveEchoSpacing": 0.000360005,
    "FlipAngle": 71,
    "ImageOrientationPatientDICOM": [
      1,
      0,
      0,
      0,
      0.944376,
      0.328867
    ],
    "ImageType": [
      "ORIGINAL",
      "PRIMARY",
      "M",
      "ND",
      "NORM",
      "MOSAIC"
    ],
    "InPlanePhaseEncodingDirectionDICOM": "COL",
    "InstitutionName": "Princeton_University_-_Neuroscience_Institute",
    "MRAcquisitionType": "2D",
    "MagneticFieldStrength": 3,
    "Manufacturer": "Siemens",
    "ManufacturersModelName": "Skyra",
    "Modality": "MR",
    "ParallelReductionFactorInPlane": 2,
    "PartialFourier": 1,
    "PatientPosition": "HFS",
    "PercentPhaseFOV": 90.625,
    "PhaseEncodingDirection": "j-",
    "PhaseEncodingSteps": 116,
    "PhaseResolution": 1,
    "PixelBandwidth": 1565,
    "PulseSequenceDetails": "%SiemensSeq%_ep2d_bold",
    "ReceiveCoilActiveElements": "HE1-4",
    "ReceiveCoilName": "HeadNeck_20",
    "ReconMatrixPE": 116,
    "RepetitionTime": 2,
    "SAR": 0.0822545,
    "ScanOptions": "FS",
    "ScanningSequence": "EP",
    "SequenceVariant": "SK",
    "SeriesNumber": 8,
    "ShimSetting": [
      3201,
      10502,
      10022,
      656,
      -347,
      90,
      634,
      -15
    ],
    "SliceThickness": 3,
    "SliceTiming": [
      1,
      0,
      1.0675,
      0.0675,
      1.1325,
      0.1325,
      1.2,
      0.2,
      1.2675,
      0.2675,
      1.3325,
      0.3325,
      1.4,
      0.4,
      1.465,
      0.4675,
      1.5325,
      0.5325,
      1.6,
      0.6,
      1.665,
      0.6675,
      1.7325,
      0.7325,
      1.8,
      0.8,
      1.865,
      0.8675,
      1.9325,
      0.9325
    ],
    "SoftwareVersions": "syngo_MR_D11",
    "SpacingBetweenSlices": 3,
    "StationName": "AWP45031",
    "TaskName": "retrieval-practice/restudy phase",
    "TotalReadoutTime": 0.0414006,
    "TxRefAmp": 370.115,
    "dataset": "ds001775",
    "modality": "bold",
    "run_id": 3,
    "subject_id": "09",
    "task_id": "RP"
  },
  "dummy_trs": 0,
  "dvars_nstd": 47.40858859833925,
  "dvars_std": 1.0836816677031806,
  "dvars_vstd": 0.9450666967491168,
  "efc": 0.4817777720586581,
  "fber": 2062.634765625,
  "fd_mean": 0.37793530758797955,
  "fd_num": 205,
  "fd_perc": 72.1830985915493,
  "fwhm_avg": 1.9769294444444443,
  "fwhm_x": 2.04208,
  "fwhm_y": 2.231475,
  "fwhm_z": 1.6572333333333333,
  "gcor": 0.0329178,
  "gsr_x": -0.022945435717701912,
  "gsr_y": 0.026644472032785416,
  "provenance": {
    "md5sum": "cf3a78108a331c7ad378ec9388a38d0b",
    "settings": {
      "fd_thres": 0.2,
      "testing": false
    },
    "software": "mriqc",
    "version": "22.0.6",
    "webapi_port": null,
    "webapi_url": "https://mriqc.nimh.nih.gov/api/v1"
  },
  "size_t": 284,
  "size_x": 128,
  "size_y": 116,
  "size_z": 30,
  "snr": 5.939176279912312,
  "spacing_tr": 2.0,
  "spacing_x": 2.0,
  "spacing_y": 2.0,
  "spacing_z": 3.0,
  "summary_bg_k": 32.2029436111169,
  "summary_bg_mad": 9.725661915412127,
  "summary_bg_mean": 36.8935432434082,
  "summary_bg_median": 17.21478843688965,
  "summary_bg_n": 307687.0,
  "summary_bg_p05": 7.542253494262695,
  "summary_bg_p95": 139.23978271484387,
  "summary_bg_stdv": 68.85352325439453,
  "summary_fg_k": 2.223811503047549,
  "summary_fg_mad": 123.52056420126084,
  "summary_fg_mean": 803.0223999023438,
  "summary_fg_median": 788.3837890625,
  "summary_fg_n": 73635.0,
  "summary_fg_p05": 628.3675842285156,
  "summary_fg_p95": 1029.3961425781251,
  "summary_fg_stdv": 132.74205017089844,
  "tsnr": 29.114830582402647
}