{
  "aor": 0.000731542288557214,
  "aqi": 0.00939728910447761,
  "bids_meta": {
    "AcquisitionMatrixPE": 116,
    "AcquisitionNumber": 1,
    "BandwidthPerPixelPhaseEncode": 23.946,
    "BaseResolution": 128,
    "BodyPartExamined": "BRAIN",
    "ConversionSoftware": "dcm2niix",
    "ConversionSoftwareVersion": "v1.0.20180518 GCC4.8.5",
    "DerivedVendorReportedEchoSpacing": 0.000720011,
    "DwellTime": 2.5e-06,
    "EchoTime": 0.03,
    "EchoTrainLength": 58,
    "EffectiveEchoSpacing": 0.000360005,
    "FlipAngle": 71,
    "ImageOrientationPatientDICOM": [
      1,
      0,
      0,
      0,
      0.944376,
      0.328867
    ],
    "ImageType": [
      "ORIGINAL",
      "PRIMARY",
      "M",
      "ND",
      "NORM",
      "MOSAIC"
    ],
    "InPlanePhaseEncodingDirectionDICOM": "COL",
    "InstitutionName": "Princeton_University_-_Neuroscience_Institute",
    "MRAcquisitionType": "2D",
    "MagneticFieldStrength": 3,
    "Manufacturer": "Siemens",
    "ManufacturersModelName": "Skyra",
    "Modality": "MR",
    "ParallelReductionFactorInPlane": 2,
    "PartialFourier": 1,
    "PatientPosition": "HFS",
    "PercentPhaseFOV": 90.625,
    "PhaseEncodingDirection": "j-",
    "PhaseEncodingSteps": 116,
    "PhaseResolution": 1,
    "PixelBandwidth": 1565,
    "PulseSequenceDetails": "%SiemensSeq%_ep2d_bold",
    "ReceiveCoilActiveElements": "HE1-4",
    "ReceiveCoilName": "HeadNeck_20",
    "ReconMatrixPE": 116,
    "RepetitionTime": 2,
    "SAR": 0.0822539,
    "ScanOptions": "FS",
    "ScanningSequence": "EP",
    "SequenceVariant": "SK",
    "SeriesNumber": 4,
    "ShimSetting": [
      3201,
      10502,
      10022,
      656,
      -347,
      90,
      634,
      -15
    ],
    "SliceThickness": 3,
    "SliceTiming": [
      1,
      0,
      1.065,
      0.065,
      1.1325,
      0.1325,
      1.2,
      0.2,
      1.265,
      0.265,
      1.3325,
      0.3325,
      1.4,
      0.4,
      1.465,
      0.465,
      1.5325,
      0.5325,
      1.6,
      0.6,
      1.665,
      0.665,
      1.7325,
      0.7325,
      1.8,
      0.8,
      1.865,
      0.865,
      1.9325,
      0.9325
    ],
    "SoftwareVersions": "syngo_MR_D11",
    "SpacingBetweenSlices": 3,
    "StationName": "AWP45031",
    "TaskName": "study phase",
    "TotalReadoutTime": 0.0414006,
    "TxRefAmp": 370.115,
    "dataset": "ds001775",
    "modality": "bold",
    "run_id": 1,
    "subject_id": "09",
    "task_id": "restudy"
  },
  "dummy_trs": 0,
  "dvars_nstd": 33.872302474950004,
  "dvars_std": 1.1829284923999994,
  "dvars_vstd": 1.00511563855,
  "efc": 0.4809278138186185,
  "fber": 2096.356689453125,
  "fd_mean": 0.05111479746221588,
  "fd_num": 2,
  "fd_perc": 0.9950248756218906,
  "fwhm_avg": 1.9141444444444442,
  "fwhm_x": 1.94214,
  "fwhm_y": 2.10294,
  "fwhm_z": 1.6973533333333333,
  "gcor": 0.0374131,
  "gsr_x": -0.022390542551875114,
  "gsr_y": 0.025111254304647446,
  "provenance": {
    "md5sum": "ac904baeaf7b35dba31a5fb112198ecf",
    "settings": {
      "fd_thres": 0.2,
      "testing": false
    },
    "software": "mriqc",
    "version": "22.0.6",
    "webapi_port": null,
    "webapi_url": "https://mriqc.nimh.nih.gov/api/v1"
  },
  "size_t": 201,
  "size_x": 128,
  "size_y": 116,
  "size_z": 30,
  "snr": 5.809274859587588,
  "spacing_tr": 2.0,
  "spacing_x": 2.0,
  "spacing_y": 2.0,
  "spacing_z": 3.0,
  "summary_bg_k": 31.649017967960063,
  "summary_bg_mad": 9.574218394845266,
  "summary_bg_mean": 35.57581329345703,
  "summary_bg_median": 16.86069679260254,
  "summary_bg_n": 307561.0,
  "summary_bg_p05": 7.522387981414795,
  "summary_bg_p95": 134.1144256591797,
  "summary_bg_stdv": 66.05896759033203,
  "summary_fg_k": 2.3824844900221436,
  "summary_fg_mad": 123.98541573913091,
  "summary_fg_mean": 798.4198608398438,
  "summary_fg_median": 783.7711181640625,
  "summary_fg_n": 73873.0,
  "summary_fg_p05": 622.8756103515625,
  "summary_fg_p95": 1025.400952148437,
  "summary_fg_stdv": 134.91629028320312,
  "tsnr": 50.369681135052815
}