{
  "aor": 0.0018726056338028167,
  "aqi": 0.02185210809859155,
  "bids_meta": {
    "AcquisitionMatrixPE": 116,
    "AcquisitionNumber": 1,
    "BandwidthPerPixelPhaseEncode": 23.946,
    "BaseResolution": 128,
    "BodyPartExamined": "BRAIN",
    "ConsistencyInfo": "N4_VD11D_LATEST_20110129",
    "ConversionSoftware": "dcm2niix",
    "ConversionSoftwareVersion": "v1.0.20180518 GCC4.8.5",
    "DerivedVendorReportedEchoSpacing": 0.000720011,
    "DwellTime": 2.5e-06,
    "EchoTime": 0.03,
    "EchoTrainLength": 58,
    "EffectiveEchoSpacing": 0.000360005,
    "FlipAngle": 71,
    "ImageOrientationPatientDICOM": [
      1,
      0,
      0,
      0,
      0.944376,
      0.328867
    ],
    "ImageType": [
      "ORIGINAL",
      "PRIMARY",
      "M",
      "ND",
      "NORM",
      "MOSAIC"
    ],
    "InPlanePhaseEncodingDirectionDICOM": "COL",
    "InstitutionName": "Princeton_University_-_Neuroscience_Institute",
    "MRAcquisitionType": "2D",
    "MagneticFieldStrength": 3,
    "Manufacturer": "Siemens",
    "ManufacturersModelName": "Skyra",
    "Modality": "MR",
    "ParallelReductionFactorInPlane": 2,
    "PartialFourier": 1,
    "PatientPosition": "HFS",
    "PercentPhaseFOV": 90.625,
    "PhaseEncodingDirection": "j-",
    "PhaseEncodingSteps": 116,
    "PhaseResolution": 1,
    "PixelBandwidth": 1565,
    "PulseSequenceDetails": "%SiemensSeq%_ep2d_bold",
    "ReceiveCoilActiveElements": "HE1-4",
    "ReceiveCoilName": "HeadNeck_20",
    "ReconMatrixPE": 116,
    "RepetitionTime": 2,
    "SAR": 0.0822545,
    "ScanOptions": "FS",
    "ScanningSequence": "EP",
    "SequenceVariant": "SK",
    "SeriesNumber": 8,
    "ShimSetting": [
      3201,
      10502,
      10022,
      656,
      -347,
      90,
      634,
      -15
    ],
    "SliceThickness": 3,
    "SliceTiming": [
      1,
      0,
      1.0675,
      0.0675,
      1.1325,
      0.1325,
      1.2,
      0.2,
      1.2675,
      0.2675,
      1.3325,
      0.3325,
      1.4,
      0.4,
      1.465,
      0.4675,
      1.5325,
      0.5325,
      1.6,
      0.6,
      1.665,
      0.6675,
      1.7325,
      0.7325,
      1.8,
      0.8,
      1.865,
      0.8675,
      1.9325,
      0.9325
    ],
    "SoftwareVersions": "syngo_MR_D11",
    "SpacingBetweenSlices": 3,
    "StationName": "AWP45031",
    "TaskName": "retrieval-practice/restudy phase",
    "TotalReadoutTime": 0.0414006,
    "TxRefAmp": 370.115,
    "dataset": "ds001775",
    "modality": "bold",
    "run_id": 4,
    "subject_id": "09",
    "task_id": "RP"
  },
  "dummy_trs": 0,
  "dvars_nstd": 42.99168463399294,
  "dvars_std": 1.2032435427915191,
  "dvars_vstd": 1.0138298228268556,
  "efc": 0.480807893828693,
  "fber": 2090.732421875,
  "fd_mean": 0.2660800048430287,
  "fd_num": 164,
  "fd_perc": 57.74647887323944,
  "fwhm_avg": 1.9273627777777778,
  "fwhm_x": 1.95915,
  "fwhm_y": 2.120545,
  "fwhm_z": 1.7023933333333332,
  "gcor": 0.0410784,
  "gsr_x": -0.02223227545619011,
  "gsr_y": 0.025341201573610306,
  "provenance": {
    "md5sum": "97b219d3634860a9df805421504d1df7",
    "settings": {
      "fd_thres": 0.2,
      "testing": false
    },
    "software": "mriqc",
    "version": "22.0.6",
    "webapi_port": null,
    "webapi_url": "https://mriqc.nimh.nih.gov/api/v1"
  },
  "size_t": 284,
  "size_x": 128,
  "size_y": 116,
  "size_z": 30,
  "snr": 5.946061554722951,
  "spacing_tr": 2.0,
  "spacing_x": 2.0,
  "spacing_y": 2.0,
  "spacing_z": 3.0,
  "summary_bg_k": 31.577838707589905,
  "summary_bg_mad": 9.569049104578413,
  "summary_bg_mean": 36.32000732421875,
  "summary_bg_median": 16.98591423034668,
  "summary_bg_n": 307936.0,
  "summary_bg_p05": 7.5316901206970215,
  "summary_bg_p95": 136.87587356567383,
  "summary_bg_stdv": 68.34759521484375,
  "summary_fg_k": 2.2470773019594414,
  "summary_fg_mad": 122.77405986766942,
  "summary_fg_mean": 800.6085815429688,
  "summary_fg_median": 786.57568359375,
  "summary_fg_n": 73446.0,
  "summary_fg_p05": 627.8740997314453,
  "summary_fg_p95": 1023.3203887939453,
  "summary_fg_stdv": 132.2842559814453,
  "tsnr": 37.79004947777139
}