{
  "aor": 0.002221393034825871,
  "aqi": 0.01738549144278607,
  "bids_meta": {
    "AcquisitionMatrixPE": 116,
    "AcquisitionNumber": 1,
    "BandwidthPerPixelPhaseEncode": 23.946,
    "BaseResolution": 128,
    "BodyPartExamined": "BRAIN",
    "ConversionSoftware": "dcm2niix",
    "ConversionSoftwareVersion": "v1.0.20180518 GCC4.8.5",
    "DerivedVendorReportedEchoSpacing": 0.000720011,
    "DwellTime": 2.5e-06,
    "EchoTime": 0.03,
    "EchoTrainLength": 58,
    "EffectiveEchoSpacing": 0.000360005,
    "FlipAngle": 71,
    "ImageOrientationPatientDICOM": [
      1,
      0,
      0,
      0,
      0.944376,
      0.328867
    ],
    "ImageType": [
      "ORIGINAL",
      "PRIMARY",
      "M",
      "ND",
      "NORM",
      "MOSAIC"
    ],
    "InPlanePhaseEncodingDirectionDICOM": "COL",
    "InstitutionName": "Princeton_University_-_Neuroscience_Institute",
    "MRAcquisitionType": "2D",
    "MagneticFieldStrength": 3,
    "Manufacturer": "Siemens",
    "ManufacturersModelName": "Skyra",
    "Modality": "MR",
    "ParallelReductionFactorInPlane": 2,
    "PartialFourier": 1,
    "PatientPosition": "HFS",
    "PercentPhaseFOV": 90.625,
    "PhaseEncodingDirection": "j-",
    "PhaseEncodingSteps": 116,
    "PhaseResolution": 1,
    "PixelBandwidth": 1565,
    "PulseSequenceDetails": "%SiemensSeq%_ep2d_bold",
    "ReceiveCoilActiveElements": "HE1-4",
    "ReceiveCoilName": "HeadNeck_20",
    "ReconMatrixPE": 116,
    "RepetitionTime": 2,
    "SAR": 0.0822539,
    "ScanOptions": "FS",
    "ScanningSequence": "EP",
    "SequenceVariant": "SK",
    "SeriesNumber": 4,
    "ShimSetting": [
      3201,
      10502,
      10022,
      656,
      -347,
      90,
      634,
      -15
    ],
    "SliceThickness": 3,
    "SliceTiming": [
      1,
      0,
      1.065,
      0.065,
      1.1325,
      0.1325,
      1.2,
      0.2,
      1.265,
      0.265,
      1.3325,
      0.3325,
      1.4,
      0.4,
      1.465,
      0.465,
      1.5325,
      0.5325,
      1.6,
      0.6,
      1.665,
      0.665,
      1.7325,
      0.7325,
      1.8,
      0.8,
      1.865,
      0.865,
      1.9325,
      0.9325
    ],
    "SoftwareVersions": "syngo_MR_D11",
    "SpacingBetweenSlices": 3,
    "StationName": "AWP45031",
    "TaskName": "study phase",
    "TotalReadoutTime": 0.0414006,
    "TxRefAmp": 370.115,
    "dataset": "ds001775",
    "modality": "bold",
    "run_id": 2,
    "subject_id": "09",
    "task_id": "restudy"
  },
  "dummy_trs": 0,
  "dvars_nstd": 36.04201787974997,
  "dvars_std": 1.1701694717500002,
  "dvars_vstd": 0.9959931406499998,
  "efc": 0.48011137917801394,
  "fber": 2162.62451171875,
  "fd_mean": 0.11067882486554012,
  "fd_num": 18,
  "fd_perc": 8.955223880597014,
  "fwhm_avg": 1.9218205555555554,
  "fwhm_x": 1.953005,
  "fwhm_y": 2.131,
  "fwhm_z": 1.6814566666666666,
  "gcor": 0.0123525,
  "gsr_x": -0.021241238340735435,
  "gsr_y": 0.02448221482336521,
  "provenance": {
    "md5sum": "dae451dc7814095ba37d33f1508c3fd9",
    "settings": {
      "fd_thres": 0.2,
      "testing": false
    },
    "software": "mriqc",
    "version": "22.0.6",
    "webapi_port": null,
    "webapi_url": "https://mriqc.nimh.nih.gov/api/v1"
  },
  "size_t": 201,
  "size_x": 128,
  "size_y": 116,
  "size_z": 30,
  "snr": 5.949790874724409,
  "spacing_tr": 2.0,
  "spacing_x": 2.0,
  "spacing_y": 2.0,
  "spacing_z": 3.0,
  "summary_bg_k": 32.90337472744999,
  "summary_bg_mad": 9.286549370982373,
  "summary_bg_mean": 35.669124603271484,
  "summary_bg_median": 16.696517944335938,
  "summary_bg_n": 307400.0,
  "summary_bg_p05": 7.527362823486328,
  "summary_bg_p95": 133.01616668701143,
  "summary_bg_stdv": 67.31935119628906,
  "summary_fg_k": 2.3387318418166494,
  "summary_fg_mad": 120.43012041669033,
  "summary_fg_mean": 797.5925903320312,
  "summary_fg_median": 782.7711181640625,
  "summary_fg_n": 73890.0,
  "summary_fg_p05": 627.2211242675781,
  "summary_fg_p95": 1021.2945129394532,
  "summary_fg_stdv": 131.56190490722656,
  "tsnr": 41.2203411036171
}