{
  "aor": 0.00042701492537313443,
  "aqi": 0.011927628407960201,
  "bids_meta": {
    "AcquisitionMatrixPE": 116,
    "AcquisitionNumber": 1,
    "BandwidthPerPixelPhaseEncode": 23.946,
    "BaseResolution": 128,
    "BodyPartExamined": "BRAIN",
    "ConversionSoftware": "dcm2niix",
    "ConversionSoftwareVersion": "v1.0.20180518 GCC4.8.5",
    "DerivedVendorReportedEchoSpacing": 0.000720011,
    "DwellTime": 2.5e-06,
    "EchoTime": 0.03,
    "EchoTrainLength": 58,
    "EffectiveEchoSpacing": 0.000360005,
    "FlipAngle": 71,
    "ImageOrientationPatientDICOM": [
      1,
      0,
      0,
      0,
      0.944376,
      0.328867
    ],
    "ImageType": [
      "ORIGINAL",
      "PRIMARY",
      "M",
      "ND",
      "NORM",
      "MOSAIC"
    ],
    "InPlanePhaseEncodingDirectionDICOM": "COL",
    "InstitutionName": "Princeton_University_-_Neuroscience_Institute",
    "MRAcquisitionType": "2D",
    "MagneticFieldStrength": 3,
    "Manufacturer": "Siemens",
    "ManufacturersModelName": "Skyra",
    "Modality": "MR",
    "ParallelReductionFactorInPlane": 2,
    "PartialFourier": 1,
    "PatientPosition": "HFS",
    "PercentPhaseFOV": 90.625,
    "PhaseEncodingDirection": "j-",
    "PhaseEncodingSteps": 116,
    "PhaseResolution": 1,
    "PixelBandwidth": 1565,
    "PulseSequenceDetails": "%SiemensSeq%_ep2d_bold",
    "ReceiveCoilActiveElements": "HE1-4",
    "ReceiveCoilName": "HeadNeck_20",
    "ReconMatrixPE": 116,
    "RepetitionTime": 2,
    "SAR": 0.0822539,
    "ScanOptions": "FS",
    "ScanningSequence": "EP",
    "SequenceVariant": "SK",
    "SeriesNumber": 4,
    "ShimSetting": [
      3201,
      10502,
      10022,
      656,
      -347,
      90,
      634,
      -15
    ],
    "SliceThickness": 3,
    "SliceTiming": [
      1,
      0,
      1.065,
      0.065,
      1.1325,
      0.1325,
      1.2,
      0.2,
      1.265,
      0.265,
      1.3325,
      0.3325,
      1.4,
      0.4,
      1.465,
      0.465,
      1.5325,
      0.5325,
      1.6,
      0.6,
      1.665,
      0.665,
      1.7325,
      0.7325,
      1.8,
      0.8,
      1.865,
      0.865,
      1.9325,
      0.9325
    ],
    "SoftwareVersions": "syngo_MR_D11",
    "SpacingBetweenSlices": 3,
    "StationName": "AWP45031",
    "TaskName": "study phase",
    "TotalReadoutTime": 0.0414006,
    "TxRefAmp": 370.115,
    "dataset": "ds001775",
    "modality": "bold",
    "run_id": 1,
    "subject_id": "13",
    "task_id": "restudy"
  },
  "dummy_trs": 0,
  "dvars_nstd": 29.341206254999985,
  "dvars_std": 1.0639021720500001,
  "dvars_vstd": 0.9907030794000004,
  "efc": 0.4638632048769826,
  "fber": 2008.065185546875,
  "fd_mean": 0.05671566829489622,
  "fd_num": 2,
  "fd_perc": 0.9950248756218906,
  "fwhm_avg": 1.9613916666666666,
  "fwhm_x": 1.93223,
  "fwhm_y": 2.229075,
  "fwhm_z": 1.7228700000000001,
  "gcor": 0.03173,
  "gsr_x": -0.026165366172790527,
  "gsr_y": 0.021984543651342392,
  "provenance": {
    "md5sum": "4303af2dd54f1fe0c76d891b1b58252b",
    "settings": {
      "fd_thres": 0.2,
      "testing": false
    },
    "software": "mriqc",
    "version": "22.0.6",
    "webapi_port": null,
    "webapi_url": "https://mriqc.nimh.nih.gov/api/v1"
  },
  "size_t": 201,
  "size_x": 128,
  "size_y": 116,
  "size_z": 30,
  "snr": 6.198307195697829,
  "spacing_tr": 2.0,
  "spacing_x": 2.0,
  "spacing_y": 2.0,
  "spacing_z": 3.0,
  "summary_bg_k": 37.6544318315747,
  "summary_bg_mad": 9.345557893957448,
  "summary_bg_mean": 32.52031707763672,
  "summary_bg_median": 16.91044807434082,
  "summary_bg_n": 315647.0,
  "summary_bg_p05": 7.592039585113525,
  "summary_bg_p95": 108.5472640991211,
  "summary_bg_stdv": 56.29156494140625,
  "summary_fg_k": 2.9033555389957586,
  "summary_fg_mad": 113.48544476006782,
  "summary_fg_mean": 778.04931640625,
  "summary_fg_median": 767.5472412109375,
  "summary_fg_n": 66284.0,
  "summary_fg_p05": 611.8109130859375,
  "summary_fg_p95": 980.9721130371094,
  "summary_fg_stdv": 123.83081817626953,
  "tsnr": 48.87794201821089
}