{
  "aor": 0.0014054577464788732,
  "aqi": 0.017864404964788732,
  "bids_meta": {
    "AcquisitionMatrixPE": 116,
    "AcquisitionNumber": 1,
    "BandwidthPerPixelPhaseEncode": 23.946,
    "BaseResolution": 128,
    "BodyPartExamined": "BRAIN",
    "ConsistencyInfo": "N4_VD11D_LATEST_20110129",
    "ConversionSoftware": "dcm2niix",
    "ConversionSoftwareVersion": "v1.0.20180518 GCC4.8.5",
    "DerivedVendorReportedEchoSpacing": 0.000720011,
    "DwellTime": 2.5e-06,
    "EchoTime": 0.03,
    "EchoTrainLength": 58,
    "EffectiveEchoSpacing": 0.000360005,
    "FlipAngle": 71,
    "ImageOrientationPatientDICOM": [
      1,
      0,
      0,
      0,
      0.944376,
      0.328867
    ],
    "ImageType": [
      "ORIGINAL",
      "PRIMARY",
      "M",
      "ND",
      "NORM",
      "MOSAIC"
    ],
    "InPlanePhaseEncodingDirectionDICOM": "COL",
    "InstitutionName": "Princeton_University_-_Neuroscience_Institute",
    "MRAcquisitionType": "2D",
    "MagneticFieldStrength": 3,
    "Manufacturer": "Siemens",
    "ManufacturersModelName": "Skyra",
    "Modality": "MR",
    "ParallelReductionFactorInPlane": 2,
    "PartialFourier": 1,
    "PatientPosition": "HFS",
    "PercentPhaseFOV": 90.625,
    "PhaseEncodingDirection": "j-",
    "PhaseEncodingSteps": 116,
    "PhaseResolution": 1,
    "PixelBandwidth": 1565,
    "PulseSequenceDetails": "%SiemensSeq%_ep2d_bold",
    "ReceiveCoilActiveElements": "HE1-4",
    "ReceiveCoilName": "HeadNeck_20",
    "ReconMatrixPE": 116,
    "RepetitionTime": 2,
    "SAR": 0.0822545,
    "ScanOptions": "FS",
    "ScanningSequence": "EP",
    "SequenceVariant": "SK",
    "SeriesNumber": 8,
    "ShimSetting": [
      3201,
      10502,
      10022,
      656,
      -347,
      90,
      634,
      -15
    ],
    "SliceThickness": 3,
    "SliceTiming": [
      1,
      0,
      1.0675,
      0.0675,
      1.1325,
      0.1325,
      1.2,
      0.2,
      1.2675,
      0.2675,
      1.3325,
      0.3325,
      1.4,
      0.4,
      1.465,
      0.4675,
      1.5325,
      0.5325,
      1.6,
      0.6,
      1.665,
      0.6675,
      1.7325,
      0.7325,
      1.8,
      0.8,
      1.865,
      0.8675,
      1.9325,
      0.9325
    ],
    "SoftwareVersions": "syngo_MR_D11",
    "SpacingBetweenSlices": 3,
    "StationName": "AWP45031",
    "TaskName": "retrieval-practice/restudy phase",
    "TotalReadoutTime": 0.0414006,
    "TxRefAmp": 370.115,
    "dataset": "ds001775",
    "modality": "bold",
    "run_id": 4,
    "subject_id": "13",
    "task_id": "RP"
  },
  "dummy_trs": 0,
  "dvars_nstd": 32.790409613816266,
  "dvars_std": 1.0949124076678454,
  "dvars_vstd": 0.9929474110954062,
  "efc": 0.4669861306559013,
  "fber": 1949.4619140625,
  "fd_mean": 0.14213301139393483,
  "fd_num": 53,
  "fd_perc": 18.661971830985916,
  "fwhm_avg": 1.9444344444444444,
  "fwhm_x": 1.92518,
  "fwhm_y": 2.23971,
  "fwhm_z": 1.6684133333333333,
  "gcor": 0.0393991,
  "gsr_x": -0.027611233294010162,
  "gsr_y": 0.023909611627459526,
  "provenance": {
    "md5sum": "d11a9d5d62a591d39df1b4ef72ddf1d1",
    "settings": {
      "fd_thres": 0.2,
      "testing": false
    },
    "software": "mriqc",
    "version": "22.0.6",
    "webapi_port": null,
    "webapi_url": "https://mriqc.nimh.nih.gov/api/v1"
  },
  "size_t": 284,
  "size_x": 128,
  "size_y": 116,
  "size_z": 30,
  "snr": 6.2858114079839105,
  "spacing_tr": 2.0,
  "spacing_x": 2.0,
  "spacing_y": 2.0,
  "spacing_z": 3.0,
  "summary_bg_k": 35.69153398396111,
  "summary_bg_mad": 9.396775719621155,
  "summary_bg_mean": 33.82825469970703,
  "summary_bg_median": 17.123239517211914,
  "summary_bg_n": 315234.0,
  "summary_bg_p05": 7.619718074798584,
  "summary_bg_p95": 116.5035171508789,
  "summary_bg_stdv": 59.825592041015625,
  "summary_fg_k": 2.8676856517216835,
  "summary_fg_mad": 110.7045249555021,
  "summary_fg_mean": 773.0638427734375,
  "summary_fg_median": 763.5140991210938,
  "summary_fg_n": 66537.0,
  "summary_fg_p05": 610.4246215820312,
  "summary_fg_p95": 972.9302734375,
  "summary_fg_stdv": 121.46536254882812,
  "tsnr": 42.31088247767184
}