{
  "aor": 0.0007010211267605633,
  "aqi": 0.011308575845070423,
  "bids_meta": {
    "AcquisitionMatrixPE": 116,
    "AcquisitionNumber": 1,
    "BandwidthPerPixelPhaseEncode": 23.946,
    "BaseResolution": 128,
    "BodyPartExamined": "BRAIN",
    "ConsistencyInfo": "N4_VD11D_LATEST_20110129",
    "ConversionSoftware": "dcm2niix",
    "ConversionSoftwareVersion": "v1.0.20180518 GCC4.8.5",
    "DerivedVendorReportedEchoSpacing": 0.000720011,
    "DwellTime": 2.5e-06,
    "EchoTime": 0.03,
    "EchoTrainLength": 58,
    "EffectiveEchoSpacing": 0.000360005,
    "FlipAngle": 71,
    "ImageOrientationPatientDICOM": [
      1,
      0,
      0,
      0,
      0.944376,
      0.328867
    ],
    "ImageType": [
      "ORIGINAL",
      "PRIMARY",
      "M",
      "ND",
      "NORM",
      "MOSAIC"
    ],
    "InPlanePhaseEncodingDirectionDICOM": "COL",
    "InstitutionName": "Princeton_University_-_Neuroscience_Institute",
    "MRAcquisitionType": "2D",
    "MagneticFieldStrength": 3,
    "Manufacturer": "Siemens",
    "ManufacturersModelName": "Skyra",
    "Modality": "MR",
    "ParallelReductionFactorInPlane": 2,
    "PartialFourier": 1,
    "PatientPosition": "HFS",
    "PercentPhaseFOV": 90.625,
    "PhaseEncodingDirection": "j-",
    "PhaseEncodingSteps": 116,
    "PhaseResolution": 1,
    "PixelBandwidth": 1565,
    "PulseSequenceDetails": "%SiemensSeq%_ep2d_bold",
    "ReceiveCoilActiveElements": "HE1-4",
    "ReceiveCoilName": "HeadNeck_20",
    "ReconMatrixPE": 116,
    "RepetitionTime": 2,
    "SAR": 0.0822545,
    "ScanOptions": "FS",
    "ScanningSequence": "EP",
    "SequenceVariant": "SK",
    "SeriesNumber": 8,
    "ShimSetting": [
      3201,
      10502,
      10022,
      656,
      -347,
      90,
      634,
      -15
    ],
    "SliceThickness": 3,
    "SliceTiming": [
      1,
      0,
      1.0675,
      0.0675,
      1.1325,
      0.1325,
      1.2,
      0.2,
      1.2675,
      0.2675,
      1.3325,
      0.3325,
      1.4,
      0.4,
      1.465,
      0.4675,
      1.5325,
      0.5325,
      1.6,
      0.6,
      1.665,
      0.6675,
      1.7325,
      0.7325,
      1.8,
      0.8,
      1.865,
      0.8675,
      1.9325,
      0.9325
    ],
    "SoftwareVersions": "syngo_MR_D11",
    "SpacingBetweenSlices": 3,
    "StationName": "AWP45031",
    "TaskName": "retrieval-practice/restudy phase",
    "TotalReadoutTime": 0.0414006,
    "TxRefAmp": 370.115,
    "dataset": "ds001775",
    "modality": "bold",
    "run_id": 1,
    "subject_id": "13",
    "task_id": "RP"
  },
  "dummy_trs": 0,
  "dvars_nstd": 32.194273696360426,
  "dvars_std": 1.117916649611308,
  "dvars_vstd": 1.0080660362544172,
  "efc": 0.4664835016549752,
  "fber": 1981.3038330078125,
  "fd_mean": 0.10762574894133456,
  "fd_num": 20,
  "fd_perc": 7.042253521126761,
  "fwhm_avg": 1.945336111111111,
  "fwhm_x": 1.91805,
  "fwhm_y": 2.218085,
  "fwhm_z": 1.6998733333333333,
  "gcor": 0.0313962,
  "gsr_x": -0.02828279510140419,
  "gsr_y": 0.02562904730439186,
  "provenance": {
    "md5sum": "a79c939dd3359b85abd048a676b135f0",
    "settings": {
      "fd_thres": 0.2,
      "testing": false
    },
    "software": "mriqc",
    "version": "22.0.6",
    "webapi_port": null,
    "webapi_url": "https://mriqc.nimh.nih.gov/api/v1"
  },
  "size_t": 284,
  "size_x": 128,
  "size_y": 116,
  "size_z": 30,
  "snr": 6.202626806652952,
  "spacing_tr": 2.0,
  "spacing_x": 2.0,
  "spacing_y": 2.0,
  "spacing_z": 3.0,
  "summary_bg_k": 37.46583071139098,
  "summary_bg_mad": 9.433317059242755,
  "summary_bg_mean": 33.79228591918945,
  "summary_bg_median": 17.088027954101562,
  "summary_bg_n": 315355.0,
  "summary_bg_p05": 7.563380241394043,
  "summary_bg_p95": 114.00809707641598,
  "summary_bg_stdv": 59.85464859008789,
  "summary_fg_k": 2.732311566319015,
  "summary_fg_mad": 114.71897089175478,
  "summary_fg_mean": 780.0122680664062,
  "summary_fg_median": 769.5070190429688,
  "summary_fg_n": 66421.0,
  "summary_fg_p05": 613.7570190429688,
  "summary_fg_p95": 984.559814453125,
  "summary_fg_stdv": 124.06053924560547,
  "tsnr": 48.91478491039015
}