{
  "aor": 0.00033302816901408454,
  "aqi": 0.020632948309859154,
  "bids_meta": {
    "AcquisitionMatrixPE": 116,
    "AcquisitionNumber": 1,
    "BandwidthPerPixelPhaseEncode": 23.946,
    "BaseResolution": 128,
    "BodyPartExamined": "BRAIN",
    "ConsistencyInfo": "N4_VD11D_LATEST_20110129",
    "ConversionSoftware": "dcm2niix",
    "ConversionSoftwareVersion": "v1.0.20180518 GCC4.8.5",
    "DerivedVendorReportedEchoSpacing": 0.000720011,
    "DwellTime": 2.5e-06,
    "EchoTime": 0.03,
    "EchoTrainLength": 58,
    "EffectiveEchoSpacing": 0.000360005,
    "FlipAngle": 71,
    "ImageOrientationPatientDICOM": [
      1,
      0,
      0,
      0,
      0.944376,
      0.328867
    ],
    "ImageType": [
      "ORIGINAL",
      "PRIMARY",
      "M",
      "ND",
      "NORM",
      "MOSAIC"
    ],
    "InPlanePhaseEncodingDirectionDICOM": "COL",
    "InstitutionName": "Princeton_University_-_Neuroscience_Institute",
    "MRAcquisitionType": "2D",
    "MagneticFieldStrength": 3,
    "Manufacturer": "Siemens",
    "ManufacturersModelName": "Skyra",
    "Modality": "MR",
    "ParallelReductionFactorInPlane": 2,
    "PartialFourier": 1,
    "PatientPosition": "HFS",
    "PercentPhaseFOV": 90.625,
    "PhaseEncodingDirection": "j-",
    "PhaseEncodingSteps": 116,
    "PhaseResolution": 1,
    "PixelBandwidth": 1565,
    "PulseSequenceDetails": "%SiemensSeq%_ep2d_bold",
    "ReceiveCoilActiveElements": "HE1-4",
    "ReceiveCoilName": "HeadNeck_20",
    "ReconMatrixPE": 116,
    "RepetitionTime": 2,
    "SAR": 0.0822545,
    "ScanOptions": "FS",
    "ScanningSequence": "EP",
    "SequenceVariant": "SK",
    "SeriesNumber": 8,
    "ShimSetting": [
      3201,
      10502,
      10022,
      656,
      -347,
      90,
      634,
      -15
    ],
    "SliceThickness": 3,
    "SliceTiming": [
      1,
      0,
      1.0675,
      0.0675,
      1.1325,
      0.1325,
      1.2,
      0.2,
      1.2675,
      0.2675,
      1.3325,
      0.3325,
      1.4,
      0.4,
      1.465,
      0.4675,
      1.5325,
      0.5325,
      1.6,
      0.6,
      1.665,
      0.6675,
      1.7325,
      0.7325,
      1.8,
      0.8,
      1.865,
      0.8675,
      1.9325,
      0.9325
    ],
    "SoftwareVersions": "syngo_MR_D11",
    "SpacingBetweenSlices": 3,
    "StationName": "AWP45031",
    "TaskName": "retrieval-practice/restudy phase",
    "TotalReadoutTime": 0.0414006,
    "TxRefAmp": 370.115,
    "dataset": "ds001775",
    "modality": "bold",
    "run_id": 2,
    "subject_id": "13",
    "task_id": "RP"
  },
  "dummy_trs": 0,
  "dvars_nstd": 33.531314897173154,
  "dvars_std": 1.0647398789399294,
  "dvars_vstd": 0.9596014798586564,
  "efc": 0.46724742911424977,
  "fber": 1925.5499267578125,
  "fd_mean": 0.1470703753615856,
  "fd_num": 48,
  "fd_perc": 16.901408450704224,
  "fwhm_avg": 1.9474972222222222,
  "fwhm_x": 1.91132,
  "fwhm_y": 2.239195,
  "fwhm_z": 1.6919766666666665,
  "gcor": 0.0470437,
  "gsr_x": -0.02821003645658493,
  "gsr_y": 0.02590935491025448,
  "provenance": {
    "md5sum": "2a9284eaa9befe183a68aec4a81f0649",
    "settings": {
      "fd_thres": 0.2,
      "testing": false
    },
    "software": "mriqc",
    "version": "22.0.6",
    "webapi_port": null,
    "webapi_url": "https://mriqc.nimh.nih.gov/api/v1"
  },
  "size_t": 284,
  "size_x": 128,
  "size_y": 116,
  "size_z": 30,
  "snr": 6.308762261472584,
  "spacing_tr": 2.0,
  "spacing_x": 2.0,
  "spacing_y": 2.0,
  "spacing_z": 3.0,
  "summary_bg_k": 35.813225920269616,
  "summary_bg_mad": 9.610810635574527,
  "summary_bg_mean": 34.140445709228516,
  "summary_bg_median": 17.327465057373047,
  "summary_bg_n": 315435.0,
  "summary_bg_p05": 7.616197109222412,
  "summary_bg_p95": 117.17358856201167,
  "summary_bg_stdv": 60.089717864990234,
  "summary_fg_k": 2.616225874003721,
  "summary_fg_mad": 112.70645420843175,
  "summary_fg_mean": 778.8948364257812,
  "summary_fg_median": 769.100341796875,
  "summary_fg_n": 66282.0,
  "summary_fg_p05": 615.1938385009765,
  "summary_fg_p95": 980.4483947753905,
  "summary_fg_stdv": 121.90894317626953,
  "tsnr": 41.26616454788018
}