{
  "aor": 0.0017053521126760565,
  "aqi": 0.027968704929577468,
  "bids_meta": {
    "AcquisitionMatrixPE": 116,
    "AcquisitionNumber": 1,
    "BandwidthPerPixelPhaseEncode": 23.946,
    "BaseResolution": 128,
    "BodyPartExamined": "BRAIN",
    "ConsistencyInfo": "N4_VD11D_LATEST_20110129",
    "ConversionSoftware": "dcm2niix",
    "ConversionSoftwareVersion": "v1.0.20180518 GCC4.8.5",
    "DerivedVendorReportedEchoSpacing": 0.000720011,
    "DwellTime": 2.5e-06,
    "EchoTime": 0.03,
    "EchoTrainLength": 58,
    "EffectiveEchoSpacing": 0.000360005,
    "FlipAngle": 71,
    "ImageOrientationPatientDICOM": [
      1,
      0,
      0,
      0,
      0.944376,
      0.328867
    ],
    "ImageType": [
      "ORIGINAL",
      "PRIMARY",
      "M",
      "ND",
      "NORM",
      "MOSAIC"
    ],
    "InPlanePhaseEncodingDirectionDICOM": "COL",
    "InstitutionName": "Princeton_University_-_Neuroscience_Institute",
    "MRAcquisitionType": "2D",
    "MagneticFieldStrength": 3,
    "Manufacturer": "Siemens",
    "ManufacturersModelName": "Skyra",
    "Modality": "MR",
    "ParallelReductionFactorInPlane": 2,
    "PartialFourier": 1,
    "PatientPosition": "HFS",
    "PercentPhaseFOV": 90.625,
    "PhaseEncodingDirection": "j-",
    "PhaseEncodingSteps": 116,
    "PhaseResolution": 1,
    "PixelBandwidth": 1565,
    "PulseSequenceDetails": "%SiemensSeq%_ep2d_bold",
    "ReceiveCoilActiveElements": "HE1-4",
    "ReceiveCoilName": "HeadNeck_20",
    "ReconMatrixPE": 116,
    "RepetitionTime": 2,
    "SAR": 0.0822545,
    "ScanOptions": "FS",
    "ScanningSequence": "EP",
    "SequenceVariant": "SK",
    "SeriesNumber": 8,
    "ShimSetting": [
      3201,
      10502,
      10022,
      656,
      -347,
      90,
      634,
      -15
    ],
    "SliceThickness": 3,
    "SliceTiming": [
      1,
      0,
      1.0675,
      0.0675,
      1.1325,
      0.1325,
      1.2,
      0.2,
      1.2675,
      0.2675,
      1.3325,
      0.3325,
      1.4,
      0.4,
      1.465,
      0.4675,
      1.5325,
      0.5325,
      1.6,
      0.6,
      1.665,
      0.6675,
      1.7325,
      0.7325,
      1.8,
      0.8,
      1.865,
      0.8675,
      1.9325,
      0.9325
    ],
    "SoftwareVersions": "syngo_MR_D11",
    "SpacingBetweenSlices": 3,
    "StationName": "AWP45031",
    "TaskName": "retrieval-practice/restudy phase",
    "TotalReadoutTime": 0.0414006,
    "TxRefAmp": 370.115,
    "dataset": "ds001775",
    "modality": "bold",
    "run_id": 4,
    "subject_id": "23",
    "task_id": "RP"
  },
  "dummy_trs": 0,
  "dvars_nstd": 46.402747582049486,
  "dvars_std": 1.1515416367137812,
  "dvars_vstd": 1.0081291306713784,
  "efc": 0.5264945976078115,
  "fber": 1380.2340087890625,
  "fd_mean": 0.24567083403068707,
  "fd_num": 193,
  "fd_perc": 67.95774647887323,
  "fwhm_avg": 1.8131355555555555,
  "fwhm_x": 1.74951,
  "fwhm_y": 2.12968,
  "fwhm_z": 1.5602166666666666,
  "gcor": 0.0142572,
  "gsr_x": -0.025707213208079338,
  "gsr_y": 0.0481652095913887,
  "provenance": {
    "md5sum": "2f3716f55dc4a82bbb9400f0eb1c5f79",
    "settings": {
      "fd_thres": 0.2,
      "testing": false
    },
    "software": "mriqc",
    "version": "22.0.6",
    "webapi_port": null,
    "webapi_url": "https://mriqc.nimh.nih.gov/api/v1"
  },
  "size_t": 284,
  "size_x": 128,
  "size_y": 116,
  "size_z": 30,
  "snr": 6.167278423242287,
  "spacing_tr": 2.0,
  "spacing_x": 2.0,
  "spacing_y": 2.0,
  "spacing_z": 3.0,
  "summary_bg_k": 21.384903307309507,
  "summary_bg_mad": 10.503505778206184,
  "summary_bg_mean": 47.74132537841797,
  "summary_bg_median": 20.306337356567383,
  "summary_bg_n": 295970.0,
  "summary_bg_p05": 9.246479034423828,
  "summary_bg_p95": 201.92799453735347,
  "summary_bg_stdv": 81.83676147460938,
  "summary_fg_k": 4.119900984470158,
  "summary_fg_mad": 98.25370681288595,
  "summary_fg_mean": 768.6344604492188,
  "summary_fg_median": 761.7042236328125,
  "summary_fg_n": 83819.0,
  "summary_fg_p05": 604.6499633789062,
  "summary_fg_p95": 965.1147460937492,
  "summary_fg_stdv": 123.5066146850586,
  "tsnr": 34.88278548466042
}