{
  "aor": 0.0027672887323943666,
  "aqi": 0.020977470422535213,
  "bids_meta": {
    "AcquisitionMatrixPE": 116,
    "AcquisitionNumber": 1,
    "BandwidthPerPixelPhaseEncode": 23.946,
    "BaseResolution": 128,
    "BodyPartExamined": "BRAIN",
    "ConsistencyInfo": "N4_VD11D_LATEST_20110129",
    "ConversionSoftware": "dcm2niix",
    "ConversionSoftwareVersion": "v1.0.20180518 GCC4.8.5",
    "DerivedVendorReportedEchoSpacing": 0.000720011,
    "DwellTime": 2.5e-06,
    "EchoTime": 0.03,
    "EchoTrainLength": 58,
    "EffectiveEchoSpacing": 0.000360005,
    "FlipAngle": 71,
    "ImageOrientationPatientDICOM": [
      1,
      0,
      0,
      0,
      0.944376,
      0.328867
    ],
    "ImageType": [
      "ORIGINAL",
      "PRIMARY",
      "M",
      "ND",
      "NORM",
      "MOSAIC"
    ],
    "InPlanePhaseEncodingDirectionDICOM": "COL",
    "InstitutionName": "Princeton_University_-_Neuroscience_Institute",
    "MRAcquisitionType": "2D",
    "MagneticFieldStrength": 3,
    "Manufacturer": "Siemens",
    "ManufacturersModelName": "Skyra",
    "Modality": "MR",
    "ParallelReductionFactorInPlane": 2,
    "PartialFourier": 1,
    "PatientPosition": "HFS",
    "PercentPhaseFOV": 90.625,
    "PhaseEncodingDirection": "j-",
    "PhaseEncodingSteps": 116,
    "PhaseResolution": 1,
    "PixelBandwidth": 1565,
    "PulseSequenceDetails": "%SiemensSeq%_ep2d_bold",
    "ReceiveCoilActiveElements": "HE1-4",
    "ReceiveCoilName": "HeadNeck_20",
    "ReconMatrixPE": 116,
    "RepetitionTime": 2,
    "SAR": 0.0822545,
    "ScanOptions": "FS",
    "ScanningSequence": "EP",
    "SequenceVariant": "SK",
    "SeriesNumber": 8,
    "ShimSetting": [
      3201,
      10502,
      10022,
      656,
      -347,
      90,
      634,
      -15
    ],
    "SliceThickness": 3,
    "SliceTiming": [
      1,
      0,
      1.0675,
      0.0675,
      1.1325,
      0.1325,
      1.2,
      0.2,
      1.2675,
      0.2675,
      1.3325,
      0.3325,
      1.4,
      0.4,
      1.465,
      0.4675,
      1.5325,
      0.5325,
      1.6,
      0.6,
      1.665,
      0.6675,
      1.7325,
      0.7325,
      1.8,
      0.8,
      1.865,
      0.8675,
      1.9325,
      0.9325
    ],
    "SoftwareVersions": "syngo_MR_D11",
    "SpacingBetweenSlices": 3,
    "StationName": "AWP45031",
    "TaskName": "retrieval-practice/restudy phase",
    "TotalReadoutTime": 0.0414006,
    "TxRefAmp": 370.115,
    "dataset": "ds001775",
    "modality": "bold",
    "run_id": 1,
    "subject_id": "23",
    "task_id": "RP"
  },
  "dummy_trs": 0,
  "dvars_nstd": 40.83006774611311,
  "dvars_std": 1.1195696997173146,
  "dvars_vstd": 0.9974607728268552,
  "efc": 0.5288423182736187,
  "fber": 1372.6607666015625,
  "fd_mean": 0.19673160856412297,
  "fd_num": 99,
  "fd_perc": 34.859154929577464,
  "fwhm_avg": 1.8339216666666667,
  "fwhm_x": 1.763105,
  "fwhm_y": 2.13402,
  "fwhm_z": 1.60464,
  "gcor": 0.0360956,
  "gsr_x": -0.027344239875674248,
  "gsr_y": 0.05048397555947304,
  "provenance": {
    "md5sum": "24cffa5100dbe71289bd4727824c27f5",
    "settings": {
      "fd_thres": 0.2,
      "testing": false
    },
    "software": "mriqc",
    "version": "22.0.6",
    "webapi_port": null,
    "webapi_url": "https://mriqc.nimh.nih.gov/api/v1"
  },
  "size_t": 284,
  "size_x": 128,
  "size_y": 116,
  "size_z": 30,
  "snr": 6.1710015770688145,
  "spacing_tr": 2.0,
  "spacing_x": 2.0,
  "spacing_y": 2.0,
  "spacing_z": 3.0,
  "summary_bg_k": 20.598026814013444,
  "summary_bg_mad": 10.696661342581157,
  "summary_bg_mean": 49.240966796875,
  "summary_bg_median": 20.496479034423828,
  "summary_bg_n": 295574.0,
  "summary_bg_p05": 9.288732528686523,
  "summary_bg_p95": 211.527638244628,
  "summary_bg_stdv": 84.4945297241211,
  "summary_fg_k": 3.9236955360871058,
  "summary_fg_mad": 100.79867170505219,
  "summary_fg_mean": 774.5347900390625,
  "summary_fg_median": 766.7112426757812,
  "summary_fg_n": 84236.0,
  "summary_fg_p05": 610.1857299804688,
  "summary_fg_p95": 972.9198913574219,
  "summary_fg_stdv": 124.24347686767578,
  "tsnr": 37.71487011015415
}