{
  "aor": 0.0016558208955223881,
  "aqi": 0.01898842263681592,
  "bids_meta": {
    "AcquisitionMatrixPE": 116,
    "AcquisitionNumber": 1,
    "BandwidthPerPixelPhaseEncode": 23.946,
    "BaseResolution": 128,
    "BodyPartExamined": "BRAIN",
    "ConversionSoftware": "dcm2niix",
    "ConversionSoftwareVersion": "v1.0.20180518 GCC4.8.5",
    "DerivedVendorReportedEchoSpacing": 0.000720011,
    "DwellTime": 2.5e-06,
    "EchoTime": 0.03,
    "EchoTrainLength": 58,
    "EffectiveEchoSpacing": 0.000360005,
    "FlipAngle": 71,
    "ImageOrientationPatientDICOM": [
      1,
      0,
      0,
      0,
      0.944376,
      0.328867
    ],
    "ImageType": [
      "ORIGINAL",
      "PRIMARY",
      "M",
      "ND",
      "NORM",
      "MOSAIC"
    ],
    "InPlanePhaseEncodingDirectionDICOM": "COL",
    "InstitutionName": "Princeton_University_-_Neuroscience_Institute",
    "MRAcquisitionType": "2D",
    "MagneticFieldStrength": 3,
    "Manufacturer": "Siemens",
    "ManufacturersModelName": "Skyra",
    "Modality": "MR",
    "ParallelReductionFactorInPlane": 2,
    "PartialFourier": 1,
    "PatientPosition": "HFS",
    "PercentPhaseFOV": 90.625,
    "PhaseEncodingDirection": "j-",
    "PhaseEncodingSteps": 116,
    "PhaseResolution": 1,
    "PixelBandwidth": 1565,
    "PulseSequenceDetails": "%SiemensSeq%_ep2d_bold",
    "ReceiveCoilActiveElements": "HE1-4",
    "ReceiveCoilName": "HeadNeck_20",
    "ReconMatrixPE": 116,
    "RepetitionTime": 2,
    "SAR": 0.0822539,
    "ScanOptions": "FS",
    "ScanningSequence": "EP",
    "SequenceVariant": "SK",
    "SeriesNumber": 4,
    "ShimSetting": [
      3201,
      10502,
      10022,
      656,
      -347,
      90,
      634,
      -15
    ],
    "SliceThickness": 3,
    "SliceTiming": [
      1,
      0,
      1.065,
      0.065,
      1.1325,
      0.1325,
      1.2,
      0.2,
      1.265,
      0.265,
      1.3325,
      0.3325,
      1.4,
      0.4,
      1.465,
      0.465,
      1.5325,
      0.5325,
      1.6,
      0.6,
      1.665,
      0.665,
      1.7325,
      0.7325,
      1.8,
      0.8,
      1.865,
      0.865,
      1.9325,
      0.9325
    ],
    "SoftwareVersions": "syngo_MR_D11",
    "SpacingBetweenSlices": 3,
    "StationName": "AWP45031",
    "TaskName": "study phase",
    "TotalReadoutTime": 0.0414006,
    "TxRefAmp": 370.115,
    "dataset": "ds001775",
    "modality": "bold",
    "run_id": 2,
    "subject_id": "17",
    "task_id": "restudy"
  },
  "dummy_trs": 0,
  "dvars_nstd": 32.21365886659999,
  "dvars_std": 1.0487541714500008,
  "dvars_vstd": 0.9671233253500003,
  "efc": 0.4607252328516732,
  "fber": 1751.0743408203125,
  "fd_mean": 0.15132912302152693,
  "fd_num": 26,
  "fd_perc": 12.935323383084578,
  "fwhm_avg": 1.9158044444444444,
  "fwhm_x": 1.921825,
  "fwhm_y": 2.160125,
  "fwhm_z": 1.6654633333333333,
  "gcor": 0.0208959,
  "gsr_x": -0.026245547458529472,
  "gsr_y": 0.022275160998106003,
  "provenance": {
    "md5sum": "2e965c1c7dedee1df164bedf5bb137fc",
    "settings": {
      "fd_thres": 0.2,
      "testing": false
    },
    "software": "mriqc",
    "version": "22.0.6",
    "webapi_port": null,
    "webapi_url": "https://mriqc.nimh.nih.gov/api/v1"
  },
  "size_t": 201,
  "size_x": 128,
  "size_y": 116,
  "size_z": 30,
  "snr": 6.008781037125021,
  "spacing_tr": 2.0,
  "spacing_x": 2.0,
  "spacing_y": 2.0,
  "spacing_z": 3.0,
  "summary_bg_k": 43.74454339717649,
  "summary_bg_mad": 7.143781701874956,
  "summary_bg_mean": 30.809452056884766,
  "summary_bg_median": 17.248756408691406,
  "summary_bg_n": 317532.0,
  "summary_bg_p05": 9.64676570892334,
  "summary_bg_p95": 98.09178810119634,
  "summary_bg_stdv": 49.94116973876953,
  "summary_fg_k": 2.8805571403453154,
  "summary_fg_mad": 109.48398426194719,
  "summary_fg_mean": 737.3952026367188,
  "summary_fg_median": 723.5323486328125,
  "summary_fg_n": 65087.0,
  "summary_fg_p05": 579.5139343261719,
  "summary_fg_p95": 933.7930358886719,
  "summary_fg_stdv": 120.41157531738281,
  "tsnr": 42.80148346396163
}