{
  "aor": 0.0004537313432835821,
  "aqi": 0.01320281766169154,
  "bids_meta": {
    "AcquisitionMatrixPE": 116,
    "AcquisitionNumber": 1,
    "BandwidthPerPixelPhaseEncode": 23.946,
    "BaseResolution": 128,
    "BodyPartExamined": "BRAIN",
    "ConversionSoftware": "dcm2niix",
    "ConversionSoftwareVersion": "v1.0.20180518 GCC4.8.5",
    "DerivedVendorReportedEchoSpacing": 0.000720011,
    "DwellTime": 2.5e-06,
    "EchoTime": 0.03,
    "EchoTrainLength": 58,
    "EffectiveEchoSpacing": 0.000360005,
    "FlipAngle": 71,
    "ImageOrientationPatientDICOM": [
      1,
      0,
      0,
      0,
      0.944376,
      0.328867
    ],
    "ImageType": [
      "ORIGINAL",
      "PRIMARY",
      "M",
      "ND",
      "NORM",
      "MOSAIC"
    ],
    "InPlanePhaseEncodingDirectionDICOM": "COL",
    "InstitutionName": "Princeton_University_-_Neuroscience_Institute",
    "MRAcquisitionType": "2D",
    "MagneticFieldStrength": 3,
    "Manufacturer": "Siemens",
    "ManufacturersModelName": "Skyra",
    "Modality": "MR",
    "ParallelReductionFactorInPlane": 2,
    "PartialFourier": 1,
    "PatientPosition": "HFS",
    "PercentPhaseFOV": 90.625,
    "PhaseEncodingDirection": "j-",
    "PhaseEncodingSteps": 116,
    "PhaseResolution": 1,
    "PixelBandwidth": 1565,
    "PulseSequenceDetails": "%SiemensSeq%_ep2d_bold",
    "ReceiveCoilActiveElements": "HE1-4",
    "ReceiveCoilName": "HeadNeck_20",
    "ReconMatrixPE": 116,
    "RepetitionTime": 2,
    "SAR": 0.0822539,
    "ScanOptions": "FS",
    "ScanningSequence": "EP",
    "SequenceVariant": "SK",
    "SeriesNumber": 4,
    "ShimSetting": [
      3201,
      10502,
      10022,
      656,
      -347,
      90,
      634,
      -15
    ],
    "SliceThickness": 3,
    "SliceTiming": [
      1,
      0,
      1.065,
      0.065,
      1.1325,
      0.1325,
      1.2,
      0.2,
      1.265,
      0.265,
      1.3325,
      0.3325,
      1.4,
      0.4,
      1.465,
      0.465,
      1.5325,
      0.5325,
      1.6,
      0.6,
      1.665,
      0.665,
      1.7325,
      0.7325,
      1.8,
      0.8,
      1.865,
      0.865,
      1.9325,
      0.9325
    ],
    "SoftwareVersions": "syngo_MR_D11",
    "SpacingBetweenSlices": 3,
    "StationName": "AWP45031",
    "TaskName": "study phase",
    "TotalReadoutTime": 0.0414006,
    "TxRefAmp": 370.115,
    "dataset": "ds001775",
    "modality": "bold",
    "run_id": 1,
    "subject_id": "17",
    "task_id": "restudy"
  },
  "dummy_trs": 0,
  "dvars_nstd": 30.8829925917,
  "dvars_std": 1.0627611306500004,
  "dvars_vstd": 0.9776975336499999,
  "efc": 0.456262234933927,
  "fber": 1784.626708984375,
  "fd_mean": 0.10464419982203856,
  "fd_num": 14,
  "fd_perc": 6.965174129353234,
  "fwhm_avg": 1.9191094444444445,
  "fwhm_x": 1.913225,
  "fwhm_y": 2.14622,
  "fwhm_z": 1.6978833333333334,
  "gcor": 0.0277399,
  "gsr_x": -0.02412162721157074,
  "gsr_y": 0.01749435067176819,
  "provenance": {
    "md5sum": "44a10638438102dc044368857ae7ceb4",
    "settings": {
      "fd_thres": 0.2,
      "testing": false
    },
    "software": "mriqc",
    "version": "22.0.6",
    "webapi_port": null,
    "webapi_url": "https://mriqc.nimh.nih.gov/api/v1"
  },
  "size_t": 201,
  "size_x": 128,
  "size_y": 116,
  "size_z": 30,
  "snr": 5.874763265413927,
  "spacing_tr": 2.0,
  "spacing_x": 2.0,
  "spacing_y": 2.0,
  "spacing_z": 3.0,
  "summary_bg_k": 47.186632376178174,
  "summary_bg_mad": 6.9409372530487765,
  "summary_bg_mean": 29.663848876953125,
  "summary_bg_median": 17.184080123901367,
  "summary_bg_n": 318118.0,
  "summary_bg_p05": 9.67164134979248,
  "summary_bg_p95": 88.9019897460934,
  "summary_bg_stdv": 48.12819290161133,
  "summary_fg_k": 3.076753739232382,
  "summary_fg_mad": 112.12084262047648,
  "summary_fg_mean": 744.971923828125,
  "summary_fg_median": 730.00244140625,
  "summary_fg_n": 64656.0,
  "summary_fg_p05": 583.5099639892578,
  "summary_fg_p95": 948.855712890625,
  "summary_fg_stdv": 124.25978088378906,
  "tsnr": 46.0979901853716
}