{
  "aor": 0.0007649647887323943,
  "aqi": 0.01056768764084507,
  "bids_meta": {
    "AcquisitionMatrixPE": 116,
    "AcquisitionNumber": 1,
    "BandwidthPerPixelPhaseEncode": 23.946,
    "BaseResolution": 128,
    "BodyPartExamined": "BRAIN",
    "ConsistencyInfo": "N4_VD11D_LATEST_20110129",
    "ConversionSoftware": "dcm2niix",
    "ConversionSoftwareVersion": "v1.0.20180518 GCC4.8.5",
    "DerivedVendorReportedEchoSpacing": 0.000720011,
    "DwellTime": 2.5e-06,
    "EchoTime": 0.03,
    "EchoTrainLength": 58,
    "EffectiveEchoSpacing": 0.000360005,
    "FlipAngle": 71,
    "ImageOrientationPatientDICOM": [
      1,
      0,
      0,
      0,
      0.944376,
      0.328867
    ],
    "ImageType": [
      "ORIGINAL",
      "PRIMARY",
      "M",
      "ND",
      "NORM",
      "MOSAIC"
    ],
    "InPlanePhaseEncodingDirectionDICOM": "COL",
    "InstitutionName": "Princeton_University_-_Neuroscience_Institute",
    "MRAcquisitionType": "2D",
    "MagneticFieldStrength": 3,
    "Manufacturer": "Siemens",
    "ManufacturersModelName": "Skyra",
    "Modality": "MR",
    "ParallelReductionFactorInPlane": 2,
    "PartialFourier": 1,
    "PatientPosition": "HFS",
    "PercentPhaseFOV": 90.625,
    "PhaseEncodingDirection": "j-",
    "PhaseEncodingSteps": 116,
    "PhaseResolution": 1,
    "PixelBandwidth": 1565,
    "PulseSequenceDetails": "%SiemensSeq%_ep2d_bold",
    "ReceiveCoilActiveElements": "HE1-4",
    "ReceiveCoilName": "HeadNeck_20",
    "ReconMatrixPE": 116,
    "RepetitionTime": 2,
    "SAR": 0.0822545,
    "ScanOptions": "FS",
    "ScanningSequence": "EP",
    "SequenceVariant": "SK",
    "SeriesNumber": 8,
    "ShimSetting": [
      3201,
      10502,
      10022,
      656,
      -347,
      90,
      634,
      -15
    ],
    "SliceThickness": 3,
    "SliceTiming": [
      1,
      0,
      1.0675,
      0.0675,
      1.1325,
      0.1325,
      1.2,
      0.2,
      1.2675,
      0.2675,
      1.3325,
      0.3325,
      1.4,
      0.4,
      1.465,
      0.4675,
      1.5325,
      0.5325,
      1.6,
      0.6,
      1.665,
      0.6675,
      1.7325,
      0.7325,
      1.8,
      0.8,
      1.865,
      0.8675,
      1.9325,
      0.9325
    ],
    "SoftwareVersions": "syngo_MR_D11",
    "SpacingBetweenSlices": 3,
    "StationName": "AWP45031",
    "TaskName": "retrieval-practice/restudy phase",
    "TotalReadoutTime": 0.0414006,
    "TxRefAmp": 370.115,
    "dataset": "ds001775",
    "modality": "bold",
    "run_id": 4,
    "subject_id": "17",
    "task_id": "RP"
  },
  "dummy_trs": 0,
  "dvars_nstd": 34.13216160893994,
  "dvars_std": 1.1189965039222627,
  "dvars_vstd": 1.0040610109893993,
  "efc": 0.4599466528795583,
  "fber": 1740.986328125,
  "fd_mean": 0.14284875553228227,
  "fd_num": 41,
  "fd_perc": 14.43661971830986,
  "fwhm_avg": 1.9023844444444444,
  "fwhm_x": 1.89842,
  "fwhm_y": 2.12016,
  "fwhm_z": 1.6885733333333333,
  "gcor": 0.0786381,
  "gsr_x": -0.026019813492894173,
  "gsr_y": 0.020432572811841965,
  "provenance": {
    "md5sum": "8d8522adeede4662d86ee5c2633604b9",
    "settings": {
      "fd_thres": 0.2,
      "testing": false
    },
    "software": "mriqc",
    "version": "22.0.6",
    "webapi_port": null,
    "webapi_url": "https://mriqc.nimh.nih.gov/api/v1"
  },
  "size_t": 284,
  "size_x": 128,
  "size_y": 116,
  "size_z": 30,
  "snr": 5.989921633748926,
  "spacing_tr": 2.0,
  "spacing_x": 2.0,
  "spacing_y": 2.0,
  "spacing_z": 3.0,
  "summary_bg_k": 45.62356305591805,
  "summary_bg_mad": 7.146770021070524,
  "summary_bg_mean": 30.817306518554688,
  "summary_bg_median": 17.323944091796875,
  "summary_bg_n": 317657.0,
  "summary_bg_p05": 9.685915565490726,
  "summary_bg_p95": 96.75492553710946,
  "summary_bg_stdv": 51.0535888671875,
  "summary_fg_k": 2.9603721298906427,
  "summary_fg_mad": 110.328580685679,
  "summary_fg_mean": 741.4545288085938,
  "summary_fg_median": 727.5352172851562,
  "summary_fg_n": 64936.0,
  "summary_fg_p05": 583.4674377441406,
  "summary_fg_p95": 939.68310546875,
  "summary_fg_stdv": 121.45895385742188,
  "tsnr": 47.810322336503305
}