{
  "aor": 0.0006996126760563381,
  "aqi": 0.012039005704225352,
  "bids_meta": {
    "AcquisitionMatrixPE": 116,
    "AcquisitionNumber": 1,
    "BandwidthPerPixelPhaseEncode": 23.946,
    "BaseResolution": 128,
    "BodyPartExamined": "BRAIN",
    "ConsistencyInfo": "N4_VD11D_LATEST_20110129",
    "ConversionSoftware": "dcm2niix",
    "ConversionSoftwareVersion": "v1.0.20180518 GCC4.8.5",
    "DerivedVendorReportedEchoSpacing": 0.000720011,
    "DwellTime": 2.5e-06,
    "EchoTime": 0.03,
    "EchoTrainLength": 58,
    "EffectiveEchoSpacing": 0.000360005,
    "FlipAngle": 71,
    "ImageOrientationPatientDICOM": [
      1,
      0,
      0,
      0,
      0.944376,
      0.328867
    ],
    "ImageType": [
      "ORIGINAL",
      "PRIMARY",
      "M",
      "ND",
      "NORM",
      "MOSAIC"
    ],
    "InPlanePhaseEncodingDirectionDICOM": "COL",
    "InstitutionName": "Princeton_University_-_Neuroscience_Institute",
    "MRAcquisitionType": "2D",
    "MagneticFieldStrength": 3,
    "Manufacturer": "Siemens",
    "ManufacturersModelName": "Skyra",
    "Modality": "MR",
    "ParallelReductionFactorInPlane": 2,
    "PartialFourier": 1,
    "PatientPosition": "HFS",
    "PercentPhaseFOV": 90.625,
    "PhaseEncodingDirection": "j-",
    "PhaseEncodingSteps": 116,
    "PhaseResolution": 1,
    "PixelBandwidth": 1565,
    "PulseSequenceDetails": "%SiemensSeq%_ep2d_bold",
    "ReceiveCoilActiveElements": "HE1-4",
    "ReceiveCoilName": "HeadNeck_20",
    "ReconMatrixPE": 116,
    "RepetitionTime": 2,
    "SAR": 0.0822545,
    "ScanOptions": "FS",
    "ScanningSequence": "EP",
    "SequenceVariant": "SK",
    "SeriesNumber": 8,
    "ShimSetting": [
      3201,
      10502,
      10022,
      656,
      -347,
      90,
      634,
      -15
    ],
    "SliceThickness": 3,
    "SliceTiming": [
      1,
      0,
      1.0675,
      0.0675,
      1.1325,
      0.1325,
      1.2,
      0.2,
      1.2675,
      0.2675,
      1.3325,
      0.3325,
      1.4,
      0.4,
      1.465,
      0.4675,
      1.5325,
      0.5325,
      1.6,
      0.6,
      1.665,
      0.6675,
      1.7325,
      0.7325,
      1.8,
      0.8,
      1.865,
      0.8675,
      1.9325,
      0.9325
    ],
    "SoftwareVersions": "syngo_MR_D11",
    "SpacingBetweenSlices": 3,
    "StationName": "AWP45031",
    "TaskName": "retrieval-practice/restudy phase",
    "TotalReadoutTime": 0.0414006,
    "TxRefAmp": 370.115,
    "dataset": "ds001775",
    "modality": "bold",
    "run_id": 2,
    "subject_id": "17",
    "task_id": "RP"
  },
  "dummy_trs": 0,
  "dvars_nstd": 34.846452793922296,
  "dvars_std": 1.1100052208833926,
  "dvars_vstd": 0.9996608252650179,
  "efc": 0.45890247150386543,
  "fber": 1774.93017578125,
  "fd_mean": 0.17703267881196091,
  "fd_num": 90,
  "fd_perc": 31.690140845070424,
  "fwhm_avg": 1.9000705555555555,
  "fwhm_x": 1.90253,
  "fwhm_y": 2.112735,
  "fwhm_z": 1.6849466666666668,
  "gcor": 0.0571499,
  "gsr_x": -0.0256915632635355,
  "gsr_y": 0.020504027605056763,
  "provenance": {
    "md5sum": "151f15e3677d4a894d4d52bc5b531dbf",
    "settings": {
      "fd_thres": 0.2,
      "testing": false
    },
    "software": "mriqc",
    "version": "22.0.6",
    "webapi_port": null,
    "webapi_url": "https://mriqc.nimh.nih.gov/api/v1"
  },
  "size_t": 284,
  "size_x": 128,
  "size_y": 116,
  "size_z": 30,
  "snr": 5.966250505242333,
  "spacing_tr": 2.0,
  "spacing_x": 2.0,
  "spacing_y": 2.0,
  "spacing_z": 3.0,
  "summary_bg_k": 46.44721427420452,
  "summary_bg_mad": 7.167650786568581,
  "summary_bg_mean": 30.697507858276367,
  "summary_bg_median": 17.30281639099121,
  "summary_bg_n": 317591.0,
  "summary_bg_p05": 9.58450698852539,
  "summary_bg_p95": 95.85211181640625,
  "summary_bg_stdv": 51.1019401550293,
  "summary_fg_k": 2.89278870117845,
  "summary_fg_mad": 113.02235779392998,
  "summary_fg_mean": 748.2225952148438,
  "summary_fg_median": 733.908447265625,
  "summary_fg_n": 64951.0,
  "summary_fg_p05": 588.783447265625,
  "summary_fg_p95": 949.0457458496094,
  "summary_fg_stdv": 123.00904846191406,
  "tsnr": 46.084763495251536
}