{
  "aor": 0.0027932042253521125,
  "aqi": 0.02295357838028169,
  "bids_meta": {
    "AcquisitionMatrixPE": 116,
    "AcquisitionNumber": 1,
    "BandwidthPerPixelPhaseEncode": 23.946,
    "BaseResolution": 128,
    "BodyPartExamined": "BRAIN",
    "ConsistencyInfo": "N4_VD11D_LATEST_20110129",
    "ConversionSoftware": "dcm2niix",
    "ConversionSoftwareVersion": "v1.0.20180518 GCC4.8.5",
    "DerivedVendorReportedEchoSpacing": 0.000720011,
    "DwellTime": 2.5e-06,
    "EchoTime": 0.03,
    "EchoTrainLength": 58,
    "EffectiveEchoSpacing": 0.000360005,
    "FlipAngle": 71,
    "ImageOrientationPatientDICOM": [
      1,
      0,
      0,
      0,
      0.944376,
      0.328867
    ],
    "ImageType": [
      "ORIGINAL",
      "PRIMARY",
      "M",
      "ND",
      "NORM",
      "MOSAIC"
    ],
    "InPlanePhaseEncodingDirectionDICOM": "COL",
    "InstitutionName": "Princeton_University_-_Neuroscience_Institute",
    "MRAcquisitionType": "2D",
    "MagneticFieldStrength": 3,
    "Manufacturer": "Siemens",
    "ManufacturersModelName": "Skyra",
    "Modality": "MR",
    "ParallelReductionFactorInPlane": 2,
    "PartialFourier": 1,
    "PatientPosition": "HFS",
    "PercentPhaseFOV": 90.625,
    "PhaseEncodingDirection": "j-",
    "PhaseEncodingSteps": 116,
    "PhaseResolution": 1,
    "PixelBandwidth": 1565,
    "PulseSequenceDetails": "%SiemensSeq%_ep2d_bold",
    "ReceiveCoilActiveElements": "HE1-4",
    "ReceiveCoilName": "HeadNeck_20",
    "ReconMatrixPE": 116,
    "RepetitionTime": 2,
    "SAR": 0.0822545,
    "ScanOptions": "FS",
    "ScanningSequence": "EP",
    "SequenceVariant": "SK",
    "SeriesNumber": 8,
    "ShimSetting": [
      3201,
      10502,
      10022,
      656,
      -347,
      90,
      634,
      -15
    ],
    "SliceThickness": 3,
    "SliceTiming": [
      1,
      0,
      1.0675,
      0.0675,
      1.1325,
      0.1325,
      1.2,
      0.2,
      1.2675,
      0.2675,
      1.3325,
      0.3325,
      1.4,
      0.4,
      1.465,
      0.4675,
      1.5325,
      0.5325,
      1.6,
      0.6,
      1.665,
      0.6675,
      1.7325,
      0.7325,
      1.8,
      0.8,
      1.865,
      0.8675,
      1.9325,
      0.9325
    ],
    "SoftwareVersions": "syngo_MR_D11",
    "SpacingBetweenSlices": 3,
    "StationName": "AWP45031",
    "TaskName": "retrieval-practice/restudy phase",
    "TotalReadoutTime": 0.0414006,
    "TxRefAmp": 370.115,
    "dataset": "ds001775",
    "modality": "bold",
    "run_id": 1,
    "subject_id": "17",
    "task_id": "RP"
  },
  "dummy_trs": 0,
  "dvars_nstd": 38.79259003678446,
  "dvars_std": 1.1155975119434636,
  "dvars_vstd": 1.0090313817667842,
  "efc": 0.45855896710495586,
  "fber": 1773.5826416015625,
  "fd_mean": 0.2857349678442302,
  "fd_num": 177,
  "fd_perc": 62.32394366197183,
  "fwhm_avg": 1.932938888888889,
  "fwhm_x": 1.949185,
  "fwhm_y": 2.170835,
  "fwhm_z": 1.6787966666666667,
  "gcor": 0.0245059,
  "gsr_x": -0.025461038574576378,
  "gsr_y": 0.02081693336367607,
  "provenance": {
    "md5sum": "1e53c05aaf85350b3aad4dcbf31400ba",
    "settings": {
      "fd_thres": 0.2,
      "testing": false
    },
    "software": "mriqc",
    "version": "22.0.6",
    "webapi_port": null,
    "webapi_url": "https://mriqc.nimh.nih.gov/api/v1"
  },
  "size_t": 284,
  "size_x": 128,
  "size_y": 116,
  "size_z": 30,
  "snr": 5.948309134307377,
  "spacing_tr": 2.0,
  "spacing_x": 2.0,
  "spacing_y": 2.0,
  "spacing_z": 3.0,
  "summary_bg_k": 46.87624080393186,
  "summary_bg_mad": 7.272058855817838,
  "summary_bg_mean": 30.49985694885254,
  "summary_bg_median": 17.348590850830078,
  "summary_bg_n": 317511.0,
  "summary_bg_p05": 9.563380241394043,
  "summary_bg_p95": 95.13027954101562,
  "summary_bg_stdv": 49.9941291809082,
  "summary_fg_k": 2.821414861787229,
  "summary_fg_mad": 112.41145401114609,
  "summary_fg_mean": 748.5850219726562,
  "summary_fg_median": 733.8555908203125,
  "summary_fg_n": 65031.0,
  "summary_fg_p05": 587.0897521972656,
  "summary_fg_p95": 950.392578125,
  "summary_fg_stdv": 123.37118530273438,
  "tsnr": 38.138459549169056
}