{
  "aor": 0.0009354225352112677,
  "aqi": 0.01739171971830986,
  "bids_meta": {
    "AcquisitionMatrixPE": 116,
    "AcquisitionNumber": 1,
    "BandwidthPerPixelPhaseEncode": 23.946,
    "BaseResolution": 128,
    "BodyPartExamined": "BRAIN",
    "ConsistencyInfo": "N4_VD11D_LATEST_20110129",
    "ConversionSoftware": "dcm2niix",
    "ConversionSoftwareVersion": "v1.0.20180518 GCC4.8.5",
    "DerivedVendorReportedEchoSpacing": 0.000720011,
    "DwellTime": 2.5e-06,
    "EchoTime": 0.03,
    "EchoTrainLength": 58,
    "EffectiveEchoSpacing": 0.000360005,
    "FlipAngle": 71,
    "ImageOrientationPatientDICOM": [
      1,
      0,
      0,
      0,
      0.944376,
      0.328867
    ],
    "ImageType": [
      "ORIGINAL",
      "PRIMARY",
      "M",
      "ND",
      "NORM",
      "MOSAIC"
    ],
    "InPlanePhaseEncodingDirectionDICOM": "COL",
    "InstitutionName": "Princeton_University_-_Neuroscience_Institute",
    "MRAcquisitionType": "2D",
    "MagneticFieldStrength": 3,
    "Manufacturer": "Siemens",
    "ManufacturersModelName": "Skyra",
    "Modality": "MR",
    "ParallelReductionFactorInPlane": 2,
    "PartialFourier": 1,
    "PatientPosition": "HFS",
    "PercentPhaseFOV": 90.625,
    "PhaseEncodingDirection": "j-",
    "PhaseEncodingSteps": 116,
    "PhaseResolution": 1,
    "PixelBandwidth": 1565,
    "PulseSequenceDetails": "%SiemensSeq%_ep2d_bold",
    "ReceiveCoilActiveElements": "HE1-4",
    "ReceiveCoilName": "HeadNeck_20",
    "ReconMatrixPE": 116,
    "RepetitionTime": 2,
    "SAR": 0.0822545,
    "ScanOptions": "FS",
    "ScanningSequence": "EP",
    "SequenceVariant": "SK",
    "SeriesNumber": 8,
    "ShimSetting": [
      3201,
      10502,
      10022,
      656,
      -347,
      90,
      634,
      -15
    ],
    "SliceThickness": 3,
    "SliceTiming": [
      1,
      0,
      1.0675,
      0.0675,
      1.1325,
      0.1325,
      1.2,
      0.2,
      1.2675,
      0.2675,
      1.3325,
      0.3325,
      1.4,
      0.4,
      1.465,
      0.4675,
      1.5325,
      0.5325,
      1.6,
      0.6,
      1.665,
      0.6675,
      1.7325,
      0.7325,
      1.8,
      0.8,
      1.865,
      0.8675,
      1.9325,
      0.9325
    ],
    "SoftwareVersions": "syngo_MR_D11",
    "SpacingBetweenSlices": 3,
    "StationName": "AWP45031",
    "TaskName": "retrieval-practice/restudy phase",
    "TotalReadoutTime": 0.0414006,
    "TxRefAmp": 370.115,
    "dataset": "ds001775",
    "modality": "bold",
    "run_id": 4,
    "subject_id": "20",
    "task_id": "RP"
  },
  "dummy_trs": 0,
  "dvars_nstd": 38.60509101420493,
  "dvars_std": 1.088017551872791,
  "dvars_vstd": 0.998519582473499,
  "efc": 0.5395311154619563,
  "fber": 1088.8790283203125,
  "fd_mean": 0.16512988134248105,
  "fd_num": 75,
  "fd_perc": 26.408450704225352,
  "fwhm_avg": 1.8901127777777778,
  "fwhm_x": 1.88901,
  "fwhm_y": 2.205625,
  "fwhm_z": 1.5757033333333332,
  "gcor": 0.0269849,
  "gsr_x": -0.015667537227272987,
  "gsr_y": 0.04514498636126518,
  "provenance": {
    "md5sum": "1dcf7fad53cc9813dbe385dff65b7cfa",
    "settings": {
      "fd_thres": 0.2,
      "testing": false
    },
    "software": "mriqc",
    "version": "22.0.6",
    "webapi_port": null,
    "webapi_url": "https://mriqc.nimh.nih.gov/api/v1"
  },
  "size_t": 284,
  "size_x": 128,
  "size_y": 116,
  "size_z": 30,
  "snr": 5.789814682394869,
  "spacing_tr": 2.0,
  "spacing_x": 2.0,
  "spacing_y": 2.0,
  "spacing_z": 3.0,
  "summary_bg_k": 21.533102403336564,
  "summary_bg_mad": 13.186805741797047,
  "summary_bg_mean": 53.38900375366211,
  "summary_bg_median": 23.02112579345703,
  "summary_bg_n": 291338.0,
  "summary_bg_p05": 9.320422172546387,
  "summary_bg_p95": 221.6675964355464,
  "summary_bg_stdv": 91.20406341552734,
  "summary_fg_k": 2.395559707514283,
  "summary_fg_mad": 121.64649853077434,
  "summary_fg_mean": 780.5433349609375,
  "summary_fg_median": 768.5352172851562,
  "summary_fg_n": 86143.0,
  "summary_fg_p05": 601.6686340332031,
  "summary_fg_p95": 999.792236328125,
  "summary_fg_stdv": 132.7384033203125,
  "tsnr": 36.75808951619547
}