{
  "aor": 0.0029782042253521123,
  "aqi": 0.02575603133802817,
  "bids_meta": {
    "AcquisitionMatrixPE": 116,
    "AcquisitionNumber": 1,
    "BandwidthPerPixelPhaseEncode": 23.946,
    "BaseResolution": 128,
    "BodyPartExamined": "BRAIN",
    "ConsistencyInfo": "N4_VD11D_LATEST_20110129",
    "ConversionSoftware": "dcm2niix",
    "ConversionSoftwareVersion": "v1.0.20180518 GCC4.8.5",
    "DerivedVendorReportedEchoSpacing": 0.000720011,
    "DwellTime": 2.5e-06,
    "EchoTime": 0.03,
    "EchoTrainLength": 58,
    "EffectiveEchoSpacing": 0.000360005,
    "FlipAngle": 71,
    "ImageOrientationPatientDICOM": [
      1,
      0,
      0,
      0,
      0.944376,
      0.328867
    ],
    "ImageType": [
      "ORIGINAL",
      "PRIMARY",
      "M",
      "ND",
      "NORM",
      "MOSAIC"
    ],
    "InPlanePhaseEncodingDirectionDICOM": "COL",
    "InstitutionName": "Princeton_University_-_Neuroscience_Institute",
    "MRAcquisitionType": "2D",
    "MagneticFieldStrength": 3,
    "Manufacturer": "Siemens",
    "ManufacturersModelName": "Skyra",
    "Modality": "MR",
    "ParallelReductionFactorInPlane": 2,
    "PartialFourier": 1,
    "PatientPosition": "HFS",
    "PercentPhaseFOV": 90.625,
    "PhaseEncodingDirection": "j-",
    "PhaseEncodingSteps": 116,
    "PhaseResolution": 1,
    "PixelBandwidth": 1565,
    "PulseSequenceDetails": "%SiemensSeq%_ep2d_bold",
    "ReceiveCoilActiveElements": "HE1-4",
    "ReceiveCoilName": "HeadNeck_20",
    "ReconMatrixPE": 116,
    "RepetitionTime": 2,
    "SAR": 0.0822545,
    "ScanOptions": "FS",
    "ScanningSequence": "EP",
    "SequenceVariant": "SK",
    "SeriesNumber": 8,
    "ShimSetting": [
      3201,
      10502,
      10022,
      656,
      -347,
      90,
      634,
      -15
    ],
    "SliceThickness": 3,
    "SliceTiming": [
      1,
      0,
      1.0675,
      0.0675,
      1.1325,
      0.1325,
      1.2,
      0.2,
      1.2675,
      0.2675,
      1.3325,
      0.3325,
      1.4,
      0.4,
      1.465,
      0.4675,
      1.5325,
      0.5325,
      1.6,
      0.6,
      1.665,
      0.6675,
      1.7325,
      0.7325,
      1.8,
      0.8,
      1.865,
      0.8675,
      1.9325,
      0.9325
    ],
    "SoftwareVersions": "syngo_MR_D11",
    "SpacingBetweenSlices": 3,
    "StationName": "AWP45031",
    "TaskName": "retrieval-practice/restudy phase",
    "TotalReadoutTime": 0.0414006,
    "TxRefAmp": 370.115,
    "dataset": "ds001775",
    "modality": "bold",
    "run_id": 3,
    "subject_id": "20",
    "task_id": "RP"
  },
  "dummy_trs": 0,
  "dvars_nstd": 39.81903578992931,
  "dvars_std": 1.0939089889752653,
  "dvars_vstd": 1.0073179273498232,
  "efc": 0.5407223281949031,
  "fber": 1076.9111328125,
  "fd_mean": 0.1709383337506945,
  "fd_num": 74,
  "fd_perc": 26.056338028169016,
  "fwhm_avg": 2.091542777777778,
  "fwhm_x": 2.016995,
  "fwhm_y": 2.46704,
  "fwhm_z": 1.7905933333333335,
  "gcor": 0.0287989,
  "gsr_x": -0.016800111159682274,
  "gsr_y": 0.05240001529455185,
  "provenance": {
    "md5sum": "163ffed392cfbd78b43e76a227a4741e",
    "settings": {
      "fd_thres": 0.2,
      "testing": false
    },
    "software": "mriqc",
    "version": "22.0.6",
    "webapi_port": null,
    "webapi_url": "https://mriqc.nimh.nih.gov/api/v1"
  },
  "size_t": 284,
  "size_x": 128,
  "size_y": 116,
  "size_z": 30,
  "snr": 5.281864327492586,
  "spacing_tr": 2.0,
  "spacing_x": 2.0,
  "spacing_y": 2.0,
  "spacing_z": 3.0,
  "summary_bg_k": 26.52352807954298,
  "summary_bg_mad": 13.455658322861446,
  "summary_bg_mean": 50.56682205200195,
  "summary_bg_median": 22.980632781982422,
  "summary_bg_n": 287686.0,
  "summary_bg_p05": 9.27464771270752,
  "summary_bg_p95": 196.7367935180664,
  "summary_bg_stdv": 81.97490692138672,
  "summary_fg_k": 3.394879740101044,
  "summary_fg_mad": 123.98523475741479,
  "summary_fg_mean": 774.0853271484375,
  "summary_fg_median": 765.83447265625,
  "summary_fg_n": 87785.0,
  "summary_fg_p05": 570.988720703125,
  "summary_fg_p95": 1002.1499633789062,
  "summary_fg_stdv": 144.9923858642578,
  "tsnr": 31.930025650653988
}