{
  "aor": 0.001030597014925373,
  "aqi": 0.012280630995024876,
  "bids_meta": {
    "AcquisitionMatrixPE": 116,
    "AcquisitionNumber": 1,
    "BandwidthPerPixelPhaseEncode": 23.946,
    "BaseResolution": 128,
    "BodyPartExamined": "BRAIN",
    "ConversionSoftware": "dcm2niix",
    "ConversionSoftwareVersion": "v1.0.20180518 GCC4.8.5",
    "DerivedVendorReportedEchoSpacing": 0.000720011,
    "DwellTime": 2.5e-06,
    "EchoTime": 0.03,
    "EchoTrainLength": 58,
    "EffectiveEchoSpacing": 0.000360005,
    "FlipAngle": 71,
    "ImageOrientationPatientDICOM": [
      1,
      0,
      0,
      0,
      0.944376,
      0.328867
    ],
    "ImageType": [
      "ORIGINAL",
      "PRIMARY",
      "M",
      "ND",
      "NORM",
      "MOSAIC"
    ],
    "InPlanePhaseEncodingDirectionDICOM": "COL",
    "InstitutionName": "Princeton_University_-_Neuroscience_Institute",
    "MRAcquisitionType": "2D",
    "MagneticFieldStrength": 3,
    "Manufacturer": "Siemens",
    "ManufacturersModelName": "Skyra",
    "Modality": "MR",
    "ParallelReductionFactorInPlane": 2,
    "PartialFourier": 1,
    "PatientPosition": "HFS",
    "PercentPhaseFOV": 90.625,
    "PhaseEncodingDirection": "j-",
    "PhaseEncodingSteps": 116,
    "PhaseResolution": 1,
    "PixelBandwidth": 1565,
    "PulseSequenceDetails": "%SiemensSeq%_ep2d_bold",
    "ReceiveCoilActiveElements": "HE1-4",
    "ReceiveCoilName": "HeadNeck_20",
    "ReconMatrixPE": 116,
    "RepetitionTime": 2,
    "SAR": 0.0822539,
    "ScanOptions": "FS",
    "ScanningSequence": "EP",
    "SequenceVariant": "SK",
    "SeriesNumber": 4,
    "ShimSetting": [
      3201,
      10502,
      10022,
      656,
      -347,
      90,
      634,
      -15
    ],
    "SliceThickness": 3,
    "SliceTiming": [
      1,
      0,
      1.065,
      0.065,
      1.1325,
      0.1325,
      1.2,
      0.2,
      1.265,
      0.265,
      1.3325,
      0.3325,
      1.4,
      0.4,
      1.465,
      0.465,
      1.5325,
      0.5325,
      1.6,
      0.6,
      1.665,
      0.665,
      1.7325,
      0.7325,
      1.8,
      0.8,
      1.865,
      0.865,
      1.9325,
      0.9325
    ],
    "SoftwareVersions": "syngo_MR_D11",
    "SpacingBetweenSlices": 3,
    "StationName": "AWP45031",
    "TaskName": "study phase",
    "TotalReadoutTime": 0.0414006,
    "TxRefAmp": 370.115,
    "dataset": "ds001775",
    "modality": "bold",
    "run_id": 1,
    "subject_id": "20",
    "task_id": "restudy"
  },
  "dummy_trs": 0,
  "dvars_nstd": 37.05416168215002,
  "dvars_std": 1.1333897179499994,
  "dvars_vstd": 1.0145720457,
  "efc": 0.53772888450642,
  "fber": 1107.3533935546875,
  "fd_mean": 0.06528661469627585,
  "fd_num": 2,
  "fd_perc": 0.9950248756218906,
  "fwhm_avg": 1.902403333333333,
  "fwhm_x": 1.886005,
  "fwhm_y": 2.190495,
  "fwhm_z": 1.6307099999999999,
  "gcor": 0.0274489,
  "gsr_x": -0.01480621937662363,
  "gsr_y": 0.04223082959651947,
  "provenance": {
    "md5sum": "1e8caf05cdfb95fcf31b7ffe0f5a2fe9",
    "settings": {
      "fd_thres": 0.2,
      "testing": false
    },
    "software": "mriqc",
    "version": "22.0.6",
    "webapi_port": null,
    "webapi_url": "https://mriqc.nimh.nih.gov/api/v1"
  },
  "size_t": 201,
  "size_x": 128,
  "size_y": 116,
  "size_z": 30,
  "snr": 5.751389989191584,
  "spacing_tr": 2.0,
  "spacing_x": 2.0,
  "spacing_y": 2.0,
  "spacing_z": 3.0,
  "summary_bg_k": 23.47483573774798,
  "summary_bg_mad": 12.71644698686204,
  "summary_bg_mean": 52.4175910949707,
  "summary_bg_median": 22.696516036987305,
  "summary_bg_n": 291353.0,
  "summary_bg_p05": 9.383084297180176,
  "summary_bg_p95": 217.61293334960885,
  "summary_bg_stdv": 91.65579986572266,
  "summary_fg_k": 2.324596339547732,
  "summary_fg_mad": 121.6988022467348,
  "summary_fg_mean": 780.0552978515625,
  "summary_fg_median": 768.0596923828125,
  "summary_fg_n": 86182.0,
  "summary_fg_p05": 599.6074310302735,
  "summary_fg_p95": 999.1133850097656,
  "summary_fg_stdv": 133.54254150390625,
  "tsnr": 41.529114966338966
}