{
  "aor": 0.0006675124378109451,
  "aqi": 0.013837289701492537,
  "bids_meta": {
    "AcquisitionMatrixPE": 116,
    "AcquisitionNumber": 1,
    "BandwidthPerPixelPhaseEncode": 23.946,
    "BaseResolution": 128,
    "BodyPartExamined": "BRAIN",
    "ConversionSoftware": "dcm2niix",
    "ConversionSoftwareVersion": "v1.0.20180518 GCC4.8.5",
    "DerivedVendorReportedEchoSpacing": 0.000720011,
    "DwellTime": 2.5e-06,
    "EchoTime": 0.03,
    "EchoTrainLength": 58,
    "EffectiveEchoSpacing": 0.000360005,
    "FlipAngle": 71,
    "ImageOrientationPatientDICOM": [
      1,
      0,
      0,
      0,
      0.944376,
      0.328867
    ],
    "ImageType": [
      "ORIGINAL",
      "PRIMARY",
      "M",
      "ND",
      "NORM",
      "MOSAIC"
    ],
    "InPlanePhaseEncodingDirectionDICOM": "COL",
    "InstitutionName": "Princeton_University_-_Neuroscience_Institute",
    "MRAcquisitionType": "2D",
    "MagneticFieldStrength": 3,
    "Manufacturer": "Siemens",
    "ManufacturersModelName": "Skyra",
    "Modality": "MR",
    "ParallelReductionFactorInPlane": 2,
    "PartialFourier": 1,
    "PatientPosition": "HFS",
    "PercentPhaseFOV": 90.625,
    "PhaseEncodingDirection": "j-",
    "PhaseEncodingSteps": 116,
    "PhaseResolution": 1,
    "PixelBandwidth": 1565,
    "PulseSequenceDetails": "%SiemensSeq%_ep2d_bold",
    "ReceiveCoilActiveElements": "HE1-4",
    "ReceiveCoilName": "HeadNeck_20",
    "ReconMatrixPE": 116,
    "RepetitionTime": 2,
    "SAR": 0.0822539,
    "ScanOptions": "FS",
    "ScanningSequence": "EP",
    "SequenceVariant": "SK",
    "SeriesNumber": 4,
    "ShimSetting": [
      3201,
      10502,
      10022,
      656,
      -347,
      90,
      634,
      -15
    ],
    "SliceThickness": 3,
    "SliceTiming": [
      1,
      0,
      1.065,
      0.065,
      1.1325,
      0.1325,
      1.2,
      0.2,
      1.265,
      0.265,
      1.3325,
      0.3325,
      1.4,
      0.4,
      1.465,
      0.465,
      1.5325,
      0.5325,
      1.6,
      0.6,
      1.665,
      0.665,
      1.7325,
      0.7325,
      1.8,
      0.8,
      1.865,
      0.865,
      1.9325,
      0.9325
    ],
    "SoftwareVersions": "syngo_MR_D11",
    "SpacingBetweenSlices": 3,
    "StationName": "AWP45031",
    "TaskName": "study phase",
    "TotalReadoutTime": 0.0414006,
    "TxRefAmp": 370.115,
    "dataset": "ds001775",
    "modality": "bold",
    "run_id": 2,
    "subject_id": "20",
    "task_id": "restudy"
  },
  "dummy_trs": 0,
  "dvars_nstd": 36.411340637349994,
  "dvars_std": 1.0888028913000005,
  "dvars_vstd": 0.9950479872999991,
  "efc": 0.5384333300757573,
  "fber": 1096.2215576171875,
  "fd_mean": 0.065823527068081,
  "fd_num": 1,
  "fd_perc": 0.4975124378109453,
  "fwhm_avg": 2.0939244444444447,
  "fwhm_x": 2.00719,
  "fwhm_y": 2.46203,
  "fwhm_z": 1.8125533333333335,
  "gcor": 0.0107921,
  "gsr_x": -0.014635051600635052,
  "gsr_y": 0.04919697716832161,
  "provenance": {
    "md5sum": "e72e67dadd871228cfe4d33ae36611d2",
    "settings": {
      "fd_thres": 0.2,
      "testing": false
    },
    "software": "mriqc",
    "version": "22.0.6",
    "webapi_port": null,
    "webapi_url": "https://mriqc.nimh.nih.gov/api/v1"
  },
  "size_t": 201,
  "size_x": 128,
  "size_y": 116,
  "size_z": 30,
  "snr": 5.154558192800349,
  "spacing_tr": 2.0,
  "spacing_x": 2.0,
  "spacing_y": 2.0,
  "spacing_z": 3.0,
  "summary_bg_k": 27.537892926899545,
  "summary_bg_mad": 12.620557783547628,
  "summary_bg_mean": 49.29838180541992,
  "summary_bg_median": 22.681591033935547,
  "summary_bg_n": 288326.0,
  "summary_bg_p05": 9.388059616088867,
  "summary_bg_p95": 196.36193084716797,
  "summary_bg_stdv": 81.59378814697266,
  "summary_fg_k": 3.9765354611804256,
  "summary_fg_mad": 122.70931365872528,
  "summary_fg_mean": 766.69580078125,
  "summary_fg_median": 760.9925537109375,
  "summary_fg_n": 87706.0,
  "summary_fg_p05": 560.3159027099609,
  "summary_fg_p95": 990.0795593261719,
  "summary_fg_stdv": 147.634033203125,
  "tsnr": 39.87053430918604
}