{
  "aor": 0.0008617605633802816,
  "aqi": 0.022175331338028167,
  "bids_meta": {
    "AcquisitionMatrixPE": 116,
    "AcquisitionNumber": 1,
    "BandwidthPerPixelPhaseEncode": 23.946,
    "BaseResolution": 128,
    "BodyPartExamined": "BRAIN",
    "ConsistencyInfo": "N4_VD11D_LATEST_20110129",
    "ConversionSoftware": "dcm2niix",
    "ConversionSoftwareVersion": "v1.0.20180518 GCC4.8.5",
    "DerivedVendorReportedEchoSpacing": 0.000720011,
    "DwellTime": 2.5e-06,
    "EchoTime": 0.03,
    "EchoTrainLength": 58,
    "EffectiveEchoSpacing": 0.000360005,
    "FlipAngle": 71,
    "ImageOrientationPatientDICOM": [
      1,
      0,
      0,
      0,
      0.944376,
      0.328867
    ],
    "ImageType": [
      "ORIGINAL",
      "PRIMARY",
      "M",
      "ND",
      "NORM",
      "MOSAIC"
    ],
    "InPlanePhaseEncodingDirectionDICOM": "COL",
    "InstitutionName": "Princeton_University_-_Neuroscience_Institute",
    "MRAcquisitionType": "2D",
    "MagneticFieldStrength": 3,
    "Manufacturer": "Siemens",
    "ManufacturersModelName": "Skyra",
    "Modality": "MR",
    "ParallelReductionFactorInPlane": 2,
    "PartialFourier": 1,
    "PatientPosition": "HFS",
    "PercentPhaseFOV": 90.625,
    "PhaseEncodingDirection": "j-",
    "PhaseEncodingSteps": 116,
    "PhaseResolution": 1,
    "PixelBandwidth": 1565,
    "PulseSequenceDetails": "%SiemensSeq%_ep2d_bold",
    "ReceiveCoilActiveElements": "HE1-4",
    "ReceiveCoilName": "HeadNeck_20",
    "ReconMatrixPE": 116,
    "RepetitionTime": 2,
    "SAR": 0.0822545,
    "ScanOptions": "FS",
    "ScanningSequence": "EP",
    "SequenceVariant": "SK",
    "SeriesNumber": 8,
    "ShimSetting": [
      3201,
      10502,
      10022,
      656,
      -347,
      90,
      634,
      -15
    ],
    "SliceThickness": 3,
    "SliceTiming": [
      1,
      0,
      1.0675,
      0.0675,
      1.1325,
      0.1325,
      1.2,
      0.2,
      1.2675,
      0.2675,
      1.3325,
      0.3325,
      1.4,
      0.4,
      1.465,
      0.4675,
      1.5325,
      0.5325,
      1.6,
      0.6,
      1.665,
      0.6675,
      1.7325,
      0.7325,
      1.8,
      0.8,
      1.865,
      0.8675,
      1.9325,
      0.9325
    ],
    "SoftwareVersions": "syngo_MR_D11",
    "SpacingBetweenSlices": 3,
    "StationName": "AWP45031",
    "TaskName": "retrieval-practice/restudy phase",
    "TotalReadoutTime": 0.0414006,
    "TxRefAmp": 370.115,
    "dataset": "ds001775",
    "modality": "bold",
    "run_id": 2,
    "subject_id": "06",
    "task_id": "RP"
  },
  "dummy_trs": 0,
  "dvars_nstd": 47.40540812445232,
  "dvars_std": 1.2263482781272081,
  "dvars_vstd": 0.9914128503886922,
  "efc": 0.4770929615329047,
  "fber": 1845.752197265625,
  "fd_mean": 0.25874034294538756,
  "fd_num": 171,
  "fd_perc": 60.2112676056338,
  "fwhm_avg": 1.9097544444444445,
  "fwhm_x": 1.91317,
  "fwhm_y": 2.14414,
  "fwhm_z": 1.6719533333333334,
  "gcor": 0.0324853,
  "gsr_x": -0.028514184057712555,
  "gsr_y": 0.034870583564043045,
  "provenance": {
    "md5sum": "a584d145ac90f502cea396d29ef02ed1",
    "settings": {
      "fd_thres": 0.2,
      "testing": false
    },
    "software": "mriqc",
    "version": "22.0.6",
    "webapi_port": null,
    "webapi_url": "https://mriqc.nimh.nih.gov/api/v1"
  },
  "size_t": 284,
  "size_x": 128,
  "size_y": 116,
  "size_z": 30,
  "snr": 6.139425307334056,
  "spacing_tr": 2.0,
  "spacing_x": 2.0,
  "spacing_y": 2.0,
  "spacing_z": 3.0,
  "summary_bg_k": 56.63265366351089,
  "summary_bg_mad": 9.25582065507167,
  "summary_bg_mean": 34.24867630004883,
  "summary_bg_median": 17.954225540161133,
  "summary_bg_n": 310112.0,
  "summary_bg_p05": 8.438556289672855,
  "summary_bg_p95": 114.91003341674809,
  "summary_bg_stdv": 59.96223831176758,
  "summary_fg_k": 2.6263515121896495,
  "summary_fg_mad": 111.04115094749677,
  "summary_fg_mean": 795.8897705078125,
  "summary_fg_median": 780.2024536132812,
  "summary_fg_n": 71640.0,
  "summary_fg_p05": 630.3026184082031,
  "summary_fg_p95": 1012.2335937500001,
  "summary_fg_stdv": 127.0798110961914,
  "tsnr": 39.75842690421268
}