{
  "aor": 0.001475880281690141,
  "aqi": 0.019026661267605632,
  "bids_meta": {
    "AcquisitionMatrixPE": 116,
    "AcquisitionNumber": 1,
    "BandwidthPerPixelPhaseEncode": 23.946,
    "BaseResolution": 128,
    "BodyPartExamined": "BRAIN",
    "ConsistencyInfo": "N4_VD11D_LATEST_20110129",
    "ConversionSoftware": "dcm2niix",
    "ConversionSoftwareVersion": "v1.0.20180518 GCC4.8.5",
    "DerivedVendorReportedEchoSpacing": 0.000720011,
    "DwellTime": 2.5e-06,
    "EchoTime": 0.03,
    "EchoTrainLength": 58,
    "EffectiveEchoSpacing": 0.000360005,
    "FlipAngle": 71,
    "ImageOrientationPatientDICOM": [
      1,
      0,
      0,
      0,
      0.944376,
      0.328867
    ],
    "ImageType": [
      "ORIGINAL",
      "PRIMARY",
      "M",
      "ND",
      "NORM",
      "MOSAIC"
    ],
    "InPlanePhaseEncodingDirectionDICOM": "COL",
    "InstitutionName": "Princeton_University_-_Neuroscience_Institute",
    "MRAcquisitionType": "2D",
    "MagneticFieldStrength": 3,
    "Manufacturer": "Siemens",
    "ManufacturersModelName": "Skyra",
    "Modality": "MR",
    "ParallelReductionFactorInPlane": 2,
    "PartialFourier": 1,
    "PatientPosition": "HFS",
    "PercentPhaseFOV": 90.625,
    "PhaseEncodingDirection": "j-",
    "PhaseEncodingSteps": 116,
    "PhaseResolution": 1,
    "PixelBandwidth": 1565,
    "PulseSequenceDetails": "%SiemensSeq%_ep2d_bold",
    "ReceiveCoilActiveElements": "HE1-4",
    "ReceiveCoilName": "HeadNeck_20",
    "ReconMatrixPE": 116,
    "RepetitionTime": 2,
    "SAR": 0.0822545,
    "ScanOptions": "FS",
    "ScanningSequence": "EP",
    "SequenceVariant": "SK",
    "SeriesNumber": 8,
    "ShimSetting": [
      3201,
      10502,
      10022,
      656,
      -347,
      90,
      634,
      -15
    ],
    "SliceThickness": 3,
    "SliceTiming": [
      1,
      0,
      1.0675,
      0.0675,
      1.1325,
      0.1325,
      1.2,
      0.2,
      1.2675,
      0.2675,
      1.3325,
      0.3325,
      1.4,
      0.4,
      1.465,
      0.4675,
      1.5325,
      0.5325,
      1.6,
      0.6,
      1.665,
      0.6675,
      1.7325,
      0.7325,
      1.8,
      0.8,
      1.865,
      0.8675,
      1.9325,
      0.9325
    ],
    "SoftwareVersions": "syngo_MR_D11",
    "SpacingBetweenSlices": 3,
    "StationName": "AWP45031",
    "TaskName": "retrieval-practice/restudy phase",
    "TotalReadoutTime": 0.0414006,
    "TxRefAmp": 370.115,
    "dataset": "ds001775",
    "modality": "bold",
    "run_id": 1,
    "subject_id": "06",
    "task_id": "RP"
  },
  "dummy_trs": 0,
  "dvars_nstd": 46.325947697349825,
  "dvars_std": 1.2507624557597186,
  "dvars_vstd": 1.0057910370671383,
  "efc": 0.47590006137045615,
  "fber": 1840.1495361328125,
  "fd_mean": 0.22552123336026172,
  "fd_num": 141,
  "fd_perc": 49.647887323943664,
  "fwhm_avg": 1.9123205555555556,
  "fwhm_x": 1.922815,
  "fwhm_y": 2.15069,
  "fwhm_z": 1.6634566666666668,
  "gcor": 0.0204927,
  "gsr_x": -0.028210584074258804,
  "gsr_y": 0.03373580053448677,
  "provenance": {
    "md5sum": "a4b25d59d22611699cf4c7b179ab7d5c",
    "settings": {
      "fd_thres": 0.2,
      "testing": false
    },
    "software": "mriqc",
    "version": "22.0.6",
    "webapi_port": null,
    "webapi_url": "https://mriqc.nimh.nih.gov/api/v1"
  },
  "size_t": 284,
  "size_x": 128,
  "size_y": 116,
  "size_z": 30,
  "snr": 6.077538985673098,
  "spacing_tr": 2.0,
  "spacing_x": 2.0,
  "spacing_y": 2.0,
  "spacing_z": 3.0,
  "summary_bg_k": 58.51088225959474,
  "summary_bg_mad": 9.292364822532583,
  "summary_bg_mean": 34.048160552978516,
  "summary_bg_median": 18.024646759033203,
  "summary_bg_n": 310443.0,
  "summary_bg_p05": 8.387323379516602,
  "summary_bg_p95": 113.6933052062987,
  "summary_bg_stdv": 59.65357971191406,
  "summary_fg_k": 2.6902194481025505,
  "summary_fg_mad": 112.18703668314963,
  "summary_fg_mean": 797.9141845703125,
  "summary_fg_median": 781.5457763671875,
  "summary_fg_n": 71339.0,
  "summary_fg_p05": 630.0105346679687,
  "summary_fg_p95": 1018.5116149902334,
  "summary_fg_stdv": 128.59486389160156,
  "tsnr": 40.89737681252882
}