{
  "aor": 0.0016382394366197183,
  "aqi": 0.022638726056338026,
  "bids_meta": {
    "AcquisitionMatrixPE": 116,
    "AcquisitionNumber": 1,
    "BandwidthPerPixelPhaseEncode": 23.946,
    "BaseResolution": 128,
    "BodyPartExamined": "BRAIN",
    "ConsistencyInfo": "N4_VD11D_LATEST_20110129",
    "ConversionSoftware": "dcm2niix",
    "ConversionSoftwareVersion": "v1.0.20180518 GCC4.8.5",
    "DerivedVendorReportedEchoSpacing": 0.000720011,
    "DwellTime": 2.5e-06,
    "EchoTime": 0.03,
    "EchoTrainLength": 58,
    "EffectiveEchoSpacing": 0.000360005,
    "FlipAngle": 71,
    "ImageOrientationPatientDICOM": [
      1,
      0,
      0,
      0,
      0.944376,
      0.328867
    ],
    "ImageType": [
      "ORIGINAL",
      "PRIMARY",
      "M",
      "ND",
      "NORM",
      "MOSAIC"
    ],
    "InPlanePhaseEncodingDirectionDICOM": "COL",
    "InstitutionName": "Princeton_University_-_Neuroscience_Institute",
    "MRAcquisitionType": "2D",
    "MagneticFieldStrength": 3,
    "Manufacturer": "Siemens",
    "ManufacturersModelName": "Skyra",
    "Modality": "MR",
    "ParallelReductionFactorInPlane": 2,
    "PartialFourier": 1,
    "PatientPosition": "HFS",
    "PercentPhaseFOV": 90.625,
    "PhaseEncodingDirection": "j-",
    "PhaseEncodingSteps": 116,
    "PhaseResolution": 1,
    "PixelBandwidth": 1565,
    "PulseSequenceDetails": "%SiemensSeq%_ep2d_bold",
    "ReceiveCoilActiveElements": "HE1-4",
    "ReceiveCoilName": "HeadNeck_20",
    "ReconMatrixPE": 116,
    "RepetitionTime": 2,
    "SAR": 0.0822545,
    "ScanOptions": "FS",
    "ScanningSequence": "EP",
    "SequenceVariant": "SK",
    "SeriesNumber": 8,
    "ShimSetting": [
      3201,
      10502,
      10022,
      656,
      -347,
      90,
      634,
      -15
    ],
    "SliceThickness": 3,
    "SliceTiming": [
      1,
      0,
      1.0675,
      0.0675,
      1.1325,
      0.1325,
      1.2,
      0.2,
      1.2675,
      0.2675,
      1.3325,
      0.3325,
      1.4,
      0.4,
      1.465,
      0.4675,
      1.5325,
      0.5325,
      1.6,
      0.6,
      1.665,
      0.6675,
      1.7325,
      0.7325,
      1.8,
      0.8,
      1.865,
      0.8675,
      1.9325,
      0.9325
    ],
    "SoftwareVersions": "syngo_MR_D11",
    "SpacingBetweenSlices": 3,
    "StationName": "AWP45031",
    "TaskName": "retrieval-practice/restudy phase",
    "TotalReadoutTime": 0.0414006,
    "TxRefAmp": 370.115,
    "dataset": "ds001775",
    "modality": "bold",
    "run_id": 4,
    "subject_id": "06",
    "task_id": "RP"
  },
  "dummy_trs": 0,
  "dvars_nstd": 51.225302382826854,
  "dvars_std": 1.2581308712720851,
  "dvars_vstd": 1.0114765622614847,
  "efc": 0.4764846994451681,
  "fber": 1884.5540771484375,
  "fd_mean": 0.3458796006438335,
  "fd_num": 200,
  "fd_perc": 70.4225352112676,
  "fwhm_avg": 1.9105388888888888,
  "fwhm_x": 1.92741,
  "fwhm_y": 2.12568,
  "fwhm_z": 1.6785266666666667,
  "gcor": 0.0300782,
  "gsr_x": -0.0276065431535244,
  "gsr_y": 0.03278138488531113,
  "provenance": {
    "md5sum": "eadd98af7876c80fa5b3cde5be73e51c",
    "settings": {
      "fd_thres": 0.2,
      "testing": false
    },
    "software": "mriqc",
    "version": "22.0.6",
    "webapi_port": null,
    "webapi_url": "https://mriqc.nimh.nih.gov/api/v1"
  },
  "size_t": 284,
  "size_x": 128,
  "size_y": 116,
  "size_z": 30,
  "snr": 6.1557495943360045,
  "spacing_tr": 2.0,
  "spacing_x": 2.0,
  "spacing_y": 2.0,
  "spacing_z": 3.0,
  "summary_bg_k": 56.56112565110849,
  "summary_bg_mad": 9.073106887365384,
  "summary_bg_mean": 33.781532287597656,
  "summary_bg_median": 17.728872299194336,
  "summary_bg_n": 309916.0,
  "summary_bg_p05": 8.394366264343262,
  "summary_bg_p95": 112.38908195495605,
  "summary_bg_stdv": 59.401649475097656,
  "summary_fg_k": 2.6134256199757946,
  "summary_fg_mad": 110.42780391154517,
  "summary_fg_mean": 793.6865844726562,
  "summary_fg_median": 777.9964599609375,
  "summary_fg_n": 71827.0,
  "summary_fg_p05": 628.9598693847656,
  "summary_fg_p95": 1010.0063293457031,
  "summary_fg_stdv": 126.38445281982422,
  "tsnr": 37.86126503779087
}