{
  "aor": 0.00039373134328358204,
  "aqi": 0.021892902487562184,
  "bids_meta": {
    "AcquisitionMatrixPE": 116,
    "AcquisitionNumber": 1,
    "BandwidthPerPixelPhaseEncode": 23.946,
    "BaseResolution": 128,
    "BodyPartExamined": "BRAIN",
    "ConversionSoftware": "dcm2niix",
    "ConversionSoftwareVersion": "v1.0.20180518 GCC4.8.5",
    "DerivedVendorReportedEchoSpacing": 0.000720011,
    "DwellTime": 2.5e-06,
    "EchoTime": 0.03,
    "EchoTrainLength": 58,
    "EffectiveEchoSpacing": 0.000360005,
    "FlipAngle": 71,
    "ImageOrientationPatientDICOM": [
      1,
      0,
      0,
      0,
      0.944376,
      0.328867
    ],
    "ImageType": [
      "ORIGINAL",
      "PRIMARY",
      "M",
      "ND",
      "NORM",
      "MOSAIC"
    ],
    "InPlanePhaseEncodingDirectionDICOM": "COL",
    "InstitutionName": "Princeton_University_-_Neuroscience_Institute",
    "MRAcquisitionType": "2D",
    "MagneticFieldStrength": 3,
    "Manufacturer": "Siemens",
    "ManufacturersModelName": "Skyra",
    "Modality": "MR",
    "ParallelReductionFactorInPlane": 2,
    "PartialFourier": 1,
    "PatientPosition": "HFS",
    "PercentPhaseFOV": 90.625,
    "PhaseEncodingDirection": "j-",
    "PhaseEncodingSteps": 116,
    "PhaseResolution": 1,
    "PixelBandwidth": 1565,
    "PulseSequenceDetails": "%SiemensSeq%_ep2d_bold",
    "ReceiveCoilActiveElements": "HE1-4",
    "ReceiveCoilName": "HeadNeck_20",
    "ReconMatrixPE": 116,
    "RepetitionTime": 2,
    "SAR": 0.0822539,
    "ScanOptions": "FS",
    "ScanningSequence": "EP",
    "SequenceVariant": "SK",
    "SeriesNumber": 4,
    "ShimSetting": [
      3201,
      10502,
      10022,
      656,
      -347,
      90,
      634,
      -15
    ],
    "SliceThickness": 3,
    "SliceTiming": [
      1,
      0,
      1.065,
      0.065,
      1.1325,
      0.1325,
      1.2,
      0.2,
      1.265,
      0.265,
      1.3325,
      0.3325,
      1.4,
      0.4,
      1.465,
      0.465,
      1.5325,
      0.5325,
      1.6,
      0.6,
      1.665,
      0.665,
      1.7325,
      0.7325,
      1.8,
      0.8,
      1.865,
      0.865,
      1.9325,
      0.9325
    ],
    "SoftwareVersions": "syngo_MR_D11",
    "SpacingBetweenSlices": 3,
    "StationName": "AWP45031",
    "TaskName": "study phase",
    "TotalReadoutTime": 0.0414006,
    "TxRefAmp": 370.115,
    "dataset": "ds001775",
    "modality": "bold",
    "run_id": 2,
    "subject_id": "06",
    "task_id": "restudy"
  },
  "dummy_trs": 0,
  "dvars_nstd": 39.75829977994997,
  "dvars_std": 1.1922860752000002,
  "dvars_vstd": 0.9627627562000002,
  "efc": 0.4769864284836932,
  "fber": 1824.4561767578125,
  "fd_mean": 0.1267980813344341,
  "fd_num": 19,
  "fd_perc": 9.45273631840796,
  "fwhm_avg": 1.9085044444444446,
  "fwhm_x": 1.893645,
  "fwhm_y": 2.116655,
  "fwhm_z": 1.7152133333333335,
  "gcor": 0.0125314,
  "gsr_x": -0.027592450380325317,
  "gsr_y": 0.03301338851451874,
  "provenance": {
    "md5sum": "9f10789df1c810f71975c298a505d684",
    "settings": {
      "fd_thres": 0.2,
      "testing": false
    },
    "software": "mriqc",
    "version": "22.0.6",
    "webapi_port": null,
    "webapi_url": "https://mriqc.nimh.nih.gov/api/v1"
  },
  "size_t": 201,
  "size_x": 128,
  "size_y": 116,
  "size_z": 30,
  "snr": 6.138174866512244,
  "spacing_tr": 2.0,
  "spacing_x": 2.0,
  "spacing_y": 2.0,
  "spacing_z": 3.0,
  "summary_bg_k": 55.39913852108331,
  "summary_bg_mad": 9.190658753748304,
  "summary_bg_mean": 34.04072952270508,
  "summary_bg_median": 17.900497436523438,
  "summary_bg_n": 310175.0,
  "summary_bg_p05": 8.482586860656738,
  "summary_bg_p95": 112.69303054809565,
  "summary_bg_stdv": 59.72464370727539,
  "summary_fg_k": 2.842724697151737,
  "summary_fg_mad": 108.6319675878542,
  "summary_fg_mean": 788.9179077148438,
  "summary_fg_median": 772.8631591796875,
  "summary_fg_n": 71578.0,
  "summary_fg_p05": 625.92041015625,
  "summary_fg_p95": 1002.8616821289061,
  "summary_fg_stdv": 125.91002655029297,
  "tsnr": 41.95015536155552
}