{
  "aor": 0.0017836619718309859,
  "aqi": 0.0196410661971831,
  "bids_meta": {
    "AcquisitionMatrixPE": 116,
    "AcquisitionNumber": 1,
    "BandwidthPerPixelPhaseEncode": 23.946,
    "BaseResolution": 128,
    "BodyPartExamined": "BRAIN",
    "ConsistencyInfo": "N4_VD11D_LATEST_20110129",
    "ConversionSoftware": "dcm2niix",
    "ConversionSoftwareVersion": "v1.0.20180518 GCC4.8.5",
    "DerivedVendorReportedEchoSpacing": 0.000720011,
    "DwellTime": 2.5e-06,
    "EchoTime": 0.03,
    "EchoTrainLength": 58,
    "EffectiveEchoSpacing": 0.000360005,
    "FlipAngle": 71,
    "ImageOrientationPatientDICOM": [
      1,
      0,
      0,
      0,
      0.944376,
      0.328867
    ],
    "ImageType": [
      "ORIGINAL",
      "PRIMARY",
      "M",
      "ND",
      "NORM",
      "MOSAIC"
    ],
    "InPlanePhaseEncodingDirectionDICOM": "COL",
    "InstitutionName": "Princeton_University_-_Neuroscience_Institute",
    "MRAcquisitionType": "2D",
    "MagneticFieldStrength": 3,
    "Manufacturer": "Siemens",
    "ManufacturersModelName": "Skyra",
    "Modality": "MR",
    "ParallelReductionFactorInPlane": 2,
    "PartialFourier": 1,
    "PatientPosition": "HFS",
    "PercentPhaseFOV": 90.625,
    "PhaseEncodingDirection": "j-",
    "PhaseEncodingSteps": 116,
    "PhaseResolution": 1,
    "PixelBandwidth": 1565,
    "PulseSequenceDetails": "%SiemensSeq%_ep2d_bold",
    "ReceiveCoilActiveElements": "HE1-4",
    "ReceiveCoilName": "HeadNeck_20",
    "ReconMatrixPE": 116,
    "RepetitionTime": 2,
    "SAR": 0.0822545,
    "ScanOptions": "FS",
    "ScanningSequence": "EP",
    "SequenceVariant": "SK",
    "SeriesNumber": 8,
    "ShimSetting": [
      3201,
      10502,
      10022,
      656,
      -347,
      90,
      634,
      -15
    ],
    "SliceThickness": 3,
    "SliceTiming": [
      1,
      0,
      1.0675,
      0.0675,
      1.1325,
      0.1325,
      1.2,
      0.2,
      1.2675,
      0.2675,
      1.3325,
      0.3325,
      1.4,
      0.4,
      1.465,
      0.4675,
      1.5325,
      0.5325,
      1.6,
      0.6,
      1.665,
      0.6675,
      1.7325,
      0.7325,
      1.8,
      0.8,
      1.865,
      0.8675,
      1.9325,
      0.9325
    ],
    "SoftwareVersions": "syngo_MR_D11",
    "SpacingBetweenSlices": 3,
    "StationName": "AWP45031",
    "TaskName": "retrieval-practice/restudy phase",
    "TotalReadoutTime": 0.0414006,
    "TxRefAmp": 370.115,
    "dataset": "ds001775",
    "modality": "bold",
    "run_id": 2,
    "subject_id": "24",
    "task_id": "RP"
  },
  "dummy_trs": 0,
  "dvars_nstd": 42.844213290423994,
  "dvars_std": 1.1717406692932852,
  "dvars_vstd": 1.0092159531095406,
  "efc": 0.5182037502367838,
  "fber": 1566.4998779296875,
  "fd_mean": 0.2788629126905132,
  "fd_num": 177,
  "fd_perc": 62.32394366197183,
  "fwhm_avg": 1.9429683333333332,
  "fwhm_x": 1.91869,
  "fwhm_y": 2.189845,
  "fwhm_z": 1.72037,
  "gcor": 0.045605,
  "gsr_x": -0.01384645514190197,
  "gsr_y": 0.0347372442483902,
  "provenance": {
    "md5sum": "ae3d2bcc0bc67ef2d510780cae8491b2",
    "settings": {
      "fd_thres": 0.2,
      "testing": false
    },
    "software": "mriqc",
    "version": "22.0.6",
    "webapi_port": null,
    "webapi_url": "https://mriqc.nimh.nih.gov/api/v1"
  },
  "size_t": 284,
  "size_x": 128,
  "size_y": 116,
  "size_z": 30,
  "snr": 6.369864630444303,
  "spacing_tr": 2.0,
  "spacing_x": 2.0,
  "spacing_y": 2.0,
  "spacing_z": 3.0,
  "summary_bg_k": 22.25390797415131,
  "summary_bg_mad": 8.577167497991669,
  "summary_bg_mean": 41.490291595458984,
  "summary_bg_median": 18.845069885253906,
  "summary_bg_n": 294595.0,
  "summary_bg_p05": 9.045774459838867,
  "summary_bg_p95": 153.992608642578,
  "summary_bg_stdv": 72.98025512695312,
  "summary_fg_k": 2.454249428119808,
  "summary_fg_mad": 109.2087563171483,
  "summary_fg_mean": 764.9586791992188,
  "summary_fg_median": 755.0352172851562,
  "summary_fg_n": 84290.0,
  "summary_fg_p05": 604.7727111816406,
  "summary_fg_p95": 960.59892578125,
  "summary_fg_stdv": 118.53167724609375,
  "tsnr": 37.899442163994536
}