{
  "aor": 0.0005430348258706468,
  "aqi": 0.010021321343283582,
  "bids_meta": {
    "AcquisitionMatrixPE": 116,
    "AcquisitionNumber": 1,
    "BandwidthPerPixelPhaseEncode": 23.946,
    "BaseResolution": 128,
    "BodyPartExamined": "BRAIN",
    "ConversionSoftware": "dcm2niix",
    "ConversionSoftwareVersion": "v1.0.20180518 GCC4.8.5",
    "DerivedVendorReportedEchoSpacing": 0.000720011,
    "DwellTime": 2.5e-06,
    "EchoTime": 0.03,
    "EchoTrainLength": 58,
    "EffectiveEchoSpacing": 0.000360005,
    "FlipAngle": 71,
    "ImageOrientationPatientDICOM": [
      1,
      0,
      0,
      0,
      0.944376,
      0.328867
    ],
    "ImageType": [
      "ORIGINAL",
      "PRIMARY",
      "M",
      "ND",
      "NORM",
      "MOSAIC"
    ],
    "InPlanePhaseEncodingDirectionDICOM": "COL",
    "InstitutionName": "Princeton_University_-_Neuroscience_Institute",
    "MRAcquisitionType": "2D",
    "MagneticFieldStrength": 3,
    "Manufacturer": "Siemens",
    "ManufacturersModelName": "Skyra",
    "Modality": "MR",
    "ParallelReductionFactorInPlane": 2,
    "PartialFourier": 1,
    "PatientPosition": "HFS",
    "PercentPhaseFOV": 90.625,
    "PhaseEncodingDirection": "j-",
    "PhaseEncodingSteps": 116,
    "PhaseResolution": 1,
    "PixelBandwidth": 1565,
    "PulseSequenceDetails": "%SiemensSeq%_ep2d_bold",
    "ReceiveCoilActiveElements": "HE1-4",
    "ReceiveCoilName": "HeadNeck_20",
    "ReconMatrixPE": 116,
    "RepetitionTime": 2,
    "SAR": 0.0822539,
    "ScanOptions": "FS",
    "ScanningSequence": "EP",
    "SequenceVariant": "SK",
    "SeriesNumber": 4,
    "ShimSetting": [
      3201,
      10502,
      10022,
      656,
      -347,
      90,
      634,
      -15
    ],
    "SliceThickness": 3,
    "SliceTiming": [
      1,
      0,
      1.065,
      0.065,
      1.1325,
      0.1325,
      1.2,
      0.2,
      1.265,
      0.265,
      1.3325,
      0.3325,
      1.4,
      0.4,
      1.465,
      0.465,
      1.5325,
      0.5325,
      1.6,
      0.6,
      1.665,
      0.665,
      1.7325,
      0.7325,
      1.8,
      0.8,
      1.865,
      0.865,
      1.9325,
      0.9325
    ],
    "SoftwareVersions": "syngo_MR_D11",
    "SpacingBetweenSlices": 3,
    "StationName": "AWP45031",
    "TaskName": "study phase",
    "TotalReadoutTime": 0.0414006,
    "TxRefAmp": 370.115,
    "dataset": "ds001775",
    "modality": "bold",
    "run_id": 1,
    "subject_id": "24",
    "task_id": "restudy"
  },
  "dummy_trs": 0,
  "dvars_nstd": 32.993408689400006,
  "dvars_std": 1.1456788574999996,
  "dvars_vstd": 1.00256945415,
  "efc": 0.5146166688495794,
  "fber": 1645.9722900390625,
  "fd_mean": 0.05885651944160858,
  "fd_num": 3,
  "fd_perc": 1.492537313432836,
  "fwhm_avg": 1.943063888888889,
  "fwhm_x": 1.92215,
  "fwhm_y": 2.185875,
  "fwhm_z": 1.7211666666666667,
  "gcor": 0.0201315,
  "gsr_x": -0.012785346247255802,
  "gsr_y": 0.032695669680833817,
  "provenance": {
    "md5sum": "28e3c582f5920505e0ff62c7c0f4214f",
    "settings": {
      "fd_thres": 0.2,
      "testing": false
    },
    "software": "mriqc",
    "version": "22.0.6",
    "webapi_port": null,
    "webapi_url": "https://mriqc.nimh.nih.gov/api/v1"
  },
  "size_t": 201,
  "size_x": 128,
  "size_y": 116,
  "size_z": 30,
  "snr": 6.251689920134312,
  "spacing_tr": 2.0,
  "spacing_x": 2.0,
  "spacing_y": 2.0,
  "spacing_z": 3.0,
  "summary_bg_k": 23.453991094331997,
  "summary_bg_mad": 8.357155943647161,
  "summary_bg_mean": 40.29399871826172,
  "summary_bg_median": 18.477611541748047,
  "summary_bg_n": 295150.0,
  "summary_bg_p05": 9.034825325012207,
  "summary_bg_p95": 146.4885589599607,
  "summary_bg_stdv": 71.56513214111328,
  "summary_fg_k": 2.5877821518195914,
  "summary_fg_mad": 111.86638232760309,
  "summary_fg_mean": 768.7801513671875,
  "summary_fg_median": 759.10693359375,
  "summary_fg_n": 83818.0,
  "summary_fg_p05": 604.9992492675781,
  "summary_fg_p95": 967.8728485107421,
  "summary_fg_stdv": 121.42355346679688,
  "tsnr": 48.994046059437096
}