{
  "aor": 0.0007751760563380282,
  "aqi": 0.017474132394366196,
  "bids_meta": {
    "AcquisitionMatrixPE": 116,
    "AcquisitionNumber": 1,
    "BandwidthPerPixelPhaseEncode": 23.946,
    "BaseResolution": 128,
    "BodyPartExamined": "BRAIN",
    "ConsistencyInfo": "N4_VD11D_LATEST_20110129",
    "ConversionSoftware": "dcm2niix",
    "ConversionSoftwareVersion": "v1.0.20180518 GCC4.8.5",
    "DerivedVendorReportedEchoSpacing": 0.000720011,
    "DwellTime": 2.5e-06,
    "EchoTime": 0.03,
    "EchoTrainLength": 58,
    "EffectiveEchoSpacing": 0.000360005,
    "FlipAngle": 71,
    "ImageOrientationPatientDICOM": [
      1,
      0,
      0,
      0,
      0.944376,
      0.328867
    ],
    "ImageType": [
      "ORIGINAL",
      "PRIMARY",
      "M",
      "ND",
      "NORM",
      "MOSAIC"
    ],
    "InPlanePhaseEncodingDirectionDICOM": "COL",
    "InstitutionName": "Princeton_University_-_Neuroscience_Institute",
    "MRAcquisitionType": "2D",
    "MagneticFieldStrength": 3,
    "Manufacturer": "Siemens",
    "ManufacturersModelName": "Skyra",
    "Modality": "MR",
    "ParallelReductionFactorInPlane": 2,
    "PartialFourier": 1,
    "PatientPosition": "HFS",
    "PercentPhaseFOV": 90.625,
    "PhaseEncodingDirection": "j-",
    "PhaseEncodingSteps": 116,
    "PhaseResolution": 1,
    "PixelBandwidth": 1565,
    "PulseSequenceDetails": "%SiemensSeq%_ep2d_bold",
    "ReceiveCoilActiveElements": "HE1-4",
    "ReceiveCoilName": "HeadNeck_20",
    "ReconMatrixPE": 116,
    "RepetitionTime": 2,
    "SAR": 0.0822545,
    "ScanOptions": "FS",
    "ScanningSequence": "EP",
    "SequenceVariant": "SK",
    "SeriesNumber": 8,
    "ShimSetting": [
      3201,
      10502,
      10022,
      656,
      -347,
      90,
      634,
      -15
    ],
    "SliceThickness": 3,
    "SliceTiming": [
      1,
      0,
      1.0675,
      0.0675,
      1.1325,
      0.1325,
      1.2,
      0.2,
      1.2675,
      0.2675,
      1.3325,
      0.3325,
      1.4,
      0.4,
      1.465,
      0.4675,
      1.5325,
      0.5325,
      1.6,
      0.6,
      1.665,
      0.6675,
      1.7325,
      0.7325,
      1.8,
      0.8,
      1.865,
      0.8675,
      1.9325,
      0.9325
    ],
    "SoftwareVersions": "syngo_MR_D11",
    "SpacingBetweenSlices": 3,
    "StationName": "AWP45031",
    "TaskName": "retrieval-practice/restudy phase",
    "TotalReadoutTime": 0.0414006,
    "TxRefAmp": 370.115,
    "dataset": "ds001775",
    "modality": "bold",
    "run_id": 4,
    "subject_id": "01",
    "task_id": "RP"
  },
  "dummy_trs": 0,
  "dvars_nstd": 43.46724006724381,
  "dvars_std": 1.1813922807067139,
  "dvars_vstd": 1.002309353745584,
  "efc": 0.5278912830064233,
  "fber": 1310.5908203125,
  "fd_mean": 0.23564431258901464,
  "fd_num": 155,
  "fd_perc": 54.57746478873239,
  "fwhm_avg": 1.9000044444444442,
  "fwhm_x": 1.91538,
  "fwhm_y": 2.16646,
  "fwhm_z": 1.6181733333333332,
  "gcor": 0.0410403,
  "gsr_x": -0.025542499497532845,
  "gsr_y": 0.04042696952819824,
  "provenance": {
    "md5sum": "d5a31270135de3a3122386ed99b8abe1",
    "settings": {
      "fd_thres": 0.2,
      "testing": false
    },
    "software": "mriqc",
    "version": "22.0.6",
    "webapi_port": null,
    "webapi_url": "https://mriqc.nimh.nih.gov/api/v1"
  },
  "size_t": 284,
  "size_x": 128,
  "size_y": 116,
  "size_z": 30,
  "snr": 5.919954431843068,
  "spacing_tr": 2.0,
  "spacing_x": 2.0,
  "spacing_y": 2.0,
  "spacing_z": 3.0,
  "summary_bg_k": 22.05619264171442,
  "summary_bg_mad": 12.534253541589617,
  "summary_bg_mean": 51.28239440917969,
  "summary_bg_median": 22.96478843688965,
  "summary_bg_n": 295096.0,
  "summary_bg_p05": 10.440140724182129,
  "summary_bg_p95": 196.53872680664062,
  "summary_bg_stdv": 81.68427276611328,
  "summary_fg_k": 2.9488066776546695,
  "summary_fg_mad": 124.40809853714359,
  "summary_fg_mean": 851.739990234375,
  "summary_fg_median": 842.2605590820312,
  "summary_fg_n": 83553.0,
  "summary_fg_p05": 655.9387084960938,
  "summary_fg_p95": 1080.9689697265624,
  "summary_fg_stdv": 142.27398681640625,
  "tsnr": 38.30059373169206
}