{
  "aor": 0.0021765845070422537,
  "aqi": 0.019014775070422537,
  "bids_meta": {
    "AcquisitionMatrixPE": 116,
    "AcquisitionNumber": 1,
    "BandwidthPerPixelPhaseEncode": 23.946,
    "BaseResolution": 128,
    "BodyPartExamined": "BRAIN",
    "ConsistencyInfo": "N4_VD11D_LATEST_20110129",
    "ConversionSoftware": "dcm2niix",
    "ConversionSoftwareVersion": "v1.0.20180518 GCC4.8.5",
    "DerivedVendorReportedEchoSpacing": 0.000720011,
    "DwellTime": 2.5e-06,
    "EchoTime": 0.03,
    "EchoTrainLength": 58,
    "EffectiveEchoSpacing": 0.000360005,
    "FlipAngle": 71,
    "ImageOrientationPatientDICOM": [
      1,
      0,
      0,
      0,
      0.944376,
      0.328867
    ],
    "ImageType": [
      "ORIGINAL",
      "PRIMARY",
      "M",
      "ND",
      "NORM",
      "MOSAIC"
    ],
    "InPlanePhaseEncodingDirectionDICOM": "COL",
    "InstitutionName": "Princeton_University_-_Neuroscience_Institute",
    "MRAcquisitionType": "2D",
    "MagneticFieldStrength": 3,
    "Manufacturer": "Siemens",
    "ManufacturersModelName": "Skyra",
    "Modality": "MR",
    "ParallelReductionFactorInPlane": 2,
    "PartialFourier": 1,
    "PatientPosition": "HFS",
    "PercentPhaseFOV": 90.625,
    "PhaseEncodingDirection": "j-",
    "PhaseEncodingSteps": 116,
    "PhaseResolution": 1,
    "PixelBandwidth": 1565,
    "PulseSequenceDetails": "%SiemensSeq%_ep2d_bold",
    "ReceiveCoilActiveElements": "HE1-4",
    "ReceiveCoilName": "HeadNeck_20",
    "ReconMatrixPE": 116,
    "RepetitionTime": 2,
    "SAR": 0.0822545,
    "ScanOptions": "FS",
    "ScanningSequence": "EP",
    "SequenceVariant": "SK",
    "SeriesNumber": 8,
    "ShimSetting": [
      3201,
      10502,
      10022,
      656,
      -347,
      90,
      634,
      -15
    ],
    "SliceThickness": 3,
    "SliceTiming": [
      1,
      0,
      1.0675,
      0.0675,
      1.1325,
      0.1325,
      1.2,
      0.2,
      1.2675,
      0.2675,
      1.3325,
      0.3325,
      1.4,
      0.4,
      1.465,
      0.4675,
      1.5325,
      0.5325,
      1.6,
      0.6,
      1.665,
      0.6675,
      1.7325,
      0.7325,
      1.8,
      0.8,
      1.865,
      0.8675,
      1.9325,
      0.9325
    ],
    "SoftwareVersions": "syngo_MR_D11",
    "SpacingBetweenSlices": 3,
    "StationName": "AWP45031",
    "TaskName": "retrieval-practice/restudy phase",
    "TotalReadoutTime": 0.0414006,
    "TxRefAmp": 370.115,
    "dataset": "ds001775",
    "modality": "bold",
    "run_id": 1,
    "subject_id": "22",
    "task_id": "RP"
  },
  "dummy_trs": 0,
  "dvars_nstd": 37.69657638441695,
  "dvars_std": 1.2198416015194353,
  "dvars_vstd": 1.0068080901060072,
  "efc": 0.4719453453424669,
  "fber": 1998.484619140625,
  "fd_mean": 0.20409437262284905,
  "fd_num": 125,
  "fd_perc": 44.014084507042256,
  "fwhm_avg": 1.8707905555555555,
  "fwhm_x": 1.871835,
  "fwhm_y": 2.15517,
  "fwhm_z": 1.5853666666666666,
  "gcor": 0.0134692,
  "gsr_x": -0.02798972837626934,
  "gsr_y": 0.030342793092131615,
  "provenance": {
    "md5sum": "73c9a510910ddf36a3f7b0fbae5512c8",
    "settings": {
      "fd_thres": 0.2,
      "testing": false
    },
    "software": "mriqc",
    "version": "22.0.6",
    "webapi_port": null,
    "webapi_url": "https://mriqc.nimh.nih.gov/api/v1"
  },
  "size_t": 284,
  "size_x": 128,
  "size_y": 116,
  "size_z": 30,
  "snr": 6.284478483396262,
  "spacing_tr": 2.0,
  "spacing_x": 2.0,
  "spacing_y": 2.0,
  "spacing_z": 3.0,
  "summary_bg_k": 40.28171693616885,
  "summary_bg_mad": 9.845731972704584,
  "summary_bg_mean": 36.3707160949707,
  "summary_bg_median": 17.496479034423828,
  "summary_bg_n": 313626.0,
  "summary_bg_p05": 7.869718074798584,
  "summary_bg_p95": 133.0862693786621,
  "summary_bg_stdv": 65.84715270996094,
  "summary_fg_k": 2.5437977089025665,
  "summary_fg_mad": 117.3030730800333,
  "summary_fg_mean": 798.8295288085938,
  "summary_fg_median": 787.8151245117188,
  "summary_fg_n": 67966.0,
  "summary_fg_p05": 630.2922515869141,
  "summary_fg_p95": 1005.1337890625,
  "summary_fg_stdv": 125.35794830322266,
  "tsnr": 41.51446610502899
}