{
  "aor": 0.0011633830845771144,
  "aqi": 0.012142042835820896,
  "bids_meta": {
    "AcquisitionMatrixPE": 116,
    "AcquisitionNumber": 1,
    "BandwidthPerPixelPhaseEncode": 23.946,
    "BaseResolution": 128,
    "BodyPartExamined": "BRAIN",
    "ConversionSoftware": "dcm2niix",
    "ConversionSoftwareVersion": "v1.0.20180518 GCC4.8.5",
    "DerivedVendorReportedEchoSpacing": 0.000720011,
    "DwellTime": 2.5e-06,
    "EchoTime": 0.03,
    "EchoTrainLength": 58,
    "EffectiveEchoSpacing": 0.000360005,
    "FlipAngle": 71,
    "ImageOrientationPatientDICOM": [
      1,
      0,
      0,
      0,
      0.944376,
      0.328867
    ],
    "ImageType": [
      "ORIGINAL",
      "PRIMARY",
      "M",
      "ND",
      "NORM",
      "MOSAIC"
    ],
    "InPlanePhaseEncodingDirectionDICOM": "COL",
    "InstitutionName": "Princeton_University_-_Neuroscience_Institute",
    "MRAcquisitionType": "2D",
    "MagneticFieldStrength": 3,
    "Manufacturer": "Siemens",
    "ManufacturersModelName": "Skyra",
    "Modality": "MR",
    "ParallelReductionFactorInPlane": 2,
    "PartialFourier": 1,
    "PatientPosition": "HFS",
    "PercentPhaseFOV": 90.625,
    "PhaseEncodingDirection": "j-",
    "PhaseEncodingSteps": 116,
    "PhaseResolution": 1,
    "PixelBandwidth": 1565,
    "PulseSequenceDetails": "%SiemensSeq%_ep2d_bold",
    "ReceiveCoilActiveElements": "HE1-4",
    "ReceiveCoilName": "HeadNeck_20",
    "ReconMatrixPE": 116,
    "RepetitionTime": 2,
    "SAR": 0.0822539,
    "ScanOptions": "FS",
    "ScanningSequence": "EP",
    "SequenceVariant": "SK",
    "SeriesNumber": 4,
    "ShimSetting": [
      3201,
      10502,
      10022,
      656,
      -347,
      90,
      634,
      -15
    ],
    "SliceThickness": 3,
    "SliceTiming": [
      1,
      0,
      1.065,
      0.065,
      1.1325,
      0.1325,
      1.2,
      0.2,
      1.265,
      0.265,
      1.3325,
      0.3325,
      1.4,
      0.4,
      1.465,
      0.465,
      1.5325,
      0.5325,
      1.6,
      0.6,
      1.665,
      0.665,
      1.7325,
      0.7325,
      1.8,
      0.8,
      1.865,
      0.865,
      1.9325,
      0.9325
    ],
    "SoftwareVersions": "syngo_MR_D11",
    "SpacingBetweenSlices": 3,
    "StationName": "AWP45031",
    "TaskName": "study phase",
    "TotalReadoutTime": 0.0414006,
    "TxRefAmp": 370.115,
    "dataset": "ds001775",
    "modality": "bold",
    "run_id": 1,
    "subject_id": "22",
    "task_id": "restudy"
  },
  "dummy_trs": 0,
  "dvars_nstd": 35.14668547640001,
  "dvars_std": 1.2089782590499996,
  "dvars_vstd": 1.0048363612000002,
  "efc": 0.47097844823795487,
  "fber": 2007.85888671875,
  "fd_mean": 0.125804312504601,
  "fd_num": 12,
  "fd_perc": 5.970149253731344,
  "fwhm_avg": 1.855723888888889,
  "fwhm_x": 1.834515,
  "fwhm_y": 2.09475,
  "fwhm_z": 1.6379066666666666,
  "gcor": 0.0274398,
  "gsr_x": -0.026269415393471718,
  "gsr_y": 0.02786651812493801,
  "provenance": {
    "md5sum": "75da4b6ea43f3fbebd42c733aa50d9db",
    "settings": {
      "fd_thres": 0.2,
      "testing": false
    },
    "software": "mriqc",
    "version": "22.0.6",
    "webapi_port": null,
    "webapi_url": "https://mriqc.nimh.nih.gov/api/v1"
  },
  "size_t": 201,
  "size_x": 128,
  "size_y": 116,
  "size_z": 30,
  "snr": 6.310280366199198,
  "spacing_tr": 2.0,
  "spacing_x": 2.0,
  "spacing_y": 2.0,
  "spacing_z": 3.0,
  "summary_bg_k": 41.87994834498869,
  "summary_bg_mad": 9.47832636369154,
  "summary_bg_mean": 35.36817932128906,
  "summary_bg_median": 17.3681583404541,
  "summary_bg_n": 313530.0,
  "summary_bg_p05": 8.014925003051758,
  "summary_bg_p95": 128.33606414794917,
  "summary_bg_stdv": 63.55047607421875,
  "summary_fg_k": 2.804625495995791,
  "summary_fg_mad": 114.99388211855043,
  "summary_fg_mean": 797.2490234375,
  "summary_fg_median": 786.805908203125,
  "summary_fg_n": 68114.0,
  "summary_fg_p05": 630.2370391845703,
  "summary_fg_p95": 1000.6253692626952,
  "summary_fg_stdv": 124.6854476928711,
  "tsnr": 47.99076553573832
}