{
  "aor": 0.0005598507462686567,
  "aqi": 0.027044904975124382,
  "bids_meta": {
    "AcquisitionMatrixPE": 116,
    "AcquisitionNumber": 1,
    "BandwidthPerPixelPhaseEncode": 23.946,
    "BaseResolution": 128,
    "BodyPartExamined": "BRAIN",
    "ConversionSoftware": "dcm2niix",
    "ConversionSoftwareVersion": "v1.0.20180518 GCC4.8.5",
    "DerivedVendorReportedEchoSpacing": 0.000720011,
    "DwellTime": 2.5e-06,
    "EchoTime": 0.03,
    "EchoTrainLength": 58,
    "EffectiveEchoSpacing": 0.000360005,
    "FlipAngle": 71,
    "ImageOrientationPatientDICOM": [
      1,
      0,
      0,
      0,
      0.944376,
      0.328867
    ],
    "ImageType": [
      "ORIGINAL",
      "PRIMARY",
      "M",
      "ND",
      "NORM",
      "MOSAIC"
    ],
    "InPlanePhaseEncodingDirectionDICOM": "COL",
    "InstitutionName": "Princeton_University_-_Neuroscience_Institute",
    "MRAcquisitionType": "2D",
    "MagneticFieldStrength": 3,
    "Manufacturer": "Siemens",
    "ManufacturersModelName": "Skyra",
    "Modality": "MR",
    "ParallelReductionFactorInPlane": 2,
    "PartialFourier": 1,
    "PatientPosition": "HFS",
    "PercentPhaseFOV": 90.625,
    "PhaseEncodingDirection": "j-",
    "PhaseEncodingSteps": 116,
    "PhaseResolution": 1,
    "PixelBandwidth": 1565,
    "PulseSequenceDetails": "%SiemensSeq%_ep2d_bold",
    "ReceiveCoilActiveElements": "HE1-4",
    "ReceiveCoilName": "HeadNeck_20",
    "ReconMatrixPE": 116,
    "RepetitionTime": 2,
    "SAR": 0.0822539,
    "ScanOptions": "FS",
    "ScanningSequence": "EP",
    "SequenceVariant": "SK",
    "SeriesNumber": 4,
    "ShimSetting": [
      3201,
      10502,
      10022,
      656,
      -347,
      90,
      634,
      -15
    ],
    "SliceThickness": 3,
    "SliceTiming": [
      1,
      0,
      1.065,
      0.065,
      1.1325,
      0.1325,
      1.2,
      0.2,
      1.265,
      0.265,
      1.3325,
      0.3325,
      1.4,
      0.4,
      1.465,
      0.465,
      1.5325,
      0.5325,
      1.6,
      0.6,
      1.665,
      0.665,
      1.7325,
      0.7325,
      1.8,
      0.8,
      1.865,
      0.865,
      1.9325,
      0.9325
    ],
    "SoftwareVersions": "syngo_MR_D11",
    "SpacingBetweenSlices": 3,
    "StationName": "AWP45031",
    "TaskName": "study phase",
    "TotalReadoutTime": 0.0414006,
    "TxRefAmp": 370.115,
    "dataset": "ds001775",
    "modality": "bold",
    "run_id": 1,
    "subject_id": "04",
    "task_id": "restudy"
  },
  "dummy_trs": 0,
  "dvars_nstd": 31.76632710454999,
  "dvars_std": 0.9890494207499998,
  "dvars_vstd": 0.9336063744999996,
  "efc": 0.5152999090548445,
  "fber": 1597.561279296875,
  "fd_mean": 0.13094395928433739,
  "fd_num": 22,
  "fd_perc": 10.945273631840797,
  "fwhm_avg": 1.9890844889000645,
  "fwhm_x": 1.993685,
  "fwhm_y": 2.295425,
  "fwhm_z": 1.6781434667001938,
  "gcor": 0.0146299,
  "gsr_x": -0.018829699605703354,
  "gsr_y": 0.034448061138391495,
  "provenance": {
    "md5sum": "0a127acea66ad9fe96ab74b83c50cacc",
    "settings": {
      "fd_thres": 0.2,
      "testing": false
    },
    "software": "mriqc",
    "version": "22.0.6",
    "webapi_port": null,
    "webapi_url": "https://mriqc.nimh.nih.gov/api/v1"
  },
  "size_t": 201,
  "size_x": 128,
  "size_y": 116,
  "size_z": 30,
  "snr": 5.902026865229234,
  "spacing_tr": 2.0,
  "spacing_x": 2.0,
  "spacing_y": 2.0,
  "spacing_z": 2.999999761581421,
  "summary_bg_k": 39.21138819915025,
  "summary_bg_mad": 11.108451303554487,
  "summary_bg_mean": 41.18849182128906,
  "summary_bg_median": 20.26865577697754,
  "summary_bg_n": 293431.0,
  "summary_bg_p05": 8.64676570892334,
  "summary_bg_p95": 145.54476928710938,
  "summary_bg_stdv": 68.95381927490234,
  "summary_fg_k": 3.1592312683117596,
  "summary_fg_mad": 123.2699045244261,
  "summary_fg_mean": 829.5213623046875,
  "summary_fg_median": 818.4129028320312,
  "summary_fg_n": 85521.0,
  "summary_fg_p05": 641.5074462890625,
  "summary_fg_p95": 1052.7711181640625,
  "summary_fg_stdv": 138.6656036376953,
  "tsnr": 35.781022092327476
}