{
  "aor": 0.0013243661971830986,
  "aqi": 0.01926912605633803,
  "bids_meta": {
    "AcquisitionMatrixPE": 116,
    "AcquisitionNumber": 1,
    "BandwidthPerPixelPhaseEncode": 23.946,
    "BaseResolution": 128,
    "BodyPartExamined": "BRAIN",
    "ConsistencyInfo": "N4_VD11D_LATEST_20110129",
    "ConversionSoftware": "dcm2niix",
    "ConversionSoftwareVersion": "v1.0.20180518 GCC4.8.5",
    "DerivedVendorReportedEchoSpacing": 0.000720011,
    "DwellTime": 2.5e-06,
    "EchoTime": 0.03,
    "EchoTrainLength": 58,
    "EffectiveEchoSpacing": 0.000360005,
    "FlipAngle": 71,
    "ImageOrientationPatientDICOM": [
      1,
      0,
      0,
      0,
      0.944376,
      0.328867
    ],
    "ImageType": [
      "ORIGINAL",
      "PRIMARY",
      "M",
      "ND",
      "NORM",
      "MOSAIC"
    ],
    "InPlanePhaseEncodingDirectionDICOM": "COL",
    "InstitutionName": "Princeton_University_-_Neuroscience_Institute",
    "MRAcquisitionType": "2D",
    "MagneticFieldStrength": 3,
    "Manufacturer": "Siemens",
    "ManufacturersModelName": "Skyra",
    "Modality": "MR",
    "ParallelReductionFactorInPlane": 2,
    "PartialFourier": 1,
    "PatientPosition": "HFS",
    "PercentPhaseFOV": 90.625,
    "PhaseEncodingDirection": "j-",
    "PhaseEncodingSteps": 116,
    "PhaseResolution": 1,
    "PixelBandwidth": 1565,
    "PulseSequenceDetails": "%SiemensSeq%_ep2d_bold",
    "ReceiveCoilActiveElements": "HE1-4",
    "ReceiveCoilName": "HeadNeck_20",
    "ReconMatrixPE": 116,
    "RepetitionTime": 2,
    "SAR": 0.0822545,
    "ScanOptions": "FS",
    "ScanningSequence": "EP",
    "SequenceVariant": "SK",
    "SeriesNumber": 8,
    "ShimSetting": [
      3201,
      10502,
      10022,
      656,
      -347,
      90,
      634,
      -15
    ],
    "SliceThickness": 3,
    "SliceTiming": [
      1,
      0,
      1.0675,
      0.0675,
      1.1325,
      0.1325,
      1.2,
      0.2,
      1.2675,
      0.2675,
      1.3325,
      0.3325,
      1.4,
      0.4,
      1.465,
      0.4675,
      1.5325,
      0.5325,
      1.6,
      0.6,
      1.665,
      0.6675,
      1.7325,
      0.7325,
      1.8,
      0.8,
      1.865,
      0.8675,
      1.9325,
      0.9325
    ],
    "SoftwareVersions": "syngo_MR_D11",
    "SpacingBetweenSlices": 3,
    "StationName": "AWP45031",
    "TaskName": "retrieval-practice/restudy phase",
    "TotalReadoutTime": 0.0414006,
    "TxRefAmp": 370.115,
    "dataset": "ds001775",
    "modality": "bold",
    "run_id": 1,
    "subject_id": "04",
    "task_id": "RP"
  },
  "dummy_trs": 0,
  "dvars_nstd": 36.08056621749117,
  "dvars_std": 1.1267950294346292,
  "dvars_vstd": 1.0020343467844524,
  "efc": 0.5174027274522953,
  "fber": 1616.5299072265625,
  "fd_mean": 0.16336612867920014,
  "fd_num": 58,
  "fd_perc": 20.422535211267604,
  "fwhm_avg": 1.9469939334516206,
  "fwhm_x": 1.94578,
  "fwhm_y": 2.213015,
  "fwhm_z": 1.6821868003548623,
  "gcor": 0.0241767,
  "gsr_x": -0.02011287212371826,
  "gsr_y": 0.03785134479403496,
  "provenance": {
    "md5sum": "19cab31372fc3fc729bbef945d7b9cd9",
    "settings": {
      "fd_thres": 0.2,
      "testing": false
    },
    "software": "mriqc",
    "version": "22.0.6",
    "webapi_port": null,
    "webapi_url": "https://mriqc.nimh.nih.gov/api/v1"
  },
  "size_t": 284,
  "size_x": 128,
  "size_y": 116,
  "size_z": 30,
  "snr": 5.981335693361023,
  "spacing_tr": 2.0,
  "spacing_x": 2.0,
  "spacing_y": 2.0,
  "spacing_z": 2.999999761581421,
  "summary_bg_k": 36.00290495414719,
  "summary_bg_mad": 11.625897824834416,
  "summary_bg_mean": 42.214256286621094,
  "summary_bg_median": 20.21478843688965,
  "summary_bg_n": 293196.0,
  "summary_bg_p05": 8.566901206970215,
  "summary_bg_p95": 152.51760864257812,
  "summary_bg_stdv": 71.04267120361328,
  "summary_fg_k": 2.908871595439522,
  "summary_fg_mad": 125.05022166595926,
  "summary_fg_mean": 834.2844848632812,
  "summary_fg_median": 823.5985717773438,
  "summary_fg_n": 85664.0,
  "summary_fg_p05": 648.406869506836,
  "summary_fg_p95": 1057.048254394531,
  "summary_fg_stdv": 137.69395446777344,
  "tsnr": 39.042610495816916
}