{
  "aor": 0.0004124295774647888,
  "aqi": 0.01633167077464789,
  "bids_meta": {
    "AcquisitionMatrixPE": 116,
    "AcquisitionNumber": 1,
    "BandwidthPerPixelPhaseEncode": 23.946,
    "BaseResolution": 128,
    "BodyPartExamined": "BRAIN",
    "ConsistencyInfo": "N4_VD11D_LATEST_20110129",
    "ConversionSoftware": "dcm2niix",
    "ConversionSoftwareVersion": "v1.0.20180518 GCC4.8.5",
    "DerivedVendorReportedEchoSpacing": 0.000720011,
    "DwellTime": 2.5e-06,
    "EchoTime": 0.03,
    "EchoTrainLength": 58,
    "EffectiveEchoSpacing": 0.000360005,
    "FlipAngle": 71,
    "ImageOrientationPatientDICOM": [
      1,
      0,
      0,
      0,
      0.944376,
      0.328867
    ],
    "ImageType": [
      "ORIGINAL",
      "PRIMARY",
      "M",
      "ND",
      "NORM",
      "MOSAIC"
    ],
    "InPlanePhaseEncodingDirectionDICOM": "COL",
    "InstitutionName": "Princeton_University_-_Neuroscience_Institute",
    "MRAcquisitionType": "2D",
    "MagneticFieldStrength": 3,
    "Manufacturer": "Siemens",
    "ManufacturersModelName": "Skyra",
    "Modality": "MR",
    "ParallelReductionFactorInPlane": 2,
    "PartialFourier": 1,
    "PatientPosition": "HFS",
    "PercentPhaseFOV": 90.625,
    "PhaseEncodingDirection": "j-",
    "PhaseEncodingSteps": 116,
    "PhaseResolution": 1,
    "PixelBandwidth": 1565,
    "PulseSequenceDetails": "%SiemensSeq%_ep2d_bold",
    "ReceiveCoilActiveElements": "HE1-4",
    "ReceiveCoilName": "HeadNeck_20",
    "ReconMatrixPE": 116,
    "RepetitionTime": 2,
    "SAR": 0.0822545,
    "ScanOptions": "FS",
    "ScanningSequence": "EP",
    "SequenceVariant": "SK",
    "SeriesNumber": 8,
    "ShimSetting": [
      3201,
      10502,
      10022,
      656,
      -347,
      90,
      634,
      -15
    ],
    "SliceThickness": 3,
    "SliceTiming": [
      1,
      0,
      1.0675,
      0.0675,
      1.1325,
      0.1325,
      1.2,
      0.2,
      1.2675,
      0.2675,
      1.3325,
      0.3325,
      1.4,
      0.4,
      1.465,
      0.4675,
      1.5325,
      0.5325,
      1.6,
      0.6,
      1.665,
      0.6675,
      1.7325,
      0.7325,
      1.8,
      0.8,
      1.865,
      0.8675,
      1.9325,
      0.9325
    ],
    "SoftwareVersions": "syngo_MR_D11",
    "SpacingBetweenSlices": 3,
    "StationName": "AWP45031",
    "TaskName": "retrieval-practice/restudy phase",
    "TotalReadoutTime": 0.0414006,
    "TxRefAmp": 370.115,
    "dataset": "ds001775",
    "modality": "bold",
    "run_id": 2,
    "subject_id": "04",
    "task_id": "RP"
  },
  "dummy_trs": 0,
  "dvars_nstd": 37.612312269646615,
  "dvars_std": 1.141275899823321,
  "dvars_vstd": 0.9928531849116609,
  "efc": 0.5185103561772547,
  "fber": 1556.8624267578125,
  "fd_mean": 0.1404909665719755,
  "fd_num": 47,
  "fd_perc": 16.549295774647888,
  "fwhm_avg": 1.9135272664620293,
  "fwhm_x": 1.90091,
  "fwhm_y": 2.169675,
  "fwhm_z": 1.669996799386088,
  "gcor": 0.0677788,
  "gsr_x": -0.020260728895664215,
  "gsr_y": 0.03851645067334175,
  "provenance": {
    "md5sum": "a93938e95f5d69f242b8f7c2ce08be8c",
    "settings": {
      "fd_thres": 0.2,
      "testing": false
    },
    "software": "mriqc",
    "version": "22.0.6",
    "webapi_port": null,
    "webapi_url": "https://mriqc.nimh.nih.gov/api/v1"
  },
  "size_t": 284,
  "size_x": 128,
  "size_y": 116,
  "size_z": 30,
  "snr": 6.037939303716968,
  "spacing_tr": 2.0,
  "spacing_x": 2.0,
  "spacing_y": 2.0,
  "spacing_z": 2.999999761581421,
  "summary_bg_k": 35.29483411516219,
  "summary_bg_mad": 11.505827767541957,
  "summary_bg_mean": 42.62394332885742,
  "summary_bg_median": 20.503520965576172,
  "summary_bg_n": 293161.0,
  "summary_bg_p05": 8.679576873779297,
  "summary_bg_p95": 154.38731384277344,
  "summary_bg_stdv": 71.79087829589844,
  "summary_fg_k": 2.997867767493112,
  "summary_fg_mad": 122.53394237579901,
  "summary_fg_mean": 830.4071655273438,
  "summary_fg_median": 820.08447265625,
  "summary_fg_n": 85665.0,
  "summary_fg_p05": 647.4098388671875,
  "summary_fg_p95": 1047.870361328125,
  "summary_fg_stdv": 135.8211212158203,
  "tsnr": 41.712300456594676
}