{
  "aor": 0.0018341549295774649,
  "aqi": 0.017397557394366197,
  "bids_meta": {
    "AcquisitionMatrixPE": 116,
    "AcquisitionNumber": 1,
    "BandwidthPerPixelPhaseEncode": 23.946,
    "BaseResolution": 128,
    "BodyPartExamined": "BRAIN",
    "ConsistencyInfo": "N4_VD11D_LATEST_20110129",
    "ConversionSoftware": "dcm2niix",
    "ConversionSoftwareVersion": "v1.0.20180518 GCC4.8.5",
    "DerivedVendorReportedEchoSpacing": 0.000720011,
    "DwellTime": 2.5e-06,
    "EchoTime": 0.03,
    "EchoTrainLength": 58,
    "EffectiveEchoSpacing": 0.000360005,
    "FlipAngle": 71,
    "ImageOrientationPatientDICOM": [
      1,
      0,
      0,
      0,
      0.944376,
      0.328867
    ],
    "ImageType": [
      "ORIGINAL",
      "PRIMARY",
      "M",
      "ND",
      "NORM",
      "MOSAIC"
    ],
    "InPlanePhaseEncodingDirectionDICOM": "COL",
    "InstitutionName": "Princeton_University_-_Neuroscience_Institute",
    "MRAcquisitionType": "2D",
    "MagneticFieldStrength": 3,
    "Manufacturer": "Siemens",
    "ManufacturersModelName": "Skyra",
    "Modality": "MR",
    "ParallelReductionFactorInPlane": 2,
    "PartialFourier": 1,
    "PatientPosition": "HFS",
    "PercentPhaseFOV": 90.625,
    "PhaseEncodingDirection": "j-",
    "PhaseEncodingSteps": 116,
    "PhaseResolution": 1,
    "PixelBandwidth": 1565,
    "PulseSequenceDetails": "%SiemensSeq%_ep2d_bold",
    "ReceiveCoilActiveElements": "HE1-4",
    "ReceiveCoilName": "HeadNeck_20",
    "ReconMatrixPE": 116,
    "RepetitionTime": 2,
    "SAR": 0.0822545,
    "ScanOptions": "FS",
    "ScanningSequence": "EP",
    "SequenceVariant": "SK",
    "SeriesNumber": 8,
    "ShimSetting": [
      3201,
      10502,
      10022,
      656,
      -347,
      90,
      634,
      -15
    ],
    "SliceThickness": 3,
    "SliceTiming": [
      1,
      0,
      1.0675,
      0.0675,
      1.1325,
      0.1325,
      1.2,
      0.2,
      1.2675,
      0.2675,
      1.3325,
      0.3325,
      1.4,
      0.4,
      1.465,
      0.4675,
      1.5325,
      0.5325,
      1.6,
      0.6,
      1.665,
      0.6675,
      1.7325,
      0.7325,
      1.8,
      0.8,
      1.865,
      0.8675,
      1.9325,
      0.9325
    ],
    "SoftwareVersions": "syngo_MR_D11",
    "SpacingBetweenSlices": 3,
    "StationName": "AWP45031",
    "TaskName": "retrieval-practice/restudy phase",
    "TotalReadoutTime": 0.0414006,
    "TxRefAmp": 370.115,
    "dataset": "ds001775",
    "modality": "bold",
    "run_id": 3,
    "subject_id": "04",
    "task_id": "RP"
  },
  "dummy_trs": 0,
  "dvars_nstd": 38.484664020530026,
  "dvars_std": 1.1589182683392245,
  "dvars_vstd": 1.0234203220494698,
  "efc": 0.5209719220867811,
  "fber": 1489.48193359375,
  "fd_mean": 0.17065794086669978,
  "fd_num": 79,
  "fd_perc": 27.816901408450704,
  "fwhm_avg": 1.908448932703781,
  "fwhm_x": 1.904175,
  "fwhm_y": 2.167215,
  "fwhm_z": 1.6539567981113432,
  "gcor": 0.0737744,
  "gsr_x": -0.021461308002471924,
  "gsr_y": 0.041737113147974014,
  "provenance": {
    "md5sum": "5402552dfb9e947ff5e3091556844d1a",
    "settings": {
      "fd_thres": 0.2,
      "testing": false
    },
    "software": "mriqc",
    "version": "22.0.6",
    "webapi_port": null,
    "webapi_url": "https://mriqc.nimh.nih.gov/api/v1"
  },
  "size_t": 284,
  "size_x": 128,
  "size_y": 116,
  "size_z": 30,
  "snr": 6.088255911873241,
  "spacing_tr": 2.0,
  "spacing_x": 2.0,
  "spacing_y": 2.0,
  "spacing_z": 2.999999761581421,
  "summary_bg_k": 34.21030451114681,
  "summary_bg_mad": 12.215804900708358,
  "summary_bg_mean": 43.831642150878906,
  "summary_bg_median": 20.992958068847656,
  "summary_bg_n": 293255.0,
  "summary_bg_p05": 8.674999618530276,
  "summary_bg_p95": 158.0316925048828,
  "summary_bg_stdv": 72.23746490478516,
  "summary_fg_k": 2.951435494038643,
  "summary_fg_mad": 122.17636775016274,
  "summary_fg_mean": 829.56884765625,
  "summary_fg_median": 819.408447265625,
  "summary_fg_n": 85632.0,
  "summary_fg_p05": 648.3434661865234,
  "summary_fg_p95": 1045.812481689453,
  "summary_fg_stdv": 134.58758544921875,
  "tsnr": 40.93609444168396
}