{
  "aor": 0.0006269154228855722,
  "aqi": 0.016153844278606964,
  "bids_meta": {
    "AcquisitionMatrixPE": 116,
    "AcquisitionNumber": 1,
    "BandwidthPerPixelPhaseEncode": 23.946,
    "BaseResolution": 128,
    "BodyPartExamined": "BRAIN",
    "ConversionSoftware": "dcm2niix",
    "ConversionSoftwareVersion": "v1.0.20180518 GCC4.8.5",
    "DerivedVendorReportedEchoSpacing": 0.000720011,
    "DwellTime": 2.5e-06,
    "EchoTime": 0.03,
    "EchoTrainLength": 58,
    "EffectiveEchoSpacing": 0.000360005,
    "FlipAngle": 71,
    "ImageOrientationPatientDICOM": [
      1,
      0,
      0,
      0,
      0.944376,
      0.328867
    ],
    "ImageType": [
      "ORIGINAL",
      "PRIMARY",
      "M",
      "ND",
      "NORM",
      "MOSAIC"
    ],
    "InPlanePhaseEncodingDirectionDICOM": "COL",
    "InstitutionName": "Princeton_University_-_Neuroscience_Institute",
    "MRAcquisitionType": "2D",
    "MagneticFieldStrength": 3,
    "Manufacturer": "Siemens",
    "ManufacturersModelName": "Skyra",
    "Modality": "MR",
    "ParallelReductionFactorInPlane": 2,
    "PartialFourier": 1,
    "PatientPosition": "HFS",
    "PercentPhaseFOV": 90.625,
    "PhaseEncodingDirection": "j-",
    "PhaseEncodingSteps": 116,
    "PhaseResolution": 1,
    "PixelBandwidth": 1565,
    "PulseSequenceDetails": "%SiemensSeq%_ep2d_bold",
    "ReceiveCoilActiveElements": "HE1-4",
    "ReceiveCoilName": "HeadNeck_20",
    "ReconMatrixPE": 116,
    "RepetitionTime": 2,
    "SAR": 0.0822539,
    "ScanOptions": "FS",
    "ScanningSequence": "EP",
    "SequenceVariant": "SK",
    "SeriesNumber": 4,
    "ShimSetting": [
      3201,
      10502,
      10022,
      656,
      -347,
      90,
      634,
      -15
    ],
    "SliceThickness": 3,
    "SliceTiming": [
      1,
      0,
      1.065,
      0.065,
      1.1325,
      0.1325,
      1.2,
      0.2,
      1.265,
      0.265,
      1.3325,
      0.3325,
      1.4,
      0.4,
      1.465,
      0.465,
      1.5325,
      0.5325,
      1.6,
      0.6,
      1.665,
      0.665,
      1.7325,
      0.7325,
      1.8,
      0.8,
      1.865,
      0.865,
      1.9325,
      0.9325
    ],
    "SoftwareVersions": "syngo_MR_D11",
    "SpacingBetweenSlices": 3,
    "StationName": "AWP45031",
    "TaskName": "study phase",
    "TotalReadoutTime": 0.0414006,
    "TxRefAmp": 370.115,
    "dataset": "ds001775",
    "modality": "bold",
    "run_id": 2,
    "subject_id": "04",
    "task_id": "restudy"
  },
  "dummy_trs": 0,
  "dvars_nstd": 34.5371551613,
  "dvars_std": 1.1079653018999995,
  "dvars_vstd": 0.9971878702500002,
  "efc": 0.5189357009069999,
  "fber": 1595.331298828125,
  "fd_mean": 0.14580092257832455,
  "fd_num": 27,
  "fd_perc": 13.432835820895523,
  "fwhm_avg": 1.9106378218961677,
  "fwhm_x": 1.889415,
  "fwhm_y": 2.177085,
  "fwhm_z": 1.665413465688504,
  "gcor": 0.0269043,
  "gsr_x": -0.01923411339521408,
  "gsr_y": 0.035560742020606995,
  "provenance": {
    "md5sum": "0be669bb5c1d454f6f61745992062962",
    "settings": {
      "fd_thres": 0.2,
      "testing": false
    },
    "software": "mriqc",
    "version": "22.0.6",
    "webapi_port": null,
    "webapi_url": "https://mriqc.nimh.nih.gov/api/v1"
  },
  "size_t": 201,
  "size_x": 128,
  "size_y": 116,
  "size_z": 30,
  "snr": 6.074931831486033,
  "spacing_tr": 2.0,
  "spacing_x": 2.0,
  "spacing_y": 2.0,
  "spacing_z": 2.999999761581421,
  "summary_bg_k": 33.09519219279016,
  "summary_bg_mad": 11.329735385590507,
  "summary_bg_mean": 42.53292465209961,
  "summary_bg_median": 20.079601287841797,
  "summary_bg_n": 293303.0,
  "summary_bg_p05": 8.64676570892334,
  "summary_bg_p95": 155.3074615478512,
  "summary_bg_stdv": 70.99011993408203,
  "summary_fg_k": 3.1615046547246264,
  "summary_fg_mad": 119.20564337080968,
  "summary_fg_mean": 819.791259765625,
  "summary_fg_median": 809.9925537109375,
  "summary_fg_n": 85574.0,
  "summary_fg_p05": 639.5203796386719,
  "summary_fg_p95": 1032.4628967285155,
  "summary_fg_stdv": 133.33282470703125,
  "tsnr": 42.078284763148986
}