{
  "aor": 0.001419303482587065,
  "aqi": 0.011432106815920396,
  "bids_meta": {
    "AcquisitionMatrixPE": 116,
    "AcquisitionNumber": 1,
    "BandwidthPerPixelPhaseEncode": 23.946,
    "BaseResolution": 128,
    "BodyPartExamined": "BRAIN",
    "ConversionSoftware": "dcm2niix",
    "ConversionSoftwareVersion": "v1.0.20180518 GCC4.8.5",
    "DerivedVendorReportedEchoSpacing": 0.000720011,
    "DwellTime": 2.5e-06,
    "EchoTime": 0.03,
    "EchoTrainLength": 58,
    "EffectiveEchoSpacing": 0.000360005,
    "FlipAngle": 71,
    "ImageOrientationPatientDICOM": [
      1,
      0,
      0,
      0,
      0.944376,
      0.328867
    ],
    "ImageType": [
      "ORIGINAL",
      "PRIMARY",
      "M",
      "ND",
      "NORM",
      "MOSAIC"
    ],
    "InPlanePhaseEncodingDirectionDICOM": "COL",
    "InstitutionName": "Princeton_University_-_Neuroscience_Institute",
    "MRAcquisitionType": "2D",
    "MagneticFieldStrength": 3,
    "Manufacturer": "Siemens",
    "ManufacturersModelName": "Skyra",
    "Modality": "MR",
    "ParallelReductionFactorInPlane": 2,
    "PartialFourier": 1,
    "PatientPosition": "HFS",
    "PercentPhaseFOV": 90.625,
    "PhaseEncodingDirection": "j-",
    "PhaseEncodingSteps": 116,
    "PhaseResolution": 1,
    "PixelBandwidth": 1565,
    "PulseSequenceDetails": "%SiemensSeq%_ep2d_bold",
    "ReceiveCoilActiveElements": "HE1-4",
    "ReceiveCoilName": "HeadNeck_20",
    "ReconMatrixPE": 116,
    "RepetitionTime": 2,
    "SAR": 0.0822539,
    "ScanOptions": "FS",
    "ScanningSequence": "EP",
    "SequenceVariant": "SK",
    "SeriesNumber": 4,
    "ShimSetting": [
      3201,
      10502,
      10022,
      656,
      -347,
      90,
      634,
      -15
    ],
    "SliceThickness": 3,
    "SliceTiming": [
      1,
      0,
      1.065,
      0.065,
      1.1325,
      0.1325,
      1.2,
      0.2,
      1.265,
      0.265,
      1.3325,
      0.3325,
      1.4,
      0.4,
      1.465,
      0.465,
      1.5325,
      0.5325,
      1.6,
      0.6,
      1.665,
      0.665,
      1.7325,
      0.7325,
      1.8,
      0.8,
      1.865,
      0.865,
      1.9325,
      0.9325
    ],
    "SoftwareVersions": "syngo_MR_D11",
    "SpacingBetweenSlices": 3,
    "StationName": "AWP45031",
    "TaskName": "study phase",
    "TotalReadoutTime": 0.0414006,
    "TxRefAmp": 370.115,
    "dataset": "ds001775",
    "modality": "bold",
    "run_id": 2,
    "subject_id": "13",
    "task_id": "restudy"
  },
  "dummy_trs": 0,
  "dvars_nstd": 31.095873431949986,
  "dvars_std": 1.1129917442499995,
  "dvars_vstd": 1.01974299865,
  "efc": 0.46612050744532024,
  "fber": 1976.591064453125,
  "fd_mean": 0.08159911118310628,
  "fd_num": 15,
  "fd_perc": 7.462686567164179,
  "fwhm_avg": 1.9284655555555554,
  "fwhm_x": 1.895745,
  "fwhm_y": 2.195495,
  "fwhm_z": 1.6941566666666665,
  "gcor": 0.0288831,
  "gsr_x": -0.026750747114419937,
  "gsr_y": 0.02222677692770958,
  "provenance": {
    "md5sum": "e209b642f3837bc0980742a6d082a945",
    "settings": {
      "fd_thres": 0.2,
      "testing": false
    },
    "software": "mriqc",
    "version": "22.0.6",
    "webapi_port": null,
    "webapi_url": "https://mriqc.nimh.nih.gov/api/v1"
  },
  "size_t": 201,
  "size_x": 128,
  "size_y": 116,
  "size_z": 30,
  "snr": 6.359698524457213,
  "spacing_tr": 2.0,
  "spacing_x": 2.0,
  "spacing_y": 2.0,
  "spacing_z": 3.0,
  "summary_bg_k": 36.38148877516827,
  "summary_bg_mad": 9.264420114426978,
  "summary_bg_mean": 33.077476501464844,
  "summary_bg_median": 16.865671157836914,
  "summary_bg_n": 315189.0,
  "summary_bg_p05": 7.626865386962891,
  "summary_bg_p95": 113.407958984375,
  "summary_bg_stdv": 58.36271286010742,
  "summary_fg_k": 2.911392211888093,
  "summary_fg_mad": 108.99714344556779,
  "summary_fg_mean": 768.6515502929688,
  "summary_fg_median": 759.0646362304688,
  "summary_fg_n": 66483.0,
  "summary_fg_p05": 608.8368103027344,
  "summary_fg_p95": 963.5507202148434,
  "summary_fg_stdv": 119.35454559326172,
  "tsnr": 48.01708964339923
}