{
  "aor": 0.0012582746478873238,
  "aqi": 0.016185312992957748,
  "bids_meta": {
    "AcquisitionMatrixPE": 116,
    "AcquisitionNumber": 1,
    "BandwidthPerPixelPhaseEncode": 23.946,
    "BaseResolution": 128,
    "BodyPartExamined": "BRAIN",
    "ConsistencyInfo": "N4_VD11D_LATEST_20110129",
    "ConversionSoftware": "dcm2niix",
    "ConversionSoftwareVersion": "v1.0.20180518 GCC4.8.5",
    "DerivedVendorReportedEchoSpacing": 0.000720011,
    "DwellTime": 2.5e-06,
    "EchoTime": 0.03,
    "EchoTrainLength": 58,
    "EffectiveEchoSpacing": 0.000360005,
    "FlipAngle": 71,
    "ImageOrientationPatientDICOM": [
      1,
      0,
      0,
      0,
      0.944376,
      0.328867
    ],
    "ImageType": [
      "ORIGINAL",
      "PRIMARY",
      "M",
      "ND",
      "NORM",
      "MOSAIC"
    ],
    "InPlanePhaseEncodingDirectionDICOM": "COL",
    "InstitutionName": "Princeton_University_-_Neuroscience_Institute",
    "MRAcquisitionType": "2D",
    "MagneticFieldStrength": 3,
    "Manufacturer": "Siemens",
    "ManufacturersModelName": "Skyra",
    "Modality": "MR",
    "ParallelReductionFactorInPlane": 2,
    "PartialFourier": 1,
    "PatientPosition": "HFS",
    "PercentPhaseFOV": 90.625,
    "PhaseEncodingDirection": "j-",
    "PhaseEncodingSteps": 116,
    "PhaseResolution": 1,
    "PixelBandwidth": 1565,
    "PulseSequenceDetails": "%SiemensSeq%_ep2d_bold",
    "ReceiveCoilActiveElements": "HE1-4",
    "ReceiveCoilName": "HeadNeck_20",
    "ReconMatrixPE": 116,
    "RepetitionTime": 2,
    "SAR": 0.0822545,
    "ScanOptions": "FS",
    "ScanningSequence": "EP",
    "SequenceVariant": "SK",
    "SeriesNumber": 8,
    "ShimSetting": [
      3201,
      10502,
      10022,
      656,
      -347,
      90,
      634,
      -15
    ],
    "SliceThickness": 3,
    "SliceTiming": [
      1,
      0,
      1.0675,
      0.0675,
      1.1325,
      0.1325,
      1.2,
      0.2,
      1.2675,
      0.2675,
      1.3325,
      0.3325,
      1.4,
      0.4,
      1.465,
      0.4675,
      1.5325,
      0.5325,
      1.6,
      0.6,
      1.665,
      0.6675,
      1.7325,
      0.7325,
      1.8,
      0.8,
      1.865,
      0.8675,
      1.9325,
      0.9325
    ],
    "SoftwareVersions": "syngo_MR_D11",
    "SpacingBetweenSlices": 3,
    "StationName": "AWP45031",
    "TaskName": "retrieval-practice/restudy phase",
    "TotalReadoutTime": 0.0414006,
    "TxRefAmp": 370.115,
    "dataset": "ds001775",
    "modality": "bold",
    "run_id": 3,
    "subject_id": "13",
    "task_id": "RP"
  },
  "dummy_trs": 0,
  "dvars_nstd": 34.353436871272095,
  "dvars_std": 1.1070172043109539,
  "dvars_vstd": 0.9980196556890452,
  "efc": 0.46717366032119756,
  "fber": 1963.8408203125,
  "fd_mean": 0.1627780372953085,
  "fd_num": 74,
  "fd_perc": 26.056338028169016,
  "fwhm_avg": 1.935687777777778,
  "fwhm_x": 1.90238,
  "fwhm_y": 2.20759,
  "fwhm_z": 1.6970933333333333,
  "gcor": 0.0509529,
  "gsr_x": -0.027826404199004173,
  "gsr_y": 0.025015005841851234,
  "provenance": {
    "md5sum": "5d2244482ead52fdf00ae8b1d3851d1d",
    "settings": {
      "fd_thres": 0.2,
      "testing": false
    },
    "software": "mriqc",
    "version": "22.0.6",
    "webapi_port": null,
    "webapi_url": "https://mriqc.nimh.nih.gov/api/v1"
  },
  "size_t": 284,
  "size_x": 128,
  "size_y": 116,
  "size_z": 30,
  "snr": 6.33953220577912,
  "spacing_tr": 2.0,
  "spacing_x": 2.0,
  "spacing_y": 2.0,
  "spacing_z": 3.0,
  "summary_bg_k": 35.94983982977812,
  "summary_bg_mad": 9.438538664536926,
  "summary_bg_mean": 33.6724739074707,
  "summary_bg_median": 17.0669002532959,
  "summary_bg_n": 315074.0,
  "summary_bg_p05": 7.566901206970215,
  "summary_bg_p95": 115.44260444641097,
  "summary_bg_stdv": 59.47012710571289,
  "summary_fg_k": 2.8016343575414195,
  "summary_fg_mad": 111.06467857059317,
  "summary_fg_mean": 774.8489990234375,
  "summary_fg_median": 765.1865844726562,
  "summary_fg_n": 66611.0,
  "summary_fg_p05": 612.7957763671875,
  "summary_fg_p95": 972.5774536132812,
  "summary_fg_stdv": 120.69989013671875,
  "tsnr": 42.23414292745292
}