{
  "aor": 0.00036164179104477607,
  "aqi": 0.011093261691542289,
  "bids_meta": {
    "AcquisitionMatrixPE": 116,
    "AcquisitionNumber": 1,
    "BandwidthPerPixelPhaseEncode": 23.946,
    "BaseResolution": 128,
    "BodyPartExamined": "BRAIN",
    "ConversionSoftware": "dcm2niix",
    "ConversionSoftwareVersion": "v1.0.20180518 GCC4.8.5",
    "DerivedVendorReportedEchoSpacing": 0.000720011,
    "DwellTime": 2.5e-06,
    "EchoTime": 0.03,
    "EchoTrainLength": 58,
    "EffectiveEchoSpacing": 0.000360005,
    "FlipAngle": 71,
    "ImageOrientationPatientDICOM": [
      1,
      0,
      0,
      0,
      0.944376,
      0.328867
    ],
    "ImageType": [
      "ORIGINAL",
      "PRIMARY",
      "M",
      "ND",
      "NORM",
      "MOSAIC"
    ],
    "InPlanePhaseEncodingDirectionDICOM": "COL",
    "InstitutionName": "Princeton_University_-_Neuroscience_Institute",
    "MRAcquisitionType": "2D",
    "MagneticFieldStrength": 3,
    "Manufacturer": "Siemens",
    "ManufacturersModelName": "Skyra",
    "Modality": "MR",
    "ParallelReductionFactorInPlane": 2,
    "PartialFourier": 1,
    "PatientPosition": "HFS",
    "PercentPhaseFOV": 90.625,
    "PhaseEncodingDirection": "j-",
    "PhaseEncodingSteps": 116,
    "PhaseResolution": 1,
    "PixelBandwidth": 1565,
    "PulseSequenceDetails": "%SiemensSeq%_ep2d_bold",
    "ReceiveCoilActiveElements": "HE1-4",
    "ReceiveCoilName": "HeadNeck_20",
    "ReconMatrixPE": 116,
    "RepetitionTime": 2,
    "SAR": 0.0822539,
    "ScanOptions": "FS",
    "ScanningSequence": "EP",
    "SequenceVariant": "SK",
    "SeriesNumber": 4,
    "ShimSetting": [
      3201,
      10502,
      10022,
      656,
      -347,
      90,
      634,
      -15
    ],
    "SliceThickness": 3,
    "SliceTiming": [
      1,
      0,
      1.065,
      0.065,
      1.1325,
      0.1325,
      1.2,
      0.2,
      1.265,
      0.265,
      1.3325,
      0.3325,
      1.4,
      0.4,
      1.465,
      0.465,
      1.5325,
      0.5325,
      1.6,
      0.6,
      1.665,
      0.665,
      1.7325,
      0.7325,
      1.8,
      0.8,
      1.865,
      0.865,
      1.9325,
      0.9325
    ],
    "SoftwareVersions": "syngo_MR_D11",
    "SpacingBetweenSlices": 3,
    "StationName": "AWP45031",
    "TaskName": "study phase",
    "TotalReadoutTime": 0.0414006,
    "TxRefAmp": 370.115,
    "dataset": "ds001775",
    "modality": "bold",
    "run_id": 1,
    "subject_id": "18",
    "task_id": "restudy"
  },
  "dummy_trs": 0,
  "dvars_nstd": 30.361896219349997,
  "dvars_std": 1.0839779565500005,
  "dvars_vstd": 0.9863910296499995,
  "efc": 0.48466125159127615,
  "fber": 1642.514892578125,
  "fd_mean": 0.0478019974144455,
  "fd_num": 0,
  "fd_perc": 0.0,
  "fwhm_avg": 1.9578216666666666,
  "fwhm_x": 1.92394,
  "fwhm_y": 2.227915,
  "fwhm_z": 1.72161,
  "gcor": 0.0248589,
  "gsr_x": -0.027650989592075348,
  "gsr_y": 0.022240765392780304,
  "provenance": {
    "md5sum": "955d3c8bcbffca91610c9b6244f9dd72",
    "settings": {
      "fd_thres": 0.2,
      "testing": false
    },
    "software": "mriqc",
    "version": "22.0.6",
    "webapi_port": null,
    "webapi_url": "https://mriqc.nimh.nih.gov/api/v1"
  },
  "size_t": 201,
  "size_x": 128,
  "size_y": 116,
  "size_z": 30,
  "snr": 6.040542741409801,
  "spacing_tr": 2.0,
  "spacing_x": 2.0,
  "spacing_y": 2.0,
  "spacing_z": 3.0,
  "summary_bg_k": 21.932587116394558,
  "summary_bg_mad": 10.983057838752538,
  "summary_bg_mean": 42.50927734375,
  "summary_bg_median": 19.815919876098633,
  "summary_bg_n": 313168.0,
  "summary_bg_p05": 8.905472755432129,
  "summary_bg_p95": 168.80920257568343,
  "summary_bg_stdv": 69.8936996459961,
  "summary_fg_k": 3.5950857677186914,
  "summary_fg_mad": 113.09818913298685,
  "summary_fg_mean": 824.3294067382812,
  "summary_fg_median": 813.4278564453125,
  "summary_fg_n": 68329.0,
  "summary_fg_p05": 642.424853515625,
  "summary_fg_p95": 1041.56513671875,
  "summary_fg_stdv": 134.660400390625,
  "tsnr": 48.438248401740566
}