{
  "aor": 0.003446302816901409,
  "aqi": 0.014519838802816903,
  "bids_meta": {
    "AcquisitionMatrixPE": 116,
    "AcquisitionNumber": 1,
    "BandwidthPerPixelPhaseEncode": 23.946,
    "BaseResolution": 128,
    "BodyPartExamined": "BRAIN",
    "ConsistencyInfo": "N4_VD11D_LATEST_20110129",
    "ConversionSoftware": "dcm2niix",
    "ConversionSoftwareVersion": "v1.0.20180518 GCC4.8.5",
    "DerivedVendorReportedEchoSpacing": 0.000720011,
    "DwellTime": 2.5e-06,
    "EchoTime": 0.03,
    "EchoTrainLength": 58,
    "EffectiveEchoSpacing": 0.000360005,
    "FlipAngle": 71,
    "ImageOrientationPatientDICOM": [
      1,
      0,
      0,
      0,
      0.944376,
      0.328867
    ],
    "ImageType": [
      "ORIGINAL",
      "PRIMARY",
      "M",
      "ND",
      "NORM",
      "MOSAIC"
    ],
    "InPlanePhaseEncodingDirectionDICOM": "COL",
    "InstitutionName": "Princeton_University_-_Neuroscience_Institute",
    "MRAcquisitionType": "2D",
    "MagneticFieldStrength": 3,
    "Manufacturer": "Siemens",
    "ManufacturersModelName": "Skyra",
    "Modality": "MR",
    "ParallelReductionFactorInPlane": 2,
    "PartialFourier": 1,
    "PatientPosition": "HFS",
    "PercentPhaseFOV": 90.625,
    "PhaseEncodingDirection": "j-",
    "PhaseEncodingSteps": 116,
    "PhaseResolution": 1,
    "PixelBandwidth": 1565,
    "PulseSequenceDetails": "%SiemensSeq%_ep2d_bold",
    "ReceiveCoilActiveElements": "HE1-4",
    "ReceiveCoilName": "HeadNeck_20",
    "ReconMatrixPE": 116,
    "RepetitionTime": 2,
    "SAR": 0.0822545,
    "ScanOptions": "FS",
    "ScanningSequence": "EP",
    "SequenceVariant": "SK",
    "SeriesNumber": 8,
    "ShimSetting": [
      3201,
      10502,
      10022,
      656,
      -347,
      90,
      634,
      -15
    ],
    "SliceThickness": 3,
    "SliceTiming": [
      1,
      0,
      1.0675,
      0.0675,
      1.1325,
      0.1325,
      1.2,
      0.2,
      1.2675,
      0.2675,
      1.3325,
      0.3325,
      1.4,
      0.4,
      1.465,
      0.4675,
      1.5325,
      0.5325,
      1.6,
      0.6,
      1.665,
      0.6675,
      1.7325,
      0.7325,
      1.8,
      0.8,
      1.865,
      0.8675,
      1.9325,
      0.9325
    ],
    "SoftwareVersions": "syngo_MR_D11",
    "SpacingBetweenSlices": 3,
    "StationName": "AWP45031",
    "TaskName": "retrieval-practice/restudy phase",
    "TotalReadoutTime": 0.0414006,
    "TxRefAmp": 370.115,
    "dataset": "ds001775",
    "modality": "bold",
    "run_id": 3,
    "subject_id": "18",
    "task_id": "RP"
  },
  "dummy_trs": 0,
  "dvars_nstd": 35.777489456431084,
  "dvars_std": 1.1322427556890458,
  "dvars_vstd": 1.033376528798587,
  "efc": 0.49000033478251437,
  "fber": 1568.2620849609375,
  "fd_mean": 0.15966285848849268,
  "fd_num": 54,
  "fd_perc": 19.014084507042252,
  "fwhm_avg": 1.9455600000000002,
  "fwhm_x": 1.91148,
  "fwhm_y": 2.21801,
  "fwhm_z": 1.70719,
  "gcor": 0.0578429,
  "gsr_x": -0.030093319714069366,
  "gsr_y": 0.027942845597863197,
  "provenance": {
    "md5sum": "a40901c1f0fc9c9157e4d55542063477",
    "settings": {
      "fd_thres": 0.2,
      "testing": false
    },
    "software": "mriqc",
    "version": "22.0.6",
    "webapi_port": null,
    "webapi_url": "https://mriqc.nimh.nih.gov/api/v1"
  },
  "size_t": 284,
  "size_x": 128,
  "size_y": 116,
  "size_z": 30,
  "snr": 6.125013264270588,
  "spacing_tr": 2.0,
  "spacing_x": 2.0,
  "spacing_y": 2.0,
  "spacing_z": 3.0,
  "summary_bg_k": 20.871968317247543,
  "summary_bg_mad": 11.411861494961386,
  "summary_bg_mean": 44.74928665161133,
  "summary_bg_median": 20.19718360900879,
  "summary_bg_n": 312685.0,
  "summary_bg_p05": 8.954225540161133,
  "summary_bg_p95": 181.40069580078122,
  "summary_bg_stdv": 73.92782592773438,
  "summary_fg_k": 3.5132494415134037,
  "summary_fg_mad": 110.57910462622665,
  "summary_fg_mean": 818.8958740234375,
  "summary_fg_median": 808.8274536132812,
  "summary_fg_n": 68759.0,
  "summary_fg_p05": 640.2108947753907,
  "summary_fg_p95": 1031.4879638671875,
  "summary_fg_stdv": 132.05221557617188,
  "tsnr": 42.29329535947181
}