{
  "aor": 0.001865035211267606,
  "aqi": 0.01555857545774648,
  "bids_meta": {
    "AcquisitionMatrixPE": 116,
    "AcquisitionNumber": 1,
    "BandwidthPerPixelPhaseEncode": 23.946,
    "BaseResolution": 128,
    "BodyPartExamined": "BRAIN",
    "ConsistencyInfo": "N4_VD11D_LATEST_20110129",
    "ConversionSoftware": "dcm2niix",
    "ConversionSoftwareVersion": "v1.0.20180518 GCC4.8.5",
    "DerivedVendorReportedEchoSpacing": 0.000720011,
    "DwellTime": 2.5e-06,
    "EchoTime": 0.03,
    "EchoTrainLength": 58,
    "EffectiveEchoSpacing": 0.000360005,
    "FlipAngle": 71,
    "ImageOrientationPatientDICOM": [
      1,
      0,
      0,
      0,
      0.944376,
      0.328867
    ],
    "ImageType": [
      "ORIGINAL",
      "PRIMARY",
      "M",
      "ND",
      "NORM",
      "MOSAIC"
    ],
    "InPlanePhaseEncodingDirectionDICOM": "COL",
    "InstitutionName": "Princeton_University_-_Neuroscience_Institute",
    "MRAcquisitionType": "2D",
    "MagneticFieldStrength": 3,
    "Manufacturer": "Siemens",
    "ManufacturersModelName": "Skyra",
    "Modality": "MR",
    "ParallelReductionFactorInPlane": 2,
    "PartialFourier": 1,
    "PatientPosition": "HFS",
    "PercentPhaseFOV": 90.625,
    "PhaseEncodingDirection": "j-",
    "PhaseEncodingSteps": 116,
    "PhaseResolution": 1,
    "PixelBandwidth": 1565,
    "PulseSequenceDetails": "%SiemensSeq%_ep2d_bold",
    "ReceiveCoilActiveElements": "HE1-4",
    "ReceiveCoilName": "HeadNeck_20",
    "ReconMatrixPE": 116,
    "RepetitionTime": 2,
    "SAR": 0.0822545,
    "ScanOptions": "FS",
    "ScanningSequence": "EP",
    "SequenceVariant": "SK",
    "SeriesNumber": 8,
    "ShimSetting": [
      3201,
      10502,
      10022,
      656,
      -347,
      90,
      634,
      -15
    ],
    "SliceThickness": 3,
    "SliceTiming": [
      1,
      0,
      1.0675,
      0.0675,
      1.1325,
      0.1325,
      1.2,
      0.2,
      1.2675,
      0.2675,
      1.3325,
      0.3325,
      1.4,
      0.4,
      1.465,
      0.4675,
      1.5325,
      0.5325,
      1.6,
      0.6,
      1.665,
      0.6675,
      1.7325,
      0.7325,
      1.8,
      0.8,
      1.865,
      0.8675,
      1.9325,
      0.9325
    ],
    "SoftwareVersions": "syngo_MR_D11",
    "SpacingBetweenSlices": 3,
    "StationName": "AWP45031",
    "TaskName": "retrieval-practice/restudy phase",
    "TotalReadoutTime": 0.0414006,
    "TxRefAmp": 370.115,
    "dataset": "ds001775",
    "modality": "bold",
    "run_id": 1,
    "subject_id": "18",
    "task_id": "RP"
  },
  "dummy_trs": 0,
  "dvars_nstd": 34.90893446176678,
  "dvars_std": 1.1134992432508841,
  "dvars_vstd": 1.0146052711660776,
  "efc": 0.48783660018004965,
  "fber": 1595.5059814453125,
  "fd_mean": 0.16435534397328636,
  "fd_num": 61,
  "fd_perc": 21.47887323943662,
  "fwhm_avg": 1.9680849999999996,
  "fwhm_x": 1.93637,
  "fwhm_y": 2.233875,
  "fwhm_z": 1.7340099999999998,
  "gcor": 0.0353651,
  "gsr_x": -0.029396571218967438,
  "gsr_y": 0.025513947010040283,
  "provenance": {
    "md5sum": "003eb20821b4e66ca8cec756f8b08690",
    "settings": {
      "fd_thres": 0.2,
      "testing": false
    },
    "software": "mriqc",
    "version": "22.0.6",
    "webapi_port": null,
    "webapi_url": "https://mriqc.nimh.nih.gov/api/v1"
  },
  "size_t": 284,
  "size_x": 128,
  "size_y": 116,
  "size_z": 30,
  "snr": 6.1059742454026775,
  "spacing_tr": 2.0,
  "spacing_x": 2.0,
  "spacing_y": 2.0,
  "spacing_z": 3.0,
  "summary_bg_k": 20.575936358194184,
  "summary_bg_mad": 11.291791437668929,
  "summary_bg_mean": 43.86518859863281,
  "summary_bg_median": 20.161972045898438,
  "summary_bg_n": 312743.0,
  "summary_bg_p05": 8.922534942626953,
  "summary_bg_p95": 175.8038711547843,
  "summary_bg_stdv": 71.98918151855469,
  "summary_fg_k": 3.541478070212418,
  "summary_fg_mad": 112.53162587065387,
  "summary_fg_mean": 824.9256591796875,
  "summary_fg_median": 814.426025390625,
  "summary_fg_n": 68633.0,
  "summary_fg_p05": 643.7520874023437,
  "summary_fg_p95": 1039.367626953125,
  "summary_fg_stdv": 133.380859375,
  "tsnr": 42.59900588658638
}