{
  "aor": 0.0009083084577114429,
  "aqi": 0.009978324626865672,
  "bids_meta": {
    "AcquisitionMatrixPE": 116,
    "AcquisitionNumber": 1,
    "BandwidthPerPixelPhaseEncode": 23.946,
    "BaseResolution": 128,
    "BodyPartExamined": "BRAIN",
    "ConversionSoftware": "dcm2niix",
    "ConversionSoftwareVersion": "v1.0.20180518 GCC4.8.5",
    "DerivedVendorReportedEchoSpacing": 0.000720011,
    "DwellTime": 2.5e-06,
    "EchoTime": 0.03,
    "EchoTrainLength": 58,
    "EffectiveEchoSpacing": 0.000360005,
    "FlipAngle": 71,
    "ImageOrientationPatientDICOM": [
      1,
      0,
      0,
      0,
      0.944376,
      0.328867
    ],
    "ImageType": [
      "ORIGINAL",
      "PRIMARY",
      "M",
      "ND",
      "NORM",
      "MOSAIC"
    ],
    "InPlanePhaseEncodingDirectionDICOM": "COL",
    "InstitutionName": "Princeton_University_-_Neuroscience_Institute",
    "MRAcquisitionType": "2D",
    "MagneticFieldStrength": 3,
    "Manufacturer": "Siemens",
    "ManufacturersModelName": "Skyra",
    "Modality": "MR",
    "ParallelReductionFactorInPlane": 2,
    "PartialFourier": 1,
    "PatientPosition": "HFS",
    "PercentPhaseFOV": 90.625,
    "PhaseEncodingDirection": "j-",
    "PhaseEncodingSteps": 116,
    "PhaseResolution": 1,
    "PixelBandwidth": 1565,
    "PulseSequenceDetails": "%SiemensSeq%_ep2d_bold",
    "ReceiveCoilActiveElements": "HE1-4",
    "ReceiveCoilName": "HeadNeck_20",
    "ReconMatrixPE": 116,
    "RepetitionTime": 2,
    "SAR": 0.0822539,
    "ScanOptions": "FS",
    "ScanningSequence": "EP",
    "SequenceVariant": "SK",
    "SeriesNumber": 4,
    "ShimSetting": [
      3201,
      10502,
      10022,
      656,
      -347,
      90,
      634,
      -15
    ],
    "SliceThickness": 3,
    "SliceTiming": [
      1,
      0,
      1.065,
      0.065,
      1.1325,
      0.1325,
      1.2,
      0.2,
      1.265,
      0.265,
      1.3325,
      0.3325,
      1.4,
      0.4,
      1.465,
      0.465,
      1.5325,
      0.5325,
      1.6,
      0.6,
      1.665,
      0.665,
      1.7325,
      0.7325,
      1.8,
      0.8,
      1.865,
      0.865,
      1.9325,
      0.9325
    ],
    "SoftwareVersions": "syngo_MR_D11",
    "SpacingBetweenSlices": 3,
    "StationName": "AWP45031",
    "TaskName": "study phase",
    "TotalReadoutTime": 0.0414006,
    "TxRefAmp": 370.115,
    "dataset": "ds001775",
    "modality": "bold",
    "run_id": 2,
    "subject_id": "18",
    "task_id": "restudy"
  },
  "dummy_trs": 0,
  "dvars_nstd": 31.13344420409997,
  "dvars_std": 1.1051761368500006,
  "dvars_vstd": 1.0072997796500005,
  "efc": 0.4885655134771626,
  "fber": 1584.966796875,
  "fd_mean": 0.055388613844021675,
  "fd_num": 0,
  "fd_perc": 0.0,
  "fwhm_avg": 1.9361916666666668,
  "fwhm_x": 1.90345,
  "fwhm_y": 2.208955,
  "fwhm_z": 1.6961700000000002,
  "gcor": 0.0205805,
  "gsr_x": -0.029062308371067047,
  "gsr_y": 0.02549251914024353,
  "provenance": {
    "md5sum": "401c9a1c64ca2b9cc3d2c18928de6ecb",
    "settings": {
      "fd_thres": 0.2,
      "testing": false
    },
    "software": "mriqc",
    "version": "22.0.6",
    "webapi_port": null,
    "webapi_url": "https://mriqc.nimh.nih.gov/api/v1"
  },
  "size_t": 201,
  "size_x": 128,
  "size_y": 116,
  "size_z": 30,
  "snr": 6.12280555940134,
  "spacing_tr": 2.0,
  "spacing_x": 2.0,
  "spacing_y": 2.0,
  "spacing_z": 3.0,
  "summary_bg_k": 21.577606480912287,
  "summary_bg_mad": 11.005187095307935,
  "summary_bg_mean": 43.994327545166016,
  "summary_bg_median": 19.93532371520996,
  "summary_bg_n": 312935.0,
  "summary_bg_p05": 8.910447120666504,
  "summary_bg_p95": 177.86715393066402,
  "summary_bg_stdv": 73.05592346191406,
  "summary_fg_k": 3.5666078831853163,
  "summary_fg_mad": 109.67564389932481,
  "summary_fg_mean": 812.3583984375,
  "summary_fg_median": 802.4328002929688,
  "summary_fg_n": 68547.0,
  "summary_fg_p05": 633.7422973632813,
  "summary_fg_p95": 1023.2885131835938,
  "summary_fg_stdv": 131.05543518066406,
  "tsnr": 49.68239932414144
}