{
  "aor": 0.0011200704225352114,
  "aqi": 0.01627366232394366,
  "bids_meta": {
    "AcquisitionMatrixPE": 116,
    "AcquisitionNumber": 1,
    "BandwidthPerPixelPhaseEncode": 23.946,
    "BaseResolution": 128,
    "BodyPartExamined": "BRAIN",
    "ConsistencyInfo": "N4_VD11D_LATEST_20110129",
    "ConversionSoftware": "dcm2niix",
    "ConversionSoftwareVersion": "v1.0.20180518 GCC4.8.5",
    "DerivedVendorReportedEchoSpacing": 0.000720011,
    "DwellTime": 2.5e-06,
    "EchoTime": 0.03,
    "EchoTrainLength": 58,
    "EffectiveEchoSpacing": 0.000360005,
    "FlipAngle": 71,
    "ImageOrientationPatientDICOM": [
      1,
      0,
      0,
      0,
      0.944376,
      0.328867
    ],
    "ImageType": [
      "ORIGINAL",
      "PRIMARY",
      "M",
      "ND",
      "NORM",
      "MOSAIC"
    ],
    "InPlanePhaseEncodingDirectionDICOM": "COL",
    "InstitutionName": "Princeton_University_-_Neuroscience_Institute",
    "MRAcquisitionType": "2D",
    "MagneticFieldStrength": 3,
    "Manufacturer": "Siemens",
    "ManufacturersModelName": "Skyra",
    "Modality": "MR",
    "ParallelReductionFactorInPlane": 2,
    "PartialFourier": 1,
    "PatientPosition": "HFS",
    "PercentPhaseFOV": 90.625,
    "PhaseEncodingDirection": "j-",
    "PhaseEncodingSteps": 116,
    "PhaseResolution": 1,
    "PixelBandwidth": 1565,
    "PulseSequenceDetails": "%SiemensSeq%_ep2d_bold",
    "ReceiveCoilActiveElements": "HE1-4",
    "ReceiveCoilName": "HeadNeck_20",
    "ReconMatrixPE": 116,
    "RepetitionTime": 2,
    "SAR": 0.0822545,
    "ScanOptions": "FS",
    "ScanningSequence": "EP",
    "SequenceVariant": "SK",
    "SeriesNumber": 8,
    "ShimSetting": [
      3201,
      10502,
      10022,
      656,
      -347,
      90,
      634,
      -15
    ],
    "SliceThickness": 3,
    "SliceTiming": [
      1,
      0,
      1.0675,
      0.0675,
      1.1325,
      0.1325,
      1.2,
      0.2,
      1.2675,
      0.2675,
      1.3325,
      0.3325,
      1.4,
      0.4,
      1.465,
      0.4675,
      1.5325,
      0.5325,
      1.6,
      0.6,
      1.665,
      0.6675,
      1.7325,
      0.7325,
      1.8,
      0.8,
      1.865,
      0.8675,
      1.9325,
      0.9325
    ],
    "SoftwareVersions": "syngo_MR_D11",
    "SpacingBetweenSlices": 3,
    "StationName": "AWP45031",
    "TaskName": "retrieval-practice/restudy phase",
    "TotalReadoutTime": 0.0414006,
    "TxRefAmp": 370.115,
    "dataset": "ds001775",
    "modality": "bold",
    "run_id": 4,
    "subject_id": "18",
    "task_id": "RP"
  },
  "dummy_trs": 0,
  "dvars_nstd": 35.414362297526495,
  "dvars_std": 1.101255038763251,
  "dvars_vstd": 1.0067905911660775,
  "efc": 0.49031819025299705,
  "fber": 1568.60205078125,
  "fd_mean": 0.17602956131396186,
  "fd_num": 95,
  "fd_perc": 33.45070422535211,
  "fwhm_avg": 1.9566894444444445,
  "fwhm_x": 1.93002,
  "fwhm_y": 2.231055,
  "fwhm_z": 1.7089933333333331,
  "gcor": 0.038103,
  "gsr_x": -0.030214091762900352,
  "gsr_y": 0.027901552617549896,
  "provenance": {
    "md5sum": "3e96dca80af622f20a06be622dcf376e",
    "settings": {
      "fd_thres": 0.2,
      "testing": false
    },
    "software": "mriqc",
    "version": "22.0.6",
    "webapi_port": null,
    "webapi_url": "https://mriqc.nimh.nih.gov/api/v1"
  },
  "size_t": 284,
  "size_x": 128,
  "size_y": 116,
  "size_z": 30,
  "snr": 6.155700544419204,
  "spacing_tr": 2.0,
  "spacing_x": 2.0,
  "spacing_y": 2.0,
  "spacing_z": 3.0,
  "summary_bg_k": 20.556430590573527,
  "summary_bg_mad": 11.375317327500472,
  "summary_bg_mean": 44.83113098144531,
  "summary_bg_median": 20.172534942626953,
  "summary_bg_n": 312673.0,
  "summary_bg_p05": 8.954225540161133,
  "summary_bg_p95": 181.10914611816406,
  "summary_bg_stdv": 74.23406219482422,
  "summary_fg_k": 3.485608187488471,
  "summary_fg_mad": 110.49042358532483,
  "summary_fg_mean": 817.0125122070312,
  "summary_fg_median": 806.9436645507812,
  "summary_fg_n": 68795.0,
  "summary_fg_p05": 638.1122924804688,
  "summary_fg_p95": 1028.0454223632812,
  "summary_fg_stdv": 131.087890625,
  "tsnr": 42.30085782601964
}