{
  "aor": 0.0006316549295774647,
  "aqi": 0.014306290422535213,
  "bids_meta": {
    "AcquisitionMatrixPE": 116,
    "AcquisitionNumber": 1,
    "BandwidthPerPixelPhaseEncode": 23.946,
    "BaseResolution": 128,
    "BodyPartExamined": "BRAIN",
    "ConsistencyInfo": "N4_VD11D_LATEST_20110129",
    "ConversionSoftware": "dcm2niix",
    "ConversionSoftwareVersion": "v1.0.20180518 GCC4.8.5",
    "DerivedVendorReportedEchoSpacing": 0.000720011,
    "DwellTime": 2.5e-06,
    "EchoTime": 0.03,
    "EchoTrainLength": 58,
    "EffectiveEchoSpacing": 0.000360005,
    "FlipAngle": 71,
    "ImageOrientationPatientDICOM": [
      1,
      0,
      0,
      0,
      0.944376,
      0.328867
    ],
    "ImageType": [
      "ORIGINAL",
      "PRIMARY",
      "M",
      "ND",
      "NORM",
      "MOSAIC"
    ],
    "InPlanePhaseEncodingDirectionDICOM": "COL",
    "InstitutionName": "Princeton_University_-_Neuroscience_Institute",
    "MRAcquisitionType": "2D",
    "MagneticFieldStrength": 3,
    "Manufacturer": "Siemens",
    "ManufacturersModelName": "Skyra",
    "Modality": "MR",
    "ParallelReductionFactorInPlane": 2,
    "PartialFourier": 1,
    "PatientPosition": "HFS",
    "PercentPhaseFOV": 90.625,
    "PhaseEncodingDirection": "j-",
    "PhaseEncodingSteps": 116,
    "PhaseResolution": 1,
    "PixelBandwidth": 1565,
    "PulseSequenceDetails": "%SiemensSeq%_ep2d_bold",
    "ReceiveCoilActiveElements": "HE1-4",
    "ReceiveCoilName": "HeadNeck_20",
    "ReconMatrixPE": 116,
    "RepetitionTime": 2,
    "SAR": 0.0822545,
    "ScanOptions": "FS",
    "ScanningSequence": "EP",
    "SequenceVariant": "SK",
    "SeriesNumber": 8,
    "ShimSetting": [
      3201,
      10502,
      10022,
      656,
      -347,
      90,
      634,
      -15
    ],
    "SliceThickness": 3,
    "SliceTiming": [
      1,
      0,
      1.0675,
      0.0675,
      1.1325,
      0.1325,
      1.2,
      0.2,
      1.2675,
      0.2675,
      1.3325,
      0.3325,
      1.4,
      0.4,
      1.465,
      0.4675,
      1.5325,
      0.5325,
      1.6,
      0.6,
      1.665,
      0.6675,
      1.7325,
      0.7325,
      1.8,
      0.8,
      1.865,
      0.8675,
      1.9325,
      0.9325
    ],
    "SoftwareVersions": "syngo_MR_D11",
    "SpacingBetweenSlices": 3,
    "StationName": "AWP45031",
    "TaskName": "retrieval-practice/restudy phase",
    "TotalReadoutTime": 0.0414006,
    "TxRefAmp": 370.115,
    "dataset": "ds001775",
    "modality": "bold",
    "run_id": 2,
    "subject_id": "18",
    "task_id": "RP"
  },
  "dummy_trs": 0,
  "dvars_nstd": 34.367716839787995,
  "dvars_std": 1.095165158586572,
  "dvars_vstd": 0.9923303577738507,
  "efc": 0.48963736869668445,
  "fber": 1577.678955078125,
  "fd_mean": 0.1280196876773082,
  "fd_num": 36,
  "fd_perc": 12.67605633802817,
  "fwhm_avg": 1.9521788888888887,
  "fwhm_x": 1.924515,
  "fwhm_y": 2.225175,
  "fwhm_z": 1.7068466666666666,
  "gcor": 0.0602415,
  "gsr_x": -0.030233005061745644,
  "gsr_y": 0.02766355313360691,
  "provenance": {
    "md5sum": "de18eb97648805315faf39f0ab30443e",
    "settings": {
      "fd_thres": 0.2,
      "testing": false
    },
    "software": "mriqc",
    "version": "22.0.6",
    "webapi_port": null,
    "webapi_url": "https://mriqc.nimh.nih.gov/api/v1"
  },
  "size_t": 284,
  "size_x": 128,
  "size_y": 116,
  "size_z": 30,
  "snr": 6.1211994225487665,
  "spacing_tr": 2.0,
  "spacing_x": 2.0,
  "spacing_y": 2.0,
  "spacing_z": 3.0,
  "summary_bg_k": 20.738451068422265,
  "summary_bg_mad": 11.417081686335901,
  "summary_bg_mean": 44.71876907348633,
  "summary_bg_median": 20.228872299194336,
  "summary_bg_n": 312548.0,
  "summary_bg_p05": 8.936619758605957,
  "summary_bg_p95": 180.9200691223142,
  "summary_bg_stdv": 74.33863830566406,
  "summary_fg_k": 3.5196681903929967,
  "summary_fg_mad": 111.97565003871426,
  "summary_fg_mean": 822.7324829101562,
  "summary_fg_median": 812.2235717773438,
  "summary_fg_n": 68810.0,
  "summary_fg_p05": 642.5807952880859,
  "summary_fg_p95": 1035.8892761230468,
  "summary_fg_stdv": 132.68930053710938,
  "tsnr": 43.305408312007785
}