{
  "aor": 0.0009202464788732393,
  "aqi": 0.014472594401408453,
  "bids_meta": {
    "AcquisitionMatrixPE": 116,
    "AcquisitionNumber": 1,
    "BandwidthPerPixelPhaseEncode": 23.946,
    "BaseResolution": 128,
    "BodyPartExamined": "BRAIN",
    "ConsistencyInfo": "N4_VD11D_LATEST_20110129",
    "ConversionSoftware": "dcm2niix",
    "ConversionSoftwareVersion": "v1.0.20180518 GCC4.8.5",
    "DerivedVendorReportedEchoSpacing": 0.000720011,
    "DwellTime": 2.5e-06,
    "EchoTime": 0.03,
    "EchoTrainLength": 58,
    "EffectiveEchoSpacing": 0.000360005,
    "FlipAngle": 71,
    "ImageOrientationPatientDICOM": [
      1,
      0,
      0,
      0,
      0.944376,
      0.328867
    ],
    "ImageType": [
      "ORIGINAL",
      "PRIMARY",
      "M",
      "ND",
      "NORM",
      "MOSAIC"
    ],
    "InPlanePhaseEncodingDirectionDICOM": "COL",
    "InstitutionName": "Princeton_University_-_Neuroscience_Institute",
    "MRAcquisitionType": "2D",
    "MagneticFieldStrength": 3,
    "Manufacturer": "Siemens",
    "ManufacturersModelName": "Skyra",
    "Modality": "MR",
    "ParallelReductionFactorInPlane": 2,
    "PartialFourier": 1,
    "PatientPosition": "HFS",
    "PercentPhaseFOV": 90.625,
    "PhaseEncodingDirection": "j-",
    "PhaseEncodingSteps": 116,
    "PhaseResolution": 1,
    "PixelBandwidth": 1565,
    "PulseSequenceDetails": "%SiemensSeq%_ep2d_bold",
    "ReceiveCoilActiveElements": "HE1-4",
    "ReceiveCoilName": "HeadNeck_20",
    "ReconMatrixPE": 116,
    "RepetitionTime": 2,
    "SAR": 0.0822545,
    "ScanOptions": "FS",
    "ScanningSequence": "EP",
    "SequenceVariant": "SK",
    "SeriesNumber": 8,
    "ShimSetting": [
      3201,
      10502,
      10022,
      656,
      -347,
      90,
      634,
      -15
    ],
    "SliceThickness": 3,
    "SliceTiming": [
      1,
      0,
      1.0675,
      0.0675,
      1.1325,
      0.1325,
      1.2,
      0.2,
      1.2675,
      0.2675,
      1.3325,
      0.3325,
      1.4,
      0.4,
      1.465,
      0.4675,
      1.5325,
      0.5325,
      1.6,
      0.6,
      1.665,
      0.6675,
      1.7325,
      0.7325,
      1.8,
      0.8,
      1.865,
      0.8675,
      1.9325,
      0.9325
    ],
    "SoftwareVersions": "syngo_MR_D11",
    "SpacingBetweenSlices": 3,
    "StationName": "AWP45031",
    "TaskName": "retrieval-practice/restudy phase",
    "TotalReadoutTime": 0.0414006,
    "TxRefAmp": 370.115,
    "dataset": "ds001775",
    "modality": "bold",
    "run_id": 4,
    "subject_id": "15",
    "task_id": "RP"
  },
  "dummy_trs": 0,
  "dvars_nstd": 38.4120568924735,
  "dvars_std": 1.1697663453356892,
  "dvars_vstd": 1.0070304804593635,
  "efc": 0.5029236261170906,
  "fber": 1615.3970947265625,
  "fd_mean": 0.16375908246316678,
  "fd_num": 60,
  "fd_perc": 21.12676056338028,
  "fwhm_avg": 1.9783772222222222,
  "fwhm_x": 1.91669,
  "fwhm_y": 2.251745,
  "fwhm_z": 1.7666966666666666,
  "gcor": 0.0518579,
  "gsr_x": -0.027647219598293304,
  "gsr_y": 0.04116765409708023,
  "provenance": {
    "md5sum": "ea7bdff25510eb2d16fdd2a2c785804c",
    "settings": {
      "fd_thres": 0.2,
      "testing": false
    },
    "software": "mriqc",
    "version": "22.0.6",
    "webapi_port": null,
    "webapi_url": "https://mriqc.nimh.nih.gov/api/v1"
  },
  "size_t": 284,
  "size_x": 128,
  "size_y": 116,
  "size_z": 30,
  "snr": 5.505546213652767,
  "spacing_tr": 2.0,
  "spacing_x": 2.0,
  "spacing_y": 2.0,
  "spacing_z": 3.0,
  "summary_bg_k": 33.771991566623015,
  "summary_bg_mad": 10.305128608537043,
  "summary_bg_mean": 38.62478256225586,
  "summary_bg_median": 19.179576873779297,
  "summary_bg_n": 299372.0,
  "summary_bg_p05": 8.721830368041992,
  "summary_bg_p95": 132.48327407836933,
  "summary_bg_stdv": 67.3777847290039,
  "summary_fg_k": 3.1957338690153376,
  "summary_fg_mad": 125.37381697439285,
  "summary_fg_mean": 786.8947143554688,
  "summary_fg_median": 779.0105590820312,
  "summary_fg_n": 80533.0,
  "summary_fg_p05": 603.42041015625,
  "summary_fg_p95": 1011.0471679687499,
  "summary_fg_stdv": 141.49472045898438,
  "tsnr": 41.65437163086608
}