{
  "aor": 0.0007599295774647888,
  "aqi": 0.012287127218309858,
  "bids_meta": {
    "AcquisitionMatrixPE": 116,
    "AcquisitionNumber": 1,
    "BandwidthPerPixelPhaseEncode": 23.946,
    "BaseResolution": 128,
    "BodyPartExamined": "BRAIN",
    "ConsistencyInfo": "N4_VD11D_LATEST_20110129",
    "ConversionSoftware": "dcm2niix",
    "ConversionSoftwareVersion": "v1.0.20180518 GCC4.8.5",
    "DerivedVendorReportedEchoSpacing": 0.000720011,
    "DwellTime": 2.5e-06,
    "EchoTime": 0.03,
    "EchoTrainLength": 58,
    "EffectiveEchoSpacing": 0.000360005,
    "FlipAngle": 71,
    "ImageOrientationPatientDICOM": [
      1,
      0,
      0,
      0,
      0.944376,
      0.328867
    ],
    "ImageType": [
      "ORIGINAL",
      "PRIMARY",
      "M",
      "ND",
      "NORM",
      "MOSAIC"
    ],
    "InPlanePhaseEncodingDirectionDICOM": "COL",
    "InstitutionName": "Princeton_University_-_Neuroscience_Institute",
    "MRAcquisitionType": "2D",
    "MagneticFieldStrength": 3,
    "Manufacturer": "Siemens",
    "ManufacturersModelName": "Skyra",
    "Modality": "MR",
    "ParallelReductionFactorInPlane": 2,
    "PartialFourier": 1,
    "PatientPosition": "HFS",
    "PercentPhaseFOV": 90.625,
    "PhaseEncodingDirection": "j-",
    "PhaseEncodingSteps": 116,
    "PhaseResolution": 1,
    "PixelBandwidth": 1565,
    "PulseSequenceDetails": "%SiemensSeq%_ep2d_bold",
    "ReceiveCoilActiveElements": "HE1-4",
    "ReceiveCoilName": "HeadNeck_20",
    "ReconMatrixPE": 116,
    "RepetitionTime": 2,
    "SAR": 0.0822545,
    "ScanOptions": "FS",
    "ScanningSequence": "EP",
    "SequenceVariant": "SK",
    "SeriesNumber": 8,
    "ShimSetting": [
      3201,
      10502,
      10022,
      656,
      -347,
      90,
      634,
      -15
    ],
    "SliceThickness": 3,
    "SliceTiming": [
      1,
      0,
      1.0675,
      0.0675,
      1.1325,
      0.1325,
      1.2,
      0.2,
      1.2675,
      0.2675,
      1.3325,
      0.3325,
      1.4,
      0.4,
      1.465,
      0.4675,
      1.5325,
      0.5325,
      1.6,
      0.6,
      1.665,
      0.6675,
      1.7325,
      0.7325,
      1.8,
      0.8,
      1.865,
      0.8675,
      1.9325,
      0.9325
    ],
    "SoftwareVersions": "syngo_MR_D11",
    "SpacingBetweenSlices": 3,
    "StationName": "AWP45031",
    "TaskName": "retrieval-practice/restudy phase",
    "TotalReadoutTime": 0.0414006,
    "TxRefAmp": 370.115,
    "dataset": "ds001775",
    "modality": "bold",
    "run_id": 2,
    "subject_id": "15",
    "task_id": "RP"
  },
  "dummy_trs": 0,
  "dvars_nstd": 38.41265178989402,
  "dvars_std": 1.1778995155477028,
  "dvars_vstd": 1.0035947875971738,
  "efc": 0.5024254969281693,
  "fber": 1664.3707275390625,
  "fd_mean": 0.13972464441938745,
  "fd_num": 41,
  "fd_perc": 14.43661971830986,
  "fwhm_avg": 1.982006111111111,
  "fwhm_x": 1.916045,
  "fwhm_y": 2.24167,
  "fwhm_z": 1.7883033333333334,
  "gcor": 0.0446513,
  "gsr_x": -0.026855695992708206,
  "gsr_y": 0.040638700127601624,
  "provenance": {
    "md5sum": "2bb85b6ffb0654c8e0d019c7857ddc7c",
    "settings": {
      "fd_thres": 0.2,
      "testing": false
    },
    "software": "mriqc",
    "version": "22.0.6",
    "webapi_port": null,
    "webapi_url": "https://mriqc.nimh.nih.gov/api/v1"
  },
  "size_t": 284,
  "size_x": 128,
  "size_y": 116,
  "size_z": 30,
  "snr": 5.498064430525193,
  "spacing_tr": 2.0,
  "spacing_x": 2.0,
  "spacing_y": 2.0,
  "spacing_z": 3.0,
  "summary_bg_k": 33.452463235200746,
  "summary_bg_mad": 10.164176371826871,
  "summary_bg_mean": 38.72296142578125,
  "summary_bg_median": 19.02112579345703,
  "summary_bg_n": 299444.0,
  "summary_bg_p05": 8.746479034423828,
  "summary_bg_p95": 133.00246734619125,
  "summary_bg_stdv": 67.96521759033203,
  "summary_fg_k": 3.281385825291121,
  "summary_fg_mad": 127.62387216013148,
  "summary_fg_mean": 792.2673950195312,
  "summary_fg_median": 784.8696899414062,
  "summary_fg_n": 80337.0,
  "summary_fg_p05": 608.4528076171875,
  "summary_fg_p95": 1018.7851928710937,
  "summary_fg_stdv": 142.7529296875,
  "tsnr": 43.881300293141976
}