{
  "aor": 0.0009800497512437811,
  "aqi": 0.010414044726368159,
  "bids_meta": {
    "AcquisitionMatrixPE": 116,
    "AcquisitionNumber": 1,
    "BandwidthPerPixelPhaseEncode": 23.946,
    "BaseResolution": 128,
    "BodyPartExamined": "BRAIN",
    "ConversionSoftware": "dcm2niix",
    "ConversionSoftwareVersion": "v1.0.20180518 GCC4.8.5",
    "DerivedVendorReportedEchoSpacing": 0.000720011,
    "DwellTime": 2.5e-06,
    "EchoTime": 0.03,
    "EchoTrainLength": 58,
    "EffectiveEchoSpacing": 0.000360005,
    "FlipAngle": 71,
    "ImageOrientationPatientDICOM": [
      1,
      0,
      0,
      0,
      0.944376,
      0.328867
    ],
    "ImageType": [
      "ORIGINAL",
      "PRIMARY",
      "M",
      "ND",
      "NORM",
      "MOSAIC"
    ],
    "InPlanePhaseEncodingDirectionDICOM": "COL",
    "InstitutionName": "Princeton_University_-_Neuroscience_Institute",
    "MRAcquisitionType": "2D",
    "MagneticFieldStrength": 3,
    "Manufacturer": "Siemens",
    "ManufacturersModelName": "Skyra",
    "Modality": "MR",
    "ParallelReductionFactorInPlane": 2,
    "PartialFourier": 1,
    "PatientPosition": "HFS",
    "PercentPhaseFOV": 90.625,
    "PhaseEncodingDirection": "j-",
    "PhaseEncodingSteps": 116,
    "PhaseResolution": 1,
    "PixelBandwidth": 1565,
    "PulseSequenceDetails": "%SiemensSeq%_ep2d_bold",
    "ReceiveCoilActiveElements": "HE1-4",
    "ReceiveCoilName": "HeadNeck_20",
    "ReconMatrixPE": 116,
    "RepetitionTime": 2,
    "SAR": 0.0822539,
    "ScanOptions": "FS",
    "ScanningSequence": "EP",
    "SequenceVariant": "SK",
    "SeriesNumber": 4,
    "ShimSetting": [
      3201,
      10502,
      10022,
      656,
      -347,
      90,
      634,
      -15
    ],
    "SliceThickness": 3,
    "SliceTiming": [
      1,
      0,
      1.065,
      0.065,
      1.1325,
      0.1325,
      1.2,
      0.2,
      1.265,
      0.265,
      1.3325,
      0.3325,
      1.4,
      0.4,
      1.465,
      0.465,
      1.5325,
      0.5325,
      1.6,
      0.6,
      1.665,
      0.665,
      1.7325,
      0.7325,
      1.8,
      0.8,
      1.865,
      0.865,
      1.9325,
      0.9325
    ],
    "SoftwareVersions": "syngo_MR_D11",
    "SpacingBetweenSlices": 3,
    "StationName": "AWP45031",
    "TaskName": "study phase",
    "TotalReadoutTime": 0.0414006,
    "TxRefAmp": 370.115,
    "dataset": "ds001775",
    "modality": "bold",
    "run_id": 2,
    "subject_id": "15",
    "task_id": "restudy"
  },
  "dummy_trs": 0,
  "dvars_nstd": 35.07223787275,
  "dvars_std": 1.16266908825,
  "dvars_vstd": 1.0112652247499991,
  "efc": 0.5019775406431004,
  "fber": 1684.9376220703125,
  "fd_mean": 0.07604473889528471,
  "fd_num": 7,
  "fd_perc": 3.482587064676617,
  "fwhm_avg": 1.9744294444444446,
  "fwhm_x": 1.90519,
  "fwhm_y": 2.232385,
  "fwhm_z": 1.7857133333333335,
  "gcor": 0.0126532,
  "gsr_x": -0.026311466470360756,
  "gsr_y": 0.03688013181090355,
  "provenance": {
    "md5sum": "687e2b5f901d5bb3b2145d3ff6d6ef70",
    "settings": {
      "fd_thres": 0.2,
      "testing": false
    },
    "software": "mriqc",
    "version": "22.0.6",
    "webapi_port": null,
    "webapi_url": "https://mriqc.nimh.nih.gov/api/v1"
  },
  "size_t": 201,
  "size_x": 128,
  "size_y": 116,
  "size_z": 30,
  "snr": 5.557589094158604,
  "spacing_tr": 2.0,
  "spacing_x": 2.0,
  "spacing_y": 2.0,
  "spacing_z": 3.0,
  "summary_bg_k": 33.70348752370034,
  "summary_bg_mad": 9.847133167084905,
  "summary_bg_mean": 37.957576751708984,
  "summary_bg_median": 18.746267318725586,
  "summary_bg_n": 299281.0,
  "summary_bg_p05": 8.766168594360352,
  "summary_bg_p95": 131.05471801757812,
  "summary_bg_stdv": 66.38961029052734,
  "summary_fg_k": 3.2353985254728395,
  "summary_fg_mad": 125.21717729908565,
  "summary_fg_mean": 784.828125,
  "summary_fg_median": 777.3781127929688,
  "summary_fg_n": 80539.0,
  "summary_fg_p05": 603.9238647460937,
  "summary_fg_p95": 1007.3263488769529,
  "summary_fg_stdv": 139.87599182128906,
  "tsnr": 46.75143967103213
}