{
  "aor": 0.000541830985915493,
  "aqi": 0.01239436059859155,
  "bids_meta": {
    "AcquisitionMatrixPE": 116,
    "AcquisitionNumber": 1,
    "BandwidthPerPixelPhaseEncode": 23.946,
    "BaseResolution": 128,
    "BodyPartExamined": "BRAIN",
    "ConsistencyInfo": "N4_VD11D_LATEST_20110129",
    "ConversionSoftware": "dcm2niix",
    "ConversionSoftwareVersion": "v1.0.20180518 GCC4.8.5",
    "DerivedVendorReportedEchoSpacing": 0.000720011,
    "DwellTime": 2.5e-06,
    "EchoTime": 0.03,
    "EchoTrainLength": 58,
    "EffectiveEchoSpacing": 0.000360005,
    "FlipAngle": 71,
    "ImageOrientationPatientDICOM": [
      1,
      0,
      0,
      0,
      0.944376,
      0.328867
    ],
    "ImageType": [
      "ORIGINAL",
      "PRIMARY",
      "M",
      "ND",
      "NORM",
      "MOSAIC"
    ],
    "InPlanePhaseEncodingDirectionDICOM": "COL",
    "InstitutionName": "Princeton_University_-_Neuroscience_Institute",
    "MRAcquisitionType": "2D",
    "MagneticFieldStrength": 3,
    "Manufacturer": "Siemens",
    "ManufacturersModelName": "Skyra",
    "Modality": "MR",
    "ParallelReductionFactorInPlane": 2,
    "PartialFourier": 1,
    "PatientPosition": "HFS",
    "PercentPhaseFOV": 90.625,
    "PhaseEncodingDirection": "j-",
    "PhaseEncodingSteps": 116,
    "PhaseResolution": 1,
    "PixelBandwidth": 1565,
    "PulseSequenceDetails": "%SiemensSeq%_ep2d_bold",
    "ReceiveCoilActiveElements": "HE1-4",
    "ReceiveCoilName": "HeadNeck_20",
    "ReconMatrixPE": 116,
    "RepetitionTime": 2,
    "SAR": 0.0822545,
    "ScanOptions": "FS",
    "ScanningSequence": "EP",
    "SequenceVariant": "SK",
    "SeriesNumber": 8,
    "ShimSetting": [
      3201,
      10502,
      10022,
      656,
      -347,
      90,
      634,
      -15
    ],
    "SliceThickness": 3,
    "SliceTiming": [
      1,
      0,
      1.0675,
      0.0675,
      1.1325,
      0.1325,
      1.2,
      0.2,
      1.2675,
      0.2675,
      1.3325,
      0.3325,
      1.4,
      0.4,
      1.465,
      0.4675,
      1.5325,
      0.5325,
      1.6,
      0.6,
      1.665,
      0.6675,
      1.7325,
      0.7325,
      1.8,
      0.8,
      1.865,
      0.8675,
      1.9325,
      0.9325
    ],
    "SoftwareVersions": "syngo_MR_D11",
    "SpacingBetweenSlices": 3,
    "StationName": "AWP45031",
    "TaskName": "retrieval-practice/restudy phase",
    "TotalReadoutTime": 0.0414006,
    "TxRefAmp": 370.115,
    "dataset": "ds001775",
    "modality": "bold",
    "run_id": 3,
    "subject_id": "21",
    "task_id": "RP"
  },
  "dummy_trs": 0,
  "dvars_nstd": 30.501184726501744,
  "dvars_std": 1.1068285050883397,
  "dvars_vstd": 0.9903136363957595,
  "efc": 0.48100217321199634,
  "fber": 2164.5166015625,
  "fd_mean": 0.13991491297129294,
  "fd_num": 35,
  "fd_perc": 12.32394366197183,
  "fwhm_avg": 1.885807777777778,
  "fwhm_x": 1.863005,
  "fwhm_y": 2.124385,
  "fwhm_z": 1.6700333333333335,
  "gcor": 0.0838544,
  "gsr_x": -0.015459872782230377,
  "gsr_y": 0.025886977091431618,
  "provenance": {
    "md5sum": "fa969516c12aa62c55832f85934ab08a",
    "settings": {
      "fd_thres": 0.2,
      "testing": false
    },
    "software": "mriqc",
    "version": "22.0.6",
    "webapi_port": null,
    "webapi_url": "https://mriqc.nimh.nih.gov/api/v1"
  },
  "size_t": 284,
  "size_x": 128,
  "size_y": 116,
  "size_z": 30,
  "snr": 6.3301002088924765,
  "spacing_tr": 2.0,
  "spacing_x": 2.0,
  "spacing_y": 2.0,
  "spacing_z": 3.0,
  "summary_bg_k": 34.09493926437383,
  "summary_bg_mad": 10.6235772494183,
  "summary_bg_mean": 37.882843017578125,
  "summary_bg_median": 18.61619758605957,
  "summary_bg_n": 305273.0,
  "summary_bg_p05": 7.816901206970215,
  "summary_bg_p95": 134.0753540039061,
  "summary_bg_stdv": 70.87737274169922,
  "summary_fg_k": 3.315055658859924,
  "summary_fg_mad": 125.22767423862096,
  "summary_fg_mean": 888.8734741210938,
  "summary_fg_median": 878.3204345703125,
  "summary_fg_n": 74505.0,
  "summary_fg_p05": 704.452099609375,
  "summary_fg_p95": 1111.3872802734377,
  "summary_fg_stdv": 138.7520751953125,
  "tsnr": 47.24107339885086
}