{
  "aor": 0.0006217605633802817,
  "aqi": 0.010827837147887322,
  "bids_meta": {
    "AcquisitionMatrixPE": 116,
    "AcquisitionNumber": 1,
    "BandwidthPerPixelPhaseEncode": 23.946,
    "BaseResolution": 128,
    "BodyPartExamined": "BRAIN",
    "ConsistencyInfo": "N4_VD11D_LATEST_20110129",
    "ConversionSoftware": "dcm2niix",
    "ConversionSoftwareVersion": "v1.0.20180518 GCC4.8.5",
    "DerivedVendorReportedEchoSpacing": 0.000720011,
    "DwellTime": 2.5e-06,
    "EchoTime": 0.03,
    "EchoTrainLength": 58,
    "EffectiveEchoSpacing": 0.000360005,
    "FlipAngle": 71,
    "ImageOrientationPatientDICOM": [
      1,
      0,
      0,
      0,
      0.944376,
      0.328867
    ],
    "ImageType": [
      "ORIGINAL",
      "PRIMARY",
      "M",
      "ND",
      "NORM",
      "MOSAIC"
    ],
    "InPlanePhaseEncodingDirectionDICOM": "COL",
    "InstitutionName": "Princeton_University_-_Neuroscience_Institute",
    "MRAcquisitionType": "2D",
    "MagneticFieldStrength": 3,
    "Manufacturer": "Siemens",
    "ManufacturersModelName": "Skyra",
    "Modality": "MR",
    "ParallelReductionFactorInPlane": 2,
    "PartialFourier": 1,
    "PatientPosition": "HFS",
    "PercentPhaseFOV": 90.625,
    "PhaseEncodingDirection": "j-",
    "PhaseEncodingSteps": 116,
    "PhaseResolution": 1,
    "PixelBandwidth": 1565,
    "PulseSequenceDetails": "%SiemensSeq%_ep2d_bold",
    "ReceiveCoilActiveElements": "HE1-4",
    "ReceiveCoilName": "HeadNeck_20",
    "ReconMatrixPE": 116,
    "RepetitionTime": 2,
    "SAR": 0.0822545,
    "ScanOptions": "FS",
    "ScanningSequence": "EP",
    "SequenceVariant": "SK",
    "SeriesNumber": 8,
    "ShimSetting": [
      3201,
      10502,
      10022,
      656,
      -347,
      90,
      634,
      -15
    ],
    "SliceThickness": 3,
    "SliceTiming": [
      1,
      0,
      1.0675,
      0.0675,
      1.1325,
      0.1325,
      1.2,
      0.2,
      1.2675,
      0.2675,
      1.3325,
      0.3325,
      1.4,
      0.4,
      1.465,
      0.4675,
      1.5325,
      0.5325,
      1.6,
      0.6,
      1.665,
      0.6675,
      1.7325,
      0.7325,
      1.8,
      0.8,
      1.865,
      0.8675,
      1.9325,
      0.9325
    ],
    "SoftwareVersions": "syngo_MR_D11",
    "SpacingBetweenSlices": 3,
    "StationName": "AWP45031",
    "TaskName": "retrieval-practice/restudy phase",
    "TotalReadoutTime": 0.0414006,
    "TxRefAmp": 370.115,
    "dataset": "ds001775",
    "modality": "bold",
    "run_id": 4,
    "subject_id": "21",
    "task_id": "RP"
  },
  "dummy_trs": 0,
  "dvars_nstd": 31.61838246381624,
  "dvars_std": 1.1351018396113068,
  "dvars_vstd": 1.0025830125088342,
  "efc": 0.480284340701945,
  "fber": 2256.3046875,
  "fd_mean": 0.15455043938976054,
  "fd_num": 58,
  "fd_perc": 20.422535211267604,
  "fwhm_avg": 1.8798844444444445,
  "fwhm_x": 1.85471,
  "fwhm_y": 2.11541,
  "fwhm_z": 1.6695333333333335,
  "gcor": 0.0635319,
  "gsr_x": -0.014967822469770908,
  "gsr_y": 0.024364283308386803,
  "provenance": {
    "md5sum": "69ac006ed977d3867e0cb04eaeb2474a",
    "settings": {
      "fd_thres": 0.2,
      "testing": false
    },
    "software": "mriqc",
    "version": "22.0.6",
    "webapi_port": null,
    "webapi_url": "https://mriqc.nimh.nih.gov/api/v1"
  },
  "size_t": 284,
  "size_x": 128,
  "size_y": 116,
  "size_z": 30,
  "snr": 6.333727957321109,
  "spacing_tr": 2.0,
  "spacing_x": 2.0,
  "spacing_y": 2.0,
  "spacing_z": 3.0,
  "summary_bg_k": 34.17084682550795,
  "summary_bg_mad": 10.341672775997957,
  "summary_bg_mean": 37.46187210083008,
  "summary_bg_median": 18.158451080322266,
  "summary_bg_n": 305147.0,
  "summary_bg_p05": 7.809858798980713,
  "summary_bg_p95": 133.34647674560554,
  "summary_bg_stdv": 70.23873901367188,
  "summary_fg_k": 3.3519824879122986,
  "summary_fg_mad": 123.97215882842468,
  "summary_fg_mean": 887.3218383789062,
  "summary_fg_median": 876.7482299804688,
  "summary_fg_n": 74546.0,
  "summary_fg_p05": 703.1276092529297,
  "summary_fg_p95": 1110.5914916992188,
  "summary_fg_stdv": 138.42437744140625,
  "tsnr": 49.68917127675377
}