{
  "aor": 0.000440547263681592,
  "aqi": 0.009486946218905473,
  "bids_meta": {
    "AcquisitionMatrixPE": 116,
    "AcquisitionNumber": 1,
    "BandwidthPerPixelPhaseEncode": 23.946,
    "BaseResolution": 128,
    "BodyPartExamined": "BRAIN",
    "ConversionSoftware": "dcm2niix",
    "ConversionSoftwareVersion": "v1.0.20180518 GCC4.8.5",
    "DerivedVendorReportedEchoSpacing": 0.000720011,
    "DwellTime": 2.5e-06,
    "EchoTime": 0.03,
    "EchoTrainLength": 58,
    "EffectiveEchoSpacing": 0.000360005,
    "FlipAngle": 71,
    "ImageOrientationPatientDICOM": [
      1,
      0,
      0,
      0,
      0.944376,
      0.328867
    ],
    "ImageType": [
      "ORIGINAL",
      "PRIMARY",
      "M",
      "ND",
      "NORM",
      "MOSAIC"
    ],
    "InPlanePhaseEncodingDirectionDICOM": "COL",
    "InstitutionName": "Princeton_University_-_Neuroscience_Institute",
    "MRAcquisitionType": "2D",
    "MagneticFieldStrength": 3,
    "Manufacturer": "Siemens",
    "ManufacturersModelName": "Skyra",
    "Modality": "MR",
    "ParallelReductionFactorInPlane": 2,
    "PartialFourier": 1,
    "PatientPosition": "HFS",
    "PercentPhaseFOV": 90.625,
    "PhaseEncodingDirection": "j-",
    "PhaseEncodingSteps": 116,
    "PhaseResolution": 1,
    "PixelBandwidth": 1565,
    "PulseSequenceDetails": "%SiemensSeq%_ep2d_bold",
    "ReceiveCoilActiveElements": "HE1-4",
    "ReceiveCoilName": "HeadNeck_20",
    "ReconMatrixPE": 116,
    "RepetitionTime": 2,
    "SAR": 0.0822539,
    "ScanOptions": "FS",
    "ScanningSequence": "EP",
    "SequenceVariant": "SK",
    "SeriesNumber": 4,
    "ShimSetting": [
      3201,
      10502,
      10022,
      656,
      -347,
      90,
      634,
      -15
    ],
    "SliceThickness": 3,
    "SliceTiming": [
      1,
      0,
      1.065,
      0.065,
      1.1325,
      0.1325,
      1.2,
      0.2,
      1.265,
      0.265,
      1.3325,
      0.3325,
      1.4,
      0.4,
      1.465,
      0.465,
      1.5325,
      0.5325,
      1.6,
      0.6,
      1.665,
      0.665,
      1.7325,
      0.7325,
      1.8,
      0.8,
      1.865,
      0.865,
      1.9325,
      0.9325
    ],
    "SoftwareVersions": "syngo_MR_D11",
    "SpacingBetweenSlices": 3,
    "StationName": "AWP45031",
    "TaskName": "study phase",
    "TotalReadoutTime": 0.0414006,
    "TxRefAmp": 370.115,
    "dataset": "ds001775",
    "modality": "bold",
    "run_id": 1,
    "subject_id": "21",
    "task_id": "restudy"
  },
  "dummy_trs": 0,
  "dvars_nstd": 27.902016105949997,
  "dvars_std": 1.0983141547000006,
  "dvars_vstd": 0.9961074708,
  "efc": 0.48137700755198864,
  "fber": 2189.8388671875,
  "fd_mean": 0.10826269411063418,
  "fd_num": 5,
  "fd_perc": 2.487562189054726,
  "fwhm_avg": 1.9179466666666667,
  "fwhm_x": 1.89307,
  "fwhm_y": 2.15174,
  "fwhm_z": 1.70903,
  "gcor": 0.0351256,
  "gsr_x": -0.01594856195151806,
  "gsr_y": 0.02556532993912697,
  "provenance": {
    "md5sum": "79948d166573432516f2fffd33690fdf",
    "settings": {
      "fd_thres": 0.2,
      "testing": false
    },
    "software": "mriqc",
    "version": "22.0.6",
    "webapi_port": null,
    "webapi_url": "https://mriqc.nimh.nih.gov/api/v1"
  },
  "size_t": 201,
  "size_x": 128,
  "size_y": 116,
  "size_z": 30,
  "snr": 6.233932573144413,
  "spacing_tr": 2.0,
  "spacing_x": 2.0,
  "spacing_y": 2.0,
  "spacing_z": 3.0,
  "summary_bg_k": 33.9378909773996,
  "summary_bg_mad": 10.488857570557224,
  "summary_bg_mean": 37.42461395263672,
  "summary_bg_median": 18.527362823486328,
  "summary_bg_n": 305175.0,
  "summary_bg_p05": 7.875621795654297,
  "summary_bg_p95": 130.2402923583984,
  "summary_bg_stdv": 69.30003356933594,
  "summary_fg_k": 3.3968677289121807,
  "summary_fg_mad": 125.75559790456101,
  "summary_fg_mean": 886.9253540039062,
  "summary_fg_median": 876.9552001953125,
  "summary_fg_n": 74977.0,
  "summary_fg_p05": 700.1721435546875,
  "summary_fg_p95": 1110.31044921875,
  "summary_fg_stdv": 140.6735382080078,
  "tsnr": 53.25758568244055
}