{
  "aor": 0.0023943283582089554,
  "aqi": 0.01728556542288557,
  "bids_meta": {
    "AcquisitionMatrixPE": 116,
    "AcquisitionNumber": 1,
    "BandwidthPerPixelPhaseEncode": 23.946,
    "BaseResolution": 128,
    "BodyPartExamined": "BRAIN",
    "ConversionSoftware": "dcm2niix",
    "ConversionSoftwareVersion": "v1.0.20180518 GCC4.8.5",
    "DerivedVendorReportedEchoSpacing": 0.000720011,
    "DwellTime": 2.5e-06,
    "EchoTime": 0.03,
    "EchoTrainLength": 58,
    "EffectiveEchoSpacing": 0.000360005,
    "FlipAngle": 71,
    "ImageOrientationPatientDICOM": [
      1,
      0,
      0,
      0,
      0.944376,
      0.328867
    ],
    "ImageType": [
      "ORIGINAL",
      "PRIMARY",
      "M",
      "ND",
      "NORM",
      "MOSAIC"
    ],
    "InPlanePhaseEncodingDirectionDICOM": "COL",
    "InstitutionName": "Princeton_University_-_Neuroscience_Institute",
    "MRAcquisitionType": "2D",
    "MagneticFieldStrength": 3,
    "Manufacturer": "Siemens",
    "ManufacturersModelName": "Skyra",
    "Modality": "MR",
    "ParallelReductionFactorInPlane": 2,
    "PartialFourier": 1,
    "PatientPosition": "HFS",
    "PercentPhaseFOV": 90.625,
    "PhaseEncodingDirection": "j-",
    "PhaseEncodingSteps": 116,
    "PhaseResolution": 1,
    "PixelBandwidth": 1565,
    "PulseSequenceDetails": "%SiemensSeq%_ep2d_bold",
    "ReceiveCoilActiveElements": "HE1-4",
    "ReceiveCoilName": "HeadNeck_20",
    "ReconMatrixPE": 116,
    "RepetitionTime": 2,
    "SAR": 0.0822539,
    "ScanOptions": "FS",
    "ScanningSequence": "EP",
    "SequenceVariant": "SK",
    "SeriesNumber": 4,
    "ShimSetting": [
      3201,
      10502,
      10022,
      656,
      -347,
      90,
      634,
      -15
    ],
    "SliceThickness": 3,
    "SliceTiming": [
      1,
      0,
      1.065,
      0.065,
      1.1325,
      0.1325,
      1.2,
      0.2,
      1.265,
      0.265,
      1.3325,
      0.3325,
      1.4,
      0.4,
      1.465,
      0.465,
      1.5325,
      0.5325,
      1.6,
      0.6,
      1.665,
      0.665,
      1.7325,
      0.7325,
      1.8,
      0.8,
      1.865,
      0.865,
      1.9325,
      0.9325
    ],
    "SoftwareVersions": "syngo_MR_D11",
    "SpacingBetweenSlices": 3,
    "StationName": "AWP45031",
    "TaskName": "study phase",
    "TotalReadoutTime": 0.0414006,
    "TxRefAmp": 370.115,
    "dataset": "ds001775",
    "modality": "bold",
    "run_id": 2,
    "subject_id": "08",
    "task_id": "restudy"
  },
  "dummy_trs": 0,
  "dvars_nstd": 33.336014795500006,
  "dvars_std": 1.1529068612999998,
  "dvars_vstd": 1.0125802322999997,
  "efc": 0.5032896858236738,
  "fber": 1916.1341552734375,
  "fd_mean": 0.09903845200086968,
  "fd_num": 11,
  "fd_perc": 5.472636815920398,
  "fwhm_avg": 2.058348888888889,
  "fwhm_x": 2.033575,
  "fwhm_y": 2.272205,
  "fwhm_z": 1.8692666666666666,
  "gcor": 0.0171622,
  "gsr_x": -0.0044722966849803925,
  "gsr_y": 0.016085827723145485,
  "provenance": {
    "md5sum": "e26df60c4ab1b4fb1d70c7ed640ae317",
    "settings": {
      "fd_thres": 0.2,
      "testing": false
    },
    "software": "mriqc",
    "version": "22.0.6",
    "webapi_port": null,
    "webapi_url": "https://mriqc.nimh.nih.gov/api/v1"
  },
  "size_t": 201,
  "size_x": 128,
  "size_y": 116,
  "size_z": 30,
  "snr": 5.740680124814207,
  "spacing_tr": 2.0,
  "spacing_x": 2.0,
  "spacing_y": 2.0,
  "spacing_z": 3.0,
  "summary_bg_k": 40.34510249905415,
  "summary_bg_mad": 12.163239609611306,
  "summary_bg_mean": 44.36283493041992,
  "summary_bg_median": 19.213930130004883,
  "summary_bg_n": 298553.0,
  "summary_bg_p05": 7.437810897827148,
  "summary_bg_p95": 174.1631744384762,
  "summary_bg_stdv": 87.6839828491211,
  "summary_fg_k": 4.40311768911873,
  "summary_fg_mad": 123.97057523840857,
  "summary_fg_mean": 867.2327270507812,
  "summary_fg_median": 857.4278564453125,
  "summary_fg_n": 79568.0,
  "summary_fg_p05": 671.8922546386718,
  "summary_fg_p95": 1099.1226379394532,
  "summary_fg_stdv": 149.35903930664062,
  "tsnr": 41.726257835980505
}