{
  "aor": 0.000797887323943662,
  "aqi": 0.019533088028169016,
  "bids_meta": {
    "AcquisitionMatrixPE": 116,
    "AcquisitionNumber": 1,
    "BandwidthPerPixelPhaseEncode": 23.946,
    "BaseResolution": 128,
    "BodyPartExamined": "BRAIN",
    "ConsistencyInfo": "N4_VD11D_LATEST_20110129",
    "ConversionSoftware": "dcm2niix",
    "ConversionSoftwareVersion": "v1.0.20180518 GCC4.8.5",
    "DerivedVendorReportedEchoSpacing": 0.000720011,
    "DwellTime": 2.5e-06,
    "EchoTime": 0.03,
    "EchoTrainLength": 58,
    "EffectiveEchoSpacing": 0.000360005,
    "FlipAngle": 71,
    "ImageOrientationPatientDICOM": [
      1,
      0,
      0,
      0,
      0.944376,
      0.328867
    ],
    "ImageType": [
      "ORIGINAL",
      "PRIMARY",
      "M",
      "ND",
      "NORM",
      "MOSAIC"
    ],
    "InPlanePhaseEncodingDirectionDICOM": "COL",
    "InstitutionName": "Princeton_University_-_Neuroscience_Institute",
    "MRAcquisitionType": "2D",
    "MagneticFieldStrength": 3,
    "Manufacturer": "Siemens",
    "ManufacturersModelName": "Skyra",
    "Modality": "MR",
    "ParallelReductionFactorInPlane": 2,
    "PartialFourier": 1,
    "PatientPosition": "HFS",
    "PercentPhaseFOV": 90.625,
    "PhaseEncodingDirection": "j-",
    "PhaseEncodingSteps": 116,
    "PhaseResolution": 1,
    "PixelBandwidth": 1565,
    "PulseSequenceDetails": "%SiemensSeq%_ep2d_bold",
    "ReceiveCoilActiveElements": "HE1-4",
    "ReceiveCoilName": "HeadNeck_20",
    "ReconMatrixPE": 116,
    "RepetitionTime": 2,
    "SAR": 0.0822545,
    "ScanOptions": "FS",
    "ScanningSequence": "EP",
    "SequenceVariant": "SK",
    "SeriesNumber": 8,
    "ShimSetting": [
      3201,
      10502,
      10022,
      656,
      -347,
      90,
      634,
      -15
    ],
    "SliceThickness": 3,
    "SliceTiming": [
      1,
      0,
      1.0675,
      0.0675,
      1.1325,
      0.1325,
      1.2,
      0.2,
      1.2675,
      0.2675,
      1.3325,
      0.3325,
      1.4,
      0.4,
      1.465,
      0.4675,
      1.5325,
      0.5325,
      1.6,
      0.6,
      1.665,
      0.6675,
      1.7325,
      0.7325,
      1.8,
      0.8,
      1.865,
      0.8675,
      1.9325,
      0.9325
    ],
    "SoftwareVersions": "syngo_MR_D11",
    "SpacingBetweenSlices": 3,
    "StationName": "AWP45031",
    "TaskName": "retrieval-practice/restudy phase",
    "TotalReadoutTime": 0.0414006,
    "TxRefAmp": 370.115,
    "dataset": "ds001775",
    "modality": "bold",
    "run_id": 3,
    "subject_id": "08",
    "task_id": "RP"
  },
  "dummy_trs": 0,
  "dvars_nstd": 37.56406188925798,
  "dvars_std": 1.13987753614841,
  "dvars_vstd": 0.9845666786219072,
  "efc": 0.5038369192110965,
  "fber": 1869.1624755859375,
  "fd_mean": 0.17415125869147635,
  "fd_num": 82,
  "fd_perc": 28.87323943661972,
  "fwhm_avg": 1.9437227777777777,
  "fwhm_x": 1.98955,
  "fwhm_y": 2.140235,
  "fwhm_z": 1.7013833333333332,
  "gcor": 0.0551885,
  "gsr_x": -0.008058805018663406,
  "gsr_y": 0.017254604026675224,
  "provenance": {
    "md5sum": "861cd1ae05f9513da5170c587961bb37",
    "settings": {
      "fd_thres": 0.2,
      "testing": false
    },
    "software": "mriqc",
    "version": "22.0.6",
    "webapi_port": null,
    "webapi_url": "https://mriqc.nimh.nih.gov/api/v1"
  },
  "size_t": 284,
  "size_x": 128,
  "size_y": 116,
  "size_z": 30,
  "snr": 6.011006770954882,
  "spacing_tr": 2.0,
  "spacing_x": 2.0,
  "spacing_y": 2.0,
  "spacing_z": 3.0,
  "summary_bg_k": 35.491005673124214,
  "summary_bg_mad": 12.40374310154813,
  "summary_bg_mean": 46.03644943237305,
  "summary_bg_median": 19.707746505737305,
  "summary_bg_n": 299438.0,
  "summary_bg_p05": 7.447183132171631,
  "summary_bg_p95": 183.7103874206537,
  "summary_bg_stdv": 90.431884765625,
  "summary_fg_k": 3.4649517022404472,
  "summary_fg_mad": 123.9330215323124,
  "summary_fg_mean": 874.9552612304688,
  "summary_fg_median": 862.3274536132812,
  "summary_fg_n": 79230.0,
  "summary_fg_p05": 684.1862640380859,
  "summary_fg_p95": 1106.456524658203,
  "summary_fg_stdv": 143.45716857910156,
  "tsnr": 39.29444435384357
}