{
  "aor": 0.0004551408450704226,
  "aqi": 0.012235395246478873,
  "bids_meta": {
    "AcquisitionMatrixPE": 116,
    "AcquisitionNumber": 1,
    "BandwidthPerPixelPhaseEncode": 23.946,
    "BaseResolution": 128,
    "BodyPartExamined": "BRAIN",
    "ConsistencyInfo": "N4_VD11D_LATEST_20110129",
    "ConversionSoftware": "dcm2niix",
    "ConversionSoftwareVersion": "v1.0.20180518 GCC4.8.5",
    "DerivedVendorReportedEchoSpacing": 0.000720011,
    "DwellTime": 2.5e-06,
    "EchoTime": 0.03,
    "EchoTrainLength": 58,
    "EffectiveEchoSpacing": 0.000360005,
    "FlipAngle": 71,
    "ImageOrientationPatientDICOM": [
      1,
      0,
      0,
      0,
      0.944376,
      0.328867
    ],
    "ImageType": [
      "ORIGINAL",
      "PRIMARY",
      "M",
      "ND",
      "NORM",
      "MOSAIC"
    ],
    "InPlanePhaseEncodingDirectionDICOM": "COL",
    "InstitutionName": "Princeton_University_-_Neuroscience_Institute",
    "MRAcquisitionType": "2D",
    "MagneticFieldStrength": 3,
    "Manufacturer": "Siemens",
    "ManufacturersModelName": "Skyra",
    "Modality": "MR",
    "ParallelReductionFactorInPlane": 2,
    "PartialFourier": 1,
    "PatientPosition": "HFS",
    "PercentPhaseFOV": 90.625,
    "PhaseEncodingDirection": "j-",
    "PhaseEncodingSteps": 116,
    "PhaseResolution": 1,
    "PixelBandwidth": 1565,
    "PulseSequenceDetails": "%SiemensSeq%_ep2d_bold",
    "ReceiveCoilActiveElements": "HE1-4",
    "ReceiveCoilName": "HeadNeck_20",
    "ReconMatrixPE": 116,
    "RepetitionTime": 2,
    "SAR": 0.0822545,
    "ScanOptions": "FS",
    "ScanningSequence": "EP",
    "SequenceVariant": "SK",
    "SeriesNumber": 8,
    "ShimSetting": [
      3201,
      10502,
      10022,
      656,
      -347,
      90,
      634,
      -15
    ],
    "SliceThickness": 3,
    "SliceTiming": [
      1,
      0,
      1.0675,
      0.0675,
      1.1325,
      0.1325,
      1.2,
      0.2,
      1.2675,
      0.2675,
      1.3325,
      0.3325,
      1.4,
      0.4,
      1.465,
      0.4675,
      1.5325,
      0.5325,
      1.6,
      0.6,
      1.665,
      0.6675,
      1.7325,
      0.7325,
      1.8,
      0.8,
      1.865,
      0.8675,
      1.9325,
      0.9325
    ],
    "SoftwareVersions": "syngo_MR_D11",
    "SpacingBetweenSlices": 3,
    "StationName": "AWP45031",
    "TaskName": "retrieval-practice/restudy phase",
    "TotalReadoutTime": 0.0414006,
    "TxRefAmp": 370.115,
    "dataset": "ds001775",
    "modality": "bold",
    "run_id": 1,
    "subject_id": "14",
    "task_id": "RP"
  },
  "dummy_trs": 0,
  "dvars_nstd": 33.81739313756182,
  "dvars_std": 1.1173079319787984,
  "dvars_vstd": 0.9960401271378092,
  "efc": 0.45528760377753186,
  "fber": 1979.5859375,
  "fd_mean": 0.18136874430724875,
  "fd_num": 101,
  "fd_perc": 35.563380281690144,
  "fwhm_avg": 1.9055222222222221,
  "fwhm_x": 1.887005,
  "fwhm_y": 2.152905,
  "fwhm_z": 1.6766566666666665,
  "gcor": 0.0272942,
  "gsr_x": -0.031901322305202484,
  "gsr_y": 0.025073030963540077,
  "provenance": {
    "md5sum": "93bccbae55c9480f0cff930bd3b1823c",
    "settings": {
      "fd_thres": 0.2,
      "testing": false
    },
    "software": "mriqc",
    "version": "22.0.6",
    "webapi_port": null,
    "webapi_url": "https://mriqc.nimh.nih.gov/api/v1"
  },
  "size_t": 284,
  "size_x": 128,
  "size_y": 116,
  "size_z": 30,
  "snr": 5.840081313753271,
  "spacing_tr": 2.0,
  "spacing_x": 2.0,
  "spacing_y": 2.0,
  "spacing_z": 3.0,
  "summary_bg_k": 79.67982661808112,
  "summary_bg_mad": 9.428096867868241,
  "summary_bg_mean": 35.145225524902344,
  "summary_bg_median": 16.93309783935547,
  "summary_bg_n": 321122.0,
  "summary_bg_p05": 7.514084339141846,
  "summary_bg_p95": 111.05633544921875,
  "summary_bg_stdv": 72.77792358398438,
  "summary_fg_k": 2.659070466156712,
  "summary_fg_mad": 118.76997513466495,
  "summary_fg_mean": 773.279296875,
  "summary_fg_median": 761.6865844726562,
  "summary_fg_n": 61728.0,
  "summary_fg_p05": 598.8969818115235,
  "summary_fg_p95": 987.0209411621094,
  "summary_fg_stdv": 130.42291259765625,
  "tsnr": 46.048034828854725
}