{
  "aor": 0.000459330985915493,
  "aqi": 0.01116372056338028,
  "bids_meta": {
    "AcquisitionMatrixPE": 116,
    "AcquisitionNumber": 1,
    "BandwidthPerPixelPhaseEncode": 23.946,
    "BaseResolution": 128,
    "BodyPartExamined": "BRAIN",
    "ConsistencyInfo": "N4_VD11D_LATEST_20110129",
    "ConversionSoftware": "dcm2niix",
    "ConversionSoftwareVersion": "v1.0.20180518 GCC4.8.5",
    "DerivedVendorReportedEchoSpacing": 0.000720011,
    "DwellTime": 2.5e-06,
    "EchoTime": 0.03,
    "EchoTrainLength": 58,
    "EffectiveEchoSpacing": 0.000360005,
    "FlipAngle": 71,
    "ImageOrientationPatientDICOM": [
      1,
      0,
      0,
      0,
      0.944376,
      0.328867
    ],
    "ImageType": [
      "ORIGINAL",
      "PRIMARY",
      "M",
      "ND",
      "NORM",
      "MOSAIC"
    ],
    "InPlanePhaseEncodingDirectionDICOM": "COL",
    "InstitutionName": "Princeton_University_-_Neuroscience_Institute",
    "MRAcquisitionType": "2D",
    "MagneticFieldStrength": 3,
    "Manufacturer": "Siemens",
    "ManufacturersModelName": "Skyra",
    "Modality": "MR",
    "ParallelReductionFactorInPlane": 2,
    "PartialFourier": 1,
    "PatientPosition": "HFS",
    "PercentPhaseFOV": 90.625,
    "PhaseEncodingDirection": "j-",
    "PhaseEncodingSteps": 116,
    "PhaseResolution": 1,
    "PixelBandwidth": 1565,
    "PulseSequenceDetails": "%SiemensSeq%_ep2d_bold",
    "ReceiveCoilActiveElements": "HE1-4",
    "ReceiveCoilName": "HeadNeck_20",
    "ReconMatrixPE": 116,
    "RepetitionTime": 2,
    "SAR": 0.0822545,
    "ScanOptions": "FS",
    "ScanningSequence": "EP",
    "SequenceVariant": "SK",
    "SeriesNumber": 8,
    "ShimSetting": [
      3201,
      10502,
      10022,
      656,
      -347,
      90,
      634,
      -15
    ],
    "SliceThickness": 3,
    "SliceTiming": [
      1,
      0,
      1.0675,
      0.0675,
      1.1325,
      0.1325,
      1.2,
      0.2,
      1.2675,
      0.2675,
      1.3325,
      0.3325,
      1.4,
      0.4,
      1.465,
      0.4675,
      1.5325,
      0.5325,
      1.6,
      0.6,
      1.665,
      0.6675,
      1.7325,
      0.7325,
      1.8,
      0.8,
      1.865,
      0.8675,
      1.9325,
      0.9325
    ],
    "SoftwareVersions": "syngo_MR_D11",
    "SpacingBetweenSlices": 3,
    "StationName": "AWP45031",
    "TaskName": "retrieval-practice/restudy phase",
    "TotalReadoutTime": 0.0414006,
    "TxRefAmp": 370.115,
    "dataset": "ds001775",
    "modality": "bold",
    "run_id": 3,
    "subject_id": "14",
    "task_id": "RP"
  },
  "dummy_trs": 0,
  "dvars_nstd": 33.45827940427565,
  "dvars_std": 1.1034482106360424,
  "dvars_vstd": 0.9954815565724388,
  "efc": 0.4536496440839925,
  "fber": 2019.1048583984375,
  "fd_mean": 0.14030043678124005,
  "fd_num": 48,
  "fd_perc": 16.901408450704224,
  "fwhm_avg": 1.9656094444444445,
  "fwhm_x": 1.91744,
  "fwhm_y": 2.224285,
  "fwhm_z": 1.7551033333333335,
  "gcor": 0.0759942,
  "gsr_x": -0.028777141124010086,
  "gsr_y": 0.023140763863921165,
  "provenance": {
    "md5sum": "6ce27eef43c4d76ca72b7bfda31040f0",
    "settings": {
      "fd_thres": 0.2,
      "testing": false
    },
    "software": "mriqc",
    "version": "22.0.6",
    "webapi_port": null,
    "webapi_url": "https://mriqc.nimh.nih.gov/api/v1"
  },
  "size_t": 284,
  "size_x": 128,
  "size_y": 116,
  "size_z": 30,
  "snr": 5.655760936015099,
  "spacing_tr": 2.0,
  "spacing_x": 2.0,
  "spacing_y": 2.0,
  "spacing_z": 3.0,
  "summary_bg_k": 104.48472042155545,
  "summary_bg_mad": 9.120091437575326,
  "summary_bg_mean": 32.904117584228516,
  "summary_bg_median": 16.640844345092773,
  "summary_bg_n": 319752.0,
  "summary_bg_p05": 7.514084339141846,
  "summary_bg_p95": 103.13027954101562,
  "summary_bg_stdv": 66.96987915039062,
  "summary_fg_k": 3.1836792364988185,
  "summary_fg_mad": 118.67604562399546,
  "summary_fg_mean": 769.3837280273438,
  "summary_fg_median": 758.8785400390625,
  "summary_fg_n": 62224.0,
  "summary_fg_p05": 592.230093383789,
  "summary_fg_p95": 986.1785125732422,
  "summary_fg_stdv": 134.17689514160156,
  "tsnr": 45.708348352694884
}