{
  "aor": 0.0008203980099502488,
  "aqi": 0.00887908303482587,
  "bids_meta": {
    "AcquisitionMatrixPE": 116,
    "AcquisitionNumber": 1,
    "BandwidthPerPixelPhaseEncode": 23.946,
    "BaseResolution": 128,
    "BodyPartExamined": "BRAIN",
    "ConversionSoftware": "dcm2niix",
    "ConversionSoftwareVersion": "v1.0.20180518 GCC4.8.5",
    "DerivedVendorReportedEchoSpacing": 0.000720011,
    "DwellTime": 2.5e-06,
    "EchoTime": 0.03,
    "EchoTrainLength": 58,
    "EffectiveEchoSpacing": 0.000360005,
    "FlipAngle": 71,
    "ImageOrientationPatientDICOM": [
      1,
      0,
      0,
      0,
      0.944376,
      0.328867
    ],
    "ImageType": [
      "ORIGINAL",
      "PRIMARY",
      "M",
      "ND",
      "NORM",
      "MOSAIC"
    ],
    "InPlanePhaseEncodingDirectionDICOM": "COL",
    "InstitutionName": "Princeton_University_-_Neuroscience_Institute",
    "MRAcquisitionType": "2D",
    "MagneticFieldStrength": 3,
    "Manufacturer": "Siemens",
    "ManufacturersModelName": "Skyra",
    "Modality": "MR",
    "ParallelReductionFactorInPlane": 2,
    "PartialFourier": 1,
    "PatientPosition": "HFS",
    "PercentPhaseFOV": 90.625,
    "PhaseEncodingDirection": "j-",
    "PhaseEncodingSteps": 116,
    "PhaseResolution": 1,
    "PixelBandwidth": 1565,
    "PulseSequenceDetails": "%SiemensSeq%_ep2d_bold",
    "ReceiveCoilActiveElements": "HE1-4",
    "ReceiveCoilName": "HeadNeck_20",
    "ReconMatrixPE": 116,
    "RepetitionTime": 2,
    "SAR": 0.0822539,
    "ScanOptions": "FS",
    "ScanningSequence": "EP",
    "SequenceVariant": "SK",
    "SeriesNumber": 4,
    "ShimSetting": [
      3201,
      10502,
      10022,
      656,
      -347,
      90,
      634,
      -15
    ],
    "SliceThickness": 3,
    "SliceTiming": [
      1,
      0,
      1.065,
      0.065,
      1.1325,
      0.1325,
      1.2,
      0.2,
      1.265,
      0.265,
      1.3325,
      0.3325,
      1.4,
      0.4,
      1.465,
      0.465,
      1.5325,
      0.5325,
      1.6,
      0.6,
      1.665,
      0.665,
      1.7325,
      0.7325,
      1.8,
      0.8,
      1.865,
      0.865,
      1.9325,
      0.9325
    ],
    "SoftwareVersions": "syngo_MR_D11",
    "SpacingBetweenSlices": 3,
    "StationName": "AWP45031",
    "TaskName": "study phase",
    "TotalReadoutTime": 0.0414006,
    "TxRefAmp": 370.115,
    "dataset": "ds001775",
    "modality": "bold",
    "run_id": 2,
    "subject_id": "14",
    "task_id": "restudy"
  },
  "dummy_trs": 0,
  "dvars_nstd": 28.53114624010001,
  "dvars_std": 1.0837868426000004,
  "dvars_vstd": 1.00643216585,
  "efc": 0.4539894923856482,
  "fber": 2097.37060546875,
  "fd_mean": 0.08911863081975158,
  "fd_num": 3,
  "fd_perc": 1.492537313432836,
  "fwhm_avg": 1.9040666666666664,
  "fwhm_x": 1.873865,
  "fwhm_y": 2.156745,
  "fwhm_z": 1.68159,
  "gcor": 0.0212141,
  "gsr_x": -0.027866367250680923,
  "gsr_y": 0.016050230711698532,
  "provenance": {
    "md5sum": "b6db19e48adddb28d8b1051ae2079851",
    "settings": {
      "fd_thres": 0.2,
      "testing": false
    },
    "software": "mriqc",
    "version": "22.0.6",
    "webapi_port": null,
    "webapi_url": "https://mriqc.nimh.nih.gov/api/v1"
  },
  "size_t": 201,
  "size_x": 128,
  "size_y": 116,
  "size_z": 30,
  "snr": 5.848894540334621,
  "spacing_tr": 2.0,
  "spacing_x": 2.0,
  "spacing_y": 2.0,
  "spacing_z": 3.0,
  "summary_bg_k": 73.58091849021919,
  "summary_bg_mad": 9.404566416932525,
  "summary_bg_mean": 33.041141510009766,
  "summary_bg_median": 16.55223846435547,
  "summary_bg_n": 319919.0,
  "summary_bg_p05": 7.3482584953308105,
  "summary_bg_p95": 107.32835388183594,
  "summary_bg_stdv": 64.37103271484375,
  "summary_fg_k": 2.604566939746393,
  "summary_fg_mad": 119.41589887951926,
  "summary_fg_mean": 778.4797973632812,
  "summary_fg_median": 766.6094360351562,
  "summary_fg_n": 62630.0,
  "summary_fg_p05": 602.8778350830078,
  "summary_fg_p95": 995.1007141113278,
  "summary_fg_stdv": 131.0680694580078,
  "tsnr": 51.33824393735267
}