{
  "aor": 0.00029443661971830984,
  "aqi": 0.01508314922535211,
  "bids_meta": {
    "AcquisitionMatrixPE": 116,
    "AcquisitionNumber": 1,
    "BandwidthPerPixelPhaseEncode": 23.946,
    "BaseResolution": 128,
    "BodyPartExamined": "BRAIN",
    "ConsistencyInfo": "N4_VD11D_LATEST_20110129",
    "ConversionSoftware": "dcm2niix",
    "ConversionSoftwareVersion": "v1.0.20180518 GCC4.8.5",
    "DerivedVendorReportedEchoSpacing": 0.000720011,
    "DwellTime": 2.5e-06,
    "EchoTime": 0.03,
    "EchoTrainLength": 58,
    "EffectiveEchoSpacing": 0.000360005,
    "FlipAngle": 71,
    "ImageOrientationPatientDICOM": [
      1,
      0,
      0,
      0,
      0.944376,
      0.328867
    ],
    "ImageType": [
      "ORIGINAL",
      "PRIMARY",
      "M",
      "ND",
      "NORM",
      "MOSAIC"
    ],
    "InPlanePhaseEncodingDirectionDICOM": "COL",
    "InstitutionName": "Princeton_University_-_Neuroscience_Institute",
    "MRAcquisitionType": "2D",
    "MagneticFieldStrength": 3,
    "Manufacturer": "Siemens",
    "ManufacturersModelName": "Skyra",
    "Modality": "MR",
    "ParallelReductionFactorInPlane": 2,
    "PartialFourier": 1,
    "PatientPosition": "HFS",
    "PercentPhaseFOV": 90.625,
    "PhaseEncodingDirection": "j-",
    "PhaseEncodingSteps": 116,
    "PhaseResolution": 1,
    "PixelBandwidth": 1565,
    "PulseSequenceDetails": "%SiemensSeq%_ep2d_bold",
    "ReceiveCoilActiveElements": "HE1-4",
    "ReceiveCoilName": "HeadNeck_20",
    "ReconMatrixPE": 116,
    "RepetitionTime": 2,
    "SAR": 0.0822545,
    "ScanOptions": "FS",
    "ScanningSequence": "EP",
    "SequenceVariant": "SK",
    "SeriesNumber": 8,
    "ShimSetting": [
      3201,
      10502,
      10022,
      656,
      -347,
      90,
      634,
      -15
    ],
    "SliceThickness": 3,
    "SliceTiming": [
      1,
      0,
      1.0675,
      0.0675,
      1.1325,
      0.1325,
      1.2,
      0.2,
      1.2675,
      0.2675,
      1.3325,
      0.3325,
      1.4,
      0.4,
      1.465,
      0.4675,
      1.5325,
      0.5325,
      1.6,
      0.6,
      1.665,
      0.6675,
      1.7325,
      0.7325,
      1.8,
      0.8,
      1.865,
      0.8675,
      1.9325,
      0.9325
    ],
    "SoftwareVersions": "syngo_MR_D11",
    "SpacingBetweenSlices": 3,
    "StationName": "AWP45031",
    "TaskName": "retrieval-practice/restudy phase",
    "TotalReadoutTime": 0.0414006,
    "TxRefAmp": 370.115,
    "dataset": "ds001775",
    "modality": "bold",
    "run_id": 2,
    "subject_id": "14",
    "task_id": "RP"
  },
  "dummy_trs": 0,
  "dvars_nstd": 33.50640144586574,
  "dvars_std": 1.0799379653356889,
  "dvars_vstd": 0.9703629048056536,
  "efc": 0.4546890725332554,
  "fber": 1971.6595458984375,
  "fd_mean": 0.15229566401252792,
  "fd_num": 60,
  "fd_perc": 21.12676056338028,
  "fwhm_avg": 1.9039027777777777,
  "fwhm_x": 1.87935,
  "fwhm_y": 2.143325,
  "fwhm_z": 1.6890333333333334,
  "gcor": 0.0759439,
  "gsr_x": -0.031209923326969147,
  "gsr_y": 0.023411858826875687,
  "provenance": {
    "md5sum": "9cd2f203cbbfe2601db190fd6c5345b1",
    "settings": {
      "fd_thres": 0.2,
      "testing": false
    },
    "software": "mriqc",
    "version": "22.0.6",
    "webapi_port": null,
    "webapi_url": "https://mriqc.nimh.nih.gov/api/v1"
  },
  "size_t": 284,
  "size_x": 128,
  "size_y": 116,
  "size_z": 30,
  "snr": 5.867680087432879,
  "spacing_tr": 2.0,
  "spacing_x": 2.0,
  "spacing_y": 2.0,
  "spacing_z": 3.0,
  "summary_bg_k": 83.90218382094652,
  "summary_bg_mad": 9.490741992201727,
  "summary_bg_mean": 34.7783317565918,
  "summary_bg_median": 16.961267471313477,
  "summary_bg_n": 321267.0,
  "summary_bg_p05": 7.482394218444824,
  "summary_bg_p95": 110.81725158691418,
  "summary_bg_stdv": 71.1794662475586,
  "summary_fg_k": 2.5930965475960708,
  "summary_fg_mad": 118.31064353913673,
  "summary_fg_mean": 773.1303100585938,
  "summary_fg_median": 761.7147827148438,
  "summary_fg_n": 61673.0,
  "summary_fg_p05": 598.3394165039062,
  "summary_fg_p95": 987.3098510742186,
  "summary_fg_stdv": 129.81427001953125,
  "tsnr": 41.9104519339744
}