{
  "aor": 0.0006916915422885573,
  "aqi": 0.00887300303482587,
  "bids_meta": {
    "AcquisitionMatrixPE": 116,
    "AcquisitionNumber": 1,
    "BandwidthPerPixelPhaseEncode": 23.946,
    "BaseResolution": 128,
    "BodyPartExamined": "BRAIN",
    "ConversionSoftware": "dcm2niix",
    "ConversionSoftwareVersion": "v1.0.20180518 GCC4.8.5",
    "DerivedVendorReportedEchoSpacing": 0.000720011,
    "DwellTime": 2.5e-06,
    "EchoTime": 0.03,
    "EchoTrainLength": 58,
    "EffectiveEchoSpacing": 0.000360005,
    "FlipAngle": 71,
    "ImageOrientationPatientDICOM": [
      1,
      0,
      0,
      0,
      0.944376,
      0.328867
    ],
    "ImageType": [
      "ORIGINAL",
      "PRIMARY",
      "M",
      "ND",
      "NORM",
      "MOSAIC"
    ],
    "InPlanePhaseEncodingDirectionDICOM": "COL",
    "InstitutionName": "Princeton_University_-_Neuroscience_Institute",
    "MRAcquisitionType": "2D",
    "MagneticFieldStrength": 3,
    "Manufacturer": "Siemens",
    "ManufacturersModelName": "Skyra",
    "Modality": "MR",
    "ParallelReductionFactorInPlane": 2,
    "PartialFourier": 1,
    "PatientPosition": "HFS",
    "PercentPhaseFOV": 90.625,
    "PhaseEncodingDirection": "j-",
    "PhaseEncodingSteps": 116,
    "PhaseResolution": 1,
    "PixelBandwidth": 1565,
    "PulseSequenceDetails": "%SiemensSeq%_ep2d_bold",
    "ReceiveCoilActiveElements": "HE1-4",
    "ReceiveCoilName": "HeadNeck_20",
    "ReconMatrixPE": 116,
    "RepetitionTime": 2,
    "SAR": 0.0822539,
    "ScanOptions": "FS",
    "ScanningSequence": "EP",
    "SequenceVariant": "SK",
    "SeriesNumber": 4,
    "ShimSetting": [
      3201,
      10502,
      10022,
      656,
      -347,
      90,
      634,
      -15
    ],
    "SliceThickness": 3,
    "SliceTiming": [
      1,
      0,
      1.065,
      0.065,
      1.1325,
      0.1325,
      1.2,
      0.2,
      1.265,
      0.265,
      1.3325,
      0.3325,
      1.4,
      0.4,
      1.465,
      0.465,
      1.5325,
      0.5325,
      1.6,
      0.6,
      1.665,
      0.665,
      1.7325,
      0.7325,
      1.8,
      0.8,
      1.865,
      0.865,
      1.9325,
      0.9325
    ],
    "SoftwareVersions": "syngo_MR_D11",
    "SpacingBetweenSlices": 3,
    "StationName": "AWP45031",
    "TaskName": "study phase",
    "TotalReadoutTime": 0.0414006,
    "TxRefAmp": 370.115,
    "dataset": "ds001775",
    "modality": "bold",
    "run_id": 1,
    "subject_id": "14",
    "task_id": "restudy"
  },
  "dummy_trs": 0,
  "dvars_nstd": 28.98915485379998,
  "dvars_std": 1.0856667670999993,
  "dvars_vstd": 1.0043662779499996,
  "efc": 0.45309079555683257,
  "fber": 2026.260009765625,
  "fd_mean": 0.07623295305592205,
  "fd_num": 0,
  "fd_perc": 0.0,
  "fwhm_avg": 2.025263888888889,
  "fwhm_x": 1.985065,
  "fwhm_y": 2.279,
  "fwhm_z": 1.8117266666666667,
  "gcor": 0.0475154,
  "gsr_x": -0.027417629957199097,
  "gsr_y": 0.02050233632326126,
  "provenance": {
    "md5sum": "2f97a01011e9289a62cdf10db700b6d8",
    "settings": {
      "fd_thres": 0.2,
      "testing": false
    },
    "software": "mriqc",
    "version": "22.0.6",
    "webapi_port": null,
    "webapi_url": "https://mriqc.nimh.nih.gov/api/v1"
  },
  "size_t": 201,
  "size_x": 128,
  "size_y": 116,
  "size_z": 30,
  "snr": 5.469862816786407,
  "spacing_tr": 2.0,
  "spacing_x": 2.0,
  "spacing_y": 2.0,
  "spacing_z": 3.0,
  "summary_bg_k": 104.35008942607925,
  "summary_bg_mad": 9.080018126649952,
  "summary_bg_mean": 31.522329330444336,
  "summary_bg_median": 16.621891021728516,
  "summary_bg_n": 318864.0,
  "summary_bg_p05": 7.5323381423950195,
  "summary_bg_p95": 96.93955268859851,
  "summary_bg_stdv": 61.148033142089844,
  "summary_fg_k": 3.6086358400233562,
  "summary_fg_mad": 120.4964954610796,
  "summary_fg_mean": 769.85205078125,
  "summary_fg_median": 761.3084106445312,
  "summary_fg_n": 62404.0,
  "summary_fg_p05": 586.8099182128906,
  "summary_fg_p95": 987.6039489746094,
  "summary_fg_stdv": 139.18124389648438,
  "tsnr": 50.44135605543852
}