{
  "aor": 0.0005957394366197182,
  "aqi": 0.012726752535211269,
  "bids_meta": {
    "AcquisitionMatrixPE": 116,
    "AcquisitionNumber": 1,
    "BandwidthPerPixelPhaseEncode": 23.946,
    "BaseResolution": 128,
    "BodyPartExamined": "BRAIN",
    "ConsistencyInfo": "N4_VD11D_LATEST_20110129",
    "ConversionSoftware": "dcm2niix",
    "ConversionSoftwareVersion": "v1.0.20180518 GCC4.8.5",
    "DerivedVendorReportedEchoSpacing": 0.000720011,
    "DwellTime": 2.5e-06,
    "EchoTime": 0.03,
    "EchoTrainLength": 58,
    "EffectiveEchoSpacing": 0.000360005,
    "FlipAngle": 71,
    "ImageOrientationPatientDICOM": [
      1,
      0,
      0,
      0,
      0.944376,
      0.328867
    ],
    "ImageType": [
      "ORIGINAL",
      "PRIMARY",
      "M",
      "ND",
      "NORM",
      "MOSAIC"
    ],
    "InPlanePhaseEncodingDirectionDICOM": "COL",
    "InstitutionName": "Princeton_University_-_Neuroscience_Institute",
    "MRAcquisitionType": "2D",
    "MagneticFieldStrength": 3,
    "Manufacturer": "Siemens",
    "ManufacturersModelName": "Skyra",
    "Modality": "MR",
    "ParallelReductionFactorInPlane": 2,
    "PartialFourier": 1,
    "PatientPosition": "HFS",
    "PercentPhaseFOV": 90.625,
    "PhaseEncodingDirection": "j-",
    "PhaseEncodingSteps": 116,
    "PhaseResolution": 1,
    "PixelBandwidth": 1565,
    "PulseSequenceDetails": "%SiemensSeq%_ep2d_bold",
    "ReceiveCoilActiveElements": "HE1-4",
    "ReceiveCoilName": "HeadNeck_20",
    "ReconMatrixPE": 116,
    "RepetitionTime": 2,
    "SAR": 0.0822545,
    "ScanOptions": "FS",
    "ScanningSequence": "EP",
    "SequenceVariant": "SK",
    "SeriesNumber": 8,
    "ShimSetting": [
      3201,
      10502,
      10022,
      656,
      -347,
      90,
      634,
      -15
    ],
    "SliceThickness": 3,
    "SliceTiming": [
      1,
      0,
      1.0675,
      0.0675,
      1.1325,
      0.1325,
      1.2,
      0.2,
      1.2675,
      0.2675,
      1.3325,
      0.3325,
      1.4,
      0.4,
      1.465,
      0.4675,
      1.5325,
      0.5325,
      1.6,
      0.6,
      1.665,
      0.6675,
      1.7325,
      0.7325,
      1.8,
      0.8,
      1.865,
      0.8675,
      1.9325,
      0.9325
    ],
    "SoftwareVersions": "syngo_MR_D11",
    "SpacingBetweenSlices": 3,
    "StationName": "AWP45031",
    "TaskName": "retrieval-practice/restudy phase",
    "TotalReadoutTime": 0.0414006,
    "TxRefAmp": 370.115,
    "dataset": "ds001775",
    "modality": "bold",
    "run_id": 4,
    "subject_id": "14",
    "task_id": "RP"
  },
  "dummy_trs": 0,
  "dvars_nstd": 32.899968905265034,
  "dvars_std": 1.1009729545229685,
  "dvars_vstd": 0.9978986728621906,
  "efc": 0.4528477775847532,
  "fber": 2070.36572265625,
  "fd_mean": 0.1610692509352607,
  "fd_num": 73,
  "fd_perc": 25.704225352112676,
  "fwhm_avg": 1.9115244444444446,
  "fwhm_x": 1.89198,
  "fwhm_y": 2.15185,
  "fwhm_z": 1.6907433333333335,
  "gcor": 0.0110249,
  "gsr_x": -0.02714555896818638,
  "gsr_y": 0.01638900302350521,
  "provenance": {
    "md5sum": "5286d79319440f3400d34aba6de83921",
    "settings": {
      "fd_thres": 0.2,
      "testing": false
    },
    "software": "mriqc",
    "version": "22.0.6",
    "webapi_port": null,
    "webapi_url": "https://mriqc.nimh.nih.gov/api/v1"
  },
  "size_t": 284,
  "size_x": 128,
  "size_y": 116,
  "size_z": 30,
  "snr": 5.808944201132586,
  "spacing_tr": 2.0,
  "spacing_x": 2.0,
  "spacing_y": 2.0,
  "spacing_z": 3.0,
  "summary_bg_k": 83.11479530338173,
  "summary_bg_mad": 9.428098281787898,
  "summary_bg_mean": 32.45795440673828,
  "summary_bg_median": 16.595069885253906,
  "summary_bg_n": 320063.0,
  "summary_bg_p05": 7.348591327667236,
  "summary_bg_p95": 104.74964752197253,
  "summary_bg_stdv": 62.05859375,
  "summary_fg_k": 2.7895219768964505,
  "summary_fg_mad": 118.4881866026565,
  "summary_fg_mean": 777.7154541015625,
  "summary_fg_median": 765.6971435546875,
  "summary_fg_n": 62463.0,
  "summary_fg_p05": 601.4052612304688,
  "summary_fg_p95": 994.9320495605468,
  "summary_fg_stdv": 131.8124237060547,
  "tsnr": 45.476565056014806
}