{
  "aor": 0.0008496478873239438,
  "aqi": 0.01815404190140845,
  "bids_meta": {
    "AcquisitionMatrixPE": 116,
    "AcquisitionNumber": 1,
    "BandwidthPerPixelPhaseEncode": 23.946,
    "BaseResolution": 128,
    "BodyPartExamined": "BRAIN",
    "ConsistencyInfo": "N4_VD11D_LATEST_20110129",
    "ConversionSoftware": "dcm2niix",
    "ConversionSoftwareVersion": "v1.0.20180518 GCC4.8.5",
    "DerivedVendorReportedEchoSpacing": 0.000720011,
    "DwellTime": 2.5e-06,
    "EchoTime": 0.03,
    "EchoTrainLength": 58,
    "EffectiveEchoSpacing": 0.000360005,
    "FlipAngle": 71,
    "ImageOrientationPatientDICOM": [
      1,
      0,
      0,
      0,
      0.944376,
      0.328867
    ],
    "ImageType": [
      "ORIGINAL",
      "PRIMARY",
      "M",
      "ND",
      "NORM",
      "MOSAIC"
    ],
    "InPlanePhaseEncodingDirectionDICOM": "COL",
    "InstitutionName": "Princeton_University_-_Neuroscience_Institute",
    "MRAcquisitionType": "2D",
    "MagneticFieldStrength": 3,
    "Manufacturer": "Siemens",
    "ManufacturersModelName": "Skyra",
    "Modality": "MR",
    "ParallelReductionFactorInPlane": 2,
    "PartialFourier": 1,
    "PatientPosition": "HFS",
    "PercentPhaseFOV": 90.625,
    "PhaseEncodingDirection": "j-",
    "PhaseEncodingSteps": 116,
    "PhaseResolution": 1,
    "PixelBandwidth": 1565,
    "PulseSequenceDetails": "%SiemensSeq%_ep2d_bold",
    "ReceiveCoilActiveElements": "HE1-4",
    "ReceiveCoilName": "HeadNeck_20",
    "ReconMatrixPE": 116,
    "RepetitionTime": 2,
    "SAR": 0.0822545,
    "ScanOptions": "FS",
    "ScanningSequence": "EP",
    "SequenceVariant": "SK",
    "SeriesNumber": 8,
    "ShimSetting": [
      3201,
      10502,
      10022,
      656,
      -347,
      90,
      634,
      -15
    ],
    "SliceThickness": 3,
    "SliceTiming": [
      1,
      0,
      1.0675,
      0.0675,
      1.1325,
      0.1325,
      1.2,
      0.2,
      1.2675,
      0.2675,
      1.3325,
      0.3325,
      1.4,
      0.4,
      1.465,
      0.4675,
      1.5325,
      0.5325,
      1.6,
      0.6,
      1.665,
      0.6675,
      1.7325,
      0.7325,
      1.8,
      0.8,
      1.865,
      0.8675,
      1.9325,
      0.9325
    ],
    "SoftwareVersions": "syngo_MR_D11",
    "SpacingBetweenSlices": 3,
    "StationName": "AWP45031",
    "TaskName": "retrieval-practice/restudy phase",
    "TotalReadoutTime": 0.0414006,
    "TxRefAmp": 370.115,
    "dataset": "ds001775",
    "modality": "bold",
    "run_id": 3,
    "subject_id": "06",
    "task_id": "RP"
  },
  "dummy_trs": 0,
  "dvars_nstd": 47.318645409575936,
  "dvars_std": 1.2488462509540634,
  "dvars_vstd": 1.0077592205300359,
  "efc": 0.47684147828949147,
  "fber": 1826.3544921875,
  "fd_mean": 0.27222936005809717,
  "fd_num": 191,
  "fd_perc": 67.25352112676056,
  "fwhm_avg": 1.897317222222222,
  "fwhm_x": 1.88338,
  "fwhm_y": 2.100085,
  "fwhm_z": 1.7084866666666667,
  "gcor": 0.042988,
  "gsr_x": -0.0282137431204319,
  "gsr_y": 0.03407934680581093,
  "provenance": {
    "md5sum": "9fe54129e3f58acced1f0a4b75a1d949",
    "settings": {
      "fd_thres": 0.2,
      "testing": false
    },
    "software": "mriqc",
    "version": "22.0.6",
    "webapi_port": null,
    "webapi_url": "https://mriqc.nimh.nih.gov/api/v1"
  },
  "size_t": 284,
  "size_x": 128,
  "size_y": 116,
  "size_z": 30,
  "snr": 6.136660725342214,
  "spacing_tr": 2.0,
  "spacing_x": 2.0,
  "spacing_y": 2.0,
  "spacing_z": 3.0,
  "summary_bg_k": 57.413134638697535,
  "summary_bg_mad": 9.182736561908811,
  "summary_bg_mean": 34.231178283691406,
  "summary_bg_median": 17.975351333618164,
  "summary_bg_n": 310249.0,
  "summary_bg_p05": 8.471830368041992,
  "summary_bg_p95": 112.69929199218741,
  "summary_bg_stdv": 60.514434814453125,
  "summary_fg_k": 2.7168250528867297,
  "summary_fg_mad": 110.9759070388333,
  "summary_fg_mean": 795.4598999023438,
  "summary_fg_median": 779.6461181640625,
  "summary_fg_n": 71490.0,
  "summary_fg_p05": 632.2163757324219,
  "summary_fg_p95": 1012.4580841064453,
  "summary_fg_stdv": 127.04640197753906,
  "tsnr": 41.97978498786688
}