{
  "aor": 0.00061945,
  "aqi": 0.0134905431,
  "bids_meta": {
    "AcquisitionMatrixPE": 116,
    "AcquisitionNumber": 1,
    "BandwidthPerPixelPhaseEncode": 23.946,
    "BaseResolution": 128,
    "BodyPartExamined": "BRAIN",
    "ConversionSoftware": "dcm2niix",
    "ConversionSoftwareVersion": "v1.0.20180518 GCC4.8.5",
    "DerivedVendorReportedEchoSpacing": 0.000720011,
    "DwellTime": 2.5e-06,
    "EchoTime": 0.03,
    "EchoTrainLength": 58,
    "EffectiveEchoSpacing": 0.000360005,
    "FlipAngle": 71,
    "ImageOrientationPatientDICOM": [
      1,
      0,
      0,
      0,
      0.944376,
      0.328867
    ],
    "ImageType": [
      "ORIGINAL",
      "PRIMARY",
      "M",
      "ND",
      "NORM",
      "MOSAIC"
    ],
    "InPlanePhaseEncodingDirectionDICOM": "COL",
    "InstitutionName": "Princeton_University_-_Neuroscience_Institute",
    "MRAcquisitionType": "2D",
    "MagneticFieldStrength": 3,
    "Manufacturer": "Siemens",
    "ManufacturersModelName": "Skyra",
    "Modality": "MR",
    "ParallelReductionFactorInPlane": 2,
    "PartialFourier": 1,
    "PatientPosition": "HFS",
    "PercentPhaseFOV": 90.625,
    "PhaseEncodingDirection": "j-",
    "PhaseEncodingSteps": 116,
    "PhaseResolution": 1,
    "PixelBandwidth": 1565,
    "PulseSequenceDetails": "%SiemensSeq%_ep2d_bold",
    "ReceiveCoilActiveElements": "HE1-4",
    "ReceiveCoilName": "HeadNeck_20",
    "ReconMatrixPE": 116,
    "RepetitionTime": 2,
    "SAR": 0.0822539,
    "ScanOptions": "FS",
    "ScanningSequence": "EP",
    "SequenceVariant": "SK",
    "SeriesNumber": 4,
    "ShimSetting": [
      3201,
      10502,
      10022,
      656,
      -347,
      90,
      634,
      -15
    ],
    "SliceThickness": 3,
    "SliceTiming": [
      1,
      0,
      1.065,
      0.065,
      1.1325,
      0.1325,
      1.2,
      0.2,
      1.265,
      0.265,
      1.3325,
      0.3325,
      1.4,
      0.4,
      1.465,
      0.465,
      1.5325,
      0.5325,
      1.6,
      0.6,
      1.665,
      0.665,
      1.7325,
      0.7325,
      1.8,
      0.8,
      1.865,
      0.865,
      1.9325,
      0.9325
    ],
    "SoftwareVersions": "syngo_MR_D11",
    "SpacingBetweenSlices": 3,
    "StationName": "AWP45031",
    "TaskName": "study phase",
    "TotalReadoutTime": 0.0414006,
    "TxRefAmp": 370.115,
    "dataset": "ds001775",
    "modality": "bold",
    "run_id": 1,
    "subject_id": "06",
    "task_id": "restudy"
  },
  "dummy_trs": 1,
  "dvars_nstd": 40.31295922030149,
  "dvars_std": 1.2475352928140704,
  "dvars_vstd": 0.9922945861306531,
  "efc": 0.47392964994124376,
  "fber": 1896.8343505859375,
  "fd_mean": 0.11919331810855206,
  "fd_num": 12,
  "fd_perc": 6.0,
  "fwhm_avg": 1.9193538888888888,
  "fwhm_x": 1.894285,
  "fwhm_y": 2.12925,
  "fwhm_z": 1.7345266666666666,
  "gcor": 0.010032,
  "gsr_x": -0.026322221383452415,
  "gsr_y": 0.03162122517824173,
  "provenance": {
    "md5sum": "da1f022d92c4154bb7f34851e0b16746",
    "settings": {
      "fd_thres": 0.2,
      "testing": false
    },
    "software": "mriqc",
    "version": "22.0.6",
    "webapi_port": null,
    "webapi_url": "https://mriqc.nimh.nih.gov/api/v1"
  },
  "size_t": 200,
  "size_x": 128,
  "size_y": 116,
  "size_z": 30,
  "snr": 5.946265713010287,
  "spacing_tr": 2.0,
  "spacing_x": 2.0,
  "spacing_y": 2.0,
  "spacing_z": 3.0,
  "summary_bg_k": 64.17812420210475,
  "summary_bg_mad": 8.940089567771619,
  "summary_bg_mean": 32.975929260253906,
  "summary_bg_median": 17.600000381469727,
  "summary_bg_n": 310504.0,
  "summary_bg_p05": 8.47499942779541,
  "summary_bg_p95": 107.67349624633766,
  "summary_bg_stdv": 57.76627731323242,
  "summary_fg_k": 2.940664632874328,
  "summary_fg_mad": 112.96317677275673,
  "summary_fg_mean": 793.5830078125,
  "summary_fg_median": 776.927490234375,
  "summary_fg_n": 71302.0,
  "summary_fg_p05": 625.8702453613281,
  "summary_fg_p95": 1016.258950805664,
  "summary_fg_stdv": 130.65713500976562,
  "tsnr": 46.51497187896166
}