{
  "aor": 0.0012834154929577464,
  "aqi": 0.021635158450704225,
  "bids_meta": {
    "AcquisitionMatrixPE": 116,
    "AcquisitionNumber": 1,
    "BandwidthPerPixelPhaseEncode": 23.946,
    "BaseResolution": 128,
    "BodyPartExamined": "BRAIN",
    "ConsistencyInfo": "N4_VD11D_LATEST_20110129",
    "ConversionSoftware": "dcm2niix",
    "ConversionSoftwareVersion": "v1.0.20180518 GCC4.8.5",
    "DerivedVendorReportedEchoSpacing": 0.000720011,
    "DwellTime": 2.5e-06,
    "EchoTime": 0.03,
    "EchoTrainLength": 58,
    "EffectiveEchoSpacing": 0.000360005,
    "FlipAngle": 71,
    "ImageOrientationPatientDICOM": [
      1,
      0,
      0,
      0,
      0.944376,
      0.328867
    ],
    "ImageType": [
      "ORIGINAL",
      "PRIMARY",
      "M",
      "ND",
      "NORM",
      "MOSAIC"
    ],
    "InPlanePhaseEncodingDirectionDICOM": "COL",
    "InstitutionName": "Princeton_University_-_Neuroscience_Institute",
    "MRAcquisitionType": "2D",
    "MagneticFieldStrength": 3,
    "Manufacturer": "Siemens",
    "ManufacturersModelName": "Skyra",
    "Modality": "MR",
    "ParallelReductionFactorInPlane": 2,
    "PartialFourier": 1,
    "PatientPosition": "HFS",
    "PercentPhaseFOV": 90.625,
    "PhaseEncodingDirection": "j-",
    "PhaseEncodingSteps": 116,
    "PhaseResolution": 1,
    "PixelBandwidth": 1565,
    "PulseSequenceDetails": "%SiemensSeq%_ep2d_bold",
    "ReceiveCoilActiveElements": "HE1-4",
    "ReceiveCoilName": "HeadNeck_20",
    "ReconMatrixPE": 116,
    "RepetitionTime": 2,
    "SAR": 0.0822545,
    "ScanOptions": "FS",
    "ScanningSequence": "EP",
    "SequenceVariant": "SK",
    "SeriesNumber": 8,
    "ShimSetting": [
      3201,
      10502,
      10022,
      656,
      -347,
      90,
      634,
      -15
    ],
    "SliceThickness": 3,
    "SliceTiming": [
      1,
      0,
      1.0675,
      0.0675,
      1.1325,
      0.1325,
      1.2,
      0.2,
      1.2675,
      0.2675,
      1.3325,
      0.3325,
      1.4,
      0.4,
      1.465,
      0.4675,
      1.5325,
      0.5325,
      1.6,
      0.6,
      1.665,
      0.6675,
      1.7325,
      0.7325,
      1.8,
      0.8,
      1.865,
      0.8675,
      1.9325,
      0.9325
    ],
    "SoftwareVersions": "syngo_MR_D11",
    "SpacingBetweenSlices": 3,
    "StationName": "AWP45031",
    "TaskName": "retrieval-practice/restudy phase",
    "TotalReadoutTime": 0.0414006,
    "TxRefAmp": 370.115,
    "dataset": "ds001775",
    "modality": "bold",
    "run_id": 3,
    "subject_id": "01",
    "task_id": "RP"
  },
  "dummy_trs": 0,
  "dvars_nstd": 42.903308733427565,
  "dvars_std": 1.1650708628975266,
  "dvars_vstd": 1.0020623546643106,
  "efc": 0.529469423324125,
  "fber": 1267.608642578125,
  "fd_mean": 0.2525204625312873,
  "fd_num": 148,
  "fd_perc": 52.11267605633803,
  "fwhm_avg": 1.9136822222222223,
  "fwhm_x": 1.949205,
  "fwhm_y": 2.204335,
  "fwhm_z": 1.5875066666666668,
  "gcor": 0.0370425,
  "gsr_x": -0.027165129780769348,
  "gsr_y": 0.0440555065870285,
  "provenance": {
    "md5sum": "fec6aadaf8a669dcbc3063007ac23bd3",
    "settings": {
      "fd_thres": 0.2,
      "testing": false
    },
    "software": "mriqc",
    "version": "22.0.6",
    "webapi_port": null,
    "webapi_url": "https://mriqc.nimh.nih.gov/api/v1"
  },
  "size_t": 284,
  "size_x": 128,
  "size_y": 116,
  "size_z": 30,
  "snr": 5.889014403289447,
  "spacing_tr": 2.0,
  "spacing_x": 2.0,
  "spacing_y": 2.0,
  "spacing_z": 3.0,
  "summary_bg_k": 22.376463328287155,
  "summary_bg_mad": 13.594000463884361,
  "summary_bg_mean": 52.088863372802734,
  "summary_bg_median": 23.507041931152344,
  "summary_bg_n": 294687.0,
  "summary_bg_p05": 10.327465057373047,
  "summary_bg_p95": 195.55703430175805,
  "summary_bg_stdv": 81.80801391601562,
  "summary_fg_k": 2.8181899770268535,
  "summary_fg_mad": 125.82799059101147,
  "summary_fg_mean": 854.2877807617188,
  "summary_fg_median": 844.8204345703125,
  "summary_fg_n": 83924.0,
  "summary_fg_p05": 656.1908142089844,
  "summary_fg_p95": 1086.757080078125,
  "summary_fg_stdv": 143.45616149902344,
  "tsnr": 35.259344130172394
}