{
  "aor": 0.0009036971830985917,
  "aqi": 0.021791646126760565,
  "bids_meta": {
    "AcquisitionMatrixPE": 116,
    "AcquisitionNumber": 1,
    "BandwidthPerPixelPhaseEncode": 23.946,
    "BaseResolution": 128,
    "BodyPartExamined": "BRAIN",
    "ConsistencyInfo": "N4_VD11D_LATEST_20110129",
    "ConversionSoftware": "dcm2niix",
    "ConversionSoftwareVersion": "v1.0.20180518 GCC4.8.5",
    "DerivedVendorReportedEchoSpacing": 0.000720011,
    "DwellTime": 2.5e-06,
    "EchoTime": 0.03,
    "EchoTrainLength": 58,
    "EffectiveEchoSpacing": 0.000360005,
    "FlipAngle": 71,
    "ImageOrientationPatientDICOM": [
      1,
      0,
      0,
      0,
      0.944376,
      0.328867
    ],
    "ImageType": [
      "ORIGINAL",
      "PRIMARY",
      "M",
      "ND",
      "NORM",
      "MOSAIC"
    ],
    "InPlanePhaseEncodingDirectionDICOM": "COL",
    "InstitutionName": "Princeton_University_-_Neuroscience_Institute",
    "MRAcquisitionType": "2D",
    "MagneticFieldStrength": 3,
    "Manufacturer": "Siemens",
    "ManufacturersModelName": "Skyra",
    "Modality": "MR",
    "ParallelReductionFactorInPlane": 2,
    "PartialFourier": 1,
    "PatientPosition": "HFS",
    "PercentPhaseFOV": 90.625,
    "PhaseEncodingDirection": "j-",
    "PhaseEncodingSteps": 116,
    "PhaseResolution": 1,
    "PixelBandwidth": 1565,
    "PulseSequenceDetails": "%SiemensSeq%_ep2d_bold",
    "ReceiveCoilActiveElements": "HE1-4",
    "ReceiveCoilName": "HeadNeck_20",
    "ReconMatrixPE": 116,
    "RepetitionTime": 2,
    "SAR": 0.0822545,
    "ScanOptions": "FS",
    "ScanningSequence": "EP",
    "SequenceVariant": "SK",
    "SeriesNumber": 8,
    "ShimSetting": [
      3201,
      10502,
      10022,
      656,
      -347,
      90,
      634,
      -15
    ],
    "SliceThickness": 3,
    "SliceTiming": [
      1,
      0,
      1.0675,
      0.0675,
      1.1325,
      0.1325,
      1.2,
      0.2,
      1.2675,
      0.2675,
      1.3325,
      0.3325,
      1.4,
      0.4,
      1.465,
      0.4675,
      1.5325,
      0.5325,
      1.6,
      0.6,
      1.665,
      0.6675,
      1.7325,
      0.7325,
      1.8,
      0.8,
      1.865,
      0.8675,
      1.9325,
      0.9325
    ],
    "SoftwareVersions": "syngo_MR_D11",
    "SpacingBetweenSlices": 3,
    "StationName": "AWP45031",
    "TaskName": "retrieval-practice/restudy phase",
    "TotalReadoutTime": 0.0414006,
    "TxRefAmp": 370.115,
    "dataset": "ds001775",
    "modality": "bold",
    "run_id": 2,
    "subject_id": "01",
    "task_id": "RP"
  },
  "dummy_trs": 0,
  "dvars_nstd": 43.097940559257914,
  "dvars_std": 1.1596604362190808,
  "dvars_vstd": 0.9874417225795051,
  "efc": 0.5298433014540664,
  "fber": 1251.39599609375,
  "fd_mean": 0.23447091555099753,
  "fd_num": 147,
  "fd_perc": 51.76056338028169,
  "fwhm_avg": 1.9146794444444444,
  "fwhm_x": 1.93867,
  "fwhm_y": 2.182995,
  "fwhm_z": 1.6223733333333332,
  "gcor": 0.0412044,
  "gsr_x": -0.027937915176153183,
  "gsr_y": 0.04553278908133507,
  "provenance": {
    "md5sum": "59b394f2d949807eb0b2adae3a308e66",
    "settings": {
      "fd_thres": 0.2,
      "testing": false
    },
    "software": "mriqc",
    "version": "22.0.6",
    "webapi_port": null,
    "webapi_url": "https://mriqc.nimh.nih.gov/api/v1"
  },
  "size_t": 284,
  "size_x": 128,
  "size_y": 116,
  "size_z": 30,
  "snr": 5.901107586964026,
  "spacing_tr": 2.0,
  "spacing_x": 2.0,
  "spacing_y": 2.0,
  "spacing_z": 3.0,
  "summary_bg_k": 22.94296133678013,
  "summary_bg_mad": 13.515694765427332,
  "summary_bg_mean": 52.3540153503418,
  "summary_bg_median": 23.66549301147461,
  "summary_bg_n": 294805.0,
  "summary_bg_p05": 10.345069885253906,
  "summary_bg_p95": 194.28661499023426,
  "summary_bg_stdv": 82.3048324584961,
  "summary_fg_k": 2.8975445831560664,
  "summary_fg_mad": 126.21434130951182,
  "summary_fg_mean": 856.0301513671875,
  "summary_fg_median": 846.79931640625,
  "summary_fg_n": 83762.0,
  "summary_fg_p05": 657.5549072265625,
  "summary_fg_p95": 1086.2727172851562,
  "summary_fg_stdv": 143.4975128173828,
  "tsnr": 35.46280508860946
}