{
  "aor": 0.00078,
  "aqi": 0.01853811641791045,
  "bids_meta": {
    "AcquisitionMatrixPE": 116,
    "AcquisitionNumber": 1,
    "BandwidthPerPixelPhaseEncode": 23.946,
    "BaseResolution": 128,
    "BodyPartExamined": "BRAIN",
    "ConversionSoftware": "dcm2niix",
    "ConversionSoftwareVersion": "v1.0.20180518 GCC4.8.5",
    "DerivedVendorReportedEchoSpacing": 0.000720011,
    "DwellTime": 2.5e-06,
    "EchoTime": 0.03,
    "EchoTrainLength": 58,
    "EffectiveEchoSpacing": 0.000360005,
    "FlipAngle": 71,
    "ImageOrientationPatientDICOM": [
      1,
      0,
      0,
      0,
      0.944376,
      0.328867
    ],
    "ImageType": [
      "ORIGINAL",
      "PRIMARY",
      "M",
      "ND",
      "NORM",
      "MOSAIC"
    ],
    "InPlanePhaseEncodingDirectionDICOM": "COL",
    "InstitutionName": "Princeton_University_-_Neuroscience_Institute",
    "MRAcquisitionType": "2D",
    "MagneticFieldStrength": 3,
    "Manufacturer": "Siemens",
    "ManufacturersModelName": "Skyra",
    "Modality": "MR",
    "ParallelReductionFactorInPlane": 2,
    "PartialFourier": 1,
    "PatientPosition": "HFS",
    "PercentPhaseFOV": 90.625,
    "PhaseEncodingDirection": "j-",
    "PhaseEncodingSteps": 116,
    "PhaseResolution": 1,
    "PixelBandwidth": 1565,
    "PulseSequenceDetails": "%SiemensSeq%_ep2d_bold",
    "ReceiveCoilActiveElements": "HE1-4",
    "ReceiveCoilName": "HeadNeck_20",
    "ReconMatrixPE": 116,
    "RepetitionTime": 2,
    "SAR": 0.0822539,
    "ScanOptions": "FS",
    "ScanningSequence": "EP",
    "SequenceVariant": "SK",
    "SeriesNumber": 4,
    "ShimSetting": [
      3201,
      10502,
      10022,
      656,
      -347,
      90,
      634,
      -15
    ],
    "SliceThickness": 3,
    "SliceTiming": [
      1,
      0,
      1.065,
      0.065,
      1.1325,
      0.1325,
      1.2,
      0.2,
      1.265,
      0.265,
      1.3325,
      0.3325,
      1.4,
      0.4,
      1.465,
      0.465,
      1.5325,
      0.5325,
      1.6,
      0.6,
      1.665,
      0.665,
      1.7325,
      0.7325,
      1.8,
      0.8,
      1.865,
      0.865,
      1.9325,
      0.9325
    ],
    "SoftwareVersions": "syngo_MR_D11",
    "SpacingBetweenSlices": 3,
    "StationName": "AWP45031",
    "TaskName": "study phase",
    "TotalReadoutTime": 0.0414006,
    "TxRefAmp": 370.115,
    "dataset": "ds001775",
    "modality": "bold",
    "run_id": 2,
    "subject_id": "01",
    "task_id": "restudy"
  },
  "dummy_trs": 0,
  "dvars_nstd": 40.121320457700016,
  "dvars_std": 1.17993636935,
  "dvars_vstd": 0.9827271899499993,
  "efc": 0.5280817375495227,
  "fber": 1305.2454833984375,
  "fd_mean": 0.11242950927114287,
  "fd_num": 14,
  "fd_perc": 6.965174129353234,
  "fwhm_avg": 1.9049005555555556,
  "fwhm_x": 1.928985,
  "fwhm_y": 2.1847,
  "fwhm_z": 1.6010166666666665,
  "gcor": 0.0100366,
  "gsr_x": -0.02554078958928585,
  "gsr_y": 0.04015042632818222,
  "provenance": {
    "md5sum": "946aa57c93c5b62f24921ca864e4c669",
    "settings": {
      "fd_thres": 0.2,
      "testing": false
    },
    "software": "mriqc",
    "version": "22.0.6",
    "webapi_port": null,
    "webapi_url": "https://mriqc.nimh.nih.gov/api/v1"
  },
  "size_t": 201,
  "size_x": 128,
  "size_y": 116,
  "size_z": 30,
  "snr": 5.912553000016069,
  "spacing_tr": 2.0,
  "spacing_x": 2.0,
  "spacing_y": 2.0,
  "spacing_z": 3.0,
  "summary_bg_k": 21.50311936412232,
  "summary_bg_mad": 12.686944139294159,
  "summary_bg_mean": 50.5688362121582,
  "summary_bg_median": 22.900497436523438,
  "summary_bg_n": 294867.0,
  "summary_bg_p05": 10.358208656311035,
  "summary_bg_p95": 193.51243591308594,
  "summary_bg_stdv": 78.81101989746094,
  "summary_fg_k": 2.939584948772665,
  "summary_fg_mad": 122.81256372777526,
  "summary_fg_mean": 845.9566650390625,
  "summary_fg_median": 837.1293334960938,
  "summary_fg_n": 83911.0,
  "summary_fg_p05": 649.0472412109375,
  "summary_fg_p95": 1071.8407592773438,
  "summary_fg_stdv": 141.58424377441406,
  "tsnr": 38.81759189337026
}