{
  "aor": 0.0007080281690140844,
  "aqi": 0.019113573239436618,
  "bids_meta": {
    "AcquisitionMatrixPE": 116,
    "AcquisitionNumber": 1,
    "BandwidthPerPixelPhaseEncode": 23.946,
    "BaseResolution": 128,
    "BodyPartExamined": "BRAIN",
    "ConsistencyInfo": "N4_VD11D_LATEST_20110129",
    "ConversionSoftware": "dcm2niix",
    "ConversionSoftwareVersion": "v1.0.20180518 GCC4.8.5",
    "DerivedVendorReportedEchoSpacing": 0.000720011,
    "DwellTime": 2.5e-06,
    "EchoTime": 0.03,
    "EchoTrainLength": 58,
    "EffectiveEchoSpacing": 0.000360005,
    "FlipAngle": 71,
    "ImageOrientationPatientDICOM": [
      1,
      0,
      0,
      0,
      0.944376,
      0.328867
    ],
    "ImageType": [
      "ORIGINAL",
      "PRIMARY",
      "M",
      "ND",
      "NORM",
      "MOSAIC"
    ],
    "InPlanePhaseEncodingDirectionDICOM": "COL",
    "InstitutionName": "Princeton_University_-_Neuroscience_Institute",
    "MRAcquisitionType": "2D",
    "MagneticFieldStrength": 3,
    "Manufacturer": "Siemens",
    "ManufacturersModelName": "Skyra",
    "Modality": "MR",
    "ParallelReductionFactorInPlane": 2,
    "PartialFourier": 1,
    "PatientPosition": "HFS",
    "PercentPhaseFOV": 90.625,
    "PhaseEncodingDirection": "j-",
    "PhaseEncodingSteps": 116,
    "PhaseResolution": 1,
    "PixelBandwidth": 1565,
    "PulseSequenceDetails": "%SiemensSeq%_ep2d_bold",
    "ReceiveCoilActiveElements": "HE1-4",
    "ReceiveCoilName": "HeadNeck_20",
    "ReconMatrixPE": 116,
    "RepetitionTime": 2,
    "SAR": 0.0822545,
    "ScanOptions": "FS",
    "ScanningSequence": "EP",
    "SequenceVariant": "SK",
    "SeriesNumber": 8,
    "ShimSetting": [
      3201,
      10502,
      10022,
      656,
      -347,
      90,
      634,
      -15
    ],
    "SliceThickness": 3,
    "SliceTiming": [
      1,
      0,
      1.0675,
      0.0675,
      1.1325,
      0.1325,
      1.2,
      0.2,
      1.2675,
      0.2675,
      1.3325,
      0.3325,
      1.4,
      0.4,
      1.465,
      0.4675,
      1.5325,
      0.5325,
      1.6,
      0.6,
      1.665,
      0.6675,
      1.7325,
      0.7325,
      1.8,
      0.8,
      1.865,
      0.8675,
      1.9325,
      0.9325
    ],
    "SoftwareVersions": "syngo_MR_D11",
    "SpacingBetweenSlices": 3,
    "StationName": "AWP45031",
    "TaskName": "retrieval-practice/restudy phase",
    "TotalReadoutTime": 0.0414006,
    "TxRefAmp": 370.115,
    "dataset": "ds001775",
    "modality": "bold",
    "run_id": 1,
    "subject_id": "01",
    "task_id": "RP"
  },
  "dummy_trs": 0,
  "dvars_nstd": 41.71875874805655,
  "dvars_std": 1.169597593568905,
  "dvars_vstd": 0.9938709257243817,
  "efc": 0.5276727608859446,
  "fber": 1321.8045654296875,
  "fd_mean": 0.18862334580918938,
  "fd_num": 111,
  "fd_perc": 39.08450704225352,
  "fwhm_avg": 1.912543333333333,
  "fwhm_x": 1.94128,
  "fwhm_y": 2.19335,
  "fwhm_z": 1.603,
  "gcor": 0.0141575,
  "gsr_x": -0.026038067415356636,
  "gsr_y": 0.04149825870990753,
  "provenance": {
    "md5sum": "b1fb74ecf5d61dabfb79ca26641c3109",
    "settings": {
      "fd_thres": 0.2,
      "testing": false
    },
    "software": "mriqc",
    "version": "22.0.6",
    "webapi_port": null,
    "webapi_url": "https://mriqc.nimh.nih.gov/api/v1"
  },
  "size_t": 284,
  "size_x": 128,
  "size_y": 116,
  "size_z": 30,
  "snr": 5.85917171183692,
  "spacing_tr": 2.0,
  "spacing_x": 2.0,
  "spacing_y": 2.0,
  "spacing_z": 3.0,
  "summary_bg_k": 23.314590641708286,
  "summary_bg_mad": 12.787445548530474,
  "summary_bg_mean": 51.16128158569336,
  "summary_bg_median": 23.117958068847656,
  "summary_bg_n": 294300.0,
  "summary_bg_p05": 10.295774459838867,
  "summary_bg_p95": 191.78573074340807,
  "summary_bg_stdv": 81.56294250488281,
  "summary_fg_k": 2.929181559404853,
  "summary_fg_mad": 127.15137414475508,
  "summary_fg_mean": 861.0293579101562,
  "summary_fg_median": 850.832763671875,
  "summary_fg_n": 84146.0,
  "summary_fg_p05": 659.7799377441406,
  "summary_fg_p95": 1095.04931640625,
  "summary_fg_stdv": 145.2129669189453,
  "tsnr": 38.56432855129242
}