{
  "aor": 0.0008718,
  "aqi": 0.015604160499999999,
  "bids_meta": {
    "AcquisitionMatrixPE": 116,
    "AcquisitionNumber": 1,
    "BandwidthPerPixelPhaseEncode": 23.946,
    "BaseResolution": 128,
    "BodyPartExamined": "BRAIN",
    "ConversionSoftware": "dcm2niix",
    "ConversionSoftwareVersion": "v1.0.20180518 GCC4.8.5",
    "DerivedVendorReportedEchoSpacing": 0.000720011,
    "DwellTime": 2.5e-06,
    "EchoTime": 0.03,
    "EchoTrainLength": 58,
    "EffectiveEchoSpacing": 0.000360005,
    "FlipAngle": 71,
    "ImageOrientationPatientDICOM": [
      1,
      0,
      0,
      0,
      0.944376,
      0.328867
    ],
    "ImageType": [
      "ORIGINAL",
      "PRIMARY",
      "M",
      "ND",
      "NORM",
      "MOSAIC"
    ],
    "InPlanePhaseEncodingDirectionDICOM": "COL",
    "InstitutionName": "Princeton_University_-_Neuroscience_Institute",
    "MRAcquisitionType": "2D",
    "MagneticFieldStrength": 3,
    "Manufacturer": "Siemens",
    "ManufacturersModelName": "Skyra",
    "Modality": "MR",
    "ParallelReductionFactorInPlane": 2,
    "PartialFourier": 1,
    "PatientPosition": "HFS",
    "PercentPhaseFOV": 90.625,
    "PhaseEncodingDirection": "j-",
    "PhaseEncodingSteps": 116,
    "PhaseResolution": 1,
    "PixelBandwidth": 1565,
    "PulseSequenceDetails": "%SiemensSeq%_ep2d_bold",
    "ReceiveCoilActiveElements": "HE1-4",
    "ReceiveCoilName": "HeadNeck_20",
    "ReconMatrixPE": 116,
    "RepetitionTime": 2,
    "SAR": 0.0822539,
    "ScanOptions": "FS",
    "ScanningSequence": "EP",
    "SequenceVariant": "SK",
    "SeriesNumber": 4,
    "ShimSetting": [
      3201,
      10502,
      10022,
      656,
      -347,
      90,
      634,
      -15
    ],
    "SliceThickness": 3,
    "SliceTiming": [
      1,
      0,
      1.065,
      0.065,
      1.1325,
      0.1325,
      1.2,
      0.2,
      1.265,
      0.265,
      1.3325,
      0.3325,
      1.4,
      0.4,
      1.465,
      0.465,
      1.5325,
      0.5325,
      1.6,
      0.6,
      1.665,
      0.665,
      1.7325,
      0.7325,
      1.8,
      0.8,
      1.865,
      0.865,
      1.9325,
      0.9325
    ],
    "SoftwareVersions": "syngo_MR_D11",
    "SpacingBetweenSlices": 3,
    "StationName": "AWP45031",
    "TaskName": "study phase",
    "TotalReadoutTime": 0.0414006,
    "TxRefAmp": 370.115,
    "dataset": "ds001775",
    "modality": "bold",
    "run_id": 1,
    "subject_id": "01",
    "task_id": "restudy"
  },
  "dummy_trs": 1,
  "dvars_nstd": 39.846373246532664,
  "dvars_std": 1.1690040974371856,
  "dvars_vstd": 0.9946209962814077,
  "efc": 0.523995683258646,
  "fber": 1348.4857177734375,
  "fd_mean": 0.1441259160507959,
  "fd_num": 35,
  "fd_perc": 17.5,
  "fwhm_avg": 1.9182800000000002,
  "fwhm_x": 1.934895,
  "fwhm_y": 2.197315,
  "fwhm_z": 1.62263,
  "gcor": 0.0137792,
  "gsr_x": -0.02442334033548832,
  "gsr_y": 0.0367293655872345,
  "provenance": {
    "md5sum": "6b63b43c3ce4d667a635d50f0de199f2",
    "settings": {
      "fd_thres": 0.2,
      "testing": false
    },
    "software": "mriqc",
    "version": "22.0.6",
    "webapi_port": null,
    "webapi_url": "https://mriqc.nimh.nih.gov/api/v1"
  },
  "size_t": 200,
  "size_x": 128,
  "size_y": 116,
  "size_z": 30,
  "snr": 5.804890163137891,
  "spacing_tr": 2.0,
  "spacing_x": 2.0,
  "spacing_y": 2.0,
  "spacing_z": 3.0,
  "summary_bg_k": 23.588873066221552,
  "summary_bg_mad": 12.59470567653473,
  "summary_bg_mean": 48.695953369140625,
  "summary_bg_median": 22.774999618530273,
  "summary_bg_n": 295160.0,
  "summary_bg_p05": 10.309999465942383,
  "summary_bg_p95": 181.1209953308103,
  "summary_bg_stdv": 75.1175308227539,
  "summary_fg_k": 3.1033705278298074,
  "summary_fg_mad": 126.61426565672163,
  "summary_fg_mean": 856.1632080078125,
  "summary_fg_median": 846.4400024414062,
  "summary_fg_n": 83533.0,
  "summary_fg_p05": 653.0449829101562,
  "summary_fg_p95": 1088.8299560546875,
  "summary_fg_stdv": 145.81411743164062,
  "tsnr": 40.2868829946965
}