{
  "aor": 0.0014513028169014085,
  "aqi": 0.019604414436619717,
  "bids_meta": {
    "AcquisitionMatrixPE": 116,
    "AcquisitionNumber": 1,
    "BandwidthPerPixelPhaseEncode": 23.946,
    "BaseResolution": 128,
    "BodyPartExamined": "BRAIN",
    "ConsistencyInfo": "N4_VD11D_LATEST_20110129",
    "ConversionSoftware": "dcm2niix",
    "ConversionSoftwareVersion": "v1.0.20180518 GCC4.8.5",
    "DerivedVendorReportedEchoSpacing": 0.000720011,
    "DwellTime": 2.5e-06,
    "EchoTime": 0.03,
    "EchoTrainLength": 58,
    "EffectiveEchoSpacing": 0.000360005,
    "FlipAngle": 71,
    "ImageOrientationPatientDICOM": [
      1,
      0,
      0,
      0,
      0.944376,
      0.328867
    ],
    "ImageType": [
      "ORIGINAL",
      "PRIMARY",
      "M",
      "ND",
      "NORM",
      "MOSAIC"
    ],
    "InPlanePhaseEncodingDirectionDICOM": "COL",
    "InstitutionName": "Princeton_University_-_Neuroscience_Institute",
    "MRAcquisitionType": "2D",
    "MagneticFieldStrength": 3,
    "Manufacturer": "Siemens",
    "ManufacturersModelName": "Skyra",
    "Modality": "MR",
    "ParallelReductionFactorInPlane": 2,
    "PartialFourier": 1,
    "PatientPosition": "HFS",
    "PercentPhaseFOV": 90.625,
    "PhaseEncodingDirection": "j-",
    "PhaseEncodingSteps": 116,
    "PhaseResolution": 1,
    "PixelBandwidth": 1565,
    "PulseSequenceDetails": "%SiemensSeq%_ep2d_bold",
    "ReceiveCoilActiveElements": "HE1-4",
    "ReceiveCoilName": "HeadNeck_20",
    "ReconMatrixPE": 116,
    "RepetitionTime": 2,
    "SAR": 0.0822545,
    "ScanOptions": "FS",
    "ScanningSequence": "EP",
    "SequenceVariant": "SK",
    "SeriesNumber": 8,
    "ShimSetting": [
      3201,
      10502,
      10022,
      656,
      -347,
      90,
      634,
      -15
    ],
    "SliceThickness": 3,
    "SliceTiming": [
      1,
      0,
      1.0675,
      0.0675,
      1.1325,
      0.1325,
      1.2,
      0.2,
      1.2675,
      0.2675,
      1.3325,
      0.3325,
      1.4,
      0.4,
      1.465,
      0.4675,
      1.5325,
      0.5325,
      1.6,
      0.6,
      1.665,
      0.6675,
      1.7325,
      0.7325,
      1.8,
      0.8,
      1.865,
      0.8675,
      1.9325,
      0.9325
    ],
    "SoftwareVersions": "syngo_MR_D11",
    "SpacingBetweenSlices": 3,
    "StationName": "AWP45031",
    "TaskName": "retrieval-practice/restudy phase",
    "TotalReadoutTime": 0.0414006,
    "TxRefAmp": 370.115,
    "dataset": "ds001775",
    "modality": "bold",
    "run_id": 1,
    "subject_id": "08",
    "task_id": "RP"
  },
  "dummy_trs": 0,
  "dvars_nstd": 38.84755063848055,
  "dvars_std": 1.1532628498939927,
  "dvars_vstd": 1.0023531311307425,
  "efc": 0.5021974127071805,
  "fber": 1924.2669677734375,
  "fd_mean": 0.24001869073893606,
  "fd_num": 140,
  "fd_perc": 49.29577464788732,
  "fwhm_avg": 1.928362222222222,
  "fwhm_x": 1.978145,
  "fwhm_y": 2.125895,
  "fwhm_z": 1.6810466666666668,
  "gcor": 0.0202039,
  "gsr_x": -0.009871058166027069,
  "gsr_y": 0.016686709597706795,
  "provenance": {
    "md5sum": "b515c7037917dc6f6df3eb606c776d30",
    "settings": {
      "fd_thres": 0.2,
      "testing": false
    },
    "software": "mriqc",
    "version": "22.0.6",
    "webapi_port": null,
    "webapi_url": "https://mriqc.nimh.nih.gov/api/v1"
  },
  "size_t": 284,
  "size_x": 128,
  "size_y": 116,
  "size_z": 30,
  "snr": 6.017271782250546,
  "spacing_tr": 2.0,
  "spacing_x": 2.0,
  "spacing_y": 2.0,
  "spacing_z": 3.0,
  "summary_bg_k": 34.67706567682368,
  "summary_bg_mad": 12.508151170797388,
  "summary_bg_mean": 46.06477737426758,
  "summary_bg_median": 19.3873233795166,
  "summary_bg_n": 300108.0,
  "summary_bg_p05": 7.313380241394043,
  "summary_bg_p95": 184.36460494995032,
  "summary_bg_stdv": 91.36109924316406,
  "summary_fg_k": 3.4248567544615183,
  "summary_fg_mad": 126.09688417574594,
  "summary_fg_mean": 878.7407836914062,
  "summary_fg_median": 864.3785400390625,
  "summary_fg_n": 78964.0,
  "summary_fg_p05": 687.6751831054687,
  "summary_fg_p95": 1114.789282226562,
  "summary_fg_stdv": 143.64866638183594,
  "tsnr": 39.134901471901685
}