{
  "aor": 0.0005428169014084507,
  "aqi": 0.01614787746478873,
  "bids_meta": {
    "AcquisitionMatrixPE": 116,
    "AcquisitionNumber": 1,
    "BandwidthPerPixelPhaseEncode": 23.946,
    "BaseResolution": 128,
    "BodyPartExamined": "BRAIN",
    "ConsistencyInfo": "N4_VD11D_LATEST_20110129",
    "ConversionSoftware": "dcm2niix",
    "ConversionSoftwareVersion": "v1.0.20180518 GCC4.8.5",
    "DerivedVendorReportedEchoSpacing": 0.000720011,
    "DwellTime": 2.5e-06,
    "EchoTime": 0.03,
    "EchoTrainLength": 58,
    "EffectiveEchoSpacing": 0.000360005,
    "FlipAngle": 71,
    "ImageOrientationPatientDICOM": [
      1,
      0,
      0,
      0,
      0.944376,
      0.328867
    ],
    "ImageType": [
      "ORIGINAL",
      "PRIMARY",
      "M",
      "ND",
      "NORM",
      "MOSAIC"
    ],
    "InPlanePhaseEncodingDirectionDICOM": "COL",
    "InstitutionName": "Princeton_University_-_Neuroscience_Institute",
    "MRAcquisitionType": "2D",
    "MagneticFieldStrength": 3,
    "Manufacturer": "Siemens",
    "ManufacturersModelName": "Skyra",
    "Modality": "MR",
    "ParallelReductionFactorInPlane": 2,
    "PartialFourier": 1,
    "PatientPosition": "HFS",
    "PercentPhaseFOV": 90.625,
    "PhaseEncodingDirection": "j-",
    "PhaseEncodingSteps": 116,
    "PhaseResolution": 1,
    "PixelBandwidth": 1565,
    "PulseSequenceDetails": "%SiemensSeq%_ep2d_bold",
    "ReceiveCoilActiveElements": "HE1-4",
    "ReceiveCoilName": "HeadNeck_20",
    "ReconMatrixPE": 116,
    "RepetitionTime": 2,
    "SAR": 0.0822545,
    "ScanOptions": "FS",
    "ScanningSequence": "EP",
    "SequenceVariant": "SK",
    "SeriesNumber": 8,
    "ShimSetting": [
      3201,
      10502,
      10022,
      656,
      -347,
      90,
      634,
      -15
    ],
    "SliceThickness": 3,
    "SliceTiming": [
      1,
      0,
      1.0675,
      0.0675,
      1.1325,
      0.1325,
      1.2,
      0.2,
      1.2675,
      0.2675,
      1.3325,
      0.3325,
      1.4,
      0.4,
      1.465,
      0.4675,
      1.5325,
      0.5325,
      1.6,
      0.6,
      1.665,
      0.6675,
      1.7325,
      0.7325,
      1.8,
      0.8,
      1.865,
      0.8675,
      1.9325,
      0.9325
    ],
    "SoftwareVersions": "syngo_MR_D11",
    "SpacingBetweenSlices": 3,
    "StationName": "AWP45031",
    "TaskName": "retrieval-practice/restudy phase",
    "TotalReadoutTime": 0.0414006,
    "TxRefAmp": 370.115,
    "dataset": "ds001775",
    "modality": "bold",
    "run_id": 2,
    "subject_id": "08",
    "task_id": "RP"
  },
  "dummy_trs": 0,
  "dvars_nstd": 38.375959746819795,
  "dvars_std": 1.166850676890459,
  "dvars_vstd": 0.9994477085512369,
  "efc": 0.5035515186346978,
  "fber": 1869.380615234375,
  "fd_mean": 0.18984572783090703,
  "fd_num": 102,
  "fd_perc": 35.91549295774648,
  "fwhm_avg": 1.9142161111111111,
  "fwhm_x": 1.94732,
  "fwhm_y": 2.098835,
  "fwhm_z": 1.6964933333333334,
  "gcor": 0.0635336,
  "gsr_x": -0.009914921596646309,
  "gsr_y": 0.017188234254717827,
  "provenance": {
    "md5sum": "3936f11b28cbadc520bd5e2332fc582f",
    "settings": {
      "fd_thres": 0.2,
      "testing": false
    },
    "software": "mriqc",
    "version": "22.0.6",
    "webapi_port": null,
    "webapi_url": "https://mriqc.nimh.nih.gov/api/v1"
  },
  "size_t": 284,
  "size_x": 128,
  "size_y": 116,
  "size_z": 30,
  "snr": 6.05650497239697,
  "spacing_tr": 2.0,
  "spacing_x": 2.0,
  "spacing_y": 2.0,
  "spacing_z": 3.0,
  "summary_bg_k": 34.41446547941418,
  "summary_bg_mad": 12.33065618054596,
  "summary_bg_mean": 46.527587890625,
  "summary_bg_median": 19.6373233795166,
  "summary_bg_n": 300002.0,
  "summary_bg_p05": 7.461267471313477,
  "summary_bg_p95": 187.643306732178,
  "summary_bg_stdv": 92.39396667480469,
  "summary_fg_k": 3.3797020283845285,
  "summary_fg_mad": 124.16268733007651,
  "summary_fg_mean": 876.1530151367188,
  "summary_fg_median": 862.4964599609375,
  "summary_fg_n": 78983.0,
  "summary_fg_p05": 686.0418701171875,
  "summary_fg_p95": 1107.5144409179682,
  "summary_fg_stdv": 142.40737915039062,
  "tsnr": 42.00767575064674
}