{
  "aor": 0.0008943283582089553,
  "aqi": 0.01190795313432836,
  "bids_meta": {
    "AcquisitionMatrixPE": 116,
    "AcquisitionNumber": 1,
    "BandwidthPerPixelPhaseEncode": 23.946,
    "BaseResolution": 128,
    "BodyPartExamined": "BRAIN",
    "ConversionSoftware": "dcm2niix",
    "ConversionSoftwareVersion": "v1.0.20180518 GCC4.8.5",
    "DerivedVendorReportedEchoSpacing": 0.000720011,
    "DwellTime": 2.5e-06,
    "EchoTime": 0.03,
    "EchoTrainLength": 58,
    "EffectiveEchoSpacing": 0.000360005,
    "FlipAngle": 71,
    "ImageOrientationPatientDICOM": [
      1,
      0,
      0,
      0,
      0.944376,
      0.328867
    ],
    "ImageType": [
      "ORIGINAL",
      "PRIMARY",
      "M",
      "ND",
      "NORM",
      "MOSAIC"
    ],
    "InPlanePhaseEncodingDirectionDICOM": "COL",
    "InstitutionName": "Princeton_University_-_Neuroscience_Institute",
    "MRAcquisitionType": "2D",
    "MagneticFieldStrength": 3,
    "Manufacturer": "Siemens",
    "ManufacturersModelName": "Skyra",
    "Modality": "MR",
    "ParallelReductionFactorInPlane": 2,
    "PartialFourier": 1,
    "PatientPosition": "HFS",
    "PercentPhaseFOV": 90.625,
    "PhaseEncodingDirection": "j-",
    "PhaseEncodingSteps": 116,
    "PhaseResolution": 1,
    "PixelBandwidth": 1565,
    "PulseSequenceDetails": "%SiemensSeq%_ep2d_bold",
    "ReceiveCoilActiveElements": "HE1-4",
    "ReceiveCoilName": "HeadNeck_20",
    "ReconMatrixPE": 116,
    "RepetitionTime": 2,
    "SAR": 0.0822539,
    "ScanOptions": "FS",
    "ScanningSequence": "EP",
    "SequenceVariant": "SK",
    "SeriesNumber": 4,
    "ShimSetting": [
      3201,
      10502,
      10022,
      656,
      -347,
      90,
      634,
      -15
    ],
    "SliceThickness": 3,
    "SliceTiming": [
      1,
      0,
      1.065,
      0.065,
      1.1325,
      0.1325,
      1.2,
      0.2,
      1.265,
      0.265,
      1.3325,
      0.3325,
      1.4,
      0.4,
      1.465,
      0.465,
      1.5325,
      0.5325,
      1.6,
      0.6,
      1.665,
      0.665,
      1.7325,
      0.7325,
      1.8,
      0.8,
      1.865,
      0.865,
      1.9325,
      0.9325
    ],
    "SoftwareVersions": "syngo_MR_D11",
    "SpacingBetweenSlices": 3,
    "StationName": "AWP45031",
    "TaskName": "study phase",
    "TotalReadoutTime": 0.0414006,
    "TxRefAmp": 370.115,
    "dataset": "ds001775",
    "modality": "bold",
    "run_id": 1,
    "subject_id": "08",
    "task_id": "restudy"
  },
  "dummy_trs": 0,
  "dvars_nstd": 33.216221962199995,
  "dvars_std": 1.1605680393499997,
  "dvars_vstd": 1.0076125088000005,
  "efc": 0.4988559085601331,
  "fber": 1990.224609375,
  "fd_mean": 0.08912609426446054,
  "fd_num": 9,
  "fd_perc": 4.477611940298507,
  "fwhm_avg": 1.9309211111111109,
  "fwhm_x": 1.95487,
  "fwhm_y": 2.11426,
  "fwhm_z": 1.7236333333333331,
  "gcor": 0.0160156,
  "gsr_x": -0.0077693406492471695,
  "gsr_y": 0.01321166381239891,
  "provenance": {
    "md5sum": "20b53fd06ec0e1fcf10a232eec31d39e",
    "settings": {
      "fd_thres": 0.2,
      "testing": false
    },
    "software": "mriqc",
    "version": "22.0.6",
    "webapi_port": null,
    "webapi_url": "https://mriqc.nimh.nih.gov/api/v1"
  },
  "size_t": 201,
  "size_x": 128,
  "size_y": 116,
  "size_z": 30,
  "snr": 5.952874481333266,
  "spacing_tr": 2.0,
  "spacing_x": 2.0,
  "spacing_y": 2.0,
  "spacing_z": 3.0,
  "summary_bg_k": 36.345149708247334,
  "summary_bg_mad": 11.757552125878604,
  "summary_bg_mean": 43.92656707763672,
  "summary_bg_median": 19.02487564086914,
  "summary_bg_n": 300350.0,
  "summary_bg_p05": 7.467661380767822,
  "summary_bg_p95": 174.13208465576167,
  "summary_bg_stdv": 86.94348907470703,
  "summary_fg_k": 3.799752850371319,
  "summary_fg_mad": 125.29092734840707,
  "summary_fg_mean": 878.1392211914062,
  "summary_fg_median": 864.0298461914062,
  "summary_fg_n": 78751.0,
  "summary_fg_p05": 686.619384765625,
  "summary_fg_p95": 1113.89794921875,
  "summary_fg_stdv": 145.14405822753906,
  "tsnr": 47.52030660188757
}