{
  "aor": 0.0009141197183098592,
  "aqi": 0.020383262992957746,
  "bids_meta": {
    "AcquisitionMatrixPE": 116,
    "AcquisitionNumber": 1,
    "BandwidthPerPixelPhaseEncode": 23.946,
    "BaseResolution": 128,
    "BodyPartExamined": "BRAIN",
    "ConsistencyInfo": "N4_VD11D_LATEST_20110129",
    "ConversionSoftware": "dcm2niix",
    "ConversionSoftwareVersion": "v1.0.20180518 GCC4.8.5",
    "DerivedVendorReportedEchoSpacing": 0.000720011,
    "DwellTime": 2.5e-06,
    "EchoTime": 0.03,
    "EchoTrainLength": 58,
    "EffectiveEchoSpacing": 0.000360005,
    "FlipAngle": 71,
    "ImageOrientationPatientDICOM": [
      1,
      0,
      0,
      0,
      0.944376,
      0.328867
    ],
    "ImageType": [
      "ORIGINAL",
      "PRIMARY",
      "M",
      "ND",
      "NORM",
      "MOSAIC"
    ],
    "InPlanePhaseEncodingDirectionDICOM": "COL",
    "InstitutionName": "Princeton_University_-_Neuroscience_Institute",
    "MRAcquisitionType": "2D",
    "MagneticFieldStrength": 3,
    "Manufacturer": "Siemens",
    "ManufacturersModelName": "Skyra",
    "Modality": "MR",
    "ParallelReductionFactorInPlane": 2,
    "PartialFourier": 1,
    "PatientPosition": "HFS",
    "PercentPhaseFOV": 90.625,
    "PhaseEncodingDirection": "j-",
    "PhaseEncodingSteps": 116,
    "PhaseResolution": 1,
    "PixelBandwidth": 1565,
    "PulseSequenceDetails": "%SiemensSeq%_ep2d_bold",
    "ReceiveCoilActiveElements": "HE1-4",
    "ReceiveCoilName": "HeadNeck_20",
    "ReconMatrixPE": 116,
    "RepetitionTime": 2,
    "SAR": 0.0822545,
    "ScanOptions": "FS",
    "ScanningSequence": "EP",
    "SequenceVariant": "SK",
    "SeriesNumber": 8,
    "ShimSetting": [
      3201,
      10502,
      10022,
      656,
      -347,
      90,
      634,
      -15
    ],
    "SliceThickness": 3,
    "SliceTiming": [
      1,
      0,
      1.0675,
      0.0675,
      1.1325,
      0.1325,
      1.2,
      0.2,
      1.2675,
      0.2675,
      1.3325,
      0.3325,
      1.4,
      0.4,
      1.465,
      0.4675,
      1.5325,
      0.5325,
      1.6,
      0.6,
      1.665,
      0.6675,
      1.7325,
      0.7325,
      1.8,
      0.8,
      1.865,
      0.8675,
      1.9325,
      0.9325
    ],
    "SoftwareVersions": "syngo_MR_D11",
    "SpacingBetweenSlices": 3,
    "StationName": "AWP45031",
    "TaskName": "retrieval-practice/restudy phase",
    "TotalReadoutTime": 0.0414006,
    "TxRefAmp": 370.115,
    "dataset": "ds001775",
    "modality": "bold",
    "run_id": 4,
    "subject_id": "08",
    "task_id": "RP"
  },
  "dummy_trs": 0,
  "dvars_nstd": 36.610433901943466,
  "dvars_std": 1.1272997548763253,
  "dvars_vstd": 0.9810293327561831,
  "efc": 0.5037758905107826,
  "fber": 1874.728515625,
  "fd_mean": 0.16048534595671746,
  "fd_num": 65,
  "fd_perc": 22.887323943661972,
  "fwhm_avg": 2.032068888888889,
  "fwhm_x": 2.040945,
  "fwhm_y": 2.276405,
  "fwhm_z": 1.7788566666666668,
  "gcor": 0.0368363,
  "gsr_x": -0.005745179019868374,
  "gsr_y": 0.017532728612422943,
  "provenance": {
    "md5sum": "37a4ebcc5cb8e026f6c61f81fc29d7db",
    "settings": {
      "fd_thres": 0.2,
      "testing": false
    },
    "software": "mriqc",
    "version": "22.0.6",
    "webapi_port": null,
    "webapi_url": "https://mriqc.nimh.nih.gov/api/v1"
  },
  "size_t": 284,
  "size_x": 128,
  "size_y": 116,
  "size_z": 30,
  "snr": 5.691258023873793,
  "spacing_tr": 2.0,
  "spacing_x": 2.0,
  "spacing_y": 2.0,
  "spacing_z": 3.0,
  "summary_bg_k": 39.846738063972865,
  "summary_bg_mad": 12.356758551338187,
  "summary_bg_mean": 44.69606018066406,
  "summary_bg_median": 19.6373233795166,
  "summary_bg_n": 298139.0,
  "summary_bg_p05": 7.419013977050781,
  "summary_bg_p95": 173.54718475341764,
  "summary_bg_stdv": 87.5128173828125,
  "summary_fg_k": 4.352987653866338,
  "summary_fg_mad": 124.5907090887149,
  "summary_fg_mean": 870.4512939453125,
  "summary_fg_median": 860.9577026367188,
  "summary_fg_n": 79939.0,
  "summary_fg_p05": 672.8186706542969,
  "summary_fg_p95": 1106.2418457031247,
  "summary_fg_stdv": 151.27627563476562,
  "tsnr": 38.90435303351842
}