{
  "aor": 0.0017069642857142856,
  "aqi": 0.02366860607142857,
  "bids_meta": {
    "AcquisitionMatrixPE": 116,
    "AcquisitionNumber": 1,
    "BandwidthPerPixelPhaseEncode": 23.946,
    "BaseResolution": 128,
    "BodyPartExamined": "BRAIN",
    "ConsistencyInfo": "N4_VD11D_LATEST_20110129",
    "ConversionSoftware": "dcm2niix",
    "ConversionSoftwareVersion": "v1.0.20180518 GCC4.8.5",
    "DerivedVendorReportedEchoSpacing": 0.000720011,
    "DwellTime": 2.5e-06,
    "EchoTime": 0.03,
    "EchoTrainLength": 58,
    "EffectiveEchoSpacing": 0.000360005,
    "FlipAngle": 71,
    "ImageOrientationPatientDICOM": [
      1,
      0,
      0,
      0,
      0.944376,
      0.328867
    ],
    "ImageType": [
      "ORIGINAL",
      "PRIMARY",
      "M",
      "ND",
      "NORM",
      "MOSAIC"
    ],
    "InPlanePhaseEncodingDirectionDICOM": "COL",
    "InstitutionName": "Princeton_University_-_Neuroscience_Institute",
    "MRAcquisitionType": "2D",
    "MagneticFieldStrength": 3,
    "Manufacturer": "Siemens",
    "ManufacturersModelName": "Skyra",
    "Modality": "MR",
    "ParallelReductionFactorInPlane": 2,
    "PartialFourier": 1,
    "PatientPosition": "HFS",
    "PercentPhaseFOV": 90.625,
    "PhaseEncodingDirection": "j-",
    "PhaseEncodingSteps": 116,
    "PhaseResolution": 1,
    "PixelBandwidth": 1565,
    "PulseSequenceDetails": "%SiemensSeq%_ep2d_bold",
    "ReceiveCoilActiveElements": "HE1-4",
    "ReceiveCoilName": "HeadNeck_20",
    "ReconMatrixPE": 116,
    "RepetitionTime": 2,
    "SAR": 0.0822545,
    "ScanOptions": "FS",
    "ScanningSequence": "EP",
    "SequenceVariant": "SK",
    "SeriesNumber": 8,
    "ShimSetting": [
      3201,
      10502,
      10022,
      656,
      -347,
      90,
      634,
      -15
    ],
    "SliceThickness": 3,
    "SliceTiming": [
      1,
      0,
      1.0675,
      0.0675,
      1.1325,
      0.1325,
      1.2,
      0.2,
      1.2675,
      0.2675,
      1.3325,
      0.3325,
      1.4,
      0.4,
      1.465,
      0.4675,
      1.5325,
      0.5325,
      1.6,
      0.6,
      1.665,
      0.6675,
      1.7325,
      0.7325,
      1.8,
      0.8,
      1.865,
      0.8675,
      1.9325,
      0.9325
    ],
    "SoftwareVersions": "syngo_MR_D11",
    "SpacingBetweenSlices": 3,
    "StationName": "AWP45031",
    "TaskName": "retrieval-practice/restudy phase",
    "TotalReadoutTime": 0.0414006,
    "TxRefAmp": 370.115,
    "dataset": "ds001775",
    "modality": "bold",
    "run_id": 4,
    "subject_id": "10",
    "task_id": "RP"
  },
  "dummy_trs": 4,
  "dvars_nstd": 40.86179079731183,
  "dvars_std": 1.1078544831899637,
  "dvars_vstd": 0.9987957251612897,
  "efc": 0.47901646242196794,
  "fber": 1741.6795654296875,
  "fd_mean": 0.2843299376868202,
  "fd_num": 155,
  "fd_perc": 55.357142857142854,
  "fwhm_avg": 1.8915911111111112,
  "fwhm_x": 1.84931,
  "fwhm_y": 2.17119,
  "fwhm_z": 1.6542733333333333,
  "gcor": 0.0377102,
  "gsr_x": -0.028755391016602516,
  "gsr_y": 0.020704956725239754,
  "provenance": {
    "md5sum": "658ecb70aba3fa7c0f669def14a36fd5",
    "settings": {
      "fd_thres": 0.2,
      "testing": false
    },
    "software": "mriqc",
    "version": "22.0.6",
    "webapi_port": null,
    "webapi_url": "https://mriqc.nimh.nih.gov/api/v1"
  },
  "size_t": 280,
  "size_x": 128,
  "size_y": 116,
  "size_z": 30,
  "snr": 6.4962546990178796,
  "spacing_tr": 2.0,
  "spacing_x": 2.0,
  "spacing_y": 2.0,
  "spacing_z": 3.0,
  "summary_bg_k": 24.42654701765802,
  "summary_bg_mad": 10.526476316957636,
  "summary_bg_mean": 38.64881134033203,
  "summary_bg_median": 18.157142639160156,
  "summary_bg_n": 313665.0,
  "summary_bg_p05": 7.7071428298950195,
  "summary_bg_p95": 161.81071472167926,
  "summary_bg_stdv": 66.44747161865234,
  "summary_fg_k": 3.0941621590921704,
  "summary_fg_mad": 105.23561945760143,
  "summary_fg_mean": 774.2023315429688,
  "summary_fg_median": 766.466064453125,
  "summary_fg_n": 67262.0,
  "summary_fg_p05": 613.7073303222656,
  "summary_fg_p95": 966.0999755859375,
  "summary_fg_stdv": 117.9849624633789,
  "tsnr": 36.71650616126135
}