{
  "aor": 0.0013844278606965175,
  "aqi": 0.019961912437810946,
  "bids_meta": {
    "AcquisitionMatrixPE": 116,
    "AcquisitionNumber": 1,
    "BandwidthPerPixelPhaseEncode": 23.946,
    "BaseResolution": 128,
    "BodyPartExamined": "BRAIN",
    "ConversionSoftware": "dcm2niix",
    "ConversionSoftwareVersion": "v1.0.20180518 GCC4.8.5",
    "DerivedVendorReportedEchoSpacing": 0.000720011,
    "DwellTime": 2.5e-06,
    "EchoTime": 0.03,
    "EchoTrainLength": 58,
    "EffectiveEchoSpacing": 0.000360005,
    "FlipAngle": 71,
    "ImageOrientationPatientDICOM": [
      1,
      0,
      0,
      0,
      0.944376,
      0.328867
    ],
    "ImageType": [
      "ORIGINAL",
      "PRIMARY",
      "M",
      "ND",
      "NORM",
      "MOSAIC"
    ],
    "InPlanePhaseEncodingDirectionDICOM": "COL",
    "InstitutionName": "Princeton_University_-_Neuroscience_Institute",
    "MRAcquisitionType": "2D",
    "MagneticFieldStrength": 3,
    "Manufacturer": "Siemens",
    "ManufacturersModelName": "Skyra",
    "Modality": "MR",
    "ParallelReductionFactorInPlane": 2,
    "PartialFourier": 1,
    "PatientPosition": "HFS",
    "PercentPhaseFOV": 90.625,
    "PhaseEncodingDirection": "j-",
    "PhaseEncodingSteps": 116,
    "PhaseResolution": 1,
    "PixelBandwidth": 1565,
    "PulseSequenceDetails": "%SiemensSeq%_ep2d_bold",
    "ReceiveCoilActiveElements": "HE1-4",
    "ReceiveCoilName": "HeadNeck_20",
    "ReconMatrixPE": 116,
    "RepetitionTime": 2,
    "SAR": 0.0822539,
    "ScanOptions": "FS",
    "ScanningSequence": "EP",
    "SequenceVariant": "SK",
    "SeriesNumber": 4,
    "ShimSetting": [
      3201,
      10502,
      10022,
      656,
      -347,
      90,
      634,
      -15
    ],
    "SliceThickness": 3,
    "SliceTiming": [
      1,
      0,
      1.065,
      0.065,
      1.1325,
      0.1325,
      1.2,
      0.2,
      1.265,
      0.265,
      1.3325,
      0.3325,
      1.4,
      0.4,
      1.465,
      0.465,
      1.5325,
      0.5325,
      1.6,
      0.6,
      1.665,
      0.665,
      1.7325,
      0.7325,
      1.8,
      0.8,
      1.865,
      0.865,
      1.9325,
      0.9325
    ],
    "SoftwareVersions": "syngo_MR_D11",
    "SpacingBetweenSlices": 3,
    "StationName": "AWP45031",
    "TaskName": "study phase",
    "TotalReadoutTime": 0.0414006,
    "TxRefAmp": 370.115,
    "dataset": "ds001775",
    "modality": "bold",
    "run_id": 2,
    "subject_id": "10",
    "task_id": "restudy"
  },
  "dummy_trs": 0,
  "dvars_nstd": 33.683070640449984,
  "dvars_std": 1.0936358133999995,
  "dvars_vstd": 0.9915119736500002,
  "efc": 0.4761068277320725,
  "fber": 1910.3726806640625,
  "fd_mean": 0.09919250115870543,
  "fd_num": 10,
  "fd_perc": 4.975124378109452,
  "fwhm_avg": 1.9060705555555553,
  "fwhm_x": 1.86727,
  "fwhm_y": 2.182905,
  "fwhm_z": 1.6680366666666666,
  "gcor": 0.0286459,
  "gsr_x": -0.02655351161956787,
  "gsr_y": 0.016046958044171333,
  "provenance": {
    "md5sum": "c8d076d251f3be87aca13e48d2618df9",
    "settings": {
      "fd_thres": 0.2,
      "testing": false
    },
    "software": "mriqc",
    "version": "22.0.6",
    "webapi_port": null,
    "webapi_url": "https://mriqc.nimh.nih.gov/api/v1"
  },
  "size_t": 201,
  "size_x": 128,
  "size_y": 116,
  "size_z": 30,
  "snr": 6.5454794727705945,
  "spacing_tr": 2.0,
  "spacing_x": 2.0,
  "spacing_y": 2.0,
  "spacing_z": 3.0,
  "summary_bg_k": 24.64972023685895,
  "summary_bg_mad": 9.743867544918695,
  "summary_bg_mean": 37.44501876831055,
  "summary_bg_median": 17.278606414794922,
  "summary_bg_n": 313624.0,
  "summary_bg_p05": 7.631840705871582,
  "summary_bg_p95": 157.9253692626953,
  "summary_bg_stdv": 66.25017547607422,
  "summary_fg_k": 3.042828262000363,
  "summary_fg_mad": 105.41225761254057,
  "summary_fg_mean": 773.341796875,
  "summary_fg_median": 765.8855590820312,
  "summary_fg_n": 67376.0,
  "summary_fg_p05": 614.1094665527344,
  "summary_fg_p95": 962.9054565429688,
  "summary_fg_stdv": 117.00897979736328,
  "tsnr": 40.172892686503474
}