{
  "aor": 0.0016149647887323945,
  "aqi": 0.01612374577464789,
  "bids_meta": {
    "AcquisitionMatrixPE": 116,
    "AcquisitionNumber": 1,
    "BandwidthPerPixelPhaseEncode": 23.946,
    "BaseResolution": 128,
    "BodyPartExamined": "BRAIN",
    "ConsistencyInfo": "N4_VD11D_LATEST_20110129",
    "ConversionSoftware": "dcm2niix",
    "ConversionSoftwareVersion": "v1.0.20180518 GCC4.8.5",
    "DerivedVendorReportedEchoSpacing": 0.000720011,
    "DwellTime": 2.5e-06,
    "EchoTime": 0.03,
    "EchoTrainLength": 58,
    "EffectiveEchoSpacing": 0.000360005,
    "FlipAngle": 71,
    "ImageOrientationPatientDICOM": [
      1,
      0,
      0,
      0,
      0.944376,
      0.328867
    ],
    "ImageType": [
      "ORIGINAL",
      "PRIMARY",
      "M",
      "ND",
      "NORM",
      "MOSAIC"
    ],
    "InPlanePhaseEncodingDirectionDICOM": "COL",
    "InstitutionName": "Princeton_University_-_Neuroscience_Institute",
    "MRAcquisitionType": "2D",
    "MagneticFieldStrength": 3,
    "Manufacturer": "Siemens",
    "ManufacturersModelName": "Skyra",
    "Modality": "MR",
    "ParallelReductionFactorInPlane": 2,
    "PartialFourier": 1,
    "PatientPosition": "HFS",
    "PercentPhaseFOV": 90.625,
    "PhaseEncodingDirection": "j-",
    "PhaseEncodingSteps": 116,
    "PhaseResolution": 1,
    "PixelBandwidth": 1565,
    "PulseSequenceDetails": "%SiemensSeq%_ep2d_bold",
    "ReceiveCoilActiveElements": "HE1-4",
    "ReceiveCoilName": "HeadNeck_20",
    "ReconMatrixPE": 116,
    "RepetitionTime": 2,
    "SAR": 0.0822545,
    "ScanOptions": "FS",
    "ScanningSequence": "EP",
    "SequenceVariant": "SK",
    "SeriesNumber": 8,
    "ShimSetting": [
      3201,
      10502,
      10022,
      656,
      -347,
      90,
      634,
      -15
    ],
    "SliceThickness": 3,
    "SliceTiming": [
      1,
      0,
      1.0675,
      0.0675,
      1.1325,
      0.1325,
      1.2,
      0.2,
      1.2675,
      0.2675,
      1.3325,
      0.3325,
      1.4,
      0.4,
      1.465,
      0.4675,
      1.5325,
      0.5325,
      1.6,
      0.6,
      1.665,
      0.6675,
      1.7325,
      0.7325,
      1.8,
      0.8,
      1.865,
      0.8675,
      1.9325,
      0.9325
    ],
    "SoftwareVersions": "syngo_MR_D11",
    "SpacingBetweenSlices": 3,
    "StationName": "AWP45031",
    "TaskName": "retrieval-practice/restudy phase",
    "TotalReadoutTime": 0.0414006,
    "TxRefAmp": 370.115,
    "dataset": "ds001775",
    "modality": "bold",
    "run_id": 2,
    "subject_id": "12",
    "task_id": "RP"
  },
  "dummy_trs": 0,
  "dvars_nstd": 36.55476299844524,
  "dvars_std": 1.1414645201413431,
  "dvars_vstd": 1.0203088095053,
  "efc": 0.48764063336724456,
  "fber": 1801.2459716796875,
  "fd_mean": 0.1934472321186712,
  "fd_num": 100,
  "fd_perc": 35.2112676056338,
  "fwhm_avg": 1.9860655555555555,
  "fwhm_x": 1.96493,
  "fwhm_y": 2.25348,
  "fwhm_z": 1.7397866666666666,
  "gcor": 0.041399,
  "gsr_x": -0.01589074544608593,
  "gsr_y": 0.023655682802200317,
  "provenance": {
    "md5sum": "c9b37dc0f40b88748c16bbce08c002cb",
    "settings": {
      "fd_thres": 0.2,
      "testing": false
    },
    "software": "mriqc",
    "version": "22.0.6",
    "webapi_port": null,
    "webapi_url": "https://mriqc.nimh.nih.gov/api/v1"
  },
  "size_t": 284,
  "size_x": 128,
  "size_y": 116,
  "size_z": 30,
  "snr": 6.2877096205332395,
  "spacing_tr": 2.0,
  "spacing_x": 2.0,
  "spacing_y": 2.0,
  "spacing_z": 3.0,
  "summary_bg_k": 31.26305145124322,
  "summary_bg_mad": 9.934479467830299,
  "summary_bg_mean": 32.71417236328125,
  "summary_bg_median": 18.003520965576172,
  "summary_bg_n": 302824.0,
  "summary_bg_p05": 7.964788436889648,
  "summary_bg_p95": 110.32693367004386,
  "summary_bg_stdv": 51.500030517578125,
  "summary_fg_k": 3.208936130408797,
  "summary_fg_mad": 111.93121902740529,
  "summary_fg_mean": 784.0073852539062,
  "summary_fg_median": 775.56689453125,
  "summary_fg_n": 76422.0,
  "summary_fg_p05": 619.2753601074219,
  "summary_fg_p95": 977.1490783691405,
  "summary_fg_stdv": 123.3456802368164,
  "tsnr": 43.028732177917846
}