{
  "aor": 0.0005993034825870647,
  "aqi": 0.013914256716417911,
  "bids_meta": {
    "AcquisitionMatrixPE": 116,
    "AcquisitionNumber": 1,
    "BandwidthPerPixelPhaseEncode": 23.946,
    "BaseResolution": 128,
    "BodyPartExamined": "BRAIN",
    "ConversionSoftware": "dcm2niix",
    "ConversionSoftwareVersion": "v1.0.20180518 GCC4.8.5",
    "DerivedVendorReportedEchoSpacing": 0.000720011,
    "DwellTime": 2.5e-06,
    "EchoTime": 0.03,
    "EchoTrainLength": 58,
    "EffectiveEchoSpacing": 0.000360005,
    "FlipAngle": 71,
    "ImageOrientationPatientDICOM": [
      1,
      0,
      0,
      0,
      0.944376,
      0.328867
    ],
    "ImageType": [
      "ORIGINAL",
      "PRIMARY",
      "M",
      "ND",
      "NORM",
      "MOSAIC"
    ],
    "InPlanePhaseEncodingDirectionDICOM": "COL",
    "InstitutionName": "Princeton_University_-_Neuroscience_Institute",
    "MRAcquisitionType": "2D",
    "MagneticFieldStrength": 3,
    "Manufacturer": "Siemens",
    "ManufacturersModelName": "Skyra",
    "Modality": "MR",
    "ParallelReductionFactorInPlane": 2,
    "PartialFourier": 1,
    "PatientPosition": "HFS",
    "PercentPhaseFOV": 90.625,
    "PhaseEncodingDirection": "j-",
    "PhaseEncodingSteps": 116,
    "PhaseResolution": 1,
    "PixelBandwidth": 1565,
    "PulseSequenceDetails": "%SiemensSeq%_ep2d_bold",
    "ReceiveCoilActiveElements": "HE1-4",
    "ReceiveCoilName": "HeadNeck_20",
    "ReconMatrixPE": 116,
    "RepetitionTime": 2,
    "SAR": 0.0822539,
    "ScanOptions": "FS",
    "ScanningSequence": "EP",
    "SequenceVariant": "SK",
    "SeriesNumber": 4,
    "ShimSetting": [
      3201,
      10502,
      10022,
      656,
      -347,
      90,
      634,
      -15
    ],
    "SliceThickness": 3,
    "SliceTiming": [
      1,
      0,
      1.065,
      0.065,
      1.1325,
      0.1325,
      1.2,
      0.2,
      1.265,
      0.265,
      1.3325,
      0.3325,
      1.4,
      0.4,
      1.465,
      0.465,
      1.5325,
      0.5325,
      1.6,
      0.6,
      1.665,
      0.665,
      1.7325,
      0.7325,
      1.8,
      0.8,
      1.865,
      0.865,
      1.9325,
      0.9325
    ],
    "SoftwareVersions": "syngo_MR_D11",
    "SpacingBetweenSlices": 3,
    "StationName": "AWP45031",
    "TaskName": "study phase",
    "TotalReadoutTime": 0.0414006,
    "TxRefAmp": 370.115,
    "dataset": "ds001775",
    "modality": "bold",
    "run_id": 2,
    "subject_id": "23",
    "task_id": "restudy"
  },
  "dummy_trs": 0,
  "dvars_nstd": 34.68687130944999,
  "dvars_std": 1.1157096742999997,
  "dvars_vstd": 1.0071183366499996,
  "efc": 0.5222804674177507,
  "fber": 1473.8494873046875,
  "fd_mean": 0.06510595615072601,
  "fd_num": 3,
  "fd_perc": 1.492537313432836,
  "fwhm_avg": 1.8247755555555554,
  "fwhm_x": 1.758265,
  "fwhm_y": 2.130845,
  "fwhm_z": 1.5852166666666667,
  "gcor": 0.0300709,
  "gsr_x": -0.02353401482105255,
  "gsr_y": 0.04373641312122345,
  "provenance": {
    "md5sum": "ba6ad0e4101011291aaf3fcbe7478f24",
    "settings": {
      "fd_thres": 0.2,
      "testing": false
    },
    "software": "mriqc",
    "version": "22.0.6",
    "webapi_port": null,
    "webapi_url": "https://mriqc.nimh.nih.gov/api/v1"
  },
  "size_t": 201,
  "size_x": 128,
  "size_y": 116,
  "size_z": 30,
  "snr": 6.208455452101118,
  "spacing_tr": 2.0,
  "spacing_x": 2.0,
  "spacing_y": 2.0,
  "spacing_z": 3.0,
  "summary_bg_k": 23.15794929712179,
  "summary_bg_mad": 9.972528045806513,
  "summary_bg_mean": 46.51777267456055,
  "summary_bg_median": 19.736318588256836,
  "summary_bg_n": 296781.0,
  "summary_bg_p05": 9.189054489135742,
  "summary_bg_p95": 199.1691436767578,
  "summary_bg_stdv": 81.85014343261719,
  "summary_fg_k": 4.252014689738128,
  "summary_fg_mad": 98.8843376027276,
  "summary_fg_mean": 772.9141235351562,
  "summary_fg_median": 765.5123901367188,
  "summary_fg_n": 83143.0,
  "summary_fg_p05": 611.9323486328125,
  "summary_fg_p95": 971.0432495117186,
  "summary_fg_stdv": 123.30084228515625,
  "tsnr": 45.15744498989079
}