{
  "aor": 0.001527781690140845,
  "aqi": 0.021586331690140844,
  "bids_meta": {
    "AcquisitionMatrixPE": 116,
    "AcquisitionNumber": 1,
    "BandwidthPerPixelPhaseEncode": 23.946,
    "BaseResolution": 128,
    "BodyPartExamined": "BRAIN",
    "ConsistencyInfo": "N4_VD11D_LATEST_20110129",
    "ConversionSoftware": "dcm2niix",
    "ConversionSoftwareVersion": "v1.0.20180518 GCC4.8.5",
    "DerivedVendorReportedEchoSpacing": 0.000720011,
    "DwellTime": 2.5e-06,
    "EchoTime": 0.03,
    "EchoTrainLength": 58,
    "EffectiveEchoSpacing": 0.000360005,
    "FlipAngle": 71,
    "ImageOrientationPatientDICOM": [
      1,
      0,
      0,
      0,
      0.944376,
      0.328867
    ],
    "ImageType": [
      "ORIGINAL",
      "PRIMARY",
      "M",
      "ND",
      "NORM",
      "MOSAIC"
    ],
    "InPlanePhaseEncodingDirectionDICOM": "COL",
    "InstitutionName": "Princeton_University_-_Neuroscience_Institute",
    "MRAcquisitionType": "2D",
    "MagneticFieldStrength": 3,
    "Manufacturer": "Siemens",
    "ManufacturersModelName": "Skyra",
    "Modality": "MR",
    "ParallelReductionFactorInPlane": 2,
    "PartialFourier": 1,
    "PatientPosition": "HFS",
    "PercentPhaseFOV": 90.625,
    "PhaseEncodingDirection": "j-",
    "PhaseEncodingSteps": 116,
    "PhaseResolution": 1,
    "PixelBandwidth": 1565,
    "PulseSequenceDetails": "%SiemensSeq%_ep2d_bold",
    "ReceiveCoilActiveElements": "HE1-4",
    "ReceiveCoilName": "HeadNeck_20",
    "ReconMatrixPE": 116,
    "RepetitionTime": 2,
    "SAR": 0.0822545,
    "ScanOptions": "FS",
    "ScanningSequence": "EP",
    "SequenceVariant": "SK",
    "SeriesNumber": 8,
    "ShimSetting": [
      3201,
      10502,
      10022,
      656,
      -347,
      90,
      634,
      -15
    ],
    "SliceThickness": 3,
    "SliceTiming": [
      1,
      0,
      1.0675,
      0.0675,
      1.1325,
      0.1325,
      1.2,
      0.2,
      1.2675,
      0.2675,
      1.3325,
      0.3325,
      1.4,
      0.4,
      1.465,
      0.4675,
      1.5325,
      0.5325,
      1.6,
      0.6,
      1.665,
      0.6675,
      1.7325,
      0.7325,
      1.8,
      0.8,
      1.865,
      0.8675,
      1.9325,
      0.9325
    ],
    "SoftwareVersions": "syngo_MR_D11",
    "SpacingBetweenSlices": 3,
    "StationName": "AWP45031",
    "TaskName": "retrieval-practice/restudy phase",
    "TotalReadoutTime": 0.0414006,
    "TxRefAmp": 370.115,
    "dataset": "ds001775",
    "modality": "bold",
    "run_id": 2,
    "subject_id": "23",
    "task_id": "RP"
  },
  "dummy_trs": 0,
  "dvars_nstd": 44.646664784346314,
  "dvars_std": 1.155178529257951,
  "dvars_vstd": 1.0086295624381623,
  "efc": 0.528391662101347,
  "fber": 1342.07373046875,
  "fd_mean": 0.2354396969405507,
  "fd_num": 161,
  "fd_perc": 56.690140845070424,
  "fwhm_avg": 1.8180611111111113,
  "fwhm_x": 1.74661,
  "fwhm_y": 2.12386,
  "fwhm_z": 1.5837133333333335,
  "gcor": 0.0270544,
  "gsr_x": -0.02738901786506176,
  "gsr_y": 0.050833772867918015,
  "provenance": {
    "md5sum": "5db8cca0a879921f77d79dc2e218c809",
    "settings": {
      "fd_thres": 0.2,
      "testing": false
    },
    "software": "mriqc",
    "version": "22.0.6",
    "webapi_port": null,
    "webapi_url": "https://mriqc.nimh.nih.gov/api/v1"
  },
  "size_t": 284,
  "size_x": 128,
  "size_y": 116,
  "size_z": 30,
  "snr": 6.172252166323025,
  "spacing_tr": 2.0,
  "spacing_x": 2.0,
  "spacing_y": 2.0,
  "spacing_z": 3.0,
  "summary_bg_k": 20.18364713454865,
  "summary_bg_mad": 10.936801457166071,
  "summary_bg_mean": 48.850982666015625,
  "summary_bg_median": 20.679576873779297,
  "summary_bg_n": 295936.0,
  "summary_bg_p05": 9.281689643859863,
  "summary_bg_p95": 209.11002731323242,
  "summary_bg_stdv": 82.825927734375,
  "summary_fg_k": 4.2069265828645905,
  "summary_fg_mad": 98.08145746456287,
  "summary_fg_mean": 771.9588623046875,
  "summary_fg_median": 765.1636962890625,
  "summary_fg_n": 83854.0,
  "summary_fg_p05": 607.5265869140625,
  "summary_fg_p95": 968.3890747070309,
  "summary_fg_stdv": 123.96757507324219,
  "tsnr": 38.512648828327656
}