{
  "aor": 0.0005354228855721393,
  "aqi": 0.014082336318407962,
  "bids_meta": {
    "AcquisitionMatrixPE": 116,
    "AcquisitionNumber": 1,
    "BandwidthPerPixelPhaseEncode": 23.946,
    "BaseResolution": 128,
    "BodyPartExamined": "BRAIN",
    "ConversionSoftware": "dcm2niix",
    "ConversionSoftwareVersion": "v1.0.20180518 GCC4.8.5",
    "DerivedVendorReportedEchoSpacing": 0.000720011,
    "DwellTime": 2.5e-06,
    "EchoTime": 0.03,
    "EchoTrainLength": 58,
    "EffectiveEchoSpacing": 0.000360005,
    "FlipAngle": 71,
    "ImageOrientationPatientDICOM": [
      1,
      0,
      0,
      0,
      0.944376,
      0.328867
    ],
    "ImageType": [
      "ORIGINAL",
      "PRIMARY",
      "M",
      "ND",
      "NORM",
      "MOSAIC"
    ],
    "InPlanePhaseEncodingDirectionDICOM": "COL",
    "InstitutionName": "Princeton_University_-_Neuroscience_Institute",
    "MRAcquisitionType": "2D",
    "MagneticFieldStrength": 3,
    "Manufacturer": "Siemens",
    "ManufacturersModelName": "Skyra",
    "Modality": "MR",
    "ParallelReductionFactorInPlane": 2,
    "PartialFourier": 1,
    "PatientPosition": "HFS",
    "PercentPhaseFOV": 90.625,
    "PhaseEncodingDirection": "j-",
    "PhaseEncodingSteps": 116,
    "PhaseResolution": 1,
    "PixelBandwidth": 1565,
    "PulseSequenceDetails": "%SiemensSeq%_ep2d_bold",
    "ReceiveCoilActiveElements": "HE1-4",
    "ReceiveCoilName": "HeadNeck_20",
    "ReconMatrixPE": 116,
    "RepetitionTime": 2,
    "SAR": 0.0822539,
    "ScanOptions": "FS",
    "ScanningSequence": "EP",
    "SequenceVariant": "SK",
    "SeriesNumber": 4,
    "ShimSetting": [
      3201,
      10502,
      10022,
      656,
      -347,
      90,
      634,
      -15
    ],
    "SliceThickness": 3,
    "SliceTiming": [
      1,
      0,
      1.065,
      0.065,
      1.1325,
      0.1325,
      1.2,
      0.2,
      1.265,
      0.265,
      1.3325,
      0.3325,
      1.4,
      0.4,
      1.465,
      0.465,
      1.5325,
      0.5325,
      1.6,
      0.6,
      1.665,
      0.665,
      1.7325,
      0.7325,
      1.8,
      0.8,
      1.865,
      0.865,
      1.9325,
      0.9325
    ],
    "SoftwareVersions": "syngo_MR_D11",
    "SpacingBetweenSlices": 3,
    "StationName": "AWP45031",
    "TaskName": "study phase",
    "TotalReadoutTime": 0.0414006,
    "TxRefAmp": 370.115,
    "dataset": "ds001775",
    "modality": "bold",
    "run_id": 1,
    "subject_id": "23",
    "task_id": "restudy"
  },
  "dummy_trs": 0,
  "dvars_nstd": 33.701090994,
  "dvars_std": 1.1042246630000003,
  "dvars_vstd": 1.0018246246500002,
  "efc": 0.5268395081979724,
  "fber": 1412.9200439453125,
  "fd_mean": 0.06798614336521214,
  "fd_num": 2,
  "fd_perc": 0.9950248756218906,
  "fwhm_avg": 1.846552777777778,
  "fwhm_x": 1.774565,
  "fwhm_y": 2.14261,
  "fwhm_z": 1.6224833333333333,
  "gcor": 0.0194641,
  "gsr_x": -0.02523164078593254,
  "gsr_y": 0.04749654605984688,
  "provenance": {
    "md5sum": "90bc4b8c34e6713d1f752e1b40bd3a65",
    "settings": {
      "fd_thres": 0.2,
      "testing": false
    },
    "software": "mriqc",
    "version": "22.0.6",
    "webapi_port": null,
    "webapi_url": "https://mriqc.nimh.nih.gov/api/v1"
  },
  "size_t": 201,
  "size_x": 128,
  "size_y": 116,
  "size_z": 30,
  "snr": 6.108615505008281,
  "spacing_tr": 2.0,
  "spacing_x": 2.0,
  "spacing_y": 2.0,
  "spacing_z": 3.0,
  "summary_bg_k": 22.32871406737033,
  "summary_bg_mad": 10.304452754940883,
  "summary_bg_mean": 47.954322814941406,
  "summary_bg_median": 20.094526290893555,
  "summary_bg_n": 295647.0,
  "summary_bg_p05": 9.353233337402344,
  "summary_bg_p95": 206.22238464355473,
  "summary_bg_stdv": 82.85636138916016,
  "summary_fg_k": 4.097849205785026,
  "summary_fg_mad": 99.8506894759833,
  "summary_fg_mean": 770.071044921875,
  "summary_fg_median": 763.014892578125,
  "summary_fg_n": 84183.0,
  "summary_fg_p05": 603.1263793945312,
  "summary_fg_p95": 967.7014770507812,
  "summary_fg_stdv": 124.9072494506836,
  "tsnr": 45.02574585645925
}