{
  "aor": 0.0008701760563380282,
  "aqi": 0.021621402112676057,
  "bids_meta": {
    "AcquisitionMatrixPE": 116,
    "AcquisitionNumber": 1,
    "BandwidthPerPixelPhaseEncode": 23.946,
    "BaseResolution": 128,
    "BodyPartExamined": "BRAIN",
    "ConsistencyInfo": "N4_VD11D_LATEST_20110129",
    "ConversionSoftware": "dcm2niix",
    "ConversionSoftwareVersion": "v1.0.20180518 GCC4.8.5",
    "DerivedVendorReportedEchoSpacing": 0.000720011,
    "DwellTime": 2.5e-06,
    "EchoTime": 0.03,
    "EchoTrainLength": 58,
    "EffectiveEchoSpacing": 0.000360005,
    "FlipAngle": 71,
    "ImageOrientationPatientDICOM": [
      1,
      0,
      0,
      0,
      0.944376,
      0.328867
    ],
    "ImageType": [
      "ORIGINAL",
      "PRIMARY",
      "M",
      "ND",
      "NORM",
      "MOSAIC"
    ],
    "InPlanePhaseEncodingDirectionDICOM": "COL",
    "InstitutionName": "Princeton_University_-_Neuroscience_Institute",
    "MRAcquisitionType": "2D",
    "MagneticFieldStrength": 3,
    "Manufacturer": "Siemens",
    "ManufacturersModelName": "Skyra",
    "Modality": "MR",
    "ParallelReductionFactorInPlane": 2,
    "PartialFourier": 1,
    "PatientPosition": "HFS",
    "PercentPhaseFOV": 90.625,
    "PhaseEncodingDirection": "j-",
    "PhaseEncodingSteps": 116,
    "PhaseResolution": 1,
    "PixelBandwidth": 1565,
    "PulseSequenceDetails": "%SiemensSeq%_ep2d_bold",
    "ReceiveCoilActiveElements": "HE1-4",
    "ReceiveCoilName": "HeadNeck_20",
    "ReconMatrixPE": 116,
    "RepetitionTime": 2,
    "SAR": 0.0822545,
    "ScanOptions": "FS",
    "ScanningSequence": "EP",
    "SequenceVariant": "SK",
    "SeriesNumber": 8,
    "ShimSetting": [
      3201,
      10502,
      10022,
      656,
      -347,
      90,
      634,
      -15
    ],
    "SliceThickness": 3,
    "SliceTiming": [
      1,
      0,
      1.0675,
      0.0675,
      1.1325,
      0.1325,
      1.2,
      0.2,
      1.2675,
      0.2675,
      1.3325,
      0.3325,
      1.4,
      0.4,
      1.465,
      0.4675,
      1.5325,
      0.5325,
      1.6,
      0.6,
      1.665,
      0.6675,
      1.7325,
      0.7325,
      1.8,
      0.8,
      1.865,
      0.8675,
      1.9325,
      0.9325
    ],
    "SoftwareVersions": "syngo_MR_D11",
    "SpacingBetweenSlices": 3,
    "StationName": "AWP45031",
    "TaskName": "retrieval-practice/restudy phase",
    "TotalReadoutTime": 0.0414006,
    "TxRefAmp": 370.115,
    "dataset": "ds001775",
    "modality": "bold",
    "run_id": 3,
    "subject_id": "23",
    "task_id": "RP"
  },
  "dummy_trs": 0,
  "dvars_nstd": 43.880707083851554,
  "dvars_std": 1.1482351048763253,
  "dvars_vstd": 0.9944270784805643,
  "efc": 0.5257882958660223,
  "fber": 1414.3255615234375,
  "fd_mean": 0.23358369646500302,
  "fd_num": 176,
  "fd_perc": 61.971830985915496,
  "fwhm_avg": 1.8404844444444446,
  "fwhm_x": 1.77046,
  "fwhm_y": 2.15416,
  "fwhm_z": 1.5968333333333333,
  "gcor": 0.0447855,
  "gsr_x": -0.02583601512014866,
  "gsr_y": 0.04823385179042816,
  "provenance": {
    "md5sum": "5dbddc3bef0d1b281a2f761dbdbe8d49",
    "settings": {
      "fd_thres": 0.2,
      "testing": false
    },
    "software": "mriqc",
    "version": "22.0.6",
    "webapi_port": null,
    "webapi_url": "https://mriqc.nimh.nih.gov/api/v1"
  },
  "size_t": 284,
  "size_x": 128,
  "size_y": 116,
  "size_z": 30,
  "snr": 6.228080915031366,
  "spacing_tr": 2.0,
  "spacing_x": 2.0,
  "spacing_y": 2.0,
  "spacing_z": 3.0,
  "summary_bg_k": 21.50128059973802,
  "summary_bg_mad": 10.550488914496471,
  "summary_bg_mean": 47.931602478027344,
  "summary_bg_median": 20.228872299194336,
  "summary_bg_n": 296191.0,
  "summary_bg_p05": 9.271126747131348,
  "summary_bg_p95": 203.5070343017578,
  "summary_bg_stdv": 82.28247833251953,
  "summary_fg_k": 3.9452128117363463,
  "summary_fg_mad": 99.3760649254424,
  "summary_fg_mean": 775.2175903320312,
  "summary_fg_median": 767.7323608398438,
  "summary_fg_n": 83585.0,
  "summary_fg_p05": 611.3859008789062,
  "summary_fg_p95": 972.7690185546876,
  "summary_fg_stdv": 123.26875305175781,
  "tsnr": 37.71452566352673
}