{
  "aor": 0.001922429577464789,
  "aqi": 0.020000378873239435,
  "bids_meta": {
    "AcquisitionMatrixPE": 116,
    "AcquisitionNumber": 1,
    "BandwidthPerPixelPhaseEncode": 23.946,
    "BaseResolution": 128,
    "BodyPartExamined": "BRAIN",
    "ConsistencyInfo": "N4_VD11D_LATEST_20110129",
    "ConversionSoftware": "dcm2niix",
    "ConversionSoftwareVersion": "v1.0.20180518 GCC4.8.5",
    "DerivedVendorReportedEchoSpacing": 0.000720011,
    "DwellTime": 2.5e-06,
    "EchoTime": 0.03,
    "EchoTrainLength": 58,
    "EffectiveEchoSpacing": 0.000360005,
    "FlipAngle": 71,
    "ImageOrientationPatientDICOM": [
      1,
      0,
      0,
      0,
      0.944376,
      0.328867
    ],
    "ImageType": [
      "ORIGINAL",
      "PRIMARY",
      "M",
      "ND",
      "NORM",
      "MOSAIC"
    ],
    "InPlanePhaseEncodingDirectionDICOM": "COL",
    "InstitutionName": "Princeton_University_-_Neuroscience_Institute",
    "MRAcquisitionType": "2D",
    "MagneticFieldStrength": 3,
    "Manufacturer": "Siemens",
    "ManufacturersModelName": "Skyra",
    "Modality": "MR",
    "ParallelReductionFactorInPlane": 2,
    "PartialFourier": 1,
    "PatientPosition": "HFS",
    "PercentPhaseFOV": 90.625,
    "PhaseEncodingDirection": "j-",
    "PhaseEncodingSteps": 116,
    "PhaseResolution": 1,
    "PixelBandwidth": 1565,
    "PulseSequenceDetails": "%SiemensSeq%_ep2d_bold",
    "ReceiveCoilActiveElements": "HE1-4",
    "ReceiveCoilName": "HeadNeck_20",
    "ReconMatrixPE": 116,
    "RepetitionTime": 2,
    "SAR": 0.0822545,
    "ScanOptions": "FS",
    "ScanningSequence": "EP",
    "SequenceVariant": "SK",
    "SeriesNumber": 8,
    "ShimSetting": [
      3201,
      10502,
      10022,
      656,
      -347,
      90,
      634,
      -15
    ],
    "SliceThickness": 3,
    "SliceTiming": [
      1,
      0,
      1.0675,
      0.0675,
      1.1325,
      0.1325,
      1.2,
      0.2,
      1.2675,
      0.2675,
      1.3325,
      0.3325,
      1.4,
      0.4,
      1.465,
      0.4675,
      1.5325,
      0.5325,
      1.6,
      0.6,
      1.665,
      0.6675,
      1.7325,
      0.7325,
      1.8,
      0.8,
      1.865,
      0.8675,
      1.9325,
      0.9325
    ],
    "SoftwareVersions": "syngo_MR_D11",
    "SpacingBetweenSlices": 3,
    "StationName": "AWP45031",
    "TaskName": "retrieval-practice/restudy phase",
    "TotalReadoutTime": 0.0414006,
    "TxRefAmp": 370.115,
    "dataset": "ds001775",
    "modality": "bold",
    "run_id": 1,
    "subject_id": "10",
    "task_id": "RP"
  },
  "dummy_trs": 0,
  "dvars_nstd": 39.04376123628976,
  "dvars_std": 1.1194942060070672,
  "dvars_vstd": 1.0108290027561835,
  "efc": 0.4762539153369765,
  "fber": 1885.671630859375,
  "fd_mean": 0.2638584858854803,
  "fd_num": 165,
  "fd_perc": 58.098591549295776,
  "fwhm_avg": 1.9075044444444444,
  "fwhm_x": 1.91084,
  "fwhm_y": 2.24625,
  "fwhm_z": 1.5654233333333334,
  "gcor": 0.0208811,
  "gsr_x": -0.027834031730890274,
  "gsr_y": 0.01977768912911415,
  "provenance": {
    "md5sum": "a38ace6aeadc6ba771f47033bd688608",
    "settings": {
      "fd_thres": 0.2,
      "testing": false
    },
    "software": "mriqc",
    "version": "22.0.6",
    "webapi_port": null,
    "webapi_url": "https://mriqc.nimh.nih.gov/api/v1"
  },
  "size_t": 284,
  "size_x": 128,
  "size_y": 116,
  "size_z": 30,
  "snr": 6.441202354676666,
  "spacing_tr": 2.0,
  "spacing_x": 2.0,
  "spacing_y": 2.0,
  "spacing_z": 3.0,
  "summary_bg_k": 26.75816060644119,
  "summary_bg_mad": 10.211163749876128,
  "summary_bg_mean": 37.622867584228516,
  "summary_bg_median": 17.728872299194336,
  "summary_bg_n": 313292.0,
  "summary_bg_p05": 7.5124999046325724,
  "summary_bg_p95": 156.64136886596708,
  "summary_bg_stdv": 65.73289489746094,
  "summary_fg_k": 2.9253685325087453,
  "summary_fg_mad": 108.47537315797604,
  "summary_fg_mean": 780.6137084960938,
  "summary_fg_median": 771.5704345703125,
  "summary_fg_n": 67343.0,
  "summary_fg_p05": 617.590478515625,
  "summary_fg_p95": 975.9947021484375,
  "summary_fg_stdv": 119.78582000732422,
  "tsnr": 38.6517783079762
}