{
  "aor": 0.0013921830985915492,
  "aqi": 0.02092367288732394,
  "bids_meta": {
    "AcquisitionMatrixPE": 116,
    "AcquisitionNumber": 1,
    "BandwidthPerPixelPhaseEncode": 23.946,
    "BaseResolution": 128,
    "BodyPartExamined": "BRAIN",
    "ConsistencyInfo": "N4_VD11D_LATEST_20110129",
    "ConversionSoftware": "dcm2niix",
    "ConversionSoftwareVersion": "v1.0.20180518 GCC4.8.5",
    "DerivedVendorReportedEchoSpacing": 0.000720011,
    "DwellTime": 2.5e-06,
    "EchoTime": 0.03,
    "EchoTrainLength": 58,
    "EffectiveEchoSpacing": 0.000360005,
    "FlipAngle": 71,
    "ImageOrientationPatientDICOM": [
      1,
      0,
      0,
      0,
      0.944376,
      0.328867
    ],
    "ImageType": [
      "ORIGINAL",
      "PRIMARY",
      "M",
      "ND",
      "NORM",
      "MOSAIC"
    ],
    "InPlanePhaseEncodingDirectionDICOM": "COL",
    "InstitutionName": "Princeton_University_-_Neuroscience_Institute",
    "MRAcquisitionType": "2D",
    "MagneticFieldStrength": 3,
    "Manufacturer": "Siemens",
    "ManufacturersModelName": "Skyra",
    "Modality": "MR",
    "ParallelReductionFactorInPlane": 2,
    "PartialFourier": 1,
    "PatientPosition": "HFS",
    "PercentPhaseFOV": 90.625,
    "PhaseEncodingDirection": "j-",
    "PhaseEncodingSteps": 116,
    "PhaseResolution": 1,
    "PixelBandwidth": 1565,
    "PulseSequenceDetails": "%SiemensSeq%_ep2d_bold",
    "ReceiveCoilActiveElements": "HE1-4",
    "ReceiveCoilName": "HeadNeck_20",
    "ReconMatrixPE": 116,
    "RepetitionTime": 2,
    "SAR": 0.0822545,
    "ScanOptions": "FS",
    "ScanningSequence": "EP",
    "SequenceVariant": "SK",
    "SeriesNumber": 8,
    "ShimSetting": [
      3201,
      10502,
      10022,
      656,
      -347,
      90,
      634,
      -15
    ],
    "SliceThickness": 3,
    "SliceTiming": [
      1,
      0,
      1.0675,
      0.0675,
      1.1325,
      0.1325,
      1.2,
      0.2,
      1.2675,
      0.2675,
      1.3325,
      0.3325,
      1.4,
      0.4,
      1.465,
      0.4675,
      1.5325,
      0.5325,
      1.6,
      0.6,
      1.665,
      0.6675,
      1.7325,
      0.7325,
      1.8,
      0.8,
      1.865,
      0.8675,
      1.9325,
      0.9325
    ],
    "SoftwareVersions": "syngo_MR_D11",
    "SpacingBetweenSlices": 3,
    "StationName": "AWP45031",
    "TaskName": "retrieval-practice/restudy phase",
    "TotalReadoutTime": 0.0414006,
    "TxRefAmp": 370.115,
    "dataset": "ds001775",
    "modality": "bold",
    "run_id": 3,
    "subject_id": "10",
    "task_id": "RP"
  },
  "dummy_trs": 0,
  "dvars_nstd": 40.421245709505286,
  "dvars_std": 1.1370348615194346,
  "dvars_vstd": 1.011859672014134,
  "efc": 0.4768050860599034,
  "fber": 1874.1937255859375,
  "fd_mean": 0.2511270625854934,
  "fd_num": 132,
  "fd_perc": 46.478873239436616,
  "fwhm_avg": 1.8872372222222225,
  "fwhm_x": 1.850035,
  "fwhm_y": 2.17136,
  "fwhm_z": 1.6403166666666669,
  "gcor": 0.0511074,
  "gsr_x": -0.027456317096948624,
  "gsr_y": 0.01966010592877865,
  "provenance": {
    "md5sum": "8c699ce381f8093aa182e4c97e8d1e3c",
    "settings": {
      "fd_thres": 0.2,
      "testing": false
    },
    "software": "mriqc",
    "version": "22.0.6",
    "webapi_port": null,
    "webapi_url": "https://mriqc.nimh.nih.gov/api/v1"
  },
  "size_t": 284,
  "size_x": 128,
  "size_y": 116,
  "size_z": 30,
  "snr": 6.512388532505222,
  "spacing_tr": 2.0,
  "spacing_x": 2.0,
  "spacing_y": 2.0,
  "spacing_z": 3.0,
  "summary_bg_k": 26.041865628133532,
  "summary_bg_mad": 9.924037671161614,
  "summary_bg_mean": 37.64171600341797,
  "summary_bg_median": 17.595069885253906,
  "summary_bg_n": 313415.0,
  "summary_bg_p05": 7.616197109222412,
  "summary_bg_p95": 158.49155120849602,
  "summary_bg_stdv": 66.59024047851562,
  "summary_fg_k": 3.0380581306436047,
  "summary_fg_mad": 106.173104747135,
  "summary_fg_mean": 777.4957275390625,
  "summary_fg_median": 769.926025390625,
  "summary_fg_n": 67443.0,
  "summary_fg_p05": 616.5880126953125,
  "summary_fg_p95": 967.952813720703,
  "summary_fg_stdv": 118.22395324707031,
  "tsnr": 38.40948077104986
}