{
  "aor": 0.0012201056338028168,
  "aqi": 0.020530784507042252,
  "bids_meta": {
    "AcquisitionMatrixPE": 116,
    "AcquisitionNumber": 1,
    "BandwidthPerPixelPhaseEncode": 23.946,
    "BaseResolution": 128,
    "BodyPartExamined": "BRAIN",
    "ConsistencyInfo": "N4_VD11D_LATEST_20110129",
    "ConversionSoftware": "dcm2niix",
    "ConversionSoftwareVersion": "v1.0.20180518 GCC4.8.5",
    "DerivedVendorReportedEchoSpacing": 0.000720011,
    "DwellTime": 2.5e-06,
    "EchoTime": 0.03,
    "EchoTrainLength": 58,
    "EffectiveEchoSpacing": 0.000360005,
    "FlipAngle": 71,
    "ImageOrientationPatientDICOM": [
      1,
      0,
      0,
      0,
      0.944376,
      0.328867
    ],
    "ImageType": [
      "ORIGINAL",
      "PRIMARY",
      "M",
      "ND",
      "NORM",
      "MOSAIC"
    ],
    "InPlanePhaseEncodingDirectionDICOM": "COL",
    "InstitutionName": "Princeton_University_-_Neuroscience_Institute",
    "MRAcquisitionType": "2D",
    "MagneticFieldStrength": 3,
    "Manufacturer": "Siemens",
    "ManufacturersModelName": "Skyra",
    "Modality": "MR",
    "ParallelReductionFactorInPlane": 2,
    "PartialFourier": 1,
    "PatientPosition": "HFS",
    "PercentPhaseFOV": 90.625,
    "PhaseEncodingDirection": "j-",
    "PhaseEncodingSteps": 116,
    "PhaseResolution": 1,
    "PixelBandwidth": 1565,
    "PulseSequenceDetails": "%SiemensSeq%_ep2d_bold",
    "ReceiveCoilActiveElements": "HE1-4",
    "ReceiveCoilName": "HeadNeck_20",
    "ReconMatrixPE": 116,
    "RepetitionTime": 2,
    "SAR": 0.0822545,
    "ScanOptions": "FS",
    "ScanningSequence": "EP",
    "SequenceVariant": "SK",
    "SeriesNumber": 8,
    "ShimSetting": [
      3201,
      10502,
      10022,
      656,
      -347,
      90,
      634,
      -15
    ],
    "SliceThickness": 3,
    "SliceTiming": [
      1,
      0,
      1.0675,
      0.0675,
      1.1325,
      0.1325,
      1.2,
      0.2,
      1.2675,
      0.2675,
      1.3325,
      0.3325,
      1.4,
      0.4,
      1.465,
      0.4675,
      1.5325,
      0.5325,
      1.6,
      0.6,
      1.665,
      0.6675,
      1.7325,
      0.7325,
      1.8,
      0.8,
      1.865,
      0.8675,
      1.9325,
      0.9325
    ],
    "SoftwareVersions": "syngo_MR_D11",
    "SpacingBetweenSlices": 3,
    "StationName": "AWP45031",
    "TaskName": "retrieval-practice/restudy phase",
    "TotalReadoutTime": 0.0414006,
    "TxRefAmp": 370.115,
    "dataset": "ds001775",
    "modality": "bold",
    "run_id": 2,
    "subject_id": "10",
    "task_id": "RP"
  },
  "dummy_trs": 0,
  "dvars_nstd": 40.86031807971733,
  "dvars_std": 1.1322224262897522,
  "dvars_vstd": 1.0056303268904587,
  "efc": 0.47741796045494483,
  "fber": 1873.5377197265625,
  "fd_mean": 0.24727378588582624,
  "fd_num": 156,
  "fd_perc": 54.929577464788736,
  "fwhm_avg": 1.864028888888889,
  "fwhm_x": 1.819725,
  "fwhm_y": 2.133645,
  "fwhm_z": 1.6387166666666666,
  "gcor": 0.0571596,
  "gsr_x": -0.028279120102524757,
  "gsr_y": 0.019536489620804787,
  "provenance": {
    "md5sum": "1a038ea2b6c13b1d06080fc7c7a5542d",
    "settings": {
      "fd_thres": 0.2,
      "testing": false
    },
    "software": "mriqc",
    "version": "22.0.6",
    "webapi_port": null,
    "webapi_url": "https://mriqc.nimh.nih.gov/api/v1"
  },
  "size_t": 284,
  "size_x": 128,
  "size_y": 116,
  "size_z": 30,
  "snr": 6.512661912085539,
  "spacing_tr": 2.0,
  "spacing_x": 2.0,
  "spacing_y": 2.0,
  "spacing_z": 3.0,
  "summary_bg_k": 25.999263723124635,
  "summary_bg_mad": 10.085870673369842,
  "summary_bg_mean": 38.03391647338867,
  "summary_bg_median": 17.598590850830078,
  "summary_bg_n": 313500.0,
  "summary_bg_p05": 7.566901206970215,
  "summary_bg_p95": 159.92693634033182,
  "summary_bg_stdv": 66.98698425292969,
  "summary_fg_k": 3.024300272078393,
  "summary_fg_mad": 106.99019195001563,
  "summary_fg_mean": 779.9386596679688,
  "summary_fg_median": 771.8045654296875,
  "summary_fg_n": 67312.0,
  "summary_fg_p05": 619.542236328125,
  "summary_fg_p95": 972.1987365722656,
  "summary_fg_stdv": 118.50743103027344,
  "tsnr": 38.526323192054406
}