{
  "aor": 0.0007788059701492536,
  "aqi": 0.015455487562189054,
  "bids_meta": {
    "AcquisitionMatrixPE": 116,
    "AcquisitionNumber": 1,
    "BandwidthPerPixelPhaseEncode": 23.946,
    "BaseResolution": 128,
    "BodyPartExamined": "BRAIN",
    "ConversionSoftware": "dcm2niix",
    "ConversionSoftwareVersion": "v1.0.20180518 GCC4.8.5",
    "DerivedVendorReportedEchoSpacing": 0.000720011,
    "DwellTime": 2.5e-06,
    "EchoTime": 0.03,
    "EchoTrainLength": 58,
    "EffectiveEchoSpacing": 0.000360005,
    "FlipAngle": 71,
    "ImageOrientationPatientDICOM": [
      1,
      0,
      0,
      0,
      0.944376,
      0.328867
    ],
    "ImageType": [
      "ORIGINAL",
      "PRIMARY",
      "M",
      "ND",
      "NORM",
      "MOSAIC"
    ],
    "InPlanePhaseEncodingDirectionDICOM": "COL",
    "InstitutionName": "Princeton_University_-_Neuroscience_Institute",
    "MRAcquisitionType": "2D",
    "MagneticFieldStrength": 3,
    "Manufacturer": "Siemens",
    "ManufacturersModelName": "Skyra",
    "Modality": "MR",
    "ParallelReductionFactorInPlane": 2,
    "PartialFourier": 1,
    "PatientPosition": "HFS",
    "PercentPhaseFOV": 90.625,
    "PhaseEncodingDirection": "j-",
    "PhaseEncodingSteps": 116,
    "PhaseResolution": 1,
    "PixelBandwidth": 1565,
    "PulseSequenceDetails": "%SiemensSeq%_ep2d_bold",
    "ReceiveCoilActiveElements": "HE1-4",
    "ReceiveCoilName": "HeadNeck_20",
    "ReconMatrixPE": 116,
    "RepetitionTime": 2,
    "SAR": 0.0822539,
    "ScanOptions": "FS",
    "ScanningSequence": "EP",
    "SequenceVariant": "SK",
    "SeriesNumber": 4,
    "ShimSetting": [
      3201,
      10502,
      10022,
      656,
      -347,
      90,
      634,
      -15
    ],
    "SliceThickness": 3,
    "SliceTiming": [
      1,
      0,
      1.065,
      0.065,
      1.1325,
      0.1325,
      1.2,
      0.2,
      1.265,
      0.265,
      1.3325,
      0.3325,
      1.4,
      0.4,
      1.465,
      0.465,
      1.5325,
      0.5325,
      1.6,
      0.6,
      1.665,
      0.665,
      1.7325,
      0.7325,
      1.8,
      0.8,
      1.865,
      0.865,
      1.9325,
      0.9325
    ],
    "SoftwareVersions": "syngo_MR_D11",
    "SpacingBetweenSlices": 3,
    "StationName": "AWP45031",
    "TaskName": "study phase",
    "TotalReadoutTime": 0.0414006,
    "TxRefAmp": 370.115,
    "dataset": "ds001775",
    "modality": "bold",
    "run_id": 1,
    "subject_id": "10",
    "task_id": "restudy"
  },
  "dummy_trs": 0,
  "dvars_nstd": 33.490944051899994,
  "dvars_std": 1.1028554423499999,
  "dvars_vstd": 0.9908320065499996,
  "efc": 0.473272508645606,
  "fber": 1968.3509521484375,
  "fd_mean": 0.09377552715120338,
  "fd_num": 6,
  "fd_perc": 2.985074626865672,
  "fwhm_avg": 1.9102438888888889,
  "fwhm_x": 1.86743,
  "fwhm_y": 2.182235,
  "fwhm_z": 1.6810666666666665,
  "gcor": 0.0152427,
  "gsr_x": -0.02599211223423481,
  "gsr_y": 0.015587743371725082,
  "provenance": {
    "md5sum": "d399cb75f5c499f947458fe3ba931979",
    "settings": {
      "fd_thres": 0.2,
      "testing": false
    },
    "software": "mriqc",
    "version": "22.0.6",
    "webapi_port": null,
    "webapi_url": "https://mriqc.nimh.nih.gov/api/v1"
  },
  "size_t": 201,
  "size_x": 128,
  "size_y": 116,
  "size_z": 30,
  "snr": 6.4226168613138555,
  "spacing_tr": 2.0,
  "spacing_x": 2.0,
  "spacing_y": 2.0,
  "spacing_z": 3.0,
  "summary_bg_k": 27.896168788841745,
  "summary_bg_mad": 9.670107598159678,
  "summary_bg_mean": 36.3318977355957,
  "summary_bg_median": 17.223880767822266,
  "summary_bg_n": 313518.0,
  "summary_bg_p05": 7.646766185760498,
  "summary_bg_p95": 148.60845642089808,
  "summary_bg_stdv": 64.28689575195312,
  "summary_fg_k": 3.268615262102241,
  "summary_fg_mad": 109.269973382628,
  "summary_fg_mean": 783.9384155273438,
  "summary_fg_median": 775.2338256835938,
  "summary_fg_n": 67273.0,
  "summary_fg_p05": 621.4119262695312,
  "summary_fg_p95": 978.952209472656,
  "summary_fg_stdv": 120.70283508300781,
  "tsnr": 43.783848403254524
}