{
  "aor": 0.0008501760563380281,
  "aqi": 0.01619477721830986,
  "bids_meta": {
    "AcquisitionMatrixPE": 116,
    "AcquisitionNumber": 1,
    "BandwidthPerPixelPhaseEncode": 23.946,
    "BaseResolution": 128,
    "BodyPartExamined": "BRAIN",
    "ConsistencyInfo": "N4_VD11D_LATEST_20110129",
    "ConversionSoftware": "dcm2niix",
    "ConversionSoftwareVersion": "v1.0.20180518 GCC4.8.5",
    "DerivedVendorReportedEchoSpacing": 0.000720011,
    "DwellTime": 2.5e-06,
    "EchoTime": 0.03,
    "EchoTrainLength": 58,
    "EffectiveEchoSpacing": 0.000360005,
    "FlipAngle": 71,
    "ImageOrientationPatientDICOM": [
      1,
      0,
      0,
      0,
      0.944376,
      0.328867
    ],
    "ImageType": [
      "ORIGINAL",
      "PRIMARY",
      "M",
      "ND",
      "NORM",
      "MOSAIC"
    ],
    "InPlanePhaseEncodingDirectionDICOM": "COL",
    "InstitutionName": "Princeton_University_-_Neuroscience_Institute",
    "MRAcquisitionType": "2D",
    "MagneticFieldStrength": 3,
    "Manufacturer": "Siemens",
    "ManufacturersModelName": "Skyra",
    "Modality": "MR",
    "ParallelReductionFactorInPlane": 2,
    "PartialFourier": 1,
    "PatientPosition": "HFS",
    "PercentPhaseFOV": 90.625,
    "PhaseEncodingDirection": "j-",
    "PhaseEncodingSteps": 116,
    "PhaseResolution": 1,
    "PixelBandwidth": 1565,
    "PulseSequenceDetails": "%SiemensSeq%_ep2d_bold",
    "ReceiveCoilActiveElements": "HE1-4",
    "ReceiveCoilName": "HeadNeck_20",
    "ReconMatrixPE": 116,
    "RepetitionTime": 2,
    "SAR": 0.0822545,
    "ScanOptions": "FS",
    "ScanningSequence": "EP",
    "SequenceVariant": "SK",
    "SeriesNumber": 8,
    "ShimSetting": [
      3201,
      10502,
      10022,
      656,
      -347,
      90,
      634,
      -15
    ],
    "SliceThickness": 3,
    "SliceTiming": [
      1,
      0,
      1.0675,
      0.0675,
      1.1325,
      0.1325,
      1.2,
      0.2,
      1.2675,
      0.2675,
      1.3325,
      0.3325,
      1.4,
      0.4,
      1.465,
      0.4675,
      1.5325,
      0.5325,
      1.6,
      0.6,
      1.665,
      0.6675,
      1.7325,
      0.7325,
      1.8,
      0.8,
      1.865,
      0.8675,
      1.9325,
      0.9325
    ],
    "SoftwareVersions": "syngo_MR_D11",
    "SpacingBetweenSlices": 3,
    "StationName": "AWP45031",
    "TaskName": "retrieval-practice/restudy phase",
    "TotalReadoutTime": 0.0414006,
    "TxRefAmp": 370.115,
    "dataset": "ds001775",
    "modality": "bold",
    "run_id": 1,
    "subject_id": "21",
    "task_id": "RP"
  },
  "dummy_trs": 0,
  "dvars_nstd": 31.487873286607776,
  "dvars_std": 1.1146132597173137,
  "dvars_vstd": 0.9867768306007066,
  "efc": 0.4829772531961636,
  "fber": 2176.704345703125,
  "fd_mean": 0.15758843982064555,
  "fd_num": 63,
  "fd_perc": 22.183098591549296,
  "fwhm_avg": 1.9240072222222224,
  "fwhm_x": 1.90166,
  "fwhm_y": 2.157265,
  "fwhm_z": 1.7130966666666667,
  "gcor": 0.0276545,
  "gsr_x": -0.017563285306096077,
  "gsr_y": 0.02920471504330635,
  "provenance": {
    "md5sum": "0b90cf2cbeefb538762e90b50ea02d7b",
    "settings": {
      "fd_thres": 0.2,
      "testing": false
    },
    "software": "mriqc",
    "version": "22.0.6",
    "webapi_port": null,
    "webapi_url": "https://mriqc.nimh.nih.gov/api/v1"
  },
  "size_t": 284,
  "size_x": 128,
  "size_y": 116,
  "size_z": 30,
  "snr": 6.256527491578405,
  "spacing_tr": 2.0,
  "spacing_x": 2.0,
  "spacing_y": 2.0,
  "spacing_z": 3.0,
  "summary_bg_k": 33.07525718023018,
  "summary_bg_mad": 10.592253273331899,
  "summary_bg_mean": 38.71259689331055,
  "summary_bg_median": 18.591548919677734,
  "summary_bg_n": 305062.0,
  "summary_bg_p05": 7.85915470123291,
  "summary_bg_p95": 138.37605056762712,
  "summary_bg_stdv": 72.43608856201172,
  "summary_fg_k": 3.358554357296722,
  "summary_fg_mad": 127.33407518718445,
  "summary_fg_mean": 890.1470336914062,
  "summary_fg_median": 879.3292236328125,
  "summary_fg_n": 74962.0,
  "summary_fg_p05": 705.412142944336,
  "summary_fg_p95": 1114.5699035644532,
  "summary_fg_stdv": 140.54495239257812,
  "tsnr": 45.37236510543153
}