{
  "aor": 0.0004384859154929577,
  "aqi": 0.01137283647887324,
  "bids_meta": {
    "AcquisitionMatrixPE": 116,
    "AcquisitionNumber": 1,
    "BandwidthPerPixelPhaseEncode": 23.946,
    "BaseResolution": 128,
    "BodyPartExamined": "BRAIN",
    "ConsistencyInfo": "N4_VD11D_LATEST_20110129",
    "ConversionSoftware": "dcm2niix",
    "ConversionSoftwareVersion": "v1.0.20180518 GCC4.8.5",
    "DerivedVendorReportedEchoSpacing": 0.000720011,
    "DwellTime": 2.5e-06,
    "EchoTime": 0.03,
    "EchoTrainLength": 58,
    "EffectiveEchoSpacing": 0.000360005,
    "FlipAngle": 71,
    "ImageOrientationPatientDICOM": [
      1,
      0,
      0,
      0,
      0.944376,
      0.328867
    ],
    "ImageType": [
      "ORIGINAL",
      "PRIMARY",
      "M",
      "ND",
      "NORM",
      "MOSAIC"
    ],
    "InPlanePhaseEncodingDirectionDICOM": "COL",
    "InstitutionName": "Princeton_University_-_Neuroscience_Institute",
    "MRAcquisitionType": "2D",
    "MagneticFieldStrength": 3,
    "Manufacturer": "Siemens",
    "ManufacturersModelName": "Skyra",
    "Modality": "MR",
    "ParallelReductionFactorInPlane": 2,
    "PartialFourier": 1,
    "PatientPosition": "HFS",
    "PercentPhaseFOV": 90.625,
    "PhaseEncodingDirection": "j-",
    "PhaseEncodingSteps": 116,
    "PhaseResolution": 1,
    "PixelBandwidth": 1565,
    "PulseSequenceDetails": "%SiemensSeq%_ep2d_bold",
    "ReceiveCoilActiveElements": "HE1-4",
    "ReceiveCoilName": "HeadNeck_20",
    "ReconMatrixPE": 116,
    "RepetitionTime": 2,
    "SAR": 0.0822545,
    "ScanOptions": "FS",
    "ScanningSequence": "EP",
    "SequenceVariant": "SK",
    "SeriesNumber": 8,
    "ShimSetting": [
      3201,
      10502,
      10022,
      656,
      -347,
      90,
      634,
      -15
    ],
    "SliceThickness": 3,
    "SliceTiming": [
      1,
      0,
      1.0675,
      0.0675,
      1.1325,
      0.1325,
      1.2,
      0.2,
      1.2675,
      0.2675,
      1.3325,
      0.3325,
      1.4,
      0.4,
      1.465,
      0.4675,
      1.5325,
      0.5325,
      1.6,
      0.6,
      1.665,
      0.6675,
      1.7325,
      0.7325,
      1.8,
      0.8,
      1.865,
      0.8675,
      1.9325,
      0.9325
    ],
    "SoftwareVersions": "syngo_MR_D11",
    "SpacingBetweenSlices": 3,
    "StationName": "AWP45031",
    "TaskName": "retrieval-practice/restudy phase",
    "TotalReadoutTime": 0.0414006,
    "TxRefAmp": 370.115,
    "dataset": "ds001775",
    "modality": "bold",
    "run_id": 2,
    "subject_id": "21",
    "task_id": "RP"
  },
  "dummy_trs": 0,
  "dvars_nstd": 30.650020821837465,
  "dvars_std": 1.113805370459365,
  "dvars_vstd": 0.9907248900353349,
  "efc": 0.48142937411419345,
  "fber": 2214.00244140625,
  "fd_mean": 0.14710336718944889,
  "fd_num": 44,
  "fd_perc": 15.492957746478874,
  "fwhm_avg": 1.8749566666666666,
  "fwhm_x": 1.84977,
  "fwhm_y": 2.1136,
  "fwhm_z": 1.6615,
  "gcor": 0.0878206,
  "gsr_x": -0.01621870882809162,
  "gsr_y": 0.026060016825795174,
  "provenance": {
    "md5sum": "4c8cca22adef59b59d49eb36a981b1cd",
    "settings": {
      "fd_thres": 0.2,
      "testing": false
    },
    "software": "mriqc",
    "version": "22.0.6",
    "webapi_port": null,
    "webapi_url": "https://mriqc.nimh.nih.gov/api/v1"
  },
  "size_t": 284,
  "size_x": 128,
  "size_y": 116,
  "size_z": 30,
  "snr": 6.313076996442078,
  "spacing_tr": 2.0,
  "spacing_x": 2.0,
  "spacing_y": 2.0,
  "spacing_z": 3.0,
  "summary_bg_k": 33.75764409923921,
  "summary_bg_mad": 10.602693656080929,
  "summary_bg_mean": 37.88515853881836,
  "summary_bg_median": 18.43661880493164,
  "summary_bg_n": 305031.0,
  "summary_bg_p05": 7.823943614959717,
  "summary_bg_p95": 134.5598602294922,
  "summary_bg_stdv": 70.71136474609375,
  "summary_fg_k": 3.3663766498615564,
  "summary_fg_mad": 125.43127866926291,
  "summary_fg_mean": 890.4517822265625,
  "summary_fg_median": 879.9894409179688,
  "summary_fg_n": 74761.0,
  "summary_fg_p05": 705.75,
  "summary_fg_p95": 1114.2288818359375,
  "summary_fg_stdv": 139.39059448242188,
  "tsnr": 48.535516365780495
}