{
  "aor": 0.0042840298507462685,
  "aqi": 0.012966259701492537,
  "bids_meta": {
    "AcquisitionMatrixPE": 116,
    "AcquisitionNumber": 1,
    "BandwidthPerPixelPhaseEncode": 23.946,
    "BaseResolution": 128,
    "BodyPartExamined": "BRAIN",
    "ConversionSoftware": "dcm2niix",
    "ConversionSoftwareVersion": "v1.0.20180518 GCC4.8.5",
    "DerivedVendorReportedEchoSpacing": 0.000720011,
    "DwellTime": 2.5e-06,
    "EchoTime": 0.03,
    "EchoTrainLength": 58,
    "EffectiveEchoSpacing": 0.000360005,
    "FlipAngle": 71,
    "ImageOrientationPatientDICOM": [
      1,
      0,
      0,
      0,
      0.944376,
      0.328867
    ],
    "ImageType": [
      "ORIGINAL",
      "PRIMARY",
      "M",
      "ND",
      "NORM",
      "MOSAIC"
    ],
    "InPlanePhaseEncodingDirectionDICOM": "COL",
    "InstitutionName": "Princeton_University_-_Neuroscience_Institute",
    "MRAcquisitionType": "2D",
    "MagneticFieldStrength": 3,
    "Manufacturer": "Siemens",
    "ManufacturersModelName": "Skyra",
    "Modality": "MR",
    "ParallelReductionFactorInPlane": 2,
    "PartialFourier": 1,
    "PatientPosition": "HFS",
    "PercentPhaseFOV": 90.625,
    "PhaseEncodingDirection": "j-",
    "PhaseEncodingSteps": 116,
    "PhaseResolution": 1,
    "PixelBandwidth": 1565,
    "PulseSequenceDetails": "%SiemensSeq%_ep2d_bold",
    "ReceiveCoilActiveElements": "HE1-4",
    "ReceiveCoilName": "HeadNeck_20",
    "ReconMatrixPE": 116,
    "RepetitionTime": 2,
    "SAR": 0.0822539,
    "ScanOptions": "FS",
    "ScanningSequence": "EP",
    "SequenceVariant": "SK",
    "SeriesNumber": 4,
    "ShimSetting": [
      3201,
      10502,
      10022,
      656,
      -347,
      90,
      634,
      -15
    ],
    "SliceThickness": 3,
    "SliceTiming": [
      1,
      0,
      1.065,
      0.065,
      1.1325,
      0.1325,
      1.2,
      0.2,
      1.265,
      0.265,
      1.3325,
      0.3325,
      1.4,
      0.4,
      1.465,
      0.465,
      1.5325,
      0.5325,
      1.6,
      0.6,
      1.665,
      0.665,
      1.7325,
      0.7325,
      1.8,
      0.8,
      1.865,
      0.865,
      1.9325,
      0.9325
    ],
    "SoftwareVersions": "syngo_MR_D11",
    "SpacingBetweenSlices": 3,
    "StationName": "AWP45031",
    "TaskName": "study phase",
    "TotalReadoutTime": 0.0414006,
    "TxRefAmp": 370.115,
    "dataset": "ds001775",
    "modality": "bold",
    "run_id": 2,
    "subject_id": "21",
    "task_id": "restudy"
  },
  "dummy_trs": 0,
  "dvars_nstd": 28.56462177249999,
  "dvars_std": 1.1361520651499994,
  "dvars_vstd": 1.0442726205499997,
  "efc": 0.4790310868109833,
  "fber": 2249.984375,
  "fd_mean": 0.10535202355491144,
  "fd_num": 6,
  "fd_perc": 2.985074626865672,
  "fwhm_avg": 1.8867494444444446,
  "fwhm_x": 1.870215,
  "fwhm_y": 2.11824,
  "fwhm_z": 1.6717933333333335,
  "gcor": 0.0154227,
  "gsr_x": -0.013375389389693737,
  "gsr_y": 0.02081334963440895,
  "provenance": {
    "md5sum": "d6143e059134e3d69c839ccf5ef367ea",
    "settings": {
      "fd_thres": 0.2,
      "testing": false
    },
    "software": "mriqc",
    "version": "22.0.6",
    "webapi_port": null,
    "webapi_url": "https://mriqc.nimh.nih.gov/api/v1"
  },
  "size_t": 201,
  "size_x": 128,
  "size_y": 116,
  "size_z": 30,
  "snr": 6.361030433738793,
  "spacing_tr": 2.0,
  "spacing_x": 2.0,
  "spacing_y": 2.0,
  "spacing_z": 3.0,
  "summary_bg_k": 35.68244574341285,
  "summary_bg_mad": 10.249133148351536,
  "summary_bg_mean": 36.27222442626953,
  "summary_bg_median": 18.109453201293945,
  "summary_bg_n": 304952.0,
  "summary_bg_p05": 7.781094551086426,
  "summary_bg_p95": 126.46989746093756,
  "summary_bg_stdv": 68.04153442382812,
  "summary_fg_k": 3.508155885898659,
  "summary_fg_mad": 122.15614304338564,
  "summary_fg_mean": 881.5877685546875,
  "summary_fg_median": 870.6417846679688,
  "summary_fg_n": 74629.0,
  "summary_fg_p05": 699.7681518554688,
  "summary_fg_p95": 1101.9949951171875,
  "summary_fg_stdv": 136.87026977539062,
  "tsnr": 48.15564026264474
}