{
  "aor": 0.00260556338028169,
  "aqi": 0.01798206338028169,
  "bids_meta": {
    "AcquisitionMatrixPE": 116,
    "AcquisitionNumber": 1,
    "BandwidthPerPixelPhaseEncode": 23.946,
    "BaseResolution": 128,
    "BodyPartExamined": "BRAIN",
    "ConsistencyInfo": "N4_VD11D_LATEST_20110129",
    "ConversionSoftware": "dcm2niix",
    "ConversionSoftwareVersion": "v1.0.20180518 GCC4.8.5",
    "DerivedVendorReportedEchoSpacing": 0.000720011,
    "DwellTime": 2.5e-06,
    "EchoTime": 0.03,
    "EchoTrainLength": 58,
    "EffectiveEchoSpacing": 0.000360005,
    "FlipAngle": 71,
    "ImageOrientationPatientDICOM": [
      1,
      0,
      0,
      0,
      0.944376,
      0.328867
    ],
    "ImageType": [
      "ORIGINAL",
      "PRIMARY",
      "M",
      "ND",
      "NORM",
      "MOSAIC"
    ],
    "InPlanePhaseEncodingDirectionDICOM": "COL",
    "InstitutionName": "Princeton_University_-_Neuroscience_Institute",
    "MRAcquisitionType": "2D",
    "MagneticFieldStrength": 3,
    "Manufacturer": "Siemens",
    "ManufacturersModelName": "Skyra",
    "Modality": "MR",
    "ParallelReductionFactorInPlane": 2,
    "PartialFourier": 1,
    "PatientPosition": "HFS",
    "PercentPhaseFOV": 90.625,
    "PhaseEncodingDirection": "j-",
    "PhaseEncodingSteps": 116,
    "PhaseResolution": 1,
    "PixelBandwidth": 1565,
    "PulseSequenceDetails": "%SiemensSeq%_ep2d_bold",
    "ReceiveCoilActiveElements": "HE1-4",
    "ReceiveCoilName": "HeadNeck_20",
    "ReconMatrixPE": 116,
    "RepetitionTime": 2,
    "SAR": 0.0822545,
    "ScanOptions": "FS",
    "ScanningSequence": "EP",
    "SequenceVariant": "SK",
    "SeriesNumber": 8,
    "ShimSetting": [
      3201,
      10502,
      10022,
      656,
      -347,
      90,
      634,
      -15
    ],
    "SliceThickness": 3,
    "SliceTiming": [
      1,
      0,
      1.0675,
      0.0675,
      1.1325,
      0.1325,
      1.2,
      0.2,
      1.2675,
      0.2675,
      1.3325,
      0.3325,
      1.4,
      0.4,
      1.465,
      0.4675,
      1.5325,
      0.5325,
      1.6,
      0.6,
      1.665,
      0.6675,
      1.7325,
      0.7325,
      1.8,
      0.8,
      1.865,
      0.8675,
      1.9325,
      0.9325
    ],
    "SoftwareVersions": "syngo_MR_D11",
    "SpacingBetweenSlices": 3,
    "StationName": "AWP45031",
    "TaskName": "retrieval-practice/restudy phase",
    "TotalReadoutTime": 0.0414006,
    "TxRefAmp": 370.115,
    "dataset": "ds001775",
    "modality": "bold",
    "run_id": 2,
    "subject_id": "11",
    "task_id": "RP"
  },
  "dummy_trs": 0,
  "dvars_nstd": 37.87339371600705,
  "dvars_std": 1.1595966050883393,
  "dvars_vstd": 1.0265834632862194,
  "efc": 0.4711851302280962,
  "fber": 1984.2532958984375,
  "fd_mean": 0.1832153712346735,
  "fd_num": 105,
  "fd_perc": 36.971830985915496,
  "fwhm_avg": 1.8710855555555554,
  "fwhm_x": 1.77487,
  "fwhm_y": 2.18041,
  "fwhm_z": 1.6579766666666667,
  "gcor": 0.0528447,
  "gsr_x": -0.026750626042485237,
  "gsr_y": 0.03224372863769531,
  "provenance": {
    "md5sum": "2711f3b73f05a75978b33f329f0498f7",
    "settings": {
      "fd_thres": 0.2,
      "testing": false
    },
    "software": "mriqc",
    "version": "22.0.6",
    "webapi_port": null,
    "webapi_url": "https://mriqc.nimh.nih.gov/api/v1"
  },
  "size_t": 284,
  "size_x": 128,
  "size_y": 116,
  "size_z": 30,
  "snr": 6.538131930243285,
  "spacing_tr": 2.0,
  "spacing_x": 2.0,
  "spacing_y": 2.0,
  "spacing_z": 3.0,
  "summary_bg_k": 54.90933945728232,
  "summary_bg_mad": 9.026123751075097,
  "summary_bg_mean": 31.753767013549805,
  "summary_bg_median": 16.5669002532959,
  "summary_bg_n": 310933.0,
  "summary_bg_p05": 7.397887229919434,
  "summary_bg_p95": 96.00844879150378,
  "summary_bg_stdv": 60.8463134765625,
  "summary_fg_k": 3.6068845115203283,
  "summary_fg_mad": 100.93178375726299,
  "summary_fg_mean": 755.2921752929688,
  "summary_fg_median": 746.9612426757812,
  "summary_fg_n": 70349.0,
  "summary_fg_p05": 606.4436401367187,
  "summary_fg_p95": 939.5091308593749,
  "summary_fg_stdv": 114.24607849121094,
  "tsnr": 42.71088383346796
}