{
  "aor": 0.0011313380281690142,
  "aqi": 0.015464154929577464,
  "bids_meta": {
    "AcquisitionMatrixPE": 116,
    "AcquisitionNumber": 1,
    "BandwidthPerPixelPhaseEncode": 23.946,
    "BaseResolution": 128,
    "BodyPartExamined": "BRAIN",
    "ConsistencyInfo": "N4_VD11D_LATEST_20110129",
    "ConversionSoftware": "dcm2niix",
    "ConversionSoftwareVersion": "v1.0.20180518 GCC4.8.5",
    "DerivedVendorReportedEchoSpacing": 0.000720011,
    "DwellTime": 2.5e-06,
    "EchoTime": 0.03,
    "EchoTrainLength": 58,
    "EffectiveEchoSpacing": 0.000360005,
    "FlipAngle": 71,
    "ImageOrientationPatientDICOM": [
      1,
      0,
      0,
      0,
      0.944376,
      0.328867
    ],
    "ImageType": [
      "ORIGINAL",
      "PRIMARY",
      "M",
      "ND",
      "NORM",
      "MOSAIC"
    ],
    "InPlanePhaseEncodingDirectionDICOM": "COL",
    "InstitutionName": "Princeton_University_-_Neuroscience_Institute",
    "MRAcquisitionType": "2D",
    "MagneticFieldStrength": 3,
    "Manufacturer": "Siemens",
    "ManufacturersModelName": "Skyra",
    "Modality": "MR",
    "ParallelReductionFactorInPlane": 2,
    "PartialFourier": 1,
    "PatientPosition": "HFS",
    "PercentPhaseFOV": 90.625,
    "PhaseEncodingDirection": "j-",
    "PhaseEncodingSteps": 116,
    "PhaseResolution": 1,
    "PixelBandwidth": 1565,
    "PulseSequenceDetails": "%SiemensSeq%_ep2d_bold",
    "ReceiveCoilActiveElements": "HE1-4",
    "ReceiveCoilName": "HeadNeck_20",
    "ReconMatrixPE": 116,
    "RepetitionTime": 2,
    "SAR": 0.0822545,
    "ScanOptions": "FS",
    "ScanningSequence": "EP",
    "SequenceVariant": "SK",
    "SeriesNumber": 8,
    "ShimSetting": [
      3201,
      10502,
      10022,
      656,
      -347,
      90,
      634,
      -15
    ],
    "SliceThickness": 3,
    "SliceTiming": [
      1,
      0,
      1.0675,
      0.0675,
      1.1325,
      0.1325,
      1.2,
      0.2,
      1.2675,
      0.2675,
      1.3325,
      0.3325,
      1.4,
      0.4,
      1.465,
      0.4675,
      1.5325,
      0.5325,
      1.6,
      0.6,
      1.665,
      0.6675,
      1.7325,
      0.7325,
      1.8,
      0.8,
      1.865,
      0.8675,
      1.9325,
      0.9325
    ],
    "SoftwareVersions": "syngo_MR_D11",
    "SpacingBetweenSlices": 3,
    "StationName": "AWP45031",
    "TaskName": "retrieval-practice/restudy phase",
    "TotalReadoutTime": 0.0414006,
    "TxRefAmp": 370.115,
    "dataset": "ds001775",
    "modality": "bold",
    "run_id": 1,
    "subject_id": "11",
    "task_id": "RP"
  },
  "dummy_trs": 0,
  "dvars_nstd": 35.85269272869258,
  "dvars_std": 1.1406936198586572,
  "dvars_vstd": 1.0088670502473502,
  "efc": 0.47043900515006526,
  "fber": 1996.968017578125,
  "fd_mean": 0.16411544351807023,
  "fd_num": 80,
  "fd_perc": 28.169014084507044,
  "fwhm_avg": 1.8805805555555555,
  "fwhm_x": 1.794765,
  "fwhm_y": 2.1843,
  "fwhm_z": 1.6626766666666668,
  "gcor": 0.0217316,
  "gsr_x": -0.026823805645108223,
  "gsr_y": 0.032210126519203186,
  "provenance": {
    "md5sum": "28671cd0b47e9b6070db4c6ff302f12d",
    "settings": {
      "fd_thres": 0.2,
      "testing": false
    },
    "software": "mriqc",
    "version": "22.0.6",
    "webapi_port": null,
    "webapi_url": "https://mriqc.nimh.nih.gov/api/v1"
  },
  "size_t": 284,
  "size_x": 128,
  "size_y": 116,
  "size_z": 30,
  "snr": 6.453737018974591,
  "spacing_tr": 2.0,
  "spacing_x": 2.0,
  "spacing_y": 2.0,
  "spacing_z": 3.0,
  "summary_bg_k": 54.270723750805125,
  "summary_bg_mad": 9.078328492659555,
  "summary_bg_mean": 31.891721725463867,
  "summary_bg_median": 16.591548919677734,
  "summary_bg_n": 311136.0,
  "summary_bg_p05": 7.390844821929932,
  "summary_bg_p95": 96.5713005065918,
  "summary_bg_stdv": 61.55051040649414,
  "summary_fg_k": 3.373278992201505,
  "summary_fg_mad": 103.57330239498253,
  "summary_fg_mean": 759.4268188476562,
  "summary_fg_median": 750.4612426757812,
  "summary_fg_n": 70167.0,
  "summary_fg_p05": 608.5352172851562,
  "summary_fg_p95": 948.2158386230468,
  "summary_fg_stdv": 116.28237915039062,
  "tsnr": 46.15952632180415
}