{
  "aor": 0.0016758802816901409,
  "aqi": 0.029323625352112675,
  "bids_meta": {
    "AcquisitionMatrixPE": 116,
    "AcquisitionNumber": 1,
    "BandwidthPerPixelPhaseEncode": 23.946,
    "BaseResolution": 128,
    "BodyPartExamined": "BRAIN",
    "ConsistencyInfo": "N4_VD11D_LATEST_20110129",
    "ConversionSoftware": "dcm2niix",
    "ConversionSoftwareVersion": "v1.0.20180518 GCC4.8.5",
    "DerivedVendorReportedEchoSpacing": 0.000720011,
    "DwellTime": 2.5e-06,
    "EchoTime": 0.03,
    "EchoTrainLength": 58,
    "EffectiveEchoSpacing": 0.000360005,
    "FlipAngle": 71,
    "ImageOrientationPatientDICOM": [
      1,
      0,
      0,
      0,
      0.944376,
      0.328867
    ],
    "ImageType": [
      "ORIGINAL",
      "PRIMARY",
      "M",
      "ND",
      "NORM",
      "MOSAIC"
    ],
    "InPlanePhaseEncodingDirectionDICOM": "COL",
    "InstitutionName": "Princeton_University_-_Neuroscience_Institute",
    "MRAcquisitionType": "2D",
    "MagneticFieldStrength": 3,
    "Manufacturer": "Siemens",
    "ManufacturersModelName": "Skyra",
    "Modality": "MR",
    "ParallelReductionFactorInPlane": 2,
    "PartialFourier": 1,
    "PatientPosition": "HFS",
    "PercentPhaseFOV": 90.625,
    "PhaseEncodingDirection": "j-",
    "PhaseEncodingSteps": 116,
    "PhaseResolution": 1,
    "PixelBandwidth": 1565,
    "PulseSequenceDetails": "%SiemensSeq%_ep2d_bold",
    "ReceiveCoilActiveElements": "HE1-4",
    "ReceiveCoilName": "HeadNeck_20",
    "ReconMatrixPE": 116,
    "RepetitionTime": 2,
    "SAR": 0.0822545,
    "ScanOptions": "FS",
    "ScanningSequence": "EP",
    "SequenceVariant": "SK",
    "SeriesNumber": 8,
    "ShimSetting": [
      3201,
      10502,
      10022,
      656,
      -347,
      90,
      634,
      -15
    ],
    "SliceThickness": 3,
    "SliceTiming": [
      1,
      0,
      1.0675,
      0.0675,
      1.1325,
      0.1325,
      1.2,
      0.2,
      1.2675,
      0.2675,
      1.3325,
      0.3325,
      1.4,
      0.4,
      1.465,
      0.4675,
      1.5325,
      0.5325,
      1.6,
      0.6,
      1.665,
      0.6675,
      1.7325,
      0.7325,
      1.8,
      0.8,
      1.865,
      0.8675,
      1.9325,
      0.9325
    ],
    "SoftwareVersions": "syngo_MR_D11",
    "SpacingBetweenSlices": 3,
    "StationName": "AWP45031",
    "TaskName": "retrieval-practice/restudy phase",
    "TotalReadoutTime": 0.0414006,
    "TxRefAmp": 370.115,
    "dataset": "ds001775",
    "modality": "bold",
    "run_id": 4,
    "subject_id": "11",
    "task_id": "RP"
  },
  "dummy_trs": 0,
  "dvars_nstd": 35.91700243194346,
  "dvars_std": 1.0813914574911665,
  "dvars_vstd": 0.9834419189399288,
  "efc": 0.46973124096937446,
  "fber": 1964.3067626953125,
  "fd_mean": 0.20605805854321796,
  "fd_num": 117,
  "fd_perc": 41.19718309859155,
  "fwhm_avg": 1.895815,
  "fwhm_x": 1.82833,
  "fwhm_y": 2.261715,
  "fwhm_z": 1.5974000000000002,
  "gcor": 0.0258343,
  "gsr_x": -0.026270955801010132,
  "gsr_y": 0.033208902925252914,
  "provenance": {
    "md5sum": "0f0a489f4e962c2362ec5650f7339366",
    "settings": {
      "fd_thres": 0.2,
      "testing": false
    },
    "software": "mriqc",
    "version": "22.0.6",
    "webapi_port": null,
    "webapi_url": "https://mriqc.nimh.nih.gov/api/v1"
  },
  "size_t": 284,
  "size_x": 128,
  "size_y": 116,
  "size_z": 30,
  "snr": 6.4854383701402325,
  "spacing_tr": 2.0,
  "spacing_x": 2.0,
  "spacing_y": 2.0,
  "spacing_z": 3.0,
  "summary_bg_k": 60.365727765063646,
  "summary_bg_mad": 9.255823482910984,
  "summary_bg_mean": 31.65284538269043,
  "summary_bg_median": 16.71478843688965,
  "summary_bg_n": 311205.0,
  "summary_bg_p05": 7.383802890777588,
  "summary_bg_p95": 95.89577484130847,
  "summary_bg_stdv": 60.525047302246094,
  "summary_fg_k": 3.5217953887066145,
  "summary_fg_mad": 100.27925417977008,
  "summary_fg_mean": 754.2127075195312,
  "summary_fg_median": 745.5034790039062,
  "summary_fg_n": 69975.0,
  "summary_fg_p05": 603.4196899414062,
  "summary_fg_p95": 942.0270812988282,
  "summary_fg_stdv": 114.94953918457031,
  "tsnr": 36.59011539747007
}