{
  "aor": 0.00042666666666666667,
  "aqi": 0.01143124144278607,
  "bids_meta": {
    "AcquisitionMatrixPE": 116,
    "AcquisitionNumber": 1,
    "BandwidthPerPixelPhaseEncode": 23.946,
    "BaseResolution": 128,
    "BodyPartExamined": "BRAIN",
    "ConversionSoftware": "dcm2niix",
    "ConversionSoftwareVersion": "v1.0.20180518 GCC4.8.5",
    "DerivedVendorReportedEchoSpacing": 0.000720011,
    "DwellTime": 2.5e-06,
    "EchoTime": 0.03,
    "EchoTrainLength": 58,
    "EffectiveEchoSpacing": 0.000360005,
    "FlipAngle": 71,
    "ImageOrientationPatientDICOM": [
      1,
      0,
      0,
      0,
      0.944376,
      0.328867
    ],
    "ImageType": [
      "ORIGINAL",
      "PRIMARY",
      "M",
      "ND",
      "NORM",
      "MOSAIC"
    ],
    "InPlanePhaseEncodingDirectionDICOM": "COL",
    "InstitutionName": "Princeton_University_-_Neuroscience_Institute",
    "MRAcquisitionType": "2D",
    "MagneticFieldStrength": 3,
    "Manufacturer": "Siemens",
    "ManufacturersModelName": "Skyra",
    "Modality": "MR",
    "ParallelReductionFactorInPlane": 2,
    "PartialFourier": 1,
    "PatientPosition": "HFS",
    "PercentPhaseFOV": 90.625,
    "PhaseEncodingDirection": "j-",
    "PhaseEncodingSteps": 116,
    "PhaseResolution": 1,
    "PixelBandwidth": 1565,
    "PulseSequenceDetails": "%SiemensSeq%_ep2d_bold",
    "ReceiveCoilActiveElements": "HE1-4",
    "ReceiveCoilName": "HeadNeck_20",
    "ReconMatrixPE": 116,
    "RepetitionTime": 2,
    "SAR": 0.0822539,
    "ScanOptions": "FS",
    "ScanningSequence": "EP",
    "SequenceVariant": "SK",
    "SeriesNumber": 4,
    "ShimSetting": [
      3201,
      10502,
      10022,
      656,
      -347,
      90,
      634,
      -15
    ],
    "SliceThickness": 3,
    "SliceTiming": [
      1,
      0,
      1.065,
      0.065,
      1.1325,
      0.1325,
      1.2,
      0.2,
      1.265,
      0.265,
      1.3325,
      0.3325,
      1.4,
      0.4,
      1.465,
      0.465,
      1.5325,
      0.5325,
      1.6,
      0.6,
      1.665,
      0.665,
      1.7325,
      0.7325,
      1.8,
      0.8,
      1.865,
      0.865,
      1.9325,
      0.9325
    ],
    "SoftwareVersions": "syngo_MR_D11",
    "SpacingBetweenSlices": 3,
    "StationName": "AWP45031",
    "TaskName": "study phase",
    "TotalReadoutTime": 0.0414006,
    "TxRefAmp": 370.115,
    "dataset": "ds001775",
    "modality": "bold",
    "run_id": 1,
    "subject_id": "11",
    "task_id": "restudy"
  },
  "dummy_trs": 0,
  "dvars_nstd": 30.300103540299986,
  "dvars_std": 1.1029681443,
  "dvars_vstd": 1.0022724334999997,
  "efc": 0.4676722113674944,
  "fber": 2063.617431640625,
  "fd_mean": 0.04337902922750841,
  "fd_num": 1,
  "fd_perc": 0.4975124378109453,
  "fwhm_avg": 1.8879616666666665,
  "fwhm_x": 1.78974,
  "fwhm_y": 2.189285,
  "fwhm_z": 1.6848599999999998,
  "gcor": 0.0326856,
  "gsr_x": -0.024629119783639908,
  "gsr_y": 0.02739492431282997,
  "provenance": {
    "md5sum": "73a3e5b39594df24760b79a835e791e8",
    "settings": {
      "fd_thres": 0.2,
      "testing": false
    },
    "software": "mriqc",
    "version": "22.0.6",
    "webapi_port": null,
    "webapi_url": "https://mriqc.nimh.nih.gov/api/v1"
  },
  "size_t": 201,
  "size_x": 128,
  "size_y": 116,
  "size_z": 30,
  "snr": 6.468774140029719,
  "spacing_tr": 2.0,
  "spacing_x": 2.0,
  "spacing_y": 2.0,
  "spacing_z": 3.0,
  "summary_bg_k": 54.50009057749518,
  "summary_bg_mad": 8.748092003595923,
  "summary_bg_mean": 30.656902313232422,
  "summary_bg_median": 16.298507690429688,
  "summary_bg_n": 311436.0,
  "summary_bg_p05": 7.417910099029541,
  "summary_bg_p95": 91.44278717041016,
  "summary_bg_stdv": 58.007469177246094,
  "summary_fg_k": 3.507694419134747,
  "summary_fg_mad": 102.56505325444363,
  "summary_fg_mean": 759.940673828125,
  "summary_fg_median": 750.7412719726562,
  "summary_fg_n": 69933.0,
  "summary_fg_p05": 609.030810546875,
  "summary_fg_p95": 947.5342895507812,
  "summary_fg_stdv": 116.05535888671875,
  "tsnr": 51.24997270933818
}