{
  "aor": 0.0008282089552238807,
  "aqi": 0.013167603631840795,
  "bids_meta": {
    "AcquisitionMatrixPE": 116,
    "AcquisitionNumber": 1,
    "BandwidthPerPixelPhaseEncode": 23.946,
    "BaseResolution": 128,
    "BodyPartExamined": "BRAIN",
    "ConversionSoftware": "dcm2niix",
    "ConversionSoftwareVersion": "v1.0.20180518 GCC4.8.5",
    "DerivedVendorReportedEchoSpacing": 0.000720011,
    "DwellTime": 2.5e-06,
    "EchoTime": 0.03,
    "EchoTrainLength": 58,
    "EffectiveEchoSpacing": 0.000360005,
    "FlipAngle": 71,
    "ImageOrientationPatientDICOM": [
      1,
      0,
      0,
      0,
      0.944376,
      0.328867
    ],
    "ImageType": [
      "ORIGINAL",
      "PRIMARY",
      "M",
      "ND",
      "NORM",
      "MOSAIC"
    ],
    "InPlanePhaseEncodingDirectionDICOM": "COL",
    "InstitutionName": "Princeton_University_-_Neuroscience_Institute",
    "MRAcquisitionType": "2D",
    "MagneticFieldStrength": 3,
    "Manufacturer": "Siemens",
    "ManufacturersModelName": "Skyra",
    "Modality": "MR",
    "ParallelReductionFactorInPlane": 2,
    "PartialFourier": 1,
    "PatientPosition": "HFS",
    "PercentPhaseFOV": 90.625,
    "PhaseEncodingDirection": "j-",
    "PhaseEncodingSteps": 116,
    "PhaseResolution": 1,
    "PixelBandwidth": 1565,
    "PulseSequenceDetails": "%SiemensSeq%_ep2d_bold",
    "ReceiveCoilActiveElements": "HE1-4",
    "ReceiveCoilName": "HeadNeck_20",
    "ReconMatrixPE": 116,
    "RepetitionTime": 2,
    "SAR": 0.0822539,
    "ScanOptions": "FS",
    "ScanningSequence": "EP",
    "SequenceVariant": "SK",
    "SeriesNumber": 4,
    "ShimSetting": [
      3201,
      10502,
      10022,
      656,
      -347,
      90,
      634,
      -15
    ],
    "SliceThickness": 3,
    "SliceTiming": [
      1,
      0,
      1.065,
      0.065,
      1.1325,
      0.1325,
      1.2,
      0.2,
      1.265,
      0.265,
      1.3325,
      0.3325,
      1.4,
      0.4,
      1.465,
      0.465,
      1.5325,
      0.5325,
      1.6,
      0.6,
      1.665,
      0.665,
      1.7325,
      0.7325,
      1.8,
      0.8,
      1.865,
      0.865,
      1.9325,
      0.9325
    ],
    "SoftwareVersions": "syngo_MR_D11",
    "SpacingBetweenSlices": 3,
    "StationName": "AWP45031",
    "TaskName": "study phase",
    "TotalReadoutTime": 0.0414006,
    "TxRefAmp": 370.115,
    "dataset": "ds001775",
    "modality": "bold",
    "run_id": 2,
    "subject_id": "11",
    "task_id": "restudy"
  },
  "dummy_trs": 0,
  "dvars_nstd": 31.684470729999997,
  "dvars_std": 1.11577523285,
  "dvars_vstd": 1.0008584558000002,
  "efc": 0.46777230406077414,
  "fber": 2064.22412109375,
  "fd_mean": 0.06166130852649696,
  "fd_num": 3,
  "fd_perc": 1.492537313432836,
  "fwhm_avg": 1.875728888888889,
  "fwhm_x": 1.77513,
  "fwhm_y": 2.18261,
  "fwhm_z": 1.6694466666666665,
  "gcor": 0.0181021,
  "gsr_x": -0.024396579712629318,
  "gsr_y": 0.028516119346022606,
  "provenance": {
    "md5sum": "057e6e572e0ea98a17d7c4a6159f3226",
    "settings": {
      "fd_thres": 0.2,
      "testing": false
    },
    "software": "mriqc",
    "version": "22.0.6",
    "webapi_port": null,
    "webapi_url": "https://mriqc.nimh.nih.gov/api/v1"
  },
  "size_t": 201,
  "size_x": 128,
  "size_y": 116,
  "size_z": 30,
  "snr": 6.50325081054277,
  "spacing_tr": 2.0,
  "spacing_x": 2.0,
  "spacing_y": 2.0,
  "spacing_z": 3.0,
  "summary_bg_k": 55.72162380936494,
  "summary_bg_mad": 8.666954224065451,
  "summary_bg_mean": 30.469642639160156,
  "summary_bg_median": 16.174129486083984,
  "summary_bg_n": 311273.0,
  "summary_bg_p05": 7.383084297180176,
  "summary_bg_p95": 91.13631591796857,
  "summary_bg_stdv": 58.095977783203125,
  "summary_fg_k": 3.7362841771059356,
  "summary_fg_mad": 100.2194849680194,
  "summary_fg_mean": 752.9772338867188,
  "summary_fg_median": 744.0994873046875,
  "summary_fg_n": 69788.0,
  "summary_fg_p05": 604.4029541015625,
  "summary_fg_p95": 938.6765747070312,
  "summary_fg_stdv": 114.4188003540039,
  "tsnr": 48.45932796597481
}