{
  "aor": 0.006694119718309859,
  "aqi": 0.026779696478873242,
  "bids_meta": {
    "AcquisitionMatrixPE": 116,
    "AcquisitionNumber": 1,
    "BandwidthPerPixelPhaseEncode": 23.946,
    "BaseResolution": 128,
    "BodyPartExamined": "BRAIN",
    "ConsistencyInfo": "N4_VD11D_LATEST_20110129",
    "ConversionSoftware": "dcm2niix",
    "ConversionSoftwareVersion": "v1.0.20180518 GCC4.8.5",
    "DerivedVendorReportedEchoSpacing": 0.000720011,
    "DwellTime": 2.5e-06,
    "EchoTime": 0.03,
    "EchoTrainLength": 58,
    "EffectiveEchoSpacing": 0.000360005,
    "FlipAngle": 71,
    "ImageOrientationPatientDICOM": [
      1,
      0,
      0,
      0,
      0.944376,
      0.328867
    ],
    "ImageType": [
      "ORIGINAL",
      "PRIMARY",
      "M",
      "ND",
      "NORM",
      "MOSAIC"
    ],
    "InPlanePhaseEncodingDirectionDICOM": "COL",
    "InstitutionName": "Princeton_University_-_Neuroscience_Institute",
    "MRAcquisitionType": "2D",
    "MagneticFieldStrength": 3,
    "Manufacturer": "Siemens",
    "ManufacturersModelName": "Skyra",
    "Modality": "MR",
    "ParallelReductionFactorInPlane": 2,
    "PartialFourier": 1,
    "PatientPosition": "HFS",
    "PercentPhaseFOV": 90.625,
    "PhaseEncodingDirection": "j-",
    "PhaseEncodingSteps": 116,
    "PhaseResolution": 1,
    "PixelBandwidth": 1565,
    "PulseSequenceDetails": "%SiemensSeq%_ep2d_bold",
    "ReceiveCoilActiveElements": "HE1-4",
    "ReceiveCoilName": "HeadNeck_20",
    "ReconMatrixPE": 116,
    "RepetitionTime": 2,
    "SAR": 0.0822545,
    "ScanOptions": "FS",
    "ScanningSequence": "EP",
    "SequenceVariant": "SK",
    "SeriesNumber": 8,
    "ShimSetting": [
      3201,
      10502,
      10022,
      656,
      -347,
      90,
      634,
      -15
    ],
    "SliceThickness": 3,
    "SliceTiming": [
      1,
      0,
      1.0675,
      0.0675,
      1.1325,
      0.1325,
      1.2,
      0.2,
      1.2675,
      0.2675,
      1.3325,
      0.3325,
      1.4,
      0.4,
      1.465,
      0.4675,
      1.5325,
      0.5325,
      1.6,
      0.6,
      1.665,
      0.6675,
      1.7325,
      0.7325,
      1.8,
      0.8,
      1.865,
      0.8675,
      1.9325,
      0.9325
    ],
    "SoftwareVersions": "syngo_MR_D11",
    "SpacingBetweenSlices": 3,
    "StationName": "AWP45031",
    "TaskName": "retrieval-practice/restudy phase",
    "TotalReadoutTime": 0.0414006,
    "TxRefAmp": 370.115,
    "dataset": "ds001775",
    "modality": "bold",
    "run_id": 3,
    "subject_id": "11",
    "task_id": "RP"
  },
  "dummy_trs": 0,
  "dvars_nstd": 38.4899241579152,
  "dvars_std": 1.1869091340282694,
  "dvars_vstd": 1.0648732240989407,
  "efc": 0.47102772117940644,
  "fber": 1955.19775390625,
  "fd_mean": 0.22848075738183804,
  "fd_num": 109,
  "fd_perc": 38.38028169014085,
  "fwhm_avg": 1.8944555555555558,
  "fwhm_x": 1.791625,
  "fwhm_y": 2.200465,
  "fwhm_z": 1.6912766666666668,
  "gcor": 0.0505255,
  "gsr_x": -0.026738498359918594,
  "gsr_y": 0.0322689525783062,
  "provenance": {
    "md5sum": "58455bd942007d9369cae2619277fd4b",
    "settings": {
      "fd_thres": 0.2,
      "testing": false
    },
    "software": "mriqc",
    "version": "22.0.6",
    "webapi_port": null,
    "webapi_url": "https://mriqc.nimh.nih.gov/api/v1"
  },
  "size_t": 284,
  "size_x": 128,
  "size_y": 116,
  "size_z": 30,
  "snr": 6.563095088613921,
  "spacing_tr": 2.0,
  "spacing_x": 2.0,
  "spacing_y": 2.0,
  "spacing_z": 3.0,
  "summary_bg_k": 54.92460375481993,
  "summary_bg_mad": 9.140975030912697,
  "summary_bg_mean": 31.801454544067383,
  "summary_bg_median": 16.654930114746094,
  "summary_bg_n": 311088.0,
  "summary_bg_p05": 7.394366264343262,
  "summary_bg_p95": 96.73820228576648,
  "summary_bg_stdv": 60.90410232543945,
  "summary_fg_k": 3.6018617023729984,
  "summary_fg_mad": 100.14867587158504,
  "summary_fg_mean": 753.6884155273438,
  "summary_fg_median": 745.6619873046875,
  "summary_fg_n": 70129.0,
  "summary_fg_p05": 605.2415405273438,
  "summary_fg_p95": 937.4225463867188,
  "summary_fg_stdv": 113.61357116699219,
  "tsnr": 36.69628585129976
}