{
  "aor": 0.0030542957746478878,
  "aqi": 0.034193540845070425,
  "bids_meta": {
    "AcquisitionMatrixPE": 116,
    "AcquisitionNumber": 1,
    "BandwidthPerPixelPhaseEncode": 23.946,
    "BaseResolution": 128,
    "BodyPartExamined": "BRAIN",
    "ConsistencyInfo": "N4_VD11D_LATEST_20110129",
    "ConversionSoftware": "dcm2niix",
    "ConversionSoftwareVersion": "v1.0.20180518 GCC4.8.5",
    "DerivedVendorReportedEchoSpacing": 0.000720011,
    "DwellTime": 2.5e-06,
    "EchoTime": 0.03,
    "EchoTrainLength": 58,
    "EffectiveEchoSpacing": 0.000360005,
    "FlipAngle": 71,
    "ImageOrientationPatientDICOM": [
      1,
      0,
      0,
      0,
      0.944376,
      0.328867
    ],
    "ImageType": [
      "ORIGINAL",
      "PRIMARY",
      "M",
      "ND",
      "NORM",
      "MOSAIC"
    ],
    "InPlanePhaseEncodingDirectionDICOM": "COL",
    "InstitutionName": "Princeton_University_-_Neuroscience_Institute",
    "MRAcquisitionType": "2D",
    "MagneticFieldStrength": 3,
    "Manufacturer": "Siemens",
    "ManufacturersModelName": "Skyra",
    "Modality": "MR",
    "ParallelReductionFactorInPlane": 2,
    "PartialFourier": 1,
    "PatientPosition": "HFS",
    "PercentPhaseFOV": 90.625,
    "PhaseEncodingDirection": "j-",
    "PhaseEncodingSteps": 116,
    "PhaseResolution": 1,
    "PixelBandwidth": 1565,
    "PulseSequenceDetails": "%SiemensSeq%_ep2d_bold",
    "ReceiveCoilActiveElements": "HE1-4",
    "ReceiveCoilName": "HeadNeck_20",
    "ReconMatrixPE": 116,
    "RepetitionTime": 2,
    "SAR": 0.0822545,
    "ScanOptions": "FS",
    "ScanningSequence": "EP",
    "SequenceVariant": "SK",
    "SeriesNumber": 8,
    "ShimSetting": [
      3201,
      10502,
      10022,
      656,
      -347,
      90,
      634,
      -15
    ],
    "SliceThickness": 3,
    "SliceTiming": [
      1,
      0,
      1.0675,
      0.0675,
      1.1325,
      0.1325,
      1.2,
      0.2,
      1.2675,
      0.2675,
      1.3325,
      0.3325,
      1.4,
      0.4,
      1.465,
      0.4675,
      1.5325,
      0.5325,
      1.6,
      0.6,
      1.665,
      0.6675,
      1.7325,
      0.7325,
      1.8,
      0.8,
      1.865,
      0.8675,
      1.9325,
      0.9325
    ],
    "SoftwareVersions": "syngo_MR_D11",
    "SpacingBetweenSlices": 3,
    "StationName": "AWP45031",
    "TaskName": "retrieval-practice/restudy phase",
    "TotalReadoutTime": 0.0414006,
    "TxRefAmp": 370.115,
    "dataset": "ds001775",
    "modality": "bold",
    "run_id": 3,
    "subject_id": "07",
    "task_id": "RP"
  },
  "dummy_trs": 0,
  "dvars_nstd": 43.83386838420494,
  "dvars_std": 1.1153587003886927,
  "dvars_vstd": 0.987492380918728,
  "efc": 0.5088447599911381,
  "fber": 1413.95751953125,
  "fd_mean": 0.25982821970303277,
  "fd_num": 141,
  "fd_perc": 49.647887323943664,
  "fwhm_avg": 1.837567777777778,
  "fwhm_x": 1.821795,
  "fwhm_y": 2.146745,
  "fwhm_z": 1.5441633333333333,
  "gcor": 0.0156139,
  "gsr_x": -0.028318142518401146,
  "gsr_y": 0.041969459503889084,
  "provenance": {
    "md5sum": "282d5aa3d09462ea59da9498c4b1264c",
    "settings": {
      "fd_thres": 0.2,
      "testing": false
    },
    "software": "mriqc",
    "version": "22.0.6",
    "webapi_port": null,
    "webapi_url": "https://mriqc.nimh.nih.gov/api/v1"
  },
  "size_t": 284,
  "size_x": 128,
  "size_y": 116,
  "size_z": 30,
  "snr": 5.665988125563368,
  "spacing_tr": 2.0,
  "spacing_x": 2.0,
  "spacing_y": 2.0,
  "spacing_z": 3.0,
  "summary_bg_k": 34.56841059550834,
  "summary_bg_mad": 9.725661915412127,
  "summary_bg_mean": 42.109256744384766,
  "summary_bg_median": 19.869718551635742,
  "summary_bg_n": 301350.0,
  "summary_bg_p05": 9.045774459838867,
  "summary_bg_p95": 167.9869651794431,
  "summary_bg_stdv": 71.96955871582031,
  "summary_fg_k": 2.9089360321715576,
  "summary_fg_mad": 117.47274343890159,
  "summary_fg_mean": 765.4871826171875,
  "summary_fg_median": 753.367919921875,
  "summary_fg_n": 78698.0,
  "summary_fg_p05": 594.182894897461,
  "summary_fg_p95": 977.6464630126952,
  "summary_fg_stdv": 132.9623565673828,
  "tsnr": 31.54983245790936
}