{
  "aor": 0.00047785211267605633,
  "aqi": 0.016795016549295775,
  "bids_meta": {
    "AcquisitionMatrixPE": 116,
    "AcquisitionNumber": 1,
    "BandwidthPerPixelPhaseEncode": 23.946,
    "BaseResolution": 128,
    "BodyPartExamined": "BRAIN",
    "ConsistencyInfo": "N4_VD11D_LATEST_20110129",
    "ConversionSoftware": "dcm2niix",
    "ConversionSoftwareVersion": "v1.0.20180518 GCC4.8.5",
    "DerivedVendorReportedEchoSpacing": 0.000720011,
    "DwellTime": 2.5e-06,
    "EchoTime": 0.03,
    "EchoTrainLength": 58,
    "EffectiveEchoSpacing": 0.000360005,
    "FlipAngle": 71,
    "ImageOrientationPatientDICOM": [
      1,
      0,
      0,
      0,
      0.944376,
      0.328867
    ],
    "ImageType": [
      "ORIGINAL",
      "PRIMARY",
      "M",
      "ND",
      "NORM",
      "MOSAIC"
    ],
    "InPlanePhaseEncodingDirectionDICOM": "COL",
    "InstitutionName": "Princeton_University_-_Neuroscience_Institute",
    "MRAcquisitionType": "2D",
    "MagneticFieldStrength": 3,
    "Manufacturer": "Siemens",
    "ManufacturersModelName": "Skyra",
    "Modality": "MR",
    "ParallelReductionFactorInPlane": 2,
    "PartialFourier": 1,
    "PatientPosition": "HFS",
    "PercentPhaseFOV": 90.625,
    "PhaseEncodingDirection": "j-",
    "PhaseEncodingSteps": 116,
    "PhaseResolution": 1,
    "PixelBandwidth": 1565,
    "PulseSequenceDetails": "%SiemensSeq%_ep2d_bold",
    "ReceiveCoilActiveElements": "HE1-4",
    "ReceiveCoilName": "HeadNeck_20",
    "ReconMatrixPE": 116,
    "RepetitionTime": 2,
    "SAR": 0.0822545,
    "ScanOptions": "FS",
    "ScanningSequence": "EP",
    "SequenceVariant": "SK",
    "SeriesNumber": 8,
    "ShimSetting": [
      3201,
      10502,
      10022,
      656,
      -347,
      90,
      634,
      -15
    ],
    "SliceThickness": 3,
    "SliceTiming": [
      1,
      0,
      1.0675,
      0.0675,
      1.1325,
      0.1325,
      1.2,
      0.2,
      1.2675,
      0.2675,
      1.3325,
      0.3325,
      1.4,
      0.4,
      1.465,
      0.4675,
      1.5325,
      0.5325,
      1.6,
      0.6,
      1.665,
      0.6675,
      1.7325,
      0.7325,
      1.8,
      0.8,
      1.865,
      0.8675,
      1.9325,
      0.9325
    ],
    "SoftwareVersions": "syngo_MR_D11",
    "SpacingBetweenSlices": 3,
    "StationName": "AWP45031",
    "TaskName": "retrieval-practice/restudy phase",
    "TotalReadoutTime": 0.0414006,
    "TxRefAmp": 370.115,
    "dataset": "ds001775",
    "modality": "bold",
    "run_id": 1,
    "subject_id": "07",
    "task_id": "RP"
  },
  "dummy_trs": 0,
  "dvars_nstd": 39.421069249823326,
  "dvars_std": 1.1535180506360434,
  "dvars_vstd": 0.9931823247703191,
  "efc": 0.5066469955603877,
  "fber": 1517.6654052734375,
  "fd_mean": 0.1688840591030416,
  "fd_num": 79,
  "fd_perc": 27.816901408450704,
  "fwhm_avg": 1.8596627777777777,
  "fwhm_x": 1.846735,
  "fwhm_y": 2.15468,
  "fwhm_z": 1.5775733333333333,
  "gcor": 0.0122702,
  "gsr_x": -0.027234455570578575,
  "gsr_y": 0.0392284095287323,
  "provenance": {
    "md5sum": "81c4bd9af48753fd82243f52fbd8469c",
    "settings": {
      "fd_thres": 0.2,
      "testing": false
    },
    "software": "mriqc",
    "version": "22.0.6",
    "webapi_port": null,
    "webapi_url": "https://mriqc.nimh.nih.gov/api/v1"
  },
  "size_t": 284,
  "size_x": 128,
  "size_y": 116,
  "size_z": 30,
  "snr": 5.635293489234631,
  "spacing_tr": 2.0,
  "spacing_x": 2.0,
  "spacing_y": 2.0,
  "spacing_z": 3.0,
  "summary_bg_k": 34.56087368532369,
  "summary_bg_mad": 9.511624171619442,
  "summary_bg_mean": 41.70718002319336,
  "summary_bg_median": 19.429576873779297,
  "summary_bg_n": 301279.0,
  "summary_bg_p05": 8.99295711517334,
  "summary_bg_p95": 168.51443634033194,
  "summary_bg_stdv": 71.80492401123047,
  "summary_fg_k": 2.802397232890959,
  "summary_fg_mad": 122.38255117025948,
  "summary_fg_mean": 778.7402954101562,
  "summary_fg_median": 765.6901245117188,
  "summary_fg_n": 78869.0,
  "summary_fg_p05": 604.0753540039062,
  "summary_fg_p95": 997.9091308593746,
  "summary_fg_stdv": 135.87318420410156,
  "tsnr": 40.87081750109792
}