{
  "aor": 0.00322193661971831,
  "aqi": 0.03928662429577465,
  "bids_meta": {
    "AcquisitionMatrixPE": 116,
    "AcquisitionNumber": 1,
    "BandwidthPerPixelPhaseEncode": 23.946,
    "BaseResolution": 128,
    "BodyPartExamined": "BRAIN",
    "ConsistencyInfo": "N4_VD11D_LATEST_20110129",
    "ConversionSoftware": "dcm2niix",
    "ConversionSoftwareVersion": "v1.0.20180518 GCC4.8.5",
    "DerivedVendorReportedEchoSpacing": 0.000720011,
    "DwellTime": 2.5e-06,
    "EchoTime": 0.03,
    "EchoTrainLength": 58,
    "EffectiveEchoSpacing": 0.000360005,
    "FlipAngle": 71,
    "ImageOrientationPatientDICOM": [
      1,
      0,
      0,
      0,
      0.944376,
      0.328867
    ],
    "ImageType": [
      "ORIGINAL",
      "PRIMARY",
      "M",
      "ND",
      "NORM",
      "MOSAIC"
    ],
    "InPlanePhaseEncodingDirectionDICOM": "COL",
    "InstitutionName": "Princeton_University_-_Neuroscience_Institute",
    "MRAcquisitionType": "2D",
    "MagneticFieldStrength": 3,
    "Manufacturer": "Siemens",
    "ManufacturersModelName": "Skyra",
    "Modality": "MR",
    "ParallelReductionFactorInPlane": 2,
    "PartialFourier": 1,
    "PatientPosition": "HFS",
    "PercentPhaseFOV": 90.625,
    "PhaseEncodingDirection": "j-",
    "PhaseEncodingSteps": 116,
    "PhaseResolution": 1,
    "PixelBandwidth": 1565,
    "PulseSequenceDetails": "%SiemensSeq%_ep2d_bold",
    "ReceiveCoilActiveElements": "HE1-4",
    "ReceiveCoilName": "HeadNeck_20",
    "ReconMatrixPE": 116,
    "RepetitionTime": 2,
    "SAR": 0.0822545,
    "ScanOptions": "FS",
    "ScanningSequence": "EP",
    "SequenceVariant": "SK",
    "SeriesNumber": 8,
    "ShimSetting": [
      3201,
      10502,
      10022,
      656,
      -347,
      90,
      634,
      -15
    ],
    "SliceThickness": 3,
    "SliceTiming": [
      1,
      0,
      1.0675,
      0.0675,
      1.1325,
      0.1325,
      1.2,
      0.2,
      1.2675,
      0.2675,
      1.3325,
      0.3325,
      1.4,
      0.4,
      1.465,
      0.4675,
      1.5325,
      0.5325,
      1.6,
      0.6,
      1.665,
      0.6675,
      1.7325,
      0.7325,
      1.8,
      0.8,
      1.865,
      0.8675,
      1.9325,
      0.9325
    ],
    "SoftwareVersions": "syngo_MR_D11",
    "SpacingBetweenSlices": 3,
    "StationName": "AWP45031",
    "TaskName": "retrieval-practice/restudy phase",
    "TotalReadoutTime": 0.0414006,
    "TxRefAmp": 370.115,
    "dataset": "ds001775",
    "modality": "bold",
    "run_id": 4,
    "subject_id": "07",
    "task_id": "RP"
  },
  "dummy_trs": 0,
  "dvars_nstd": 41.91105593893992,
  "dvars_std": 1.0997566633215554,
  "dvars_vstd": 0.9831157990106,
  "efc": 0.5045990748693943,
  "fber": 1492.1614990234375,
  "fd_mean": 0.2511128778371945,
  "fd_num": 174,
  "fd_perc": 61.267605633802816,
  "fwhm_avg": 1.864103888888889,
  "fwhm_x": 1.88101,
  "fwhm_y": 2.207335,
  "fwhm_z": 1.5039666666666667,
  "gcor": 0.014395,
  "gsr_x": -0.025601522997021675,
  "gsr_y": 0.03810771182179451,
  "provenance": {
    "md5sum": "d5734ab2a0ec034b3bf6a0ba60384436",
    "settings": {
      "fd_thres": 0.2,
      "testing": false
    },
    "software": "mriqc",
    "version": "22.0.6",
    "webapi_port": null,
    "webapi_url": "https://mriqc.nimh.nih.gov/api/v1"
  },
  "size_t": 284,
  "size_x": 128,
  "size_y": 116,
  "size_z": 30,
  "snr": 5.610136205803125,
  "spacing_tr": 2.0,
  "spacing_x": 2.0,
  "spacing_y": 2.0,
  "spacing_z": 3.0,
  "summary_bg_k": 37.77203247490521,
  "summary_bg_mad": 9.271485470954184,
  "summary_bg_mean": 40.51194381713867,
  "summary_bg_median": 19.408451080322266,
  "summary_bg_n": 301478.0,
  "summary_bg_p05": 8.9436616897583,
  "summary_bg_p95": 160.81548461914014,
  "summary_bg_stdv": 69.48411560058594,
  "summary_fg_k": 3.0218236245307226,
  "summary_fg_mad": 118.79087852287752,
  "summary_fg_mean": 769.6073608398438,
  "summary_fg_median": 757.6021118164062,
  "summary_fg_n": 78602.0,
  "summary_fg_p05": 594.9544006347656,
  "summary_fg_p95": 985.7212738037109,
  "summary_fg_stdv": 135.04080200195312,
  "tsnr": 30.59986454900354
}