{
  "aor": 0.005463098591549294,
  "aqi": 0.031379758450704225,
  "bids_meta": {
    "AcquisitionMatrixPE": 116,
    "AcquisitionNumber": 1,
    "BandwidthPerPixelPhaseEncode": 23.946,
    "BaseResolution": 128,
    "BodyPartExamined": "BRAIN",
    "ConsistencyInfo": "N4_VD11D_LATEST_20110129",
    "ConversionSoftware": "dcm2niix",
    "ConversionSoftwareVersion": "v1.0.20180518 GCC4.8.5",
    "DerivedVendorReportedEchoSpacing": 0.000720011,
    "DwellTime": 2.5e-06,
    "EchoTime": 0.03,
    "EchoTrainLength": 58,
    "EffectiveEchoSpacing": 0.000360005,
    "FlipAngle": 71,
    "ImageOrientationPatientDICOM": [
      1,
      0,
      0,
      0,
      0.944376,
      0.328867
    ],
    "ImageType": [
      "ORIGINAL",
      "PRIMARY",
      "M",
      "ND",
      "NORM",
      "MOSAIC"
    ],
    "InPlanePhaseEncodingDirectionDICOM": "COL",
    "InstitutionName": "Princeton_University_-_Neuroscience_Institute",
    "MRAcquisitionType": "2D",
    "MagneticFieldStrength": 3,
    "Manufacturer": "Siemens",
    "ManufacturersModelName": "Skyra",
    "Modality": "MR",
    "ParallelReductionFactorInPlane": 2,
    "PartialFourier": 1,
    "PatientPosition": "HFS",
    "PercentPhaseFOV": 90.625,
    "PhaseEncodingDirection": "j-",
    "PhaseEncodingSteps": 116,
    "PhaseResolution": 1,
    "PixelBandwidth": 1565,
    "PulseSequenceDetails": "%SiemensSeq%_ep2d_bold",
    "ReceiveCoilActiveElements": "HE1-4",
    "ReceiveCoilName": "HeadNeck_20",
    "ReconMatrixPE": 116,
    "RepetitionTime": 2,
    "SAR": 0.0822545,
    "ScanOptions": "FS",
    "ScanningSequence": "EP",
    "SequenceVariant": "SK",
    "SeriesNumber": 8,
    "ShimSetting": [
      3201,
      10502,
      10022,
      656,
      -347,
      90,
      634,
      -15
    ],
    "SliceThickness": 3,
    "SliceTiming": [
      1,
      0,
      1.0675,
      0.0675,
      1.1325,
      0.1325,
      1.2,
      0.2,
      1.2675,
      0.2675,
      1.3325,
      0.3325,
      1.4,
      0.4,
      1.465,
      0.4675,
      1.5325,
      0.5325,
      1.6,
      0.6,
      1.665,
      0.6675,
      1.7325,
      0.7325,
      1.8,
      0.8,
      1.865,
      0.8675,
      1.9325,
      0.9325
    ],
    "SoftwareVersions": "syngo_MR_D11",
    "SpacingBetweenSlices": 3,
    "StationName": "AWP45031",
    "TaskName": "retrieval-practice/restudy phase",
    "TotalReadoutTime": 0.0414006,
    "TxRefAmp": 370.115,
    "dataset": "ds001775",
    "modality": "bold",
    "run_id": 2,
    "subject_id": "07",
    "task_id": "RP"
  },
  "dummy_trs": 0,
  "dvars_nstd": 43.16186628554769,
  "dvars_std": 1.1600247915547697,
  "dvars_vstd": 1.0186349160424022,
  "efc": 0.5085807897694118,
  "fber": 1432.6990966796875,
  "fd_mean": 0.2284474052757689,
  "fd_num": 120,
  "fd_perc": 42.25352112676056,
  "fwhm_avg": 1.8524805555555555,
  "fwhm_x": 1.83484,
  "fwhm_y": 2.151195,
  "fwhm_z": 1.5714066666666666,
  "gcor": 0.0101186,
  "gsr_x": -0.028003105893731117,
  "gsr_y": 0.04144945368170738,
  "provenance": {
    "md5sum": "2916a098cebada64b6f6e824782fdbcb",
    "settings": {
      "fd_thres": 0.2,
      "testing": false
    },
    "software": "mriqc",
    "version": "22.0.6",
    "webapi_port": null,
    "webapi_url": "https://mriqc.nimh.nih.gov/api/v1"
  },
  "size_t": 284,
  "size_x": 128,
  "size_y": 116,
  "size_z": 30,
  "snr": 5.673718585631858,
  "spacing_tr": 2.0,
  "spacing_x": 2.0,
  "spacing_y": 2.0,
  "spacing_z": 3.0,
  "summary_bg_k": 33.60752274255027,
  "summary_bg_mad": 9.788305625825956,
  "summary_bg_mean": 42.22893524169922,
  "summary_bg_median": 19.848590850830078,
  "summary_bg_n": 301359.0,
  "summary_bg_p05": 9.003520965576172,
  "summary_bg_p95": 168.57429656982413,
  "summary_bg_stdv": 72.06023406982422,
  "summary_fg_k": 2.8531959796699944,
  "summary_fg_mad": 119.25554907903147,
  "summary_fg_mean": 770.649169921875,
  "summary_fg_median": 758.8204345703125,
  "summary_fg_n": 78829.0,
  "summary_fg_p05": 597.9950805664063,
  "summary_fg_p95": 985.1711303710937,
  "summary_fg_stdv": 133.74220275878906,
  "tsnr": 33.07577966153622
}