{
  "aor": 0.004584718309859154,
  "aqi": 0.020468738732394364,
  "bids_meta": {
    "AcquisitionMatrixPE": 116,
    "AcquisitionNumber": 1,
    "BandwidthPerPixelPhaseEncode": 23.946,
    "BaseResolution": 128,
    "BodyPartExamined": "BRAIN",
    "ConsistencyInfo": "N4_VD11D_LATEST_20110129",
    "ConversionSoftware": "dcm2niix",
    "ConversionSoftwareVersion": "v1.0.20180518 GCC4.8.5",
    "DerivedVendorReportedEchoSpacing": 0.000720011,
    "DwellTime": 2.5e-06,
    "EchoTime": 0.03,
    "EchoTrainLength": 58,
    "EffectiveEchoSpacing": 0.000360005,
    "FlipAngle": 71,
    "ImageOrientationPatientDICOM": [
      1,
      0,
      0,
      0,
      0.944376,
      0.328867
    ],
    "ImageType": [
      "ORIGINAL",
      "PRIMARY",
      "M",
      "ND",
      "NORM",
      "MOSAIC"
    ],
    "InPlanePhaseEncodingDirectionDICOM": "COL",
    "InstitutionName": "Princeton_University_-_Neuroscience_Institute",
    "MRAcquisitionType": "2D",
    "MagneticFieldStrength": 3,
    "Manufacturer": "Siemens",
    "ManufacturersModelName": "Skyra",
    "Modality": "MR",
    "ParallelReductionFactorInPlane": 2,
    "PartialFourier": 1,
    "PatientPosition": "HFS",
    "PercentPhaseFOV": 90.625,
    "PhaseEncodingDirection": "j-",
    "PhaseEncodingSteps": 116,
    "PhaseResolution": 1,
    "PixelBandwidth": 1565,
    "PulseSequenceDetails": "%SiemensSeq%_ep2d_bold",
    "ReceiveCoilActiveElements": "HE1-4",
    "ReceiveCoilName": "HeadNeck_20",
    "ReconMatrixPE": 116,
    "RepetitionTime": 2,
    "SAR": 0.0822545,
    "ScanOptions": "FS",
    "ScanningSequence": "EP",
    "SequenceVariant": "SK",
    "SeriesNumber": 8,
    "ShimSetting": [
      3201,
      10502,
      10022,
      656,
      -347,
      90,
      634,
      -15
    ],
    "SliceThickness": 3,
    "SliceTiming": [
      1,
      0,
      1.0675,
      0.0675,
      1.1325,
      0.1325,
      1.2,
      0.2,
      1.2675,
      0.2675,
      1.3325,
      0.3325,
      1.4,
      0.4,
      1.465,
      0.4675,
      1.5325,
      0.5325,
      1.6,
      0.6,
      1.665,
      0.6675,
      1.7325,
      0.7325,
      1.8,
      0.8,
      1.865,
      0.8675,
      1.9325,
      0.9325
    ],
    "SoftwareVersions": "syngo_MR_D11",
    "SpacingBetweenSlices": 3,
    "StationName": "AWP45031",
    "TaskName": "retrieval-practice/restudy phase",
    "TotalReadoutTime": 0.0414006,
    "TxRefAmp": 370.115,
    "dataset": "ds001775",
    "modality": "bold",
    "run_id": 4,
    "subject_id": "22",
    "task_id": "RP"
  },
  "dummy_trs": 0,
  "dvars_nstd": 40.69765845798583,
  "dvars_std": 1.2398291726855122,
  "dvars_vstd": 1.047128521731449,
  "efc": 0.4683058411454076,
  "fber": 2040.904541015625,
  "fd_mean": 0.2660426852181904,
  "fd_num": 143,
  "fd_perc": 50.352112676056336,
  "fwhm_avg": 1.8560138888888889,
  "fwhm_x": 1.83804,
  "fwhm_y": 2.122865,
  "fwhm_z": 1.6071366666666667,
  "gcor": 0.0392567,
  "gsr_x": -0.024970166385173798,
  "gsr_y": 0.026335520669817924,
  "provenance": {
    "md5sum": "7c40b549b4439da57a5c1997239e889d",
    "settings": {
      "fd_thres": 0.2,
      "testing": false
    },
    "software": "mriqc",
    "version": "22.0.6",
    "webapi_port": null,
    "webapi_url": "https://mriqc.nimh.nih.gov/api/v1"
  },
  "size_t": 284,
  "size_x": 128,
  "size_y": 116,
  "size_z": 30,
  "snr": 6.329245430332521,
  "spacing_tr": 2.0,
  "spacing_x": 2.0,
  "spacing_y": 2.0,
  "spacing_z": 3.0,
  "summary_bg_k": 43.44146132778705,
  "summary_bg_mad": 9.313248415869955,
  "summary_bg_mean": 34.6124267578125,
  "summary_bg_median": 17.13380241394043,
  "summary_bg_n": 313557.0,
  "summary_bg_p05": 7.936619758605957,
  "summary_bg_p95": 122.90281372070321,
  "summary_bg_stdv": 63.50341796875,
  "summary_fg_k": 2.8541027721349908,
  "summary_fg_mad": 113.19981036659169,
  "summary_fg_mean": 792.5894165039062,
  "summary_fg_median": 781.9471435546875,
  "summary_fg_n": 67504.0,
  "summary_fg_p05": 627.8607147216796,
  "summary_fg_p95": 993.9131927490234,
  "summary_fg_stdv": 123.5441665649414,
  "tsnr": 38.9534611327108
}