{
  "aor": 0.0036862190812720847,
  "aqi": 0.022637979858657245,
  "bids_meta": {
    "AcquisitionMatrixPE": 116,
    "AcquisitionNumber": 1,
    "BandwidthPerPixelPhaseEncode": 23.946,
    "BaseResolution": 128,
    "BodyPartExamined": "BRAIN",
    "ConsistencyInfo": "N4_VD11D_LATEST_20110129",
    "ConversionSoftware": "dcm2niix",
    "ConversionSoftwareVersion": "v1.0.20180518 GCC4.8.5",
    "DerivedVendorReportedEchoSpacing": 0.000720011,
    "DwellTime": 2.5e-06,
    "EchoTime": 0.03,
    "EchoTrainLength": 58,
    "EffectiveEchoSpacing": 0.000360005,
    "FlipAngle": 71,
    "ImageOrientationPatientDICOM": [
      1,
      0,
      0,
      0,
      0.944376,
      0.328867
    ],
    "ImageType": [
      "ORIGINAL",
      "PRIMARY",
      "M",
      "ND",
      "NORM",
      "MOSAIC"
    ],
    "InPlanePhaseEncodingDirectionDICOM": "COL",
    "InstitutionName": "Princeton_University_-_Neuroscience_Institute",
    "MRAcquisitionType": "2D",
    "MagneticFieldStrength": 3,
    "Manufacturer": "Siemens",
    "ManufacturersModelName": "Skyra",
    "Modality": "MR",
    "ParallelReductionFactorInPlane": 2,
    "PartialFourier": 1,
    "PatientPosition": "HFS",
    "PercentPhaseFOV": 90.625,
    "PhaseEncodingDirection": "j-",
    "PhaseEncodingSteps": 116,
    "PhaseResolution": 1,
    "PixelBandwidth": 1565,
    "PulseSequenceDetails": "%SiemensSeq%_ep2d_bold",
    "ReceiveCoilActiveElements": "HE1-4",
    "ReceiveCoilName": "HeadNeck_20",
    "ReconMatrixPE": 116,
    "RepetitionTime": 2,
    "SAR": 0.0822545,
    "ScanOptions": "FS",
    "ScanningSequence": "EP",
    "SequenceVariant": "SK",
    "SeriesNumber": 8,
    "ShimSetting": [
      3201,
      10502,
      10022,
      656,
      -347,
      90,
      634,
      -15
    ],
    "SliceThickness": 3,
    "SliceTiming": [
      1,
      0,
      1.0675,
      0.0675,
      1.1325,
      0.1325,
      1.2,
      0.2,
      1.2675,
      0.2675,
      1.3325,
      0.3325,
      1.4,
      0.4,
      1.465,
      0.4675,
      1.5325,
      0.5325,
      1.6,
      0.6,
      1.665,
      0.6675,
      1.7325,
      0.7325,
      1.8,
      0.8,
      1.865,
      0.8675,
      1.9325,
      0.9325
    ],
    "SoftwareVersions": "syngo_MR_D11",
    "SpacingBetweenSlices": 3,
    "StationName": "AWP45031",
    "TaskName": "retrieval-practice/restudy phase",
    "TotalReadoutTime": 0.0414006,
    "TxRefAmp": 370.115,
    "dataset": "ds001775",
    "modality": "bold",
    "run_id": 3,
    "subject_id": "22",
    "task_id": "RP"
  },
  "dummy_trs": 1,
  "dvars_nstd": 40.66721858716311,
  "dvars_std": 1.19841366858156,
  "dvars_vstd": 1.0100113992553192,
  "efc": 0.4698604418215597,
  "fber": 1974.5870361328125,
  "fd_mean": 0.2436680614357372,
  "fd_num": 131,
  "fd_perc": 46.28975265017668,
  "fwhm_avg": 1.8439749999999997,
  "fwhm_x": 1.813735,
  "fwhm_y": 2.10545,
  "fwhm_z": 1.6127399999999998,
  "gcor": 0.0369323,
  "gsr_x": -0.02607024647295475,
  "gsr_y": 0.028035789728164673,
  "provenance": {
    "md5sum": "c5ac886f57145354742a6d73cd561a34",
    "settings": {
      "fd_thres": 0.2,
      "testing": false
    },
    "software": "mriqc",
    "version": "22.0.6",
    "webapi_port": null,
    "webapi_url": "https://mriqc.nimh.nih.gov/api/v1"
  },
  "size_t": 283,
  "size_x": 128,
  "size_y": 116,
  "size_z": 30,
  "snr": 6.345368847258563,
  "spacing_tr": 2.0,
  "spacing_x": 2.0,
  "spacing_y": 2.0,
  "spacing_z": 3.0,
  "summary_bg_k": 43.63407116503953,
  "summary_bg_mad": 9.466650215162087,
  "summary_bg_mean": 35.156455993652344,
  "summary_bg_median": 17.45936393737793,
  "summary_bg_n": 313539.0,
  "summary_bg_p05": 7.961130619049072,
  "summary_bg_p95": 125.08198242187484,
  "summary_bg_stdv": 64.0029067993164,
  "summary_fg_k": 2.768238963740375,
  "summary_fg_mad": 115.11382775091306,
  "summary_fg_mean": 796.4180297851562,
  "summary_fg_median": 784.8162841796875,
  "summary_fg_n": 67498.0,
  "summary_fg_p05": 631.6616607666016,
  "summary_fg_p95": 1000.4231781005858,
  "summary_fg_stdv": 123.68240356445312,
  "tsnr": 38.48604925069958
}