{
  "aor": 0.0037674660633484156,
  "aqi": 0.021681547511312217,
  "bids_meta": {
    "AcquisitionMatrixPE": 116,
    "AcquisitionNumber": 1,
    "BandwidthPerPixelPhaseEncode": 23.946,
    "BaseResolution": 128,
    "BodyPartExamined": "BRAIN",
    "ConsistencyInfo": "N4_VD11D_LATEST_20110129",
    "ConversionSoftware": "dcm2niix",
    "ConversionSoftwareVersion": "v1.0.20180518 GCC4.8.5",
    "DerivedVendorReportedEchoSpacing": 0.000720011,
    "DwellTime": 2.5e-06,
    "EchoTime": 0.03,
    "EchoTrainLength": 58,
    "EffectiveEchoSpacing": 0.000360005,
    "FlipAngle": 71,
    "ImageOrientationPatientDICOM": [
      1,
      0,
      0,
      0,
      0.944376,
      0.328867
    ],
    "ImageType": [
      "ORIGINAL",
      "PRIMARY",
      "M",
      "ND",
      "NORM",
      "MOSAIC"
    ],
    "InPlanePhaseEncodingDirectionDICOM": "COL",
    "InstitutionName": "Princeton_University_-_Neuroscience_Institute",
    "MRAcquisitionType": "2D",
    "MagneticFieldStrength": 3,
    "Manufacturer": "Siemens",
    "ManufacturersModelName": "Skyra",
    "Modality": "MR",
    "ParallelReductionFactorInPlane": 2,
    "PartialFourier": 1,
    "PatientPosition": "HFS",
    "PercentPhaseFOV": 90.625,
    "PhaseEncodingDirection": "j-",
    "PhaseEncodingSteps": 116,
    "PhaseResolution": 1,
    "PixelBandwidth": 1565,
    "PulseSequenceDetails": "%SiemensSeq%_ep2d_bold",
    "ReceiveCoilActiveElements": "HE1-4",
    "ReceiveCoilName": "HeadNeck_20",
    "ReconMatrixPE": 116,
    "RepetitionTime": 2,
    "SAR": 0.0822545,
    "ScanOptions": "FS",
    "ScanningSequence": "EP",
    "SequenceVariant": "SK",
    "SeriesNumber": 8,
    "ShimSetting": [
      3201,
      10502,
      10022,
      656,
      -347,
      90,
      634,
      -15
    ],
    "SliceThickness": 3,
    "SliceTiming": [
      1,
      0,
      1.0675,
      0.0675,
      1.1325,
      0.1325,
      1.2,
      0.2,
      1.2675,
      0.2675,
      1.3325,
      0.3325,
      1.4,
      0.4,
      1.465,
      0.4675,
      1.5325,
      0.5325,
      1.6,
      0.6,
      1.665,
      0.6675,
      1.7325,
      0.7325,
      1.8,
      0.8,
      1.865,
      0.8675,
      1.9325,
      0.9325
    ],
    "SoftwareVersions": "syngo_MR_D11",
    "SpacingBetweenSlices": 3,
    "StationName": "AWP45031",
    "TaskName": "retrieval-practice/restudy phase",
    "TotalReadoutTime": 0.0414006,
    "TxRefAmp": 370.115,
    "dataset": "ds001775",
    "modality": "bold",
    "run_id": 2,
    "subject_id": "22",
    "task_id": "RP"
  },
  "dummy_trs": 0,
  "dvars_nstd": 41.508147395545464,
  "dvars_std": 1.1376709713636368,
  "dvars_vstd": 0.9912328536818189,
  "efc": 0.4736989220807023,
  "fber": 1837.927490234375,
  "fd_mean": 0.30724222638863247,
  "fd_num": 134,
  "fd_perc": 60.633484162895925,
  "fwhm_avg": 1.887323888888889,
  "fwhm_x": 1.905505,
  "fwhm_y": 2.21226,
  "fwhm_z": 1.5442066666666667,
  "gcor": 0.0326563,
  "gsr_x": -0.028024552389979362,
  "gsr_y": 0.03359541296958923,
  "provenance": {
    "md5sum": "75355b9f8fc838006238721bc93db0e7",
    "settings": {
      "fd_thres": 0.2,
      "testing": false
    },
    "software": "mriqc",
    "version": "22.0.6",
    "webapi_port": null,
    "webapi_url": "https://mriqc.nimh.nih.gov/api/v1"
  },
  "size_t": 221,
  "size_x": 128,
  "size_y": 116,
  "size_z": 30,
  "snr": 6.35227829820206,
  "spacing_tr": 2.0,
  "spacing_x": 2.0,
  "spacing_y": 2.0,
  "spacing_z": 3.0,
  "summary_bg_k": 41.49005855437617,
  "summary_bg_mad": 10.646559099527009,
  "summary_bg_mean": 36.35755157470703,
  "summary_bg_median": 18.352941513061523,
  "summary_bg_n": 312463.0,
  "summary_bg_p05": 7.95927619934082,
  "summary_bg_p95": 128.8945770263667,
  "summary_bg_stdv": 63.204471588134766,
  "summary_fg_k": 2.6725085691547275,
  "summary_fg_mad": 113.83161753758816,
  "summary_fg_mean": 793.419921875,
  "summary_fg_median": 783.2987060546875,
  "summary_fg_n": 68347.0,
  "summary_fg_p05": 625.2212890625,
  "summary_fg_p95": 995.7000610351562,
  "summary_fg_stdv": 123.3089828491211,
  "tsnr": 37.67603395949118
}