{
  "aor": 0.0010750746268656716,
  "aqi": 0.011886761741293533,
  "bids_meta": {
    "AcquisitionMatrixPE": 116,
    "AcquisitionNumber": 1,
    "BandwidthPerPixelPhaseEncode": 23.946,
    "BaseResolution": 128,
    "BodyPartExamined": "BRAIN",
    "ConversionSoftware": "dcm2niix",
    "ConversionSoftwareVersion": "v1.0.20180518 GCC4.8.5",
    "DerivedVendorReportedEchoSpacing": 0.000720011,
    "DwellTime": 2.5e-06,
    "EchoTime": 0.03,
    "EchoTrainLength": 58,
    "EffectiveEchoSpacing": 0.000360005,
    "FlipAngle": 71,
    "ImageOrientationPatientDICOM": [
      1,
      0,
      0,
      0,
      0.944376,
      0.328867
    ],
    "ImageType": [
      "ORIGINAL",
      "PRIMARY",
      "M",
      "ND",
      "NORM",
      "MOSAIC"
    ],
    "InPlanePhaseEncodingDirectionDICOM": "COL",
    "InstitutionName": "Princeton_University_-_Neuroscience_Institute",
    "MRAcquisitionType": "2D",
    "MagneticFieldStrength": 3,
    "Manufacturer": "Siemens",
    "ManufacturersModelName": "Skyra",
    "Modality": "MR",
    "ParallelReductionFactorInPlane": 2,
    "PartialFourier": 1,
    "PatientPosition": "HFS",
    "PercentPhaseFOV": 90.625,
    "PhaseEncodingDirection": "j-",
    "PhaseEncodingSteps": 116,
    "PhaseResolution": 1,
    "PixelBandwidth": 1565,
    "PulseSequenceDetails": "%SiemensSeq%_ep2d_bold",
    "ReceiveCoilActiveElements": "HE1-4",
    "ReceiveCoilName": "HeadNeck_20",
    "ReconMatrixPE": 116,
    "RepetitionTime": 2,
    "SAR": 0.0822539,
    "ScanOptions": "FS",
    "ScanningSequence": "EP",
    "SequenceVariant": "SK",
    "SeriesNumber": 4,
    "ShimSetting": [
      3201,
      10502,
      10022,
      656,
      -347,
      90,
      634,
      -15
    ],
    "SliceThickness": 3,
    "SliceTiming": [
      1,
      0,
      1.065,
      0.065,
      1.1325,
      0.1325,
      1.2,
      0.2,
      1.265,
      0.265,
      1.3325,
      0.3325,
      1.4,
      0.4,
      1.465,
      0.465,
      1.5325,
      0.5325,
      1.6,
      0.6,
      1.665,
      0.665,
      1.7325,
      0.7325,
      1.8,
      0.8,
      1.865,
      0.865,
      1.9325,
      0.9325
    ],
    "SoftwareVersions": "syngo_MR_D11",
    "SpacingBetweenSlices": 3,
    "StationName": "AWP45031",
    "TaskName": "study phase",
    "TotalReadoutTime": 0.0414006,
    "TxRefAmp": 370.115,
    "dataset": "ds001775",
    "modality": "bold",
    "run_id": 2,
    "subject_id": "22",
    "task_id": "restudy"
  },
  "dummy_trs": 0,
  "dvars_nstd": 34.36244475355001,
  "dvars_std": 1.1821272193,
  "dvars_vstd": 0.9997125205499999,
  "efc": 0.46781409606476787,
  "fber": 2087.10986328125,
  "fd_mean": 0.1180840388754557,
  "fd_num": 18,
  "fd_perc": 8.955223880597014,
  "fwhm_avg": 1.8410483333333332,
  "fwhm_x": 1.82551,
  "fwhm_y": 2.091055,
  "fwhm_z": 1.6065800000000001,
  "gcor": 0.0187242,
  "gsr_x": -0.02467731386423111,
  "gsr_y": 0.025105059146881104,
  "provenance": {
    "md5sum": "3a396a635c7a73835aaafd6206ec3c3c",
    "settings": {
      "fd_thres": 0.2,
      "testing": false
    },
    "software": "mriqc",
    "version": "22.0.6",
    "webapi_port": null,
    "webapi_url": "https://mriqc.nimh.nih.gov/api/v1"
  },
  "size_t": 201,
  "size_x": 128,
  "size_y": 116,
  "size_z": 30,
  "snr": 6.338760104923376,
  "spacing_tr": 2.0,
  "spacing_x": 2.0,
  "spacing_y": 2.0,
  "spacing_z": 3.0,
  "summary_bg_k": 43.02137108729502,
  "summary_bg_mad": 9.065263875026696,
  "summary_bg_mean": 34.32535934448242,
  "summary_bg_median": 16.905471801757812,
  "summary_bg_n": 313472.0,
  "summary_bg_p05": 7.970149040222168,
  "summary_bg_p95": 121.31343078613281,
  "summary_bg_stdv": 63.83525466918945,
  "summary_fg_k": 2.8718946279182473,
  "summary_fg_mad": 114.14562081506706,
  "summary_fg_mean": 791.73291015625,
  "summary_fg_median": 780.9825439453125,
  "summary_fg_n": 67602.0,
  "summary_fg_p05": 627.7577178955078,
  "summary_fg_p95": 993.651235961914,
  "summary_fg_stdv": 123.20655059814453,
  "tsnr": 48.31666339491494
}