{
  "aor": 0.0009748756218905474,
  "aqi": 0.013253034129353235,
  "bids_meta": {
    "AcquisitionMatrixPE": 116,
    "AcquisitionNumber": 1,
    "BandwidthPerPixelPhaseEncode": 23.946,
    "BaseResolution": 128,
    "BodyPartExamined": "BRAIN",
    "ConversionSoftware": "dcm2niix",
    "ConversionSoftwareVersion": "v1.0.20180518 GCC4.8.5",
    "DerivedVendorReportedEchoSpacing": 0.000720011,
    "DwellTime": 2.5e-06,
    "EchoTime": 0.03,
    "EchoTrainLength": 58,
    "EffectiveEchoSpacing": 0.000360005,
    "FlipAngle": 71,
    "ImageOrientationPatientDICOM": [
      1,
      0,
      0,
      0,
      0.944376,
      0.328867
    ],
    "ImageType": [
      "ORIGINAL",
      "PRIMARY",
      "M",
      "ND",
      "NORM",
      "MOSAIC"
    ],
    "InPlanePhaseEncodingDirectionDICOM": "COL",
    "InstitutionName": "Princeton_University_-_Neuroscience_Institute",
    "MRAcquisitionType": "2D",
    "MagneticFieldStrength": 3,
    "Manufacturer": "Siemens",
    "ManufacturersModelName": "Skyra",
    "Modality": "MR",
    "ParallelReductionFactorInPlane": 2,
    "PartialFourier": 1,
    "PatientPosition": "HFS",
    "PercentPhaseFOV": 90.625,
    "PhaseEncodingDirection": "j-",
    "PhaseEncodingSteps": 116,
    "PhaseResolution": 1,
    "PixelBandwidth": 1565,
    "PulseSequenceDetails": "%SiemensSeq%_ep2d_bold",
    "ReceiveCoilActiveElements": "HE1-4",
    "ReceiveCoilName": "HeadNeck_20",
    "ReconMatrixPE": 116,
    "RepetitionTime": 2,
    "SAR": 0.0822539,
    "ScanOptions": "FS",
    "ScanningSequence": "EP",
    "SequenceVariant": "SK",
    "SeriesNumber": 4,
    "ShimSetting": [
      3201,
      10502,
      10022,
      656,
      -347,
      90,
      634,
      -15
    ],
    "SliceThickness": 3,
    "SliceTiming": [
      1,
      0,
      1.065,
      0.065,
      1.1325,
      0.1325,
      1.2,
      0.2,
      1.265,
      0.265,
      1.3325,
      0.3325,
      1.4,
      0.4,
      1.465,
      0.465,
      1.5325,
      0.5325,
      1.6,
      0.6,
      1.665,
      0.665,
      1.7325,
      0.7325,
      1.8,
      0.8,
      1.865,
      0.865,
      1.9325,
      0.9325
    ],
    "SoftwareVersions": "syngo_MR_D11",
    "SpacingBetweenSlices": 3,
    "StationName": "AWP45031",
    "TaskName": "study phase",
    "TotalReadoutTime": 0.0414006,
    "TxRefAmp": 370.115,
    "dataset": "ds001775",
    "modality": "bold",
    "run_id": 2,
    "subject_id": "07",
    "task_id": "restudy"
  },
  "dummy_trs": 0,
  "dvars_nstd": 35.947990179,
  "dvars_std": 1.1379113151499995,
  "dvars_vstd": 0.99787607345,
  "efc": 0.5020684368455955,
  "fber": 1593.6534423828125,
  "fd_mean": 0.09556512320880214,
  "fd_num": 14,
  "fd_perc": 6.965174129353234,
  "fwhm_avg": 1.8760649999999999,
  "fwhm_x": 1.859415,
  "fwhm_y": 2.17983,
  "fwhm_z": 1.5889499999999999,
  "gcor": 0.0279595,
  "gsr_x": -0.02363007701933384,
  "gsr_y": 0.03457823395729065,
  "provenance": {
    "md5sum": "2811ba6fe20ebde40af70d092bb86eb1",
    "settings": {
      "fd_thres": 0.2,
      "testing": false
    },
    "software": "mriqc",
    "version": "22.0.6",
    "webapi_port": null,
    "webapi_url": "https://mriqc.nimh.nih.gov/api/v1"
  },
  "size_t": 201,
  "size_x": 128,
  "size_y": 116,
  "size_z": 30,
  "snr": 5.674933166198863,
  "spacing_tr": 2.0,
  "spacing_x": 2.0,
  "spacing_y": 2.0,
  "spacing_z": 3.0,
  "summary_bg_k": 36.49871882509792,
  "summary_bg_mad": 9.131648816853572,
  "summary_bg_mean": 39.871742248535156,
  "summary_bg_median": 19.004974365234375,
  "summary_bg_n": 301666.0,
  "summary_bg_p05": 8.860695838928223,
  "summary_bg_p95": 160.1318359375,
  "summary_bg_stdv": 70.00211334228516,
  "summary_fg_k": 2.61639392793371,
  "summary_fg_mad": 125.02538192542093,
  "summary_fg_mean": 781.148193359375,
  "summary_fg_median": 768.0870361328125,
  "summary_fg_n": 78586.0,
  "summary_fg_p05": 606.6231079101562,
  "summary_fg_p95": 1000.8755798339844,
  "summary_fg_stdv": 135.34646606445312,
  "tsnr": 43.246583273867145
}