{
  "aor": 0.0007670149253731343,
  "aqi": 0.015313910895522387,
  "bids_meta": {
    "AcquisitionMatrixPE": 116,
    "AcquisitionNumber": 1,
    "BandwidthPerPixelPhaseEncode": 23.946,
    "BaseResolution": 128,
    "BodyPartExamined": "BRAIN",
    "ConversionSoftware": "dcm2niix",
    "ConversionSoftwareVersion": "v1.0.20180518 GCC4.8.5",
    "DerivedVendorReportedEchoSpacing": 0.000720011,
    "DwellTime": 2.5e-06,
    "EchoTime": 0.03,
    "EchoTrainLength": 58,
    "EffectiveEchoSpacing": 0.000360005,
    "FlipAngle": 71,
    "ImageOrientationPatientDICOM": [
      1,
      0,
      0,
      0,
      0.944376,
      0.328867
    ],
    "ImageType": [
      "ORIGINAL",
      "PRIMARY",
      "M",
      "ND",
      "NORM",
      "MOSAIC"
    ],
    "InPlanePhaseEncodingDirectionDICOM": "COL",
    "InstitutionName": "Princeton_University_-_Neuroscience_Institute",
    "MRAcquisitionType": "2D",
    "MagneticFieldStrength": 3,
    "Manufacturer": "Siemens",
    "ManufacturersModelName": "Skyra",
    "Modality": "MR",
    "ParallelReductionFactorInPlane": 2,
    "PartialFourier": 1,
    "PatientPosition": "HFS",
    "PercentPhaseFOV": 90.625,
    "PhaseEncodingDirection": "j-",
    "PhaseEncodingSteps": 116,
    "PhaseResolution": 1,
    "PixelBandwidth": 1565,
    "PulseSequenceDetails": "%SiemensSeq%_ep2d_bold",
    "ReceiveCoilActiveElements": "HE1-4",
    "ReceiveCoilName": "HeadNeck_20",
    "ReconMatrixPE": 116,
    "RepetitionTime": 2,
    "SAR": 0.0822539,
    "ScanOptions": "FS",
    "ScanningSequence": "EP",
    "SequenceVariant": "SK",
    "SeriesNumber": 4,
    "ShimSetting": [
      3201,
      10502,
      10022,
      656,
      -347,
      90,
      634,
      -15
    ],
    "SliceThickness": 3,
    "SliceTiming": [
      1,
      0,
      1.065,
      0.065,
      1.1325,
      0.1325,
      1.2,
      0.2,
      1.265,
      0.265,
      1.3325,
      0.3325,
      1.4,
      0.4,
      1.465,
      0.465,
      1.5325,
      0.5325,
      1.6,
      0.6,
      1.665,
      0.665,
      1.7325,
      0.7325,
      1.8,
      0.8,
      1.865,
      0.865,
      1.9325,
      0.9325
    ],
    "SoftwareVersions": "syngo_MR_D11",
    "SpacingBetweenSlices": 3,
    "StationName": "AWP45031",
    "TaskName": "study phase",
    "TotalReadoutTime": 0.0414006,
    "TxRefAmp": 370.115,
    "dataset": "ds001775",
    "modality": "bold",
    "run_id": 1,
    "subject_id": "07",
    "task_id": "restudy"
  },
  "dummy_trs": 0,
  "dvars_nstd": 35.755413913299996,
  "dvars_std": 1.1127782806999997,
  "dvars_vstd": 0.9845765816499997,
  "efc": 0.5052601535005362,
  "fber": 1492.628662109375,
  "fd_mean": 0.10450088860082651,
  "fd_num": 14,
  "fd_perc": 6.965174129353234,
  "fwhm_avg": 1.9015444444444445,
  "fwhm_x": 1.88976,
  "fwhm_y": 2.19946,
  "fwhm_z": 1.6154133333333334,
  "gcor": 0.0111966,
  "gsr_x": -0.026247676461935043,
  "gsr_y": 0.03775772452354431,
  "provenance": {
    "md5sum": "20c8d69f412f7484db0923a10489d20c",
    "settings": {
      "fd_thres": 0.2,
      "testing": false
    },
    "software": "mriqc",
    "version": "22.0.6",
    "webapi_port": null,
    "webapi_url": "https://mriqc.nimh.nih.gov/api/v1"
  },
  "size_t": 201,
  "size_x": 128,
  "size_y": 116,
  "size_z": 30,
  "snr": 5.533819584969239,
  "spacing_tr": 2.0,
  "spacing_x": 2.0,
  "spacing_y": 2.0,
  "spacing_z": 3.0,
  "summary_bg_k": 35.2255475523085,
  "summary_bg_mad": 9.559464143222012,
  "summary_bg_mean": 41.520259857177734,
  "summary_bg_median": 19.71641731262207,
  "summary_bg_n": 301475.0,
  "summary_bg_p05": 9.059700965881348,
  "summary_bg_p95": 164.21044616699214,
  "summary_bg_stdv": 71.38481903076172,
  "summary_fg_k": 2.844929493095359,
  "summary_fg_mad": 124.78933652216338,
  "summary_fg_mean": 782.9107666015625,
  "summary_fg_median": 769.1243896484375,
  "summary_fg_n": 79016.0,
  "summary_fg_p05": 604.4116668701172,
  "summary_fg_p95": 1007.2126617431641,
  "summary_fg_stdv": 138.98529052734375,
  "tsnr": 42.97825035837013
}