{
  "aor": 0.0021759507042253524,
  "aqi": 0.021460550809859157,
  "bids_meta": {
    "AcquisitionMatrixPE": 116,
    "AcquisitionNumber": 1,
    "BandwidthPerPixelPhaseEncode": 23.946,
    "BaseResolution": 128,
    "BodyPartExamined": "BRAIN",
    "ConsistencyInfo": "N4_VD11D_LATEST_20110129",
    "ConversionSoftware": "dcm2niix",
    "ConversionSoftwareVersion": "v1.0.20180518 GCC4.8.5",
    "DerivedVendorReportedEchoSpacing": 0.000720011,
    "DwellTime": 2.5e-06,
    "EchoTime": 0.03,
    "EchoTrainLength": 58,
    "EffectiveEchoSpacing": 0.000360005,
    "FlipAngle": 71,
    "ImageOrientationPatientDICOM": [
      1,
      0,
      0,
      0,
      0.944376,
      0.328867
    ],
    "ImageType": [
      "ORIGINAL",
      "PRIMARY",
      "M",
      "ND",
      "NORM",
      "MOSAIC"
    ],
    "InPlanePhaseEncodingDirectionDICOM": "COL",
    "InstitutionName": "Princeton_University_-_Neuroscience_Institute",
    "MRAcquisitionType": "2D",
    "MagneticFieldStrength": 3,
    "Manufacturer": "Siemens",
    "ManufacturersModelName": "Skyra",
    "Modality": "MR",
    "ParallelReductionFactorInPlane": 2,
    "PartialFourier": 1,
    "PatientPosition": "HFS",
    "PercentPhaseFOV": 90.625,
    "PhaseEncodingDirection": "j-",
    "PhaseEncodingSteps": 116,
    "PhaseResolution": 1,
    "PixelBandwidth": 1565,
    "PulseSequenceDetails": "%SiemensSeq%_ep2d_bold",
    "ReceiveCoilActiveElements": "HE1-4",
    "ReceiveCoilName": "HeadNeck_20",
    "ReconMatrixPE": 116,
    "RepetitionTime": 2,
    "SAR": 0.0822545,
    "ScanOptions": "FS",
    "ScanningSequence": "EP",
    "SequenceVariant": "SK",
    "SeriesNumber": 8,
    "ShimSetting": [
      3201,
      10502,
      10022,
      656,
      -347,
      90,
      634,
      -15
    ],
    "SliceThickness": 3,
    "SliceTiming": [
      1,
      0,
      1.0675,
      0.0675,
      1.1325,
      0.1325,
      1.2,
      0.2,
      1.2675,
      0.2675,
      1.3325,
      0.3325,
      1.4,
      0.4,
      1.465,
      0.4675,
      1.5325,
      0.5325,
      1.6,
      0.6,
      1.665,
      0.6675,
      1.7325,
      0.7325,
      1.8,
      0.8,
      1.865,
      0.8675,
      1.9325,
      0.9325
    ],
    "SoftwareVersions": "syngo_MR_D11",
    "SpacingBetweenSlices": 3,
    "StationName": "AWP45031",
    "TaskName": "retrieval-practice/restudy phase",
    "TotalReadoutTime": 0.0414006,
    "TxRefAmp": 370.115,
    "dataset": "ds001775",
    "modality": "bold",
    "run_id": 4,
    "subject_id": "03",
    "task_id": "RP"
  },
  "dummy_trs": 0,
  "dvars_nstd": 42.22627519120144,
  "dvars_std": 1.1670564476325087,
  "dvars_vstd": 1.011273343286219,
  "efc": 0.493448090740523,
  "fber": 1682.8822021484375,
  "fd_mean": 0.24684130088998507,
  "fd_num": 147,
  "fd_perc": 51.76056338028169,
  "fwhm_avg": 1.9006072222222221,
  "fwhm_x": 1.93203,
  "fwhm_y": 2.184735,
  "fwhm_z": 1.5850566666666666,
  "gcor": 0.0222606,
  "gsr_x": -0.034197572618722916,
  "gsr_y": 0.042303670197725296,
  "provenance": {
    "md5sum": "22bb47b2a32f55d00db0475791d3c9ba",
    "settings": {
      "fd_thres": 0.2,
      "testing": false
    },
    "software": "mriqc",
    "version": "22.0.6",
    "webapi_port": null,
    "webapi_url": "https://mriqc.nimh.nih.gov/api/v1"
  },
  "size_t": 284,
  "size_x": 128,
  "size_y": 116,
  "size_z": 30,
  "snr": 5.499180126719428,
  "spacing_tr": 2.0,
  "spacing_x": 2.0,
  "spacing_y": 2.0,
  "spacing_z": 3.0,
  "summary_bg_k": 30.929176735736654,
  "summary_bg_mad": 12.941446849757273,
  "summary_bg_mean": 47.38126754760742,
  "summary_bg_median": 21.246479034423828,
  "summary_bg_n": 305700.0,
  "summary_bg_p05": 8.517605781555176,
  "summary_bg_p95": 182.58150711059557,
  "summary_bg_stdv": 87.50574493408203,
  "summary_fg_k": 2.1797379062911046,
  "summary_fg_mad": 141.2335162311035,
  "summary_fg_mean": 891.955078125,
  "summary_fg_median": 876.8555908203125,
  "summary_fg_n": 74535.0,
  "summary_fg_p05": 683.4028015136719,
  "summary_fg_p95": 1165.0760620117187,
  "summary_fg_stdv": 159.45098876953125,
  "tsnr": 35.73186109447852
}