{
  "aor": 0.0016636267605633804,
  "aqi": 0.015254950352112674,
  "bids_meta": {
    "AcquisitionMatrixPE": 116,
    "AcquisitionNumber": 1,
    "BandwidthPerPixelPhaseEncode": 23.946,
    "BaseResolution": 128,
    "BodyPartExamined": "BRAIN",
    "ConsistencyInfo": "N4_VD11D_LATEST_20110129",
    "ConversionSoftware": "dcm2niix",
    "ConversionSoftwareVersion": "v1.0.20180518 GCC4.8.5",
    "DerivedVendorReportedEchoSpacing": 0.000720011,
    "DwellTime": 2.5e-06,
    "EchoTime": 0.03,
    "EchoTrainLength": 58,
    "EffectiveEchoSpacing": 0.000360005,
    "FlipAngle": 71,
    "ImageOrientationPatientDICOM": [
      1,
      0,
      0,
      0,
      0.944376,
      0.328867
    ],
    "ImageType": [
      "ORIGINAL",
      "PRIMARY",
      "M",
      "ND",
      "NORM",
      "MOSAIC"
    ],
    "InPlanePhaseEncodingDirectionDICOM": "COL",
    "InstitutionName": "Princeton_University_-_Neuroscience_Institute",
    "MRAcquisitionType": "2D",
    "MagneticFieldStrength": 3,
    "Manufacturer": "Siemens",
    "ManufacturersModelName": "Skyra",
    "Modality": "MR",
    "ParallelReductionFactorInPlane": 2,
    "PartialFourier": 1,
    "PatientPosition": "HFS",
    "PercentPhaseFOV": 90.625,
    "PhaseEncodingDirection": "j-",
    "PhaseEncodingSteps": 116,
    "PhaseResolution": 1,
    "PixelBandwidth": 1565,
    "PulseSequenceDetails": "%SiemensSeq%_ep2d_bold",
    "ReceiveCoilActiveElements": "HE1-4",
    "ReceiveCoilName": "HeadNeck_20",
    "ReconMatrixPE": 116,
    "RepetitionTime": 2,
    "SAR": 0.0822545,
    "ScanOptions": "FS",
    "ScanningSequence": "EP",
    "SequenceVariant": "SK",
    "SeriesNumber": 8,
    "ShimSetting": [
      3201,
      10502,
      10022,
      656,
      -347,
      90,
      634,
      -15
    ],
    "SliceThickness": 3,
    "SliceTiming": [
      1,
      0,
      1.0675,
      0.0675,
      1.1325,
      0.1325,
      1.2,
      0.2,
      1.2675,
      0.2675,
      1.3325,
      0.3325,
      1.4,
      0.4,
      1.465,
      0.4675,
      1.5325,
      0.5325,
      1.6,
      0.6,
      1.665,
      0.6675,
      1.7325,
      0.7325,
      1.8,
      0.8,
      1.865,
      0.8675,
      1.9325,
      0.9325
    ],
    "SoftwareVersions": "syngo_MR_D11",
    "SpacingBetweenSlices": 3,
    "StationName": "AWP45031",
    "TaskName": "retrieval-practice/restudy phase",
    "TotalReadoutTime": 0.0414006,
    "TxRefAmp": 370.115,
    "dataset": "ds001775",
    "modality": "bold",
    "run_id": 1,
    "subject_id": "12",
    "task_id": "RP"
  },
  "dummy_trs": 0,
  "dvars_nstd": 36.26576324561835,
  "dvars_std": 1.1442773230388694,
  "dvars_vstd": 1.0155950406360423,
  "efc": 0.4870840066222619,
  "fber": 1823.6280517578125,
  "fd_mean": 0.18326422076746796,
  "fd_num": 94,
  "fd_perc": 33.098591549295776,
  "fwhm_avg": 1.9957016666666665,
  "fwhm_x": 1.969835,
  "fwhm_y": 2.27757,
  "fwhm_z": 1.7397,
  "gcor": 0.0348719,
  "gsr_x": -0.016009267419576645,
  "gsr_y": 0.024225084111094475,
  "provenance": {
    "md5sum": "edf42c5555e22f70edcaeedec91e446b",
    "settings": {
      "fd_thres": 0.2,
      "testing": false
    },
    "software": "mriqc",
    "version": "22.0.6",
    "webapi_port": null,
    "webapi_url": "https://mriqc.nimh.nih.gov/api/v1"
  },
  "size_t": 284,
  "size_x": 128,
  "size_y": 116,
  "size_z": 30,
  "snr": 6.234869953139687,
  "spacing_tr": 2.0,
  "spacing_x": 2.0,
  "spacing_y": 2.0,
  "spacing_z": 3.0,
  "summary_bg_k": 31.583740444294953,
  "summary_bg_mad": 9.840510367410413,
  "summary_bg_mean": 32.71215057373047,
  "summary_bg_median": 17.93309783935547,
  "summary_bg_n": 303016.0,
  "summary_bg_p05": 7.964788436889648,
  "summary_bg_p95": 110.95069885253906,
  "summary_bg_stdv": 51.64456558227539,
  "summary_fg_k": 3.1396928867876186,
  "summary_fg_mad": 113.52349616588336,
  "summary_fg_mean": 787.2241821289062,
  "summary_fg_median": 778.2693481445312,
  "summary_fg_n": 76262.0,
  "summary_fg_p05": 620.8419036865234,
  "summary_fg_p95": 982.6228759765625,
  "summary_fg_stdv": 124.82445526123047,
  "tsnr": 44.21304418717045
}