{
  "aor": 0.0009938308457711443,
  "aqi": 0.021227049253731343,
  "bids_meta": {
    "AcquisitionMatrixPE": 116,
    "AcquisitionNumber": 1,
    "BandwidthPerPixelPhaseEncode": 23.946,
    "BaseResolution": 128,
    "BodyPartExamined": "BRAIN",
    "ConversionSoftware": "dcm2niix",
    "ConversionSoftwareVersion": "v1.0.20180518 GCC4.8.5",
    "DerivedVendorReportedEchoSpacing": 0.000720011,
    "DwellTime": 2.5e-06,
    "EchoTime": 0.03,
    "EchoTrainLength": 58,
    "EffectiveEchoSpacing": 0.000360005,
    "FlipAngle": 71,
    "ImageOrientationPatientDICOM": [
      1,
      0,
      0,
      0,
      0.944376,
      0.328867
    ],
    "ImageType": [
      "ORIGINAL",
      "PRIMARY",
      "M",
      "ND",
      "NORM",
      "MOSAIC"
    ],
    "InPlanePhaseEncodingDirectionDICOM": "COL",
    "InstitutionName": "Princeton_University_-_Neuroscience_Institute",
    "MRAcquisitionType": "2D",
    "MagneticFieldStrength": 3,
    "Manufacturer": "Siemens",
    "ManufacturersModelName": "Skyra",
    "Modality": "MR",
    "ParallelReductionFactorInPlane": 2,
    "PartialFourier": 1,
    "PatientPosition": "HFS",
    "PercentPhaseFOV": 90.625,
    "PhaseEncodingDirection": "j-",
    "PhaseEncodingSteps": 116,
    "PhaseResolution": 1,
    "PixelBandwidth": 1565,
    "PulseSequenceDetails": "%SiemensSeq%_ep2d_bold",
    "ReceiveCoilActiveElements": "HE1-4",
    "ReceiveCoilName": "HeadNeck_20",
    "ReconMatrixPE": 116,
    "RepetitionTime": 2,
    "SAR": 0.0822539,
    "ScanOptions": "FS",
    "ScanningSequence": "EP",
    "SequenceVariant": "SK",
    "SeriesNumber": 4,
    "ShimSetting": [
      3201,
      10502,
      10022,
      656,
      -347,
      90,
      634,
      -15
    ],
    "SliceThickness": 3,
    "SliceTiming": [
      1,
      0,
      1.065,
      0.065,
      1.1325,
      0.1325,
      1.2,
      0.2,
      1.265,
      0.265,
      1.3325,
      0.3325,
      1.4,
      0.4,
      1.465,
      0.465,
      1.5325,
      0.5325,
      1.6,
      0.6,
      1.665,
      0.665,
      1.7325,
      0.7325,
      1.8,
      0.8,
      1.865,
      0.865,
      1.9325,
      0.9325
    ],
    "SoftwareVersions": "syngo_MR_D11",
    "SpacingBetweenSlices": 3,
    "StationName": "AWP45031",
    "TaskName": "study phase",
    "TotalReadoutTime": 0.0414006,
    "TxRefAmp": 370.115,
    "dataset": "ds001775",
    "modality": "bold",
    "run_id": 2,
    "subject_id": "12",
    "task_id": "restudy"
  },
  "dummy_trs": 0,
  "dvars_nstd": 32.9239261438,
  "dvars_std": 1.0679679456999995,
  "dvars_vstd": 0.9841024376999994,
  "efc": 0.48566482216362655,
  "fber": 1815.9713134765625,
  "fd_mean": 0.16368068355284876,
  "fd_num": 50,
  "fd_perc": 24.875621890547265,
  "fwhm_avg": 2.039118333333333,
  "fwhm_x": 2.00477,
  "fwhm_y": 2.330445,
  "fwhm_z": 1.78214,
  "gcor": 0.0332478,
  "gsr_x": -0.014244573190808296,
  "gsr_y": 0.020930711179971695,
  "provenance": {
    "md5sum": "8386a150fa406261bfbaa67edf2483ff",
    "settings": {
      "fd_thres": 0.2,
      "testing": false
    },
    "software": "mriqc",
    "version": "22.0.6",
    "webapi_port": null,
    "webapi_url": "https://mriqc.nimh.nih.gov/api/v1"
  },
  "size_t": 201,
  "size_x": 128,
  "size_y": 116,
  "size_z": 30,
  "snr": 6.379503233611331,
  "spacing_tr": 2.0,
  "spacing_x": 2.0,
  "spacing_y": 2.0,
  "spacing_z": 3.0,
  "summary_bg_k": 32.66930756718685,
  "summary_bg_mad": 9.832383157220622,
  "summary_bg_mean": 32.1513671875,
  "summary_bg_median": 17.92039680480957,
  "summary_bg_n": 303394.0,
  "summary_bg_p05": 7.965173721313477,
  "summary_bg_p95": 108.8873077392577,
  "summary_bg_stdv": 50.05681610107422,
  "summary_fg_k": 3.0397954065314448,
  "summary_fg_mad": 110.66041066219634,
  "summary_fg_mean": 780.7864990234375,
  "summary_fg_median": 772.907958984375,
  "summary_fg_n": 75878.0,
  "summary_fg_p05": 616.9529663085938,
  "summary_fg_p95": 970.428598022461,
  "summary_fg_stdv": 121.15408325195312,
  "tsnr": 39.65272784233093
}