{
  "aor": 0.001597570422535211,
  "aqi": 0.024562202816901406,
  "bids_meta": {
    "AcquisitionMatrixPE": 116,
    "AcquisitionNumber": 1,
    "BandwidthPerPixelPhaseEncode": 23.946,
    "BaseResolution": 128,
    "BodyPartExamined": "BRAIN",
    "ConsistencyInfo": "N4_VD11D_LATEST_20110129",
    "ConversionSoftware": "dcm2niix",
    "ConversionSoftwareVersion": "v1.0.20180518 GCC4.8.5",
    "DerivedVendorReportedEchoSpacing": 0.000720011,
    "DwellTime": 2.5e-06,
    "EchoTime": 0.03,
    "EchoTrainLength": 58,
    "EffectiveEchoSpacing": 0.000360005,
    "FlipAngle": 71,
    "ImageOrientationPatientDICOM": [
      1,
      0,
      0,
      0,
      0.944376,
      0.328867
    ],
    "ImageType": [
      "ORIGINAL",
      "PRIMARY",
      "M",
      "ND",
      "NORM",
      "MOSAIC"
    ],
    "InPlanePhaseEncodingDirectionDICOM": "COL",
    "InstitutionName": "Princeton_University_-_Neuroscience_Institute",
    "MRAcquisitionType": "2D",
    "MagneticFieldStrength": 3,
    "Manufacturer": "Siemens",
    "ManufacturersModelName": "Skyra",
    "Modality": "MR",
    "ParallelReductionFactorInPlane": 2,
    "PartialFourier": 1,
    "PatientPosition": "HFS",
    "PercentPhaseFOV": 90.625,
    "PhaseEncodingDirection": "j-",
    "PhaseEncodingSteps": 116,
    "PhaseResolution": 1,
    "PixelBandwidth": 1565,
    "PulseSequenceDetails": "%SiemensSeq%_ep2d_bold",
    "ReceiveCoilActiveElements": "HE1-4",
    "ReceiveCoilName": "HeadNeck_20",
    "ReconMatrixPE": 116,
    "RepetitionTime": 2,
    "SAR": 0.0822545,
    "ScanOptions": "FS",
    "ScanningSequence": "EP",
    "SequenceVariant": "SK",
    "SeriesNumber": 8,
    "ShimSetting": [
      3201,
      10502,
      10022,
      656,
      -347,
      90,
      634,
      -15
    ],
    "SliceThickness": 3,
    "SliceTiming": [
      1,
      0,
      1.0675,
      0.0675,
      1.1325,
      0.1325,
      1.2,
      0.2,
      1.2675,
      0.2675,
      1.3325,
      0.3325,
      1.4,
      0.4,
      1.465,
      0.4675,
      1.5325,
      0.5325,
      1.6,
      0.6,
      1.665,
      0.6675,
      1.7325,
      0.7325,
      1.8,
      0.8,
      1.865,
      0.8675,
      1.9325,
      0.9325
    ],
    "SoftwareVersions": "syngo_MR_D11",
    "SpacingBetweenSlices": 3,
    "StationName": "AWP45031",
    "TaskName": "retrieval-practice/restudy phase",
    "TotalReadoutTime": 0.0414006,
    "TxRefAmp": 370.115,
    "dataset": "ds001775",
    "modality": "bold",
    "run_id": 4,
    "subject_id": "12",
    "task_id": "RP"
  },
  "dummy_trs": 0,
  "dvars_nstd": 39.046950977243824,
  "dvars_std": 1.1143529871378082,
  "dvars_vstd": 1.003449942897527,
  "efc": 0.4867835879232975,
  "fber": 1801.651123046875,
  "fd_mean": 0.27897634355792134,
  "fd_num": 188,
  "fd_perc": 66.19718309859155,
  "fwhm_avg": 2.0094066666666666,
  "fwhm_x": 1.98495,
  "fwhm_y": 2.31397,
  "fwhm_z": 1.7293,
  "gcor": 0.0480573,
  "gsr_x": -0.014851837418973446,
  "gsr_y": 0.023014670237898827,
  "provenance": {
    "md5sum": "20224d47547b3364ebfe5777f0edb6a7",
    "settings": {
      "fd_thres": 0.2,
      "testing": false
    },
    "software": "mriqc",
    "version": "22.0.6",
    "webapi_port": null,
    "webapi_url": "https://mriqc.nimh.nih.gov/api/v1"
  },
  "size_t": 284,
  "size_x": 128,
  "size_y": 116,
  "size_z": 30,
  "snr": 6.30235758248999,
  "spacing_tr": 2.0,
  "spacing_x": 2.0,
  "spacing_y": 2.0,
  "spacing_z": 3.0,
  "summary_bg_k": 31.69714916166955,
  "summary_bg_mad": 9.89271510899487,
  "summary_bg_mean": 32.02891540527344,
  "summary_bg_median": 17.926055908203125,
  "summary_bg_n": 302961.0,
  "summary_bg_p05": 7.873239517211914,
  "summary_bg_p95": 109.08450317382812,
  "summary_bg_stdv": 49.43614196777344,
  "summary_fg_k": 3.1663740037650436,
  "summary_fg_mad": 109.92399605927895,
  "summary_fg_mean": 777.978515625,
  "summary_fg_median": 770.8204345703125,
  "summary_fg_n": 76184.0,
  "summary_fg_p05": 610.6237609863281,
  "summary_fg_p95": 968.8232238769529,
  "summary_fg_stdv": 122.30587768554688,
  "tsnr": 36.903253564145416
}