{
  "aor": 0.0022646126760563386,
  "aqi": 0.020473337323943665,
  "bids_meta": {
    "AcquisitionMatrixPE": 116,
    "AcquisitionNumber": 1,
    "BandwidthPerPixelPhaseEncode": 23.946,
    "BaseResolution": 128,
    "BodyPartExamined": "BRAIN",
    "ConsistencyInfo": "N4_VD11D_LATEST_20110129",
    "ConversionSoftware": "dcm2niix",
    "ConversionSoftwareVersion": "v1.0.20180518 GCC4.8.5",
    "DerivedVendorReportedEchoSpacing": 0.000720011,
    "DwellTime": 2.5e-06,
    "EchoTime": 0.03,
    "EchoTrainLength": 58,
    "EffectiveEchoSpacing": 0.000360005,
    "FlipAngle": 71,
    "ImageOrientationPatientDICOM": [
      1,
      0,
      0,
      0,
      0.944376,
      0.328867
    ],
    "ImageType": [
      "ORIGINAL",
      "PRIMARY",
      "M",
      "ND",
      "NORM",
      "MOSAIC"
    ],
    "InPlanePhaseEncodingDirectionDICOM": "COL",
    "InstitutionName": "Princeton_University_-_Neuroscience_Institute",
    "MRAcquisitionType": "2D",
    "MagneticFieldStrength": 3,
    "Manufacturer": "Siemens",
    "ManufacturersModelName": "Skyra",
    "Modality": "MR",
    "ParallelReductionFactorInPlane": 2,
    "PartialFourier": 1,
    "PatientPosition": "HFS",
    "PercentPhaseFOV": 90.625,
    "PhaseEncodingDirection": "j-",
    "PhaseEncodingSteps": 116,
    "PhaseResolution": 1,
    "PixelBandwidth": 1565,
    "PulseSequenceDetails": "%SiemensSeq%_ep2d_bold",
    "ReceiveCoilActiveElements": "HE1-4",
    "ReceiveCoilName": "HeadNeck_20",
    "ReconMatrixPE": 116,
    "RepetitionTime": 2,
    "SAR": 0.0822545,
    "ScanOptions": "FS",
    "ScanningSequence": "EP",
    "SequenceVariant": "SK",
    "SeriesNumber": 8,
    "ShimSetting": [
      3201,
      10502,
      10022,
      656,
      -347,
      90,
      634,
      -15
    ],
    "SliceThickness": 3,
    "SliceTiming": [
      1,
      0,
      1.0675,
      0.0675,
      1.1325,
      0.1325,
      1.2,
      0.2,
      1.2675,
      0.2675,
      1.3325,
      0.3325,
      1.4,
      0.4,
      1.465,
      0.4675,
      1.5325,
      0.5325,
      1.6,
      0.6,
      1.665,
      0.6675,
      1.7325,
      0.7325,
      1.8,
      0.8,
      1.865,
      0.8675,
      1.9325,
      0.9325
    ],
    "SoftwareVersions": "syngo_MR_D11",
    "SpacingBetweenSlices": 3,
    "StationName": "AWP45031",
    "TaskName": "retrieval-practice/restudy phase",
    "TotalReadoutTime": 0.0414006,
    "TxRefAmp": 370.115,
    "dataset": "ds001775",
    "modality": "bold",
    "run_id": 3,
    "subject_id": "12",
    "task_id": "RP"
  },
  "dummy_trs": 0,
  "dvars_nstd": 38.28788724954066,
  "dvars_std": 1.1333848388339225,
  "dvars_vstd": 1.0107687485512367,
  "efc": 0.48687065928558865,
  "fber": 1799.5928955078125,
  "fd_mean": 0.23223363569297978,
  "fd_num": 128,
  "fd_perc": 45.070422535211264,
  "fwhm_avg": 1.9874627777777778,
  "fwhm_x": 1.95725,
  "fwhm_y": 2.276185,
  "fwhm_z": 1.7289533333333333,
  "gcor": 0.024715,
  "gsr_x": -0.015582586638629436,
  "gsr_y": 0.02362397499382496,
  "provenance": {
    "md5sum": "0670e576935e40d07fc7fc31225fa016",
    "settings": {
      "fd_thres": 0.2,
      "testing": false
    },
    "software": "mriqc",
    "version": "22.0.6",
    "webapi_port": null,
    "webapi_url": "https://mriqc.nimh.nih.gov/api/v1"
  },
  "size_t": 284,
  "size_x": 128,
  "size_y": 116,
  "size_z": 30,
  "snr": 6.284140160458645,
  "spacing_tr": 2.0,
  "spacing_x": 2.0,
  "spacing_y": 2.0,
  "spacing_z": 3.0,
  "summary_bg_k": 31.8496036287843,
  "summary_bg_mad": 9.955360233328356,
  "summary_bg_mean": 32.532920837402344,
  "summary_bg_median": 18.014083862304688,
  "summary_bg_n": 303125.0,
  "summary_bg_p05": 7.947183132171631,
  "summary_bg_p95": 110.03027648925773,
  "summary_bg_stdv": 51.06338119506836,
  "summary_fg_k": 3.3198604609030573,
  "summary_fg_mad": 110.61050495397454,
  "summary_fg_mean": 781.873291015625,
  "summary_fg_median": 774.0457763671875,
  "summary_fg_n": 76077.0,
  "summary_fg_p05": 616.9457397460938,
  "summary_fg_p95": 974.3943359374999,
  "summary_fg_stdv": 123.1736831665039,
  "tsnr": 39.84254971810151
}