{
  "aor": 0.0009522885572139302,
  "aqi": 0.014690973781094529,
  "bids_meta": {
    "AcquisitionMatrixPE": 116,
    "AcquisitionNumber": 1,
    "BandwidthPerPixelPhaseEncode": 23.946,
    "BaseResolution": 128,
    "BodyPartExamined": "BRAIN",
    "ConversionSoftware": "dcm2niix",
    "ConversionSoftwareVersion": "v1.0.20180518 GCC4.8.5",
    "DerivedVendorReportedEchoSpacing": 0.000720011,
    "DwellTime": 2.5e-06,
    "EchoTime": 0.03,
    "EchoTrainLength": 58,
    "EffectiveEchoSpacing": 0.000360005,
    "FlipAngle": 71,
    "ImageOrientationPatientDICOM": [
      1,
      0,
      0,
      0,
      0.944376,
      0.328867
    ],
    "ImageType": [
      "ORIGINAL",
      "PRIMARY",
      "M",
      "ND",
      "NORM",
      "MOSAIC"
    ],
    "InPlanePhaseEncodingDirectionDICOM": "COL",
    "InstitutionName": "Princeton_University_-_Neuroscience_Institute",
    "MRAcquisitionType": "2D",
    "MagneticFieldStrength": 3,
    "Manufacturer": "Siemens",
    "ManufacturersModelName": "Skyra",
    "Modality": "MR",
    "ParallelReductionFactorInPlane": 2,
    "PartialFourier": 1,
    "PatientPosition": "HFS",
    "PercentPhaseFOV": 90.625,
    "PhaseEncodingDirection": "j-",
    "PhaseEncodingSteps": 116,
    "PhaseResolution": 1,
    "PixelBandwidth": 1565,
    "PulseSequenceDetails": "%SiemensSeq%_ep2d_bold",
    "ReceiveCoilActiveElements": "HE1-4",
    "ReceiveCoilName": "HeadNeck_20",
    "ReconMatrixPE": 116,
    "RepetitionTime": 2,
    "SAR": 0.0822539,
    "ScanOptions": "FS",
    "ScanningSequence": "EP",
    "SequenceVariant": "SK",
    "SeriesNumber": 4,
    "ShimSetting": [
      3201,
      10502,
      10022,
      656,
      -347,
      90,
      634,
      -15
    ],
    "SliceThickness": 3,
    "SliceTiming": [
      1,
      0,
      1.065,
      0.065,
      1.1325,
      0.1325,
      1.2,
      0.2,
      1.265,
      0.265,
      1.3325,
      0.3325,
      1.4,
      0.4,
      1.465,
      0.465,
      1.5325,
      0.5325,
      1.6,
      0.6,
      1.665,
      0.665,
      1.7325,
      0.7325,
      1.8,
      0.8,
      1.865,
      0.865,
      1.9325,
      0.9325
    ],
    "SoftwareVersions": "syngo_MR_D11",
    "SpacingBetweenSlices": 3,
    "StationName": "AWP45031",
    "TaskName": "study phase",
    "TotalReadoutTime": 0.0414006,
    "TxRefAmp": 370.115,
    "dataset": "ds001775",
    "modality": "bold",
    "run_id": 1,
    "subject_id": "12",
    "task_id": "restudy"
  },
  "dummy_trs": 0,
  "dvars_nstd": 32.4228856663,
  "dvars_std": 1.10965091245,
  "dvars_vstd": 0.9899355445500001,
  "efc": 0.48523182775347334,
  "fber": 1846.092529296875,
  "fd_mean": 0.0826589360696769,
  "fd_num": 11,
  "fd_perc": 5.472636815920398,
  "fwhm_avg": 2.0401744444444443,
  "fwhm_x": 2.02546,
  "fwhm_y": 2.31437,
  "fwhm_z": 1.7806933333333335,
  "gcor": 0.0314276,
  "gsr_x": -0.01462502684444189,
  "gsr_y": 0.02012430876493454,
  "provenance": {
    "md5sum": "d0b28e1146a797c44a73c653ccf15dbc",
    "settings": {
      "fd_thres": 0.2,
      "testing": false
    },
    "software": "mriqc",
    "version": "22.0.6",
    "webapi_port": null,
    "webapi_url": "https://mriqc.nimh.nih.gov/api/v1"
  },
  "size_t": 201,
  "size_x": 128,
  "size_y": 116,
  "size_z": 30,
  "snr": 6.172192880888403,
  "spacing_tr": 2.0,
  "spacing_x": 2.0,
  "spacing_y": 2.0,
  "spacing_z": 3.0,
  "summary_bg_k": 32.81975200886412,
  "summary_bg_mad": 9.810253900665225,
  "summary_bg_mean": 32.12907028198242,
  "summary_bg_median": 17.8358211517334,
  "summary_bg_n": 303289.0,
  "summary_bg_p05": 7.965173721313477,
  "summary_bg_p95": 107.57114105224575,
  "summary_bg_stdv": 50.23019027709961,
  "summary_fg_k": 3.2703745599692224,
  "summary_fg_mad": 113.26052973235203,
  "summary_fg_mean": 786.4093627929688,
  "summary_fg_median": 777.5870361328125,
  "summary_fg_n": 76011.0,
  "summary_fg_p05": 615.9726257324219,
  "summary_fg_p95": 983.592041015625,
  "summary_fg_stdv": 125.9814682006836,
  "tsnr": 44.370388170704246
}