{
  "aor": 0.00042805970149253735,
  "aqi": 0.012029506467661693,
  "bids_meta": {
    "AcquisitionMatrixPE": 116,
    "AcquisitionNumber": 1,
    "BandwidthPerPixelPhaseEncode": 23.946,
    "BaseResolution": 128,
    "BodyPartExamined": "BRAIN",
    "ConversionSoftware": "dcm2niix",
    "ConversionSoftwareVersion": "v1.0.20180518 GCC4.8.5",
    "DerivedVendorReportedEchoSpacing": 0.000720011,
    "DwellTime": 2.5e-06,
    "EchoTime": 0.03,
    "EchoTrainLength": 58,
    "EffectiveEchoSpacing": 0.000360005,
    "FlipAngle": 71,
    "ImageOrientationPatientDICOM": [
      1,
      0,
      0,
      0,
      0.944376,
      0.328867
    ],
    "ImageType": [
      "ORIGINAL",
      "PRIMARY",
      "M",
      "ND",
      "NORM",
      "MOSAIC"
    ],
    "InPlanePhaseEncodingDirectionDICOM": "COL",
    "InstitutionName": "Princeton_University_-_Neuroscience_Institute",
    "MRAcquisitionType": "2D",
    "MagneticFieldStrength": 3,
    "Manufacturer": "Siemens",
    "ManufacturersModelName": "Skyra",
    "Modality": "MR",
    "ParallelReductionFactorInPlane": 2,
    "PartialFourier": 1,
    "PatientPosition": "HFS",
    "PercentPhaseFOV": 90.625,
    "PhaseEncodingDirection": "j-",
    "PhaseEncodingSteps": 116,
    "PhaseResolution": 1,
    "PixelBandwidth": 1565,
    "PulseSequenceDetails": "%SiemensSeq%_ep2d_bold",
    "ReceiveCoilActiveElements": "HE1-4",
    "ReceiveCoilName": "HeadNeck_20",
    "ReconMatrixPE": 116,
    "RepetitionTime": 2,
    "SAR": 0.0822539,
    "ScanOptions": "FS",
    "ScanningSequence": "EP",
    "SequenceVariant": "SK",
    "SeriesNumber": 4,
    "ShimSetting": [
      3201,
      10502,
      10022,
      656,
      -347,
      90,
      634,
      -15
    ],
    "SliceThickness": 3,
    "SliceTiming": [
      1,
      0,
      1.065,
      0.065,
      1.1325,
      0.1325,
      1.2,
      0.2,
      1.265,
      0.265,
      1.3325,
      0.3325,
      1.4,
      0.4,
      1.465,
      0.465,
      1.5325,
      0.5325,
      1.6,
      0.6,
      1.665,
      0.665,
      1.7325,
      0.7325,
      1.8,
      0.8,
      1.865,
      0.865,
      1.9325,
      0.9325
    ],
    "SoftwareVersions": "syngo_MR_D11",
    "SpacingBetweenSlices": 3,
    "StationName": "AWP45031",
    "TaskName": "study phase",
    "TotalReadoutTime": 0.0414006,
    "TxRefAmp": 370.115,
    "dataset": "ds001775",
    "modality": "bold",
    "run_id": 2,
    "subject_id": "05",
    "task_id": "restudy"
  },
  "dummy_trs": 0,
  "dvars_nstd": 34.64793931945001,
  "dvars_std": 1.14655143075,
  "dvars_vstd": 0.9987222012499994,
  "efc": 0.48379728768637187,
  "fber": 1707.208984375,
  "fd_mean": 0.0998371552401862,
  "fd_num": 5,
  "fd_perc": 2.487562189054726,
  "fwhm_avg": 1.8384933333333333,
  "fwhm_x": 1.845385,
  "fwhm_y": 2.045005,
  "fwhm_z": 1.6250900000000001,
  "gcor": 0.0265929,
  "gsr_x": -0.040646422654390335,
  "gsr_y": 0.02884562313556671,
  "provenance": {
    "md5sum": "1fc8a58aaf232eb5a146036c6d0182a5",
    "settings": {
      "fd_thres": 0.2,
      "testing": false
    },
    "software": "mriqc",
    "version": "22.0.6",
    "webapi_port": null,
    "webapi_url": "https://mriqc.nimh.nih.gov/api/v1"
  },
  "size_t": 201,
  "size_x": 128,
  "size_y": 116,
  "size_z": 30,
  "snr": 6.296714961180424,
  "spacing_tr": 2.0,
  "spacing_x": 2.0,
  "spacing_y": 2.0,
  "spacing_z": 3.0,
  "summary_bg_k": 21.757582700756505,
  "summary_bg_mad": 10.112672934392402,
  "summary_bg_mean": 42.898292541503906,
  "summary_bg_median": 18.587064743041992,
  "summary_bg_n": 313973.0,
  "summary_bg_p05": 8.457711219787598,
  "summary_bg_p95": 176.5621795654297,
  "summary_bg_stdv": 78.72344970703125,
  "summary_fg_k": 3.5663387415512924,
  "summary_fg_mad": 109.30689365271773,
  "summary_fg_mean": 789.051513671875,
  "summary_fg_median": 776.4676513671875,
  "summary_fg_n": 67907.0,
  "summary_fg_p05": 631.5835632324219,
  "summary_fg_p95": 986.2830627441406,
  "summary_fg_stdv": 123.31222534179688,
  "tsnr": 47.285461938008666
}