{
  "aor": 0.00046394366197183095,
  "aqi": 0.012393617394366197,
  "bids_meta": {
    "AcquisitionMatrixPE": 116,
    "AcquisitionNumber": 1,
    "BandwidthPerPixelPhaseEncode": 23.946,
    "BaseResolution": 128,
    "BodyPartExamined": "BRAIN",
    "ConsistencyInfo": "N4_VD11D_LATEST_20110129",
    "ConversionSoftware": "dcm2niix",
    "ConversionSoftwareVersion": "v1.0.20180518 GCC4.8.5",
    "DerivedVendorReportedEchoSpacing": 0.000720011,
    "DwellTime": 2.5e-06,
    "EchoTime": 0.03,
    "EchoTrainLength": 58,
    "EffectiveEchoSpacing": 0.000360005,
    "FlipAngle": 71,
    "ImageOrientationPatientDICOM": [
      1,
      0,
      0,
      0,
      0.944376,
      0.328867
    ],
    "ImageType": [
      "ORIGINAL",
      "PRIMARY",
      "M",
      "ND",
      "NORM",
      "MOSAIC"
    ],
    "InPlanePhaseEncodingDirectionDICOM": "COL",
    "InstitutionName": "Princeton_University_-_Neuroscience_Institute",
    "MRAcquisitionType": "2D",
    "MagneticFieldStrength": 3,
    "Manufacturer": "Siemens",
    "ManufacturersModelName": "Skyra",
    "Modality": "MR",
    "ParallelReductionFactorInPlane": 2,
    "PartialFourier": 1,
    "PatientPosition": "HFS",
    "PercentPhaseFOV": 90.625,
    "PhaseEncodingDirection": "j-",
    "PhaseEncodingSteps": 116,
    "PhaseResolution": 1,
    "PixelBandwidth": 1565,
    "PulseSequenceDetails": "%SiemensSeq%_ep2d_bold",
    "ReceiveCoilActiveElements": "HE1-4",
    "ReceiveCoilName": "HeadNeck_20",
    "ReconMatrixPE": 116,
    "RepetitionTime": 2,
    "SAR": 0.0822545,
    "ScanOptions": "FS",
    "ScanningSequence": "EP",
    "SequenceVariant": "SK",
    "SeriesNumber": 8,
    "ShimSetting": [
      3201,
      10502,
      10022,
      656,
      -347,
      90,
      634,
      -15
    ],
    "SliceThickness": 3,
    "SliceTiming": [
      1,
      0,
      1.0675,
      0.0675,
      1.1325,
      0.1325,
      1.2,
      0.2,
      1.2675,
      0.2675,
      1.3325,
      0.3325,
      1.4,
      0.4,
      1.465,
      0.4675,
      1.5325,
      0.5325,
      1.6,
      0.6,
      1.665,
      0.6675,
      1.7325,
      0.7325,
      1.8,
      0.8,
      1.865,
      0.8675,
      1.9325,
      0.9325
    ],
    "SoftwareVersions": "syngo_MR_D11",
    "SpacingBetweenSlices": 3,
    "StationName": "AWP45031",
    "TaskName": "retrieval-practice/restudy phase",
    "TotalReadoutTime": 0.0414006,
    "TxRefAmp": 370.115,
    "dataset": "ds001775",
    "modality": "bold",
    "run_id": 1,
    "subject_id": "05",
    "task_id": "RP"
  },
  "dummy_trs": 0,
  "dvars_nstd": 38.15078163809184,
  "dvars_std": 1.2001719324381623,
  "dvars_vstd": 1.0014961936749112,
  "efc": 0.4848751051568,
  "fber": 1703.4871826171875,
  "fd_mean": 0.1472795962134611,
  "fd_num": 47,
  "fd_perc": 16.549295774647888,
  "fwhm_avg": 1.8595,
  "fwhm_x": 1.87205,
  "fwhm_y": 2.0686,
  "fwhm_z": 1.63785,
  "gcor": 0.0316422,
  "gsr_x": -0.04247933626174927,
  "gsr_y": 0.032761212438344955,
  "provenance": {
    "md5sum": "cec01a28313ff666f4b427e1a4ff6447",
    "settings": {
      "fd_thres": 0.2,
      "testing": false
    },
    "software": "mriqc",
    "version": "22.0.6",
    "webapi_port": null,
    "webapi_url": "https://mriqc.nimh.nih.gov/api/v1"
  },
  "size_t": 284,
  "size_x": 128,
  "size_y": 116,
  "size_z": 30,
  "snr": 6.200362039279605,
  "spacing_tr": 2.0,
  "spacing_x": 2.0,
  "spacing_y": 2.0,
  "spacing_z": 3.0,
  "summary_bg_k": 21.663095565825042,
  "summary_bg_mad": 10.26336566362127,
  "summary_bg_mean": 44.0255012512207,
  "summary_bg_median": 18.76760482788086,
  "summary_bg_n": 313977.0,
  "summary_bg_p05": 8.447182655334473,
  "summary_bg_p95": 184.1669036865235,
  "summary_bg_stdv": 81.4249038696289,
  "summary_fg_k": 3.4422463140343886,
  "summary_fg_mad": 112.25490482669694,
  "summary_fg_mean": 797.4418334960938,
  "summary_fg_median": 784.3027954101562,
  "summary_fg_n": 67977.0,
  "summary_fg_p05": 636.27744140625,
  "summary_fg_p95": 1001.1668579101562,
  "summary_fg_stdv": 126.49213409423828,
  "tsnr": 47.4392177676782
}