{
  "aor": 0.000734330985915493,
  "aqi": 0.013096576408450704,
  "bids_meta": {
    "AcquisitionMatrixPE": 116,
    "AcquisitionNumber": 1,
    "BandwidthPerPixelPhaseEncode": 23.946,
    "BaseResolution": 128,
    "BodyPartExamined": "BRAIN",
    "ConsistencyInfo": "N4_VD11D_LATEST_20110129",
    "ConversionSoftware": "dcm2niix",
    "ConversionSoftwareVersion": "v1.0.20180518 GCC4.8.5",
    "DerivedVendorReportedEchoSpacing": 0.000720011,
    "DwellTime": 2.5e-06,
    "EchoTime": 0.03,
    "EchoTrainLength": 58,
    "EffectiveEchoSpacing": 0.000360005,
    "FlipAngle": 71,
    "ImageOrientationPatientDICOM": [
      1,
      0,
      0,
      0,
      0.944376,
      0.328867
    ],
    "ImageType": [
      "ORIGINAL",
      "PRIMARY",
      "M",
      "ND",
      "NORM",
      "MOSAIC"
    ],
    "InPlanePhaseEncodingDirectionDICOM": "COL",
    "InstitutionName": "Princeton_University_-_Neuroscience_Institute",
    "MRAcquisitionType": "2D",
    "MagneticFieldStrength": 3,
    "Manufacturer": "Siemens",
    "ManufacturersModelName": "Skyra",
    "Modality": "MR",
    "ParallelReductionFactorInPlane": 2,
    "PartialFourier": 1,
    "PatientPosition": "HFS",
    "PercentPhaseFOV": 90.625,
    "PhaseEncodingDirection": "j-",
    "PhaseEncodingSteps": 116,
    "PhaseResolution": 1,
    "PixelBandwidth": 1565,
    "PulseSequenceDetails": "%SiemensSeq%_ep2d_bold",
    "ReceiveCoilActiveElements": "HE1-4",
    "ReceiveCoilName": "HeadNeck_20",
    "ReconMatrixPE": 116,
    "RepetitionTime": 2,
    "SAR": 0.0822545,
    "ScanOptions": "FS",
    "ScanningSequence": "EP",
    "SequenceVariant": "SK",
    "SeriesNumber": 8,
    "ShimSetting": [
      3201,
      10502,
      10022,
      656,
      -347,
      90,
      634,
      -15
    ],
    "SliceThickness": 3,
    "SliceTiming": [
      1,
      0,
      1.0675,
      0.0675,
      1.1325,
      0.1325,
      1.2,
      0.2,
      1.2675,
      0.2675,
      1.3325,
      0.3325,
      1.4,
      0.4,
      1.465,
      0.4675,
      1.5325,
      0.5325,
      1.6,
      0.6,
      1.665,
      0.6675,
      1.7325,
      0.7325,
      1.8,
      0.8,
      1.865,
      0.8675,
      1.9325,
      0.9325
    ],
    "SoftwareVersions": "syngo_MR_D11",
    "SpacingBetweenSlices": 3,
    "StationName": "AWP45031",
    "TaskName": "retrieval-practice/restudy phase",
    "TotalReadoutTime": 0.0414006,
    "TxRefAmp": 370.115,
    "dataset": "ds001775",
    "modality": "bold",
    "run_id": 2,
    "subject_id": "05",
    "task_id": "RP"
  },
  "dummy_trs": 0,
  "dvars_nstd": 37.466986073427535,
  "dvars_std": 1.1808261910600717,
  "dvars_vstd": 1.0020333227208487,
  "efc": 0.485374809279923,
  "fber": 1680.580078125,
  "fd_mean": 0.1520758371562133,
  "fd_num": 61,
  "fd_perc": 21.47887323943662,
  "fwhm_avg": 1.8495883333333332,
  "fwhm_x": 1.86015,
  "fwhm_y": 2.056755,
  "fwhm_z": 1.6318599999999999,
  "gcor": 0.063218,
  "gsr_x": -0.042455241084098816,
  "gsr_y": 0.03171388432383537,
  "provenance": {
    "md5sum": "ce285cae6a12088f1c6fab3b63bcc180",
    "settings": {
      "fd_thres": 0.2,
      "testing": false
    },
    "software": "mriqc",
    "version": "22.0.6",
    "webapi_port": null,
    "webapi_url": "https://mriqc.nimh.nih.gov/api/v1"
  },
  "size_t": 284,
  "size_x": 128,
  "size_y": 116,
  "size_z": 30,
  "snr": 6.236152843111055,
  "spacing_tr": 2.0,
  "spacing_x": 2.0,
  "spacing_y": 2.0,
  "spacing_z": 3.0,
  "summary_bg_k": 21.634505314458213,
  "summary_bg_mad": 10.258146886166413,
  "summary_bg_mean": 44.00403594970703,
  "summary_bg_median": 18.8626766204834,
  "summary_bg_n": 313989.0,
  "summary_bg_p05": 8.49295711517334,
  "summary_bg_p95": 184.4316864013671,
  "summary_bg_stdv": 80.89134216308594,
  "summary_fg_k": 3.4771040866489447,
  "summary_fg_mad": 110.53738834065958,
  "summary_fg_mean": 795.1102294921875,
  "summary_fg_median": 782.359130859375,
  "summary_fg_n": 68005.0,
  "summary_fg_p05": 634.4415283203125,
  "summary_fg_p95": 995.3873291015625,
  "summary_fg_stdv": 125.4544906616211,
  "tsnr": 45.16420135006774
}