{
  "aor": 0.000730105633802817,
  "aqi": 0.013957409859154928,
  "bids_meta": {
    "AcquisitionMatrixPE": 116,
    "AcquisitionNumber": 1,
    "BandwidthPerPixelPhaseEncode": 23.946,
    "BaseResolution": 128,
    "BodyPartExamined": "BRAIN",
    "ConsistencyInfo": "N4_VD11D_LATEST_20110129",
    "ConversionSoftware": "dcm2niix",
    "ConversionSoftwareVersion": "v1.0.20180518 GCC4.8.5",
    "DerivedVendorReportedEchoSpacing": 0.000720011,
    "DwellTime": 2.5e-06,
    "EchoTime": 0.03,
    "EchoTrainLength": 58,
    "EffectiveEchoSpacing": 0.000360005,
    "FlipAngle": 71,
    "ImageOrientationPatientDICOM": [
      1,
      0,
      0,
      0,
      0.944376,
      0.328867
    ],
    "ImageType": [
      "ORIGINAL",
      "PRIMARY",
      "M",
      "ND",
      "NORM",
      "MOSAIC"
    ],
    "InPlanePhaseEncodingDirectionDICOM": "COL",
    "InstitutionName": "Princeton_University_-_Neuroscience_Institute",
    "MRAcquisitionType": "2D",
    "MagneticFieldStrength": 3,
    "Manufacturer": "Siemens",
    "ManufacturersModelName": "Skyra",
    "Modality": "MR",
    "ParallelReductionFactorInPlane": 2,
    "PartialFourier": 1,
    "PatientPosition": "HFS",
    "PercentPhaseFOV": 90.625,
    "PhaseEncodingDirection": "j-",
    "PhaseEncodingSteps": 116,
    "PhaseResolution": 1,
    "PixelBandwidth": 1565,
    "PulseSequenceDetails": "%SiemensSeq%_ep2d_bold",
    "ReceiveCoilActiveElements": "HE1-4",
    "ReceiveCoilName": "HeadNeck_20",
    "ReconMatrixPE": 116,
    "RepetitionTime": 2,
    "SAR": 0.0822545,
    "ScanOptions": "FS",
    "ScanningSequence": "EP",
    "SequenceVariant": "SK",
    "SeriesNumber": 8,
    "ShimSetting": [
      3201,
      10502,
      10022,
      656,
      -347,
      90,
      634,
      -15
    ],
    "SliceThickness": 3,
    "SliceTiming": [
      1,
      0,
      1.0675,
      0.0675,
      1.1325,
      0.1325,
      1.2,
      0.2,
      1.2675,
      0.2675,
      1.3325,
      0.3325,
      1.4,
      0.4,
      1.465,
      0.4675,
      1.5325,
      0.5325,
      1.6,
      0.6,
      1.665,
      0.6675,
      1.7325,
      0.7325,
      1.8,
      0.8,
      1.865,
      0.8675,
      1.9325,
      0.9325
    ],
    "SoftwareVersions": "syngo_MR_D11",
    "SpacingBetweenSlices": 3,
    "StationName": "AWP45031",
    "TaskName": "retrieval-practice/restudy phase",
    "TotalReadoutTime": 0.0414006,
    "TxRefAmp": 370.115,
    "dataset": "ds001775",
    "modality": "bold",
    "run_id": 4,
    "subject_id": "05",
    "task_id": "RP"
  },
  "dummy_trs": 0,
  "dvars_nstd": 37.90705974053006,
  "dvars_std": 1.1670646215194342,
  "dvars_vstd": 1.0005159001413424,
  "efc": 0.4850609473925945,
  "fber": 1684.8616943359375,
  "fd_mean": 0.17934246398699416,
  "fd_num": 99,
  "fd_perc": 34.859154929577464,
  "fwhm_avg": 1.8507316666666667,
  "fwhm_x": 1.85971,
  "fwhm_y": 2.060075,
  "fwhm_z": 1.6324100000000001,
  "gcor": 0.0522679,
  "gsr_x": -0.04172132536768913,
  "gsr_y": 0.03023209236562252,
  "provenance": {
    "md5sum": "038449e6b4e625605d780878fc9f8758",
    "settings": {
      "fd_thres": 0.2,
      "testing": false
    },
    "software": "mriqc",
    "version": "22.0.6",
    "webapi_port": null,
    "webapi_url": "https://mriqc.nimh.nih.gov/api/v1"
  },
  "size_t": 284,
  "size_x": 128,
  "size_y": 116,
  "size_z": 30,
  "snr": 6.263439294603105,
  "spacing_tr": 2.0,
  "spacing_x": 2.0,
  "spacing_y": 2.0,
  "spacing_z": 3.0,
  "summary_bg_k": 21.85499092284735,
  "summary_bg_mad": 10.258145472246756,
  "summary_bg_mean": 43.447940826416016,
  "summary_bg_median": 18.774646759033203,
  "summary_bg_n": 313870.0,
  "summary_bg_p05": 8.436619758605957,
  "summary_bg_p95": 179.90879974365225,
  "summary_bg_stdv": 79.42520141601562,
  "summary_fg_k": 3.4242825824127836,
  "summary_fg_mad": 109.589858565881,
  "summary_fg_mean": 790.6947021484375,
  "summary_fg_median": 778.1795654296875,
  "summary_fg_n": 67982.0,
  "summary_fg_p05": 631.4119689941407,
  "summary_fg_p95": 988.7603820800781,
  "summary_fg_stdv": 124.24066162109375,
  "tsnr": 44.17755483882502
}