{
  "aor": 0.0009603980099502487,
  "aqi": 0.012104160845771147,
  "bids_meta": {
    "AcquisitionMatrixPE": 116,
    "AcquisitionNumber": 1,
    "BandwidthPerPixelPhaseEncode": 23.946,
    "BaseResolution": 128,
    "BodyPartExamined": "BRAIN",
    "ConversionSoftware": "dcm2niix",
    "ConversionSoftwareVersion": "v1.0.20180518 GCC4.8.5",
    "DerivedVendorReportedEchoSpacing": 0.000720011,
    "DwellTime": 2.5e-06,
    "EchoTime": 0.03,
    "EchoTrainLength": 58,
    "EffectiveEchoSpacing": 0.000360005,
    "FlipAngle": 71,
    "ImageOrientationPatientDICOM": [
      1,
      0,
      0,
      0,
      0.944376,
      0.328867
    ],
    "ImageType": [
      "ORIGINAL",
      "PRIMARY",
      "M",
      "ND",
      "NORM",
      "MOSAIC"
    ],
    "InPlanePhaseEncodingDirectionDICOM": "COL",
    "InstitutionName": "Princeton_University_-_Neuroscience_Institute",
    "MRAcquisitionType": "2D",
    "MagneticFieldStrength": 3,
    "Manufacturer": "Siemens",
    "ManufacturersModelName": "Skyra",
    "Modality": "MR",
    "ParallelReductionFactorInPlane": 2,
    "PartialFourier": 1,
    "PatientPosition": "HFS",
    "PercentPhaseFOV": 90.625,
    "PhaseEncodingDirection": "j-",
    "PhaseEncodingSteps": 116,
    "PhaseResolution": 1,
    "PixelBandwidth": 1565,
    "PulseSequenceDetails": "%SiemensSeq%_ep2d_bold",
    "ReceiveCoilActiveElements": "HE1-4",
    "ReceiveCoilName": "HeadNeck_20",
    "ReconMatrixPE": 116,
    "RepetitionTime": 2,
    "SAR": 0.0822539,
    "ScanOptions": "FS",
    "ScanningSequence": "EP",
    "SequenceVariant": "SK",
    "SeriesNumber": 4,
    "ShimSetting": [
      3201,
      10502,
      10022,
      656,
      -347,
      90,
      634,
      -15
    ],
    "SliceThickness": 3,
    "SliceTiming": [
      1,
      0,
      1.065,
      0.065,
      1.1325,
      0.1325,
      1.2,
      0.2,
      1.265,
      0.265,
      1.3325,
      0.3325,
      1.4,
      0.4,
      1.465,
      0.465,
      1.5325,
      0.5325,
      1.6,
      0.6,
      1.665,
      0.665,
      1.7325,
      0.7325,
      1.8,
      0.8,
      1.865,
      0.865,
      1.9325,
      0.9325
    ],
    "SoftwareVersions": "syngo_MR_D11",
    "SpacingBetweenSlices": 3,
    "StationName": "AWP45031",
    "TaskName": "study phase",
    "TotalReadoutTime": 0.0414006,
    "TxRefAmp": 370.115,
    "dataset": "ds001775",
    "modality": "bold",
    "run_id": 1,
    "subject_id": "05",
    "task_id": "restudy"
  },
  "dummy_trs": 0,
  "dvars_nstd": 36.18035495770001,
  "dvars_std": 1.1890550315999995,
  "dvars_vstd": 1.00697723635,
  "efc": 0.481460479064676,
  "fber": 1738.783203125,
  "fd_mean": 0.10899935957336254,
  "fd_num": 10,
  "fd_perc": 4.975124378109452,
  "fwhm_avg": 1.883436111111111,
  "fwhm_x": 1.897295,
  "fwhm_y": 2.09616,
  "fwhm_z": 1.6568533333333333,
  "gcor": 0.0218211,
  "gsr_x": -0.03951812908053398,
  "gsr_y": 0.02696375921368599,
  "provenance": {
    "md5sum": "52bc8b17a28f4a941fba16878740db64",
    "settings": {
      "fd_thres": 0.2,
      "testing": false
    },
    "software": "mriqc",
    "version": "22.0.6",
    "webapi_port": null,
    "webapi_url": "https://mriqc.nimh.nih.gov/api/v1"
  },
  "size_t": 201,
  "size_x": 128,
  "size_y": 116,
  "size_z": 30,
  "snr": 6.125022069997347,
  "spacing_tr": 2.0,
  "spacing_x": 2.0,
  "spacing_y": 2.0,
  "spacing_z": 3.0,
  "summary_bg_k": 21.75917759178558,
  "summary_bg_mad": 10.186434295071075,
  "summary_bg_mean": 42.30236053466797,
  "summary_bg_median": 18.611940383911133,
  "summary_bg_n": 314346.0,
  "summary_bg_p05": 8.46766185760498,
  "summary_bg_p95": 170.55223083496094,
  "summary_bg_stdv": 76.88538360595703,
  "summary_fg_k": 3.5123500957243836,
  "summary_fg_mad": 112.24626294975192,
  "summary_fg_mean": 798.3225708007812,
  "summary_fg_median": 784.7138671875,
  "summary_fg_n": 67766.0,
  "summary_fg_p05": 633.6442718505859,
  "summary_fg_p95": 1003.4054412841797,
  "summary_fg_stdv": 128.11514282226562,
  "tsnr": 46.46344279870391
}