{
  "aor": 0.0003159859154929578,
  "aqi": 0.012894005880281691,
  "bids_meta": {
    "AcquisitionMatrixPE": 116,
    "AcquisitionNumber": 1,
    "BandwidthPerPixelPhaseEncode": 23.946,
    "BaseResolution": 128,
    "BodyPartExamined": "BRAIN",
    "ConsistencyInfo": "N4_VD11D_LATEST_20110129",
    "ConversionSoftware": "dcm2niix",
    "ConversionSoftwareVersion": "v1.0.20180518 GCC4.8.5",
    "DerivedVendorReportedEchoSpacing": 0.000720011,
    "DwellTime": 2.5e-06,
    "EchoTime": 0.03,
    "EchoTrainLength": 58,
    "EffectiveEchoSpacing": 0.000360005,
    "FlipAngle": 71,
    "ImageOrientationPatientDICOM": [
      1,
      0,
      0,
      0,
      0.944376,
      0.328867
    ],
    "ImageType": [
      "ORIGINAL",
      "PRIMARY",
      "M",
      "ND",
      "NORM",
      "MOSAIC"
    ],
    "InPlanePhaseEncodingDirectionDICOM": "COL",
    "InstitutionName": "Princeton_University_-_Neuroscience_Institute",
    "MRAcquisitionType": "2D",
    "MagneticFieldStrength": 3,
    "Manufacturer": "Siemens",
    "ManufacturersModelName": "Skyra",
    "Modality": "MR",
    "ParallelReductionFactorInPlane": 2,
    "PartialFourier": 1,
    "PatientPosition": "HFS",
    "PercentPhaseFOV": 90.625,
    "PhaseEncodingDirection": "j-",
    "PhaseEncodingSteps": 116,
    "PhaseResolution": 1,
    "PixelBandwidth": 1565,
    "PulseSequenceDetails": "%SiemensSeq%_ep2d_bold",
    "ReceiveCoilActiveElements": "HE1-4",
    "ReceiveCoilName": "HeadNeck_20",
    "ReconMatrixPE": 116,
    "RepetitionTime": 2,
    "SAR": 0.0822545,
    "ScanOptions": "FS",
    "ScanningSequence": "EP",
    "SequenceVariant": "SK",
    "SeriesNumber": 8,
    "ShimSetting": [
      3201,
      10502,
      10022,
      656,
      -347,
      90,
      634,
      -15
    ],
    "SliceThickness": 3,
    "SliceTiming": [
      1,
      0,
      1.0675,
      0.0675,
      1.1325,
      0.1325,
      1.2,
      0.2,
      1.2675,
      0.2675,
      1.3325,
      0.3325,
      1.4,
      0.4,
      1.465,
      0.4675,
      1.5325,
      0.5325,
      1.6,
      0.6,
      1.665,
      0.6675,
      1.7325,
      0.7325,
      1.8,
      0.8,
      1.865,
      0.8675,
      1.9325,
      0.9325
    ],
    "SoftwareVersions": "syngo_MR_D11",
    "SpacingBetweenSlices": 3,
    "StationName": "AWP45031",
    "TaskName": "retrieval-practice/restudy phase",
    "TotalReadoutTime": 0.0414006,
    "TxRefAmp": 370.115,
    "dataset": "ds001775",
    "modality": "bold",
    "run_id": 3,
    "subject_id": "05",
    "task_id": "RP"
  },
  "dummy_trs": 0,
  "dvars_nstd": 37.17847693360427,
  "dvars_std": 1.1755414778091864,
  "dvars_vstd": 0.9967149689045934,
  "efc": 0.48532621131027215,
  "fber": 1672.48046875,
  "fd_mean": 0.1418562604745679,
  "fd_num": 37,
  "fd_perc": 13.028169014084508,
  "fwhm_avg": 1.852641111111111,
  "fwhm_x": 1.859755,
  "fwhm_y": 2.064355,
  "fwhm_z": 1.6338133333333333,
  "gcor": 0.0684439,
  "gsr_x": -0.042097896337509155,
  "gsr_y": 0.031049665063619614,
  "provenance": {
    "md5sum": "cbd938d9eb607909fc09f8c64dc91fcb",
    "settings": {
      "fd_thres": 0.2,
      "testing": false
    },
    "software": "mriqc",
    "version": "22.0.6",
    "webapi_port": null,
    "webapi_url": "https://mriqc.nimh.nih.gov/api/v1"
  },
  "size_t": 284,
  "size_x": 128,
  "size_y": 116,
  "size_z": 30,
  "snr": 6.236853946827816,
  "spacing_tr": 2.0,
  "spacing_x": 2.0,
  "spacing_y": 2.0,
  "spacing_z": 3.0,
  "summary_bg_k": 21.370038091598317,
  "summary_bg_mad": 10.284247843038985,
  "summary_bg_mean": 43.729644775390625,
  "summary_bg_median": 18.827465057373047,
  "summary_bg_n": 313963.0,
  "summary_bg_p05": 8.49295711517334,
  "summary_bg_p95": 182.93697052001843,
  "summary_bg_stdv": 80.09732055664062,
  "summary_fg_k": 3.4237030022391695,
  "summary_fg_mad": 109.81174214985168,
  "summary_fg_mean": 791.6077270507812,
  "summary_fg_median": 779.0633544921875,
  "summary_fg_n": 68055.0,
  "summary_fg_p05": 631.3147888183594,
  "summary_fg_p95": 990.5468200683594,
  "summary_fg_stdv": 124.91195678710938,
  "tsnr": 45.52690532046836
}