{
  "aor": 0.00481412935323383,
  "aqi": 0.01673753656716418,
  "bids_meta": {
    "AcquisitionMatrixPE": 116,
    "AcquisitionNumber": 1,
    "BandwidthPerPixelPhaseEncode": 23.946,
    "BaseResolution": 128,
    "BodyPartExamined": "BRAIN",
    "ConversionSoftware": "dcm2niix",
    "ConversionSoftwareVersion": "v1.0.20180518 GCC4.8.5",
    "DerivedVendorReportedEchoSpacing": 0.000720011,
    "DwellTime": 2.5e-06,
    "EchoTime": 0.03,
    "EchoTrainLength": 58,
    "EffectiveEchoSpacing": 0.000360005,
    "FlipAngle": 71,
    "ImageOrientationPatientDICOM": [
      1,
      0,
      0,
      0,
      0.944376,
      0.328867
    ],
    "ImageType": [
      "ORIGINAL",
      "PRIMARY",
      "M",
      "ND",
      "NORM",
      "MOSAIC"
    ],
    "InPlanePhaseEncodingDirectionDICOM": "COL",
    "InstitutionName": "Princeton_University_-_Neuroscience_Institute",
    "MRAcquisitionType": "2D",
    "MagneticFieldStrength": 3,
    "Manufacturer": "Siemens",
    "ManufacturersModelName": "Skyra",
    "Modality": "MR",
    "ParallelReductionFactorInPlane": 2,
    "PartialFourier": 1,
    "PatientPosition": "HFS",
    "PercentPhaseFOV": 90.625,
    "PhaseEncodingDirection": "j-",
    "PhaseEncodingSteps": 116,
    "PhaseResolution": 1,
    "PixelBandwidth": 1565,
    "PulseSequenceDetails": "%SiemensSeq%_ep2d_bold",
    "ReceiveCoilActiveElements": "HE1-4",
    "ReceiveCoilName": "HeadNeck_20",
    "ReconMatrixPE": 116,
    "RepetitionTime": 2,
    "SAR": 0.0822539,
    "ScanOptions": "FS",
    "ScanningSequence": "EP",
    "SequenceVariant": "SK",
    "SeriesNumber": 4,
    "ShimSetting": [
      3201,
      10502,
      10022,
      656,
      -347,
      90,
      634,
      -15
    ],
    "SliceThickness": 3,
    "SliceTiming": [
      1,
      0,
      1.065,
      0.065,
      1.1325,
      0.1325,
      1.2,
      0.2,
      1.265,
      0.265,
      1.3325,
      0.3325,
      1.4,
      0.4,
      1.465,
      0.465,
      1.5325,
      0.5325,
      1.6,
      0.6,
      1.665,
      0.665,
      1.7325,
      0.7325,
      1.8,
      0.8,
      1.865,
      0.865,
      1.9325,
      0.9325
    ],
    "SoftwareVersions": "syngo_MR_D11",
    "SpacingBetweenSlices": 3,
    "StationName": "AWP45031",
    "TaskName": "study phase",
    "TotalReadoutTime": 0.0414006,
    "TxRefAmp": 370.115,
    "dataset": "ds001775",
    "modality": "bold",
    "run_id": 1,
    "subject_id": "03",
    "task_id": "restudy"
  },
  "dummy_trs": 0,
  "dvars_nstd": 34.0465198993,
  "dvars_std": 1.1217383420999998,
  "dvars_vstd": 1.0272403974000006,
  "efc": 0.49519075543464697,
  "fber": 1622.889892578125,
  "fd_mean": 0.11255002350283502,
  "fd_num": 25,
  "fd_perc": 12.437810945273633,
  "fwhm_avg": 1.9438844444444445,
  "fwhm_x": 1.987165,
  "fwhm_y": 2.223695,
  "fwhm_z": 1.6207933333333333,
  "gcor": 0.0288641,
  "gsr_x": -0.034882716834545135,
  "gsr_y": 0.040978699922561646,
  "provenance": {
    "md5sum": "ea769dfc6322bcb0f60c41b18b413a76",
    "settings": {
      "fd_thres": 0.2,
      "testing": false
    },
    "software": "mriqc",
    "version": "22.0.6",
    "webapi_port": null,
    "webapi_url": "https://mriqc.nimh.nih.gov/api/v1"
  },
  "size_t": 201,
  "size_x": 128,
  "size_y": 116,
  "size_z": 30,
  "snr": 5.4714392350666925,
  "spacing_tr": 2.0,
  "spacing_x": 2.0,
  "spacing_y": 2.0,
  "spacing_z": 3.0,
  "summary_bg_k": 26.759312485124095,
  "summary_bg_mad": 12.841843279503303,
  "summary_bg_mean": 45.81686782836914,
  "summary_bg_median": 21.08955192565918,
  "summary_bg_n": 305589.0,
  "summary_bg_p05": 8.502487182617188,
  "summary_bg_p95": 179.59005126953113,
  "summary_bg_stdv": 80.80404663085938,
  "summary_fg_k": 2.0617554714977,
  "summary_fg_mad": 140.23499485780638,
  "summary_fg_mean": 874.7208251953125,
  "summary_fg_median": 858.8382568359375,
  "summary_fg_n": 75086.0,
  "summary_fg_p05": 665.6766052246094,
  "summary_fg_p95": 1144.0049133300781,
  "summary_fg_stdv": 156.9664764404297,
  "tsnr": 38.49768038606271
}