{
  "aor": 0.0029134825870646766,
  "aqi": 0.02112566701492537,
  "bids_meta": {
    "AcquisitionMatrixPE": 116,
    "AcquisitionNumber": 1,
    "BandwidthPerPixelPhaseEncode": 23.946,
    "BaseResolution": 128,
    "BodyPartExamined": "BRAIN",
    "ConversionSoftware": "dcm2niix",
    "ConversionSoftwareVersion": "v1.0.20180518 GCC4.8.5",
    "DerivedVendorReportedEchoSpacing": 0.000720011,
    "DwellTime": 2.5e-06,
    "EchoTime": 0.03,
    "EchoTrainLength": 58,
    "EffectiveEchoSpacing": 0.000360005,
    "FlipAngle": 71,
    "ImageOrientationPatientDICOM": [
      1,
      0,
      0,
      0,
      0.944376,
      0.328867
    ],
    "ImageType": [
      "ORIGINAL",
      "PRIMARY",
      "M",
      "ND",
      "NORM",
      "MOSAIC"
    ],
    "InPlanePhaseEncodingDirectionDICOM": "COL",
    "InstitutionName": "Princeton_University_-_Neuroscience_Institute",
    "MRAcquisitionType": "2D",
    "MagneticFieldStrength": 3,
    "Manufacturer": "Siemens",
    "ManufacturersModelName": "Skyra",
    "Modality": "MR",
    "ParallelReductionFactorInPlane": 2,
    "PartialFourier": 1,
    "PatientPosition": "HFS",
    "PercentPhaseFOV": 90.625,
    "PhaseEncodingDirection": "j-",
    "PhaseEncodingSteps": 116,
    "PhaseResolution": 1,
    "PixelBandwidth": 1565,
    "PulseSequenceDetails": "%SiemensSeq%_ep2d_bold",
    "ReceiveCoilActiveElements": "HE1-4",
    "ReceiveCoilName": "HeadNeck_20",
    "ReconMatrixPE": 116,
    "RepetitionTime": 2,
    "SAR": 0.0822539,
    "ScanOptions": "FS",
    "ScanningSequence": "EP",
    "SequenceVariant": "SK",
    "SeriesNumber": 4,
    "ShimSetting": [
      3201,
      10502,
      10022,
      656,
      -347,
      90,
      634,
      -15
    ],
    "SliceThickness": 3,
    "SliceTiming": [
      1,
      0,
      1.065,
      0.065,
      1.1325,
      0.1325,
      1.2,
      0.2,
      1.265,
      0.265,
      1.3325,
      0.3325,
      1.4,
      0.4,
      1.465,
      0.465,
      1.5325,
      0.5325,
      1.6,
      0.6,
      1.665,
      0.665,
      1.7325,
      0.7325,
      1.8,
      0.8,
      1.865,
      0.865,
      1.9325,
      0.9325
    ],
    "SoftwareVersions": "syngo_MR_D11",
    "SpacingBetweenSlices": 3,
    "StationName": "AWP45031",
    "TaskName": "study phase",
    "TotalReadoutTime": 0.0414006,
    "TxRefAmp": 370.115,
    "dataset": "ds001775",
    "modality": "bold",
    "run_id": 2,
    "subject_id": "03",
    "task_id": "restudy"
  },
  "dummy_trs": 0,
  "dvars_nstd": 38.157041540099996,
  "dvars_std": 1.0829713385000006,
  "dvars_vstd": 0.9836688529,
  "efc": 0.4962161500952202,
  "fber": 1636.278076171875,
  "fd_mean": 0.22331538903696907,
  "fd_num": 61,
  "fd_perc": 30.34825870646766,
  "fwhm_avg": 1.919925,
  "fwhm_x": 1.92906,
  "fwhm_y": 2.198145,
  "fwhm_z": 1.63257,
  "gcor": 0.0202136,
  "gsr_x": -0.03460460156202316,
  "gsr_y": 0.04169608652591705,
  "provenance": {
    "md5sum": "e53a46c24bdeef7c3cf3adc2871b1012",
    "settings": {
      "fd_thres": 0.2,
      "testing": false
    },
    "software": "mriqc",
    "version": "22.0.6",
    "webapi_port": null,
    "webapi_url": "https://mriqc.nimh.nih.gov/api/v1"
  },
  "size_t": 201,
  "size_x": 128,
  "size_y": 116,
  "size_z": 30,
  "snr": 5.579681820063605,
  "spacing_tr": 2.0,
  "spacing_x": 2.0,
  "spacing_y": 2.0,
  "spacing_z": 3.0,
  "summary_bg_k": 27.565901024088763,
  "summary_bg_mad": 12.908226807410522,
  "summary_bg_mean": 47.34218215942383,
  "summary_bg_median": 21.328357696533203,
  "summary_bg_n": 305349.0,
  "summary_bg_p05": 8.631840705871582,
  "summary_bg_p95": 185.4278564453125,
  "summary_bg_stdv": 85.0865249633789,
  "summary_fg_k": 2.105410286116836,
  "summary_fg_mad": 140.21657996819056,
  "summary_fg_mean": 885.6799926757812,
  "summary_fg_median": 871.253662109375,
  "summary_fg_n": 75216.0,
  "summary_fg_p05": 678.8445129394531,
  "summary_fg_p95": 1152.3955383300781,
  "summary_fg_stdv": 156.14651489257812,
  "tsnr": 36.0994435173925
}