{
  "aor": 0.002677844522968198,
  "aqi": 0.019595529611307422,
  "bids_meta": {
    "AcquisitionMatrixPE": 116,
    "AcquisitionNumber": 1,
    "BandwidthPerPixelPhaseEncode": 23.946,
    "BaseResolution": 128,
    "BodyPartExamined": "BRAIN",
    "ConsistencyInfo": "N4_VD11D_LATEST_20110129",
    "ConversionSoftware": "dcm2niix",
    "ConversionSoftwareVersion": "v1.0.20180518 GCC4.8.5",
    "DerivedVendorReportedEchoSpacing": 0.000720011,
    "DwellTime": 2.5e-06,
    "EchoTime": 0.03,
    "EchoTrainLength": 58,
    "EffectiveEchoSpacing": 0.000360005,
    "FlipAngle": 71,
    "ImageOrientationPatientDICOM": [
      1,
      0,
      0,
      0,
      0.944376,
      0.328867
    ],
    "ImageType": [
      "ORIGINAL",
      "PRIMARY",
      "M",
      "ND",
      "NORM",
      "MOSAIC"
    ],
    "InPlanePhaseEncodingDirectionDICOM": "COL",
    "InstitutionName": "Princeton_University_-_Neuroscience_Institute",
    "MRAcquisitionType": "2D",
    "MagneticFieldStrength": 3,
    "Manufacturer": "Siemens",
    "ManufacturersModelName": "Skyra",
    "Modality": "MR",
    "ParallelReductionFactorInPlane": 2,
    "PartialFourier": 1,
    "PatientPosition": "HFS",
    "PercentPhaseFOV": 90.625,
    "PhaseEncodingDirection": "j-",
    "PhaseEncodingSteps": 116,
    "PhaseResolution": 1,
    "PixelBandwidth": 1565,
    "PulseSequenceDetails": "%SiemensSeq%_ep2d_bold",
    "ReceiveCoilActiveElements": "HE1-4",
    "ReceiveCoilName": "HeadNeck_20",
    "ReconMatrixPE": 116,
    "RepetitionTime": 2,
    "SAR": 0.0822545,
    "ScanOptions": "FS",
    "ScanningSequence": "EP",
    "SequenceVariant": "SK",
    "SeriesNumber": 8,
    "ShimSetting": [
      3201,
      10502,
      10022,
      656,
      -347,
      90,
      634,
      -15
    ],
    "SliceThickness": 3,
    "SliceTiming": [
      1,
      0,
      1.0675,
      0.0675,
      1.1325,
      0.1325,
      1.2,
      0.2,
      1.2675,
      0.2675,
      1.3325,
      0.3325,
      1.4,
      0.4,
      1.465,
      0.4675,
      1.5325,
      0.5325,
      1.6,
      0.6,
      1.665,
      0.6675,
      1.7325,
      0.7325,
      1.8,
      0.8,
      1.865,
      0.8675,
      1.9325,
      0.9325
    ],
    "SoftwareVersions": "syngo_MR_D11",
    "SpacingBetweenSlices": 3,
    "StationName": "AWP45031",
    "TaskName": "retrieval-practice/restudy phase",
    "TotalReadoutTime": 0.0414006,
    "TxRefAmp": 370.115,
    "dataset": "ds001775",
    "modality": "bold",
    "run_id": 3,
    "subject_id": "03",
    "task_id": "RP"
  },
  "dummy_trs": 1,
  "dvars_nstd": 42.174663970000026,
  "dvars_std": 1.1716191321276597,
  "dvars_vstd": 1.0176165841489369,
  "efc": 0.4949285288900725,
  "fber": 1641.4820556640625,
  "fd_mean": 0.2765408490393271,
  "fd_num": 168,
  "fd_perc": 59.36395759717315,
  "fwhm_avg": 1.8902566666666667,
  "fwhm_x": 1.93321,
  "fwhm_y": 2.18079,
  "fwhm_z": 1.55677,
  "gcor": 0.034662,
  "gsr_x": -0.0354432612657547,
  "gsr_y": 0.043608568608760834,
  "provenance": {
    "md5sum": "8a7c30a9c783b5a98d6de67b914f2859",
    "settings": {
      "fd_thres": 0.2,
      "testing": false
    },
    "software": "mriqc",
    "version": "22.0.6",
    "webapi_port": null,
    "webapi_url": "https://mriqc.nimh.nih.gov/api/v1"
  },
  "size_t": 283,
  "size_x": 128,
  "size_y": 116,
  "size_z": 30,
  "snr": 5.468696671741335,
  "spacing_tr": 2.0,
  "spacing_x": 2.0,
  "spacing_y": 2.0,
  "spacing_z": 3.0,
  "summary_bg_k": 28.549734016520237,
  "summary_bg_mad": 13.149580065061343,
  "summary_bg_mean": 48.35185241699219,
  "summary_bg_median": 21.45229721069336,
  "summary_bg_n": 306080.0,
  "summary_bg_p05": 8.544169425964355,
  "summary_bg_p95": 191.67156295776363,
  "summary_bg_stdv": 87.7914810180664,
  "summary_fg_k": 2.1473113766686938,
  "summary_fg_mad": 141.01226608313925,
  "summary_fg_mean": 888.6724853515625,
  "summary_fg_median": 872.1766967773438,
  "summary_fg_n": 74412.0,
  "summary_fg_p05": 677.6590240478515,
  "summary_fg_p95": 1165.5710388183593,
  "summary_fg_stdv": 159.48422241210938,
  "tsnr": 36.338654747465625
}