{
  "aor": 0.006744366197183098,
  "aqi": 0.027869233802816903,
  "bids_meta": {
    "AcquisitionMatrixPE": 116,
    "AcquisitionNumber": 1,
    "BandwidthPerPixelPhaseEncode": 23.946,
    "BaseResolution": 128,
    "BodyPartExamined": "BRAIN",
    "ConsistencyInfo": "N4_VD11D_LATEST_20110129",
    "ConversionSoftware": "dcm2niix",
    "ConversionSoftwareVersion": "v1.0.20180518 GCC4.8.5",
    "DerivedVendorReportedEchoSpacing": 0.000720011,
    "DwellTime": 2.5e-06,
    "EchoTime": 0.03,
    "EchoTrainLength": 58,
    "EffectiveEchoSpacing": 0.000360005,
    "FlipAngle": 71,
    "ImageOrientationPatientDICOM": [
      1,
      0,
      0,
      0,
      0.944376,
      0.328867
    ],
    "ImageType": [
      "ORIGINAL",
      "PRIMARY",
      "M",
      "ND",
      "NORM",
      "MOSAIC"
    ],
    "InPlanePhaseEncodingDirectionDICOM": "COL",
    "InstitutionName": "Princeton_University_-_Neuroscience_Institute",
    "MRAcquisitionType": "2D",
    "MagneticFieldStrength": 3,
    "Manufacturer": "Siemens",
    "ManufacturersModelName": "Skyra",
    "Modality": "MR",
    "ParallelReductionFactorInPlane": 2,
    "PartialFourier": 1,
    "PatientPosition": "HFS",
    "PercentPhaseFOV": 90.625,
    "PhaseEncodingDirection": "j-",
    "PhaseEncodingSteps": 116,
    "PhaseResolution": 1,
    "PixelBandwidth": 1565,
    "PulseSequenceDetails": "%SiemensSeq%_ep2d_bold",
    "ReceiveCoilActiveElements": "HE1-4",
    "ReceiveCoilName": "HeadNeck_20",
    "ReconMatrixPE": 116,
    "RepetitionTime": 2,
    "SAR": 0.0822545,
    "ScanOptions": "FS",
    "ScanningSequence": "EP",
    "SequenceVariant": "SK",
    "SeriesNumber": 8,
    "ShimSetting": [
      3201,
      10502,
      10022,
      656,
      -347,
      90,
      634,
      -15
    ],
    "SliceThickness": 3,
    "SliceTiming": [
      1,
      0,
      1.0675,
      0.0675,
      1.1325,
      0.1325,
      1.2,
      0.2,
      1.2675,
      0.2675,
      1.3325,
      0.3325,
      1.4,
      0.4,
      1.465,
      0.4675,
      1.5325,
      0.5325,
      1.6,
      0.6,
      1.665,
      0.6675,
      1.7325,
      0.7325,
      1.8,
      0.8,
      1.865,
      0.8675,
      1.9325,
      0.9325
    ],
    "SoftwareVersions": "syngo_MR_D11",
    "SpacingBetweenSlices": 3,
    "StationName": "AWP45031",
    "TaskName": "retrieval-practice/restudy phase",
    "TotalReadoutTime": 0.0414006,
    "TxRefAmp": 370.115,
    "dataset": "ds001775",
    "modality": "bold",
    "run_id": 2,
    "subject_id": "03",
    "task_id": "RP"
  },
  "dummy_trs": 0,
  "dvars_nstd": 46.42844746042405,
  "dvars_std": 1.192787275971731,
  "dvars_vstd": 1.045139778480565,
  "efc": 0.49661196480868447,
  "fber": 1565.9619140625,
  "fd_mean": 0.34282829266198234,
  "fd_num": 186,
  "fd_perc": 65.49295774647888,
  "fwhm_avg": 1.9114411111111111,
  "fwhm_x": 1.964365,
  "fwhm_y": 2.223025,
  "fwhm_z": 1.5469333333333333,
  "gcor": 0.0332954,
  "gsr_x": -0.03743746876716614,
  "gsr_y": 0.044082216918468475,
  "provenance": {
    "md5sum": "31a7213a56c9ac8179da91ba4824cdbc",
    "settings": {
      "fd_thres": 0.2,
      "testing": false
    },
    "software": "mriqc",
    "version": "22.0.6",
    "webapi_port": null,
    "webapi_url": "https://mriqc.nimh.nih.gov/api/v1"
  },
  "size_t": 284,
  "size_x": 128,
  "size_y": 116,
  "size_z": 30,
  "snr": 5.454228195343572,
  "spacing_tr": 2.0,
  "spacing_x": 2.0,
  "spacing_y": 2.0,
  "spacing_z": 3.0,
  "summary_bg_k": 29.575226328616274,
  "summary_bg_mad": 13.599222069178532,
  "summary_bg_mean": 48.72330856323242,
  "summary_bg_median": 22.0,
  "summary_bg_n": 305607.0,
  "summary_bg_p05": 8.612675666809082,
  "summary_bg_p95": 189.2443603515626,
  "summary_bg_stdv": 85.98774719238281,
  "summary_fg_k": 2.1987435164739626,
  "summary_fg_mad": 140.2285700068839,
  "summary_fg_mean": 885.035400390625,
  "summary_fg_median": 868.93310546875,
  "summary_fg_n": 73930.0,
  "summary_fg_p05": 674.3552703857422,
  "summary_fg_p95": 1161.0025878906251,
  "summary_fg_stdv": 159.31259155273438,
  "tsnr": 30.97587559139356
}