{
  "aor": 0.0009239436619718309,
  "aqi": 0.021768039084507043,
  "bids_meta": {
    "AcquisitionMatrixPE": 116,
    "AcquisitionNumber": 1,
    "BandwidthPerPixelPhaseEncode": 23.946,
    "BaseResolution": 128,
    "BodyPartExamined": "BRAIN",
    "ConsistencyInfo": "N4_VD11D_LATEST_20110129",
    "ConversionSoftware": "dcm2niix",
    "ConversionSoftwareVersion": "v1.0.20180518 GCC4.8.5",
    "DerivedVendorReportedEchoSpacing": 0.000720011,
    "DwellTime": 2.5e-06,
    "EchoTime": 0.03,
    "EchoTrainLength": 58,
    "EffectiveEchoSpacing": 0.000360005,
    "FlipAngle": 71,
    "ImageOrientationPatientDICOM": [
      1,
      0,
      0,
      0,
      0.944376,
      0.328867
    ],
    "ImageType": [
      "ORIGINAL",
      "PRIMARY",
      "M",
      "ND",
      "NORM",
      "MOSAIC"
    ],
    "InPlanePhaseEncodingDirectionDICOM": "COL",
    "InstitutionName": "Princeton_University_-_Neuroscience_Institute",
    "MRAcquisitionType": "2D",
    "MagneticFieldStrength": 3,
    "Manufacturer": "Siemens",
    "ManufacturersModelName": "Skyra",
    "Modality": "MR",
    "ParallelReductionFactorInPlane": 2,
    "PartialFourier": 1,
    "PatientPosition": "HFS",
    "PercentPhaseFOV": 90.625,
    "PhaseEncodingDirection": "j-",
    "PhaseEncodingSteps": 116,
    "PhaseResolution": 1,
    "PixelBandwidth": 1565,
    "PulseSequenceDetails": "%SiemensSeq%_ep2d_bold",
    "ReceiveCoilActiveElements": "HE1-4",
    "ReceiveCoilName": "HeadNeck_20",
    "ReconMatrixPE": 116,
    "RepetitionTime": 2,
    "SAR": 0.0822545,
    "ScanOptions": "FS",
    "ScanningSequence": "EP",
    "SequenceVariant": "SK",
    "SeriesNumber": 8,
    "ShimSetting": [
      3201,
      10502,
      10022,
      656,
      -347,
      90,
      634,
      -15
    ],
    "SliceThickness": 3,
    "SliceTiming": [
      1,
      0,
      1.0675,
      0.0675,
      1.1325,
      0.1325,
      1.2,
      0.2,
      1.2675,
      0.2675,
      1.3325,
      0.3325,
      1.4,
      0.4,
      1.465,
      0.4675,
      1.5325,
      0.5325,
      1.6,
      0.6,
      1.665,
      0.6675,
      1.7325,
      0.7325,
      1.8,
      0.8,
      1.865,
      0.8675,
      1.9325,
      0.9325
    ],
    "SoftwareVersions": "syngo_MR_D11",
    "SpacingBetweenSlices": 3,
    "StationName": "AWP45031",
    "TaskName": "retrieval-practice/restudy phase",
    "TotalReadoutTime": 0.0414006,
    "TxRefAmp": 370.115,
    "dataset": "ds001775",
    "modality": "bold",
    "run_id": 1,
    "subject_id": "03",
    "task_id": "RP"
  },
  "dummy_trs": 0,
  "dvars_nstd": 44.172004321943476,
  "dvars_std": 1.1416828575971727,
  "dvars_vstd": 0.9887648937455831,
  "efc": 0.4966407073578646,
  "fber": 1578.3743896484375,
  "fd_mean": 0.2713437075771851,
  "fd_num": 181,
  "fd_perc": 63.732394366197184,
  "fwhm_avg": 1.91505,
  "fwhm_x": 1.91322,
  "fwhm_y": 2.1645,
  "fwhm_z": 1.6674300000000002,
  "gcor": 0.0225305,
  "gsr_x": -0.03609316796064377,
  "gsr_y": 0.04287973418831825,
  "provenance": {
    "md5sum": "8883c89f94d5ece9b2fec32ea5171ce2",
    "settings": {
      "fd_thres": 0.2,
      "testing": false
    },
    "software": "mriqc",
    "version": "22.0.6",
    "webapi_port": null,
    "webapi_url": "https://mriqc.nimh.nih.gov/api/v1"
  },
  "size_t": 284,
  "size_x": 128,
  "size_y": 116,
  "size_z": 30,
  "snr": 5.508912915722264,
  "spacing_tr": 2.0,
  "spacing_x": 2.0,
  "spacing_y": 2.0,
  "spacing_z": 3.0,
  "summary_bg_k": 27.51897739905244,
  "summary_bg_mad": 13.014532356839789,
  "summary_bg_mean": 47.48085021972656,
  "summary_bg_median": 21.545774459838867,
  "summary_bg_n": 305922.0,
  "summary_bg_p05": 8.661972045898438,
  "summary_bg_p95": 185.20017089843762,
  "summary_bg_stdv": 84.58348083496094,
  "summary_fg_k": 2.2147027398318784,
  "summary_fg_mad": 138.49272912208875,
  "summary_fg_mean": 880.7139892578125,
  "summary_fg_median": 865.3555908203125,
  "summary_fg_n": 74741.0,
  "summary_fg_p05": 675.517578125,
  "summary_fg_p95": 1147.517578125,
  "summary_fg_stdv": 157.08177185058594,
  "tsnr": 35.36534733697772
}