{
  "aor": 0.0009465492957746479,
  "aqi": 0.02061235070422535,
  "bids_meta": {
    "AcquisitionMatrixPE": 116,
    "AcquisitionNumber": 1,
    "BandwidthPerPixelPhaseEncode": 23.946,
    "BaseResolution": 128,
    "BodyPartExamined": "BRAIN",
    "ConsistencyInfo": "N4_VD11D_LATEST_20110129",
    "ConversionSoftware": "dcm2niix",
    "ConversionSoftwareVersion": "v1.0.20180518 GCC4.8.5",
    "DerivedVendorReportedEchoSpacing": 0.000720011,
    "DwellTime": 2.5e-06,
    "EchoTime": 0.03,
    "EchoTrainLength": 58,
    "EffectiveEchoSpacing": 0.000360005,
    "FlipAngle": 71,
    "ImageOrientationPatientDICOM": [
      1,
      0,
      0,
      0,
      0.944376,
      0.328867
    ],
    "ImageType": [
      "ORIGINAL",
      "PRIMARY",
      "M",
      "ND",
      "NORM",
      "MOSAIC"
    ],
    "InPlanePhaseEncodingDirectionDICOM": "COL",
    "InstitutionName": "Princeton_University_-_Neuroscience_Institute",
    "MRAcquisitionType": "2D",
    "MagneticFieldStrength": 3,
    "Manufacturer": "Siemens",
    "ManufacturersModelName": "Skyra",
    "Modality": "MR",
    "ParallelReductionFactorInPlane": 2,
    "PartialFourier": 1,
    "PatientPosition": "HFS",
    "PercentPhaseFOV": 90.625,
    "PhaseEncodingDirection": "j-",
    "PhaseEncodingSteps": 116,
    "PhaseResolution": 1,
    "PixelBandwidth": 1565,
    "PulseSequenceDetails": "%SiemensSeq%_ep2d_bold",
    "ReceiveCoilActiveElements": "HE1-4",
    "ReceiveCoilName": "HeadNeck_20",
    "ReconMatrixPE": 116,
    "RepetitionTime": 2,
    "SAR": 0.0822545,
    "ScanOptions": "FS",
    "ScanningSequence": "EP",
    "SequenceVariant": "SK",
    "SeriesNumber": 8,
    "ShimSetting": [
      3201,
      10502,
      10022,
      656,
      -347,
      90,
      634,
      -15
    ],
    "SliceThickness": 3,
    "SliceTiming": [
      1,
      0,
      1.0675,
      0.0675,
      1.1325,
      0.1325,
      1.2,
      0.2,
      1.2675,
      0.2675,
      1.3325,
      0.3325,
      1.4,
      0.4,
      1.465,
      0.4675,
      1.5325,
      0.5325,
      1.6,
      0.6,
      1.665,
      0.6675,
      1.7325,
      0.7325,
      1.8,
      0.8,
      1.865,
      0.8675,
      1.9325,
      0.9325
    ],
    "SoftwareVersions": "syngo_MR_D11",
    "SpacingBetweenSlices": 3,
    "StationName": "AWP45031",
    "TaskName": "retrieval-practice/restudy phase",
    "TotalReadoutTime": 0.0414006,
    "TxRefAmp": 370.115,
    "dataset": "ds001775",
    "modality": "bold",
    "run_id": 3,
    "subject_id": "24",
    "task_id": "RP"
  },
  "dummy_trs": 0,
  "dvars_nstd": 42.56172697091875,
  "dvars_std": 1.150406846077739,
  "dvars_vstd": 0.9917829009540631,
  "efc": 0.5194676911812567,
  "fber": 1543.688720703125,
  "fd_mean": 0.263832227384966,
  "fd_num": 167,
  "fd_perc": 58.80281690140845,
  "fwhm_avg": 1.9293094444444445,
  "fwhm_x": 1.92613,
  "fwhm_y": 2.183825,
  "fwhm_z": 1.6779733333333333,
  "gcor": 0.0483382,
  "gsr_x": -0.014000079594552517,
  "gsr_y": 0.03537067025899887,
  "provenance": {
    "md5sum": "aa19a1930f188df2f958a5e558c45be7",
    "settings": {
      "fd_thres": 0.2,
      "testing": false
    },
    "software": "mriqc",
    "version": "22.0.6",
    "webapi_port": null,
    "webapi_url": "https://mriqc.nimh.nih.gov/api/v1"
  },
  "size_t": 284,
  "size_x": 128,
  "size_y": 116,
  "size_z": 30,
  "snr": 6.359966103531379,
  "spacing_tr": 2.0,
  "spacing_x": 2.0,
  "spacing_y": 2.0,
  "spacing_z": 3.0,
  "summary_bg_k": 22.40649288538122,
  "summary_bg_mad": 8.665913579197726,
  "summary_bg_mean": 41.524173736572266,
  "summary_bg_median": 18.954225540161133,
  "summary_bg_n": 294202.0,
  "summary_bg_p05": 9.059859275817871,
  "summary_bg_p95": 153.31636657714856,
  "summary_bg_stdv": 72.63285827636719,
  "summary_fg_k": 2.430319927271742,
  "summary_fg_mad": 108.88773999816951,
  "summary_fg_mean": 762.015625,
  "summary_fg_median": 751.841552734375,
  "summary_fg_n": 84619.0,
  "summary_fg_p05": 602.6514038085938,
  "summary_fg_p95": 958.2890869140622,
  "summary_fg_stdv": 118.2140121459961,
  "tsnr": 37.96738319238648
}