{
  "aor": 0.0004717412935323384,
  "aqi": 0.011496103781094526,
  "bids_meta": {
    "AcquisitionMatrixPE": 116,
    "AcquisitionNumber": 1,
    "BandwidthPerPixelPhaseEncode": 23.946,
    "BaseResolution": 128,
    "BodyPartExamined": "BRAIN",
    "ConversionSoftware": "dcm2niix",
    "ConversionSoftwareVersion": "v1.0.20180518 GCC4.8.5",
    "DerivedVendorReportedEchoSpacing": 0.000720011,
    "DwellTime": 2.5e-06,
    "EchoTime": 0.03,
    "EchoTrainLength": 58,
    "EffectiveEchoSpacing": 0.000360005,
    "FlipAngle": 71,
    "ImageOrientationPatientDICOM": [
      1,
      0,
      0,
      0,
      0.944376,
      0.328867
    ],
    "ImageType": [
      "ORIGINAL",
      "PRIMARY",
      "M",
      "ND",
      "NORM",
      "MOSAIC"
    ],
    "InPlanePhaseEncodingDirectionDICOM": "COL",
    "InstitutionName": "Princeton_University_-_Neuroscience_Institute",
    "MRAcquisitionType": "2D",
    "MagneticFieldStrength": 3,
    "Manufacturer": "Siemens",
    "ManufacturersModelName": "Skyra",
    "Modality": "MR",
    "ParallelReductionFactorInPlane": 2,
    "PartialFourier": 1,
    "PatientPosition": "HFS",
    "PercentPhaseFOV": 90.625,
    "PhaseEncodingDirection": "j-",
    "PhaseEncodingSteps": 116,
    "PhaseResolution": 1,
    "PixelBandwidth": 1565,
    "PulseSequenceDetails": "%SiemensSeq%_ep2d_bold",
    "ReceiveCoilActiveElements": "HE1-4",
    "ReceiveCoilName": "HeadNeck_20",
    "ReconMatrixPE": 116,
    "RepetitionTime": 2,
    "SAR": 0.0822539,
    "ScanOptions": "FS",
    "ScanningSequence": "EP",
    "SequenceVariant": "SK",
    "SeriesNumber": 4,
    "ShimSetting": [
      3201,
      10502,
      10022,
      656,
      -347,
      90,
      634,
      -15
    ],
    "SliceThickness": 3,
    "SliceTiming": [
      1,
      0,
      1.065,
      0.065,
      1.1325,
      0.1325,
      1.2,
      0.2,
      1.265,
      0.265,
      1.3325,
      0.3325,
      1.4,
      0.4,
      1.465,
      0.465,
      1.5325,
      0.5325,
      1.6,
      0.6,
      1.665,
      0.665,
      1.7325,
      0.7325,
      1.8,
      0.8,
      1.865,
      0.865,
      1.9325,
      0.9325
    ],
    "SoftwareVersions": "syngo_MR_D11",
    "SpacingBetweenSlices": 3,
    "StationName": "AWP45031",
    "TaskName": "study phase",
    "TotalReadoutTime": 0.0414006,
    "TxRefAmp": 370.115,
    "dataset": "ds001775",
    "modality": "bold",
    "run_id": 2,
    "subject_id": "24",
    "task_id": "restudy"
  },
  "dummy_trs": 0,
  "dvars_nstd": 30.69189947124999,
  "dvars_std": 1.0860357719000007,
  "dvars_vstd": 0.9937999076000004,
  "efc": 0.5181410341069681,
  "fber": 1587.591064453125,
  "fd_mean": 0.045158704156416346,
  "fd_num": 1,
  "fd_perc": 0.4975124378109453,
  "fwhm_avg": 1.916737222222222,
  "fwhm_x": 1.886615,
  "fwhm_y": 2.15676,
  "fwhm_z": 1.7068366666666668,
  "gcor": 0.0222011,
  "gsr_x": -0.012090775184333324,
  "gsr_y": 0.03213459998369217,
  "provenance": {
    "md5sum": "6ceac20aef47cd3011db07bb3d2d26a8",
    "settings": {
      "fd_thres": 0.2,
      "testing": false
    },
    "software": "mriqc",
    "version": "22.0.6",
    "webapi_port": null,
    "webapi_url": "https://mriqc.nimh.nih.gov/api/v1"
  },
  "size_t": 201,
  "size_x": 128,
  "size_y": 116,
  "size_z": 30,
  "snr": 6.369247334704457,
  "spacing_tr": 2.0,
  "spacing_x": 2.0,
  "spacing_y": 2.0,
  "spacing_z": 3.0,
  "summary_bg_k": 22.245629774610155,
  "summary_bg_mad": 8.497303660072365,
  "summary_bg_mean": 41.522491455078125,
  "summary_bg_median": 18.497512817382812,
  "summary_bg_n": 294896.0,
  "summary_bg_p05": 9.029850959777832,
  "summary_bg_p95": 155.27113723754883,
  "summary_bg_stdv": 74.35673522949219,
  "summary_fg_k": 2.5609901090065437,
  "summary_fg_mad": 107.23420054878274,
  "summary_fg_mean": 756.05615234375,
  "summary_fg_median": 746.0,
  "summary_fg_n": 84146.0,
  "summary_fg_p05": 597.7512512207031,
  "summary_fg_p95": 949.2313385009766,
  "summary_fg_stdv": 117.12460327148438,
  "tsnr": 47.132326136226766
}