{
  "aor": 0.0009576056338028168,
  "aqi": 0.017671070774647888,
  "bids_meta": {
    "AcquisitionMatrixPE": 116,
    "AcquisitionNumber": 1,
    "BandwidthPerPixelPhaseEncode": 23.946,
    "BaseResolution": 128,
    "BodyPartExamined": "BRAIN",
    "ConsistencyInfo": "N4_VD11D_LATEST_20110129",
    "ConversionSoftware": "dcm2niix",
    "ConversionSoftwareVersion": "v1.0.20180518 GCC4.8.5",
    "DerivedVendorReportedEchoSpacing": 0.000720011,
    "DwellTime": 2.5e-06,
    "EchoTime": 0.03,
    "EchoTrainLength": 58,
    "EffectiveEchoSpacing": 0.000360005,
    "FlipAngle": 71,
    "ImageOrientationPatientDICOM": [
      1,
      0,
      0,
      0,
      0.944376,
      0.328867
    ],
    "ImageType": [
      "ORIGINAL",
      "PRIMARY",
      "M",
      "ND",
      "NORM",
      "MOSAIC"
    ],
    "InPlanePhaseEncodingDirectionDICOM": "COL",
    "InstitutionName": "Princeton_University_-_Neuroscience_Institute",
    "MRAcquisitionType": "2D",
    "MagneticFieldStrength": 3,
    "Manufacturer": "Siemens",
    "ManufacturersModelName": "Skyra",
    "Modality": "MR",
    "ParallelReductionFactorInPlane": 2,
    "PartialFourier": 1,
    "PatientPosition": "HFS",
    "PercentPhaseFOV": 90.625,
    "PhaseEncodingDirection": "j-",
    "PhaseEncodingSteps": 116,
    "PhaseResolution": 1,
    "PixelBandwidth": 1565,
    "PulseSequenceDetails": "%SiemensSeq%_ep2d_bold",
    "ReceiveCoilActiveElements": "HE1-4",
    "ReceiveCoilName": "HeadNeck_20",
    "ReconMatrixPE": 116,
    "RepetitionTime": 2,
    "SAR": 0.0822545,
    "ScanOptions": "FS",
    "ScanningSequence": "EP",
    "SequenceVariant": "SK",
    "SeriesNumber": 8,
    "ShimSetting": [
      3201,
      10502,
      10022,
      656,
      -347,
      90,
      634,
      -15
    ],
    "SliceThickness": 3,
    "SliceTiming": [
      1,
      0,
      1.0675,
      0.0675,
      1.1325,
      0.1325,
      1.2,
      0.2,
      1.2675,
      0.2675,
      1.3325,
      0.3325,
      1.4,
      0.4,
      1.465,
      0.4675,
      1.5325,
      0.5325,
      1.6,
      0.6,
      1.665,
      0.6675,
      1.7325,
      0.7325,
      1.8,
      0.8,
      1.865,
      0.8675,
      1.9325,
      0.9325
    ],
    "SoftwareVersions": "syngo_MR_D11",
    "SpacingBetweenSlices": 3,
    "StationName": "AWP45031",
    "TaskName": "retrieval-practice/restudy phase",
    "TotalReadoutTime": 0.0414006,
    "TxRefAmp": 370.115,
    "dataset": "ds001775",
    "modality": "bold",
    "run_id": 4,
    "subject_id": "24",
    "task_id": "RP"
  },
  "dummy_trs": 0,
  "dvars_nstd": 41.16823942505297,
  "dvars_std": 1.1583040581272093,
  "dvars_vstd": 0.9979399163604245,
  "efc": 0.5190076416514252,
  "fber": 1555.264892578125,
  "fd_mean": 0.2356089619150211,
  "fd_num": 142,
  "fd_perc": 50.0,
  "fwhm_avg": 1.9330994444444445,
  "fwhm_x": 1.911235,
  "fwhm_y": 2.16982,
  "fwhm_z": 1.7182433333333333,
  "gcor": 0.0391586,
  "gsr_x": -0.013293636962771416,
  "gsr_y": 0.034252412617206573,
  "provenance": {
    "md5sum": "a755e1187c63de200581b2637349a3b3",
    "settings": {
      "fd_thres": 0.2,
      "testing": false
    },
    "software": "mriqc",
    "version": "22.0.6",
    "webapi_port": null,
    "webapi_url": "https://mriqc.nimh.nih.gov/api/v1"
  },
  "size_t": 284,
  "size_x": 128,
  "size_y": 116,
  "size_z": 30,
  "snr": 6.388917860193291,
  "spacing_tr": 2.0,
  "spacing_x": 2.0,
  "spacing_y": 2.0,
  "spacing_z": 3.0,
  "summary_bg_k": 22.142411756713063,
  "summary_bg_mad": 8.535403139156239,
  "summary_bg_mean": 41.72487258911133,
  "summary_bg_median": 18.760562896728516,
  "summary_bg_n": 294680.0,
  "summary_bg_p05": 9.070422172546387,
  "summary_bg_p95": 156.5459518432617,
  "summary_bg_stdv": 73.59915924072266,
  "summary_fg_k": 2.4823321405118444,
  "summary_fg_mad": 107.77053986452266,
  "summary_fg_mean": 759.3452758789062,
  "summary_fg_median": 749.3626708984375,
  "summary_fg_n": 84350.0,
  "summary_fg_p05": 601.3411712646484,
  "summary_fg_p95": 953.2999908447266,
  "summary_fg_stdv": 117.29032135009766,
  "tsnr": 39.93202202982502
}