{
  "aor": 0.0013124295774647888,
  "aqi": 0.022343591549295775,
  "bids_meta": {
    "AcquisitionMatrixPE": 116,
    "AcquisitionNumber": 1,
    "BandwidthPerPixelPhaseEncode": 23.946,
    "BaseResolution": 128,
    "BodyPartExamined": "BRAIN",
    "ConsistencyInfo": "N4_VD11D_LATEST_20110129",
    "ConversionSoftware": "dcm2niix",
    "ConversionSoftwareVersion": "v1.0.20180518 GCC4.8.5",
    "DerivedVendorReportedEchoSpacing": 0.000720011,
    "DwellTime": 2.5e-06,
    "EchoTime": 0.03,
    "EchoTrainLength": 58,
    "EffectiveEchoSpacing": 0.000360005,
    "FlipAngle": 71,
    "ImageOrientationPatientDICOM": [
      1,
      0,
      0,
      0,
      0.944376,
      0.328867
    ],
    "ImageType": [
      "ORIGINAL",
      "PRIMARY",
      "M",
      "ND",
      "NORM",
      "MOSAIC"
    ],
    "InPlanePhaseEncodingDirectionDICOM": "COL",
    "InstitutionName": "Princeton_University_-_Neuroscience_Institute",
    "MRAcquisitionType": "2D",
    "MagneticFieldStrength": 3,
    "Manufacturer": "Siemens",
    "ManufacturersModelName": "Skyra",
    "Modality": "MR",
    "ParallelReductionFactorInPlane": 2,
    "PartialFourier": 1,
    "PatientPosition": "HFS",
    "PercentPhaseFOV": 90.625,
    "PhaseEncodingDirection": "j-",
    "PhaseEncodingSteps": 116,
    "PhaseResolution": 1,
    "PixelBandwidth": 1565,
    "PulseSequenceDetails": "%SiemensSeq%_ep2d_bold",
    "ReceiveCoilActiveElements": "HE1-4",
    "ReceiveCoilName": "HeadNeck_20",
    "ReconMatrixPE": 116,
    "RepetitionTime": 2,
    "SAR": 0.0822545,
    "ScanOptions": "FS",
    "ScanningSequence": "EP",
    "SequenceVariant": "SK",
    "SeriesNumber": 8,
    "ShimSetting": [
      3201,
      10502,
      10022,
      656,
      -347,
      90,
      634,
      -15
    ],
    "SliceThickness": 3,
    "SliceTiming": [
      1,
      0,
      1.0675,
      0.0675,
      1.1325,
      0.1325,
      1.2,
      0.2,
      1.2675,
      0.2675,
      1.3325,
      0.3325,
      1.4,
      0.4,
      1.465,
      0.4675,
      1.5325,
      0.5325,
      1.6,
      0.6,
      1.665,
      0.6675,
      1.7325,
      0.7325,
      1.8,
      0.8,
      1.865,
      0.8675,
      1.9325,
      0.9325
    ],
    "SoftwareVersions": "syngo_MR_D11",
    "SpacingBetweenSlices": 3,
    "StationName": "AWP45031",
    "TaskName": "retrieval-practice/restudy phase",
    "TotalReadoutTime": 0.0414006,
    "TxRefAmp": 370.115,
    "dataset": "ds001775",
    "modality": "bold",
    "run_id": 1,
    "subject_id": "24",
    "task_id": "RP"
  },
  "dummy_trs": 0,
  "dvars_nstd": 44.45293812003534,
  "dvars_std": 1.1481565140282683,
  "dvars_vstd": 0.9955160301413435,
  "efc": 0.5176864968468424,
  "fber": 1575.504150390625,
  "fd_mean": 0.3450772823081976,
  "fd_num": 205,
  "fd_perc": 72.1830985915493,
  "fwhm_avg": 1.9640772222222223,
  "fwhm_x": 1.94501,
  "fwhm_y": 2.218055,
  "fwhm_z": 1.7291666666666667,
  "gcor": 0.0164667,
  "gsr_x": -0.014772089198231697,
  "gsr_y": 0.03601136431097984,
  "provenance": {
    "md5sum": "27551c2a328df54a26684e2f5a81f41e",
    "settings": {
      "fd_thres": 0.2,
      "testing": false
    },
    "software": "mriqc",
    "version": "22.0.6",
    "webapi_port": null,
    "webapi_url": "https://mriqc.nimh.nih.gov/api/v1"
  },
  "size_t": 284,
  "size_x": 128,
  "size_y": 116,
  "size_z": 30,
  "snr": 6.271115133529483,
  "spacing_tr": 2.0,
  "spacing_x": 2.0,
  "spacing_y": 2.0,
  "spacing_z": 3.0,
  "summary_bg_k": 22.21273000438193,
  "summary_bg_mad": 8.85385036611784,
  "summary_bg_mean": 41.677833557128906,
  "summary_bg_median": 18.922534942626953,
  "summary_bg_n": 294623.0,
  "summary_bg_p05": 8.97535228729248,
  "summary_bg_p95": 153.7179550170897,
  "summary_bg_stdv": 72.76099395751953,
  "summary_fg_k": 2.541126058119133,
  "summary_fg_mad": 111.51360371744414,
  "summary_fg_mean": 769.5654907226562,
  "summary_fg_median": 758.8538818359375,
  "summary_fg_n": 84264.0,
  "summary_fg_p05": 606.7153137207031,
  "summary_fg_p95": 969.6837890624996,
  "summary_fg_stdv": 121.00708770751953,
  "tsnr": 36.16806002683006
}